{
  "aor": 0.0031358208955223877,
  "aqi": 0.004424433582089552,
  "bids_meta": {
    "AcquisitionDateTime": "2022-04-07T11:39:11.380000",
    "AcquisitionMatrixPE": 70,
    "AcquisitionNumber": 1,
    "AcquisitionTime": "11:39:11.380000",
    "BandwidthPerPixelPhaseEncode": 25.974,
    "BaseResolution": 70,
    "CoilString": "C:HEA;HEP",
    "ConversionSoftware": "dcm2niix",
    "ConversionSoftwareVersion": "v1.0.20190902",
    "DerivedVendorReportedEchoSpacing": 0.000550001,
    "DeviceSerialNumber": "35420",
    "DwellTime": 3.5e-06,
    "EchoTime": 0.03,
    "EffectiveEchoSpacing": 0.000550001,
    "FlipAngle": 60,
    "ImageComments": "Unaliased_MB2_PE2_LB",
    "ImageOrientationPatientDICOM": [
      0.994399,
      0.040803,
      0.0974931,
      -0.0233317,
      0.984462,
      -0.174043
    ],
    "ImageType": [
      "ORIGINAL",
      "PRIMARY",
      "M",
      "MB",
      "ND",
      "MOSAIC"
    ],
    "ImagingFrequency": 123.221,
    "InPlanePhaseEncodingDirectionDICOM": "COL",
    "InstitutionAddress": "Rudolf-Bultmann-Strasse_8_Marburg_District_DE_35039",
    "InstitutionName": "Center_of_BrainImaging_Uni-Marburg",
    "InstitutionalDepartmentName": "Department",
    "MRAcquisitionType": "2D",
    "MagneticFieldStrength": 3,
    "Manufacturer": "Siemens",
    "ManufacturersModelName": "TrioTim",
    "Modality": "MR",
    "MultibandAccelerationFactor": 2,
    "PartialFourier": 1,
    "PatientBirthDate": "1995-01-01",
    "PatientID": "AGB_FRAPPS_02",
    "PatientName": "20200407_AGB_FRAPPS_02",
    "PatientPosition": "HFS",
    "PatientSex": "F",
    "PatientWeight": 70,
    "PercentPhaseFOV": 100,
    "PhaseEncodingDirection": "j-",
    "PhaseEncodingSteps": 70,
    "PhaseResolution": 1,
    "PixelBandwidth": 2041,
    "ProcedureStepDescription": "AGB_Christoph",
    "ProtocolName": "cmrr_ep2d_bold_FP_MB2_iso3",
    "PulseSequenceDetails": "%CustomerSeq%_cmrr_mbep2d_bold",
    "ReceiveCoilName": "32Ch_Head",
    "ReconMatrixPE": 70,
    "RepetitionTime": 1.53,
    "SAR": 0.13606,
    "ScanOptions": "FS",
    "ScanningSequence": "EP",
    "SequenceName": "epfid2d1_70",
    "SequenceVariant": "SK_SS",
    "SeriesDescription": "cmrr_ep2d_bold_FP_MB2_iso3",
    "SeriesInstanceUID": "1.3.12.2.1107.5.2.32.35420.2022040711391488540387727.0.0.0",
    "SeriesNumber": 9,
    "ShimSetting": [
      9358,
      9419,
      -1547,
      312,
      -16,
      -2618,
      117,
      52
    ],
    "SliceThickness": 3,
    "SliceTiming": [
      0,
      0.0625,
      0.1275,
      0.1925,
      0.255,
      0.32,
      0.3825,
      0.4475,
      0.5125,
      0.575,
      0.64,
      0.7025,
      0.7675,
      0.8325,
      0.895,
      0.96,
      1.0225,
      1.0875,
      1.15,
      1.215,
      1.28,
      1.3425,
      1.4075,
      1.47,
      0,
      0.0625,
      0.1275,
      0.1925,
      0.255,
      0.32,
      0.3825,
      0.4475,
      0.5125,
      0.575,
      0.64,
      0.7025,
      0.7675,
      0.8325,
      0.895,
      0.96,
      1.0225,
      1.0875,
      1.15,
      1.215,
      1.28,
      1.3425,
      1.4075,
      1.47
    ],
    "SoftwareVersions": "syngo_MR_B19",
    "SpacingBetweenSlices": 3.45,
    "StationName": "MRC35420",
    "StudyID": "1",
    "StudyInstanceUID": "1.3.12.2.1107.5.2.32.35420.30000022040406475295100000083",
    "TaskName": "TODO: full task name for localizer",
    "TotalReadoutTime": 0.03795,
    "TxRefAmp": 292.029,
    "dataset": "unknown",
    "modality": "bold",
    "subject_id": "02",
    "task_id": "localizer"
  },
  "dummy_trs": 1,
  "dvars_nstd": 23.60092747771962,
  "dvars_std": 1.1674224265420547,
  "dvars_vstd": 1.0196056146915877,
  "efc": 0.5178357402683512,
  "fber": 756.1409912109375,
  "fd_mean": 0.19980045907786992,
  "fd_num": 280,
  "fd_perc": 52.23880597014925,
  "fwhm_avg": 2.4958399192199465,
  "fwhm_x": 2.34083,
  "fwhm_y": 2.8252202245283304,
  "fwhm_z": 2.321469533131509,
  "gcor": 0.019053,
  "gsr_x": 0.011132811196148396,
  "gsr_y": 0.08420251309871674,
  "provenance": {
    "md5sum": "3c6e55683e9af13293700338baf4a7f5",
    "settings": {
      "fd_thres": 0.2,
      "hmc_fsl": false
    },
    "software": "mriqc",
    "version": "0.15.0",
    "webapi_port": null,
    "webapi_url": "https://mriqc.nimh.nih.gov/api/v1"
  },
  "size_t": 536,
  "size_x": 70,
  "size_y": 70,
  "size_z": 48,
  "snr": 2.914785428817164,
  "spacing_tr": 1.5299999713897705,
  "spacing_x": 3.0,
  "spacing_y": 2.999999761581421,
  "spacing_z": 3.450000047683716,
  "summary_bg_k": 47.31405335406993,
  "summary_bg_mad": 7.924729824066162,
  "summary_bg_mean": 34.897361755371094,
  "summary_bg_median": 15.684700965881348,
  "summary_bg_n": 145172.0,
  "summary_bg_p05": 9.79477596282959,
  "summary_bg_p95": 118.98777618408201,
  "summary_bg_stdv": 57.51225662231445,
  "summary_fg_k": 2.793505796664033,
  "summary_fg_mad": 124.96729278564453,
  "summary_fg_mean": 479.9007568359375,
  "summary_fg_median": 455.09326171875,
  "summary_fg_n": 46367.0,
  "summary_fg_p05": 270.68711242675784,
  "summary_fg_p95": 765.2779541015625,
  "summary_fg_stdv": 156.13099670410156,
  "tsnr": 60.513450622558594
}