{
  "aor": 0.003275911784068466,
  "aqi": 0.006746037300855826,
  "bids_meta": {
    "AcquisitionDateTime": "2022-04-13T14:43:26.400000",
    "AcquisitionMatrixPE": 70,
    "AcquisitionNumber": 1,
    "AcquisitionTime": "14:43:26.400000",
    "BandwidthPerPixelPhaseEncode": 25.974,
    "BaseResolution": 70,
    "CoilString": "C:HEA;HEP",
    "ConversionSoftware": "dcm2niix",
    "ConversionSoftwareVersion": "v1.0.20190902",
    "DerivedVendorReportedEchoSpacing": 0.000550001,
    "DeviceSerialNumber": "35420",
    "DwellTime": 3.5e-06,
    "EchoTime": 0.03,
    "EffectiveEchoSpacing": 0.000550001,
    "FlipAngle": 55,
    "ImageComments": "Unaliased_MB2_PE2_LB",
    "ImageOrientationPatientDICOM": [
      0.997834,
      0.00680847,
      0.0654242,
      0.00391091,
      0.986728,
      -0.162334
    ],
    "ImageType": [
      "ORIGINAL",
      "PRIMARY",
      "M",
      "MB",
      "ND",
      "MOSAIC"
    ],
    "ImagingFrequency": 123.221,
    "InPlanePhaseEncodingDirectionDICOM": "COL",
    "InstitutionAddress": "Rudolf-Bultmann-Strasse_8_Marburg_District_DE_35039",
    "InstitutionName": "Center_of_BrainImaging_Uni-Marburg",
    "InstitutionalDepartmentName": "Department",
    "MRAcquisitionType": "2D",
    "MagneticFieldStrength": 3,
    "Manufacturer": "Siemens",
    "ManufacturersModelName": "TrioTim",
    "Modality": "MR",
    "MultibandAccelerationFactor": 2,
    "PartialFourier": 1,
    "PatientBirthDate": "1999-01-01",
    "PatientID": "AGB_FRAPPS_05",
    "PatientName": "20220413_AGB_FRAPPS_05",
    "PatientPosition": "HFS",
    "PatientSex": "M",
    "PatientWeight": 69,
    "PercentPhaseFOV": 100,
    "PhaseEncodingDirection": "j-",
    "PhaseEncodingSteps": 70,
    "PhaseResolution": 1,
    "PixelBandwidth": 2041,
    "ProcedureStepDescription": "AGB_Christoph",
    "ProtocolName": "cmrr_ep2d_bold_MB2_iso3",
    "PulseSequenceDetails": "%CustomerSeq%_cmrr_mbep2d_bold",
    "ReceiveCoilName": "32Ch_Head",
    "ReconMatrixPE": 70,
    "RepetitionTime": 1.53,
    "SAR": 0.104036,
    "ScanOptions": "FS",
    "ScanningSequence": "EP",
    "SequenceName": "epfid2d1_70",
    "SequenceVariant": "SK_SS",
    "SeriesDescription": "cmrr_ep2d_bold_MB2_iso3",
    "SeriesInstanceUID": "1.3.12.2.1107.5.2.32.35420.2022041314432957982314041.0.0.0",
    "SeriesNumber": 4,
    "ShimSetting": [
      9359,
      9559,
      -1516,
      285,
      28,
      -2253,
      348,
      185
    ],
    "SliceThickness": 3,
    "SliceTiming": [
      0,
      0.0625,
      0.1275,
      0.19,
      0.255,
      0.32,
      0.3825,
      0.4475,
      0.51,
      0.575,
      0.64,
      0.7025,
      0.7675,
      0.83,
      0.895,
      0.96,
      1.0225,
      1.0875,
      1.15,
      1.215,
      1.28,
      1.3425,
      1.4075,
      1.47,
      0,
      0.0625,
      0.1275,
      0.19,
      0.255,
      0.32,
      0.3825,
      0.4475,
      0.51,
      0.575,
      0.64,
      0.7025,
      0.7675,
      0.83,
      0.895,
      0.96,
      1.0225,
      1.0875,
      1.15,
      1.215,
      1.28,
      1.3425,
      1.4075,
      1.47
    ],
    "SoftwareVersions": "syngo_MR_B19",
    "SpacingBetweenSlices": 3.45,
    "StationName": "MRC35420",
    "StudyID": "1",
    "StudyInstanceUID": "1.3.12.2.1107.5.2.32.35420.30000022040406475295100000174",
    "TaskName": "TODO: full task name for FRAPPS - replication study",
    "TotalReadoutTime": 0.03795,
    "TxRefAmp": 307.218,
    "dataset": "unknown",
    "modality": "bold",
    "subject_id": "05",
    "task_id": "frapps"
  },
  "dummy_trs": 1,
  "dvars_nstd": 23.028354462681097,
  "dvars_std": 1.1167609198945974,
  "dvars_vstd": 0.9797463537483544,
  "efc": 0.5291551554510736,
  "fber": 767.21142578125,
  "fd_mean": 0.13254431538182407,
  "fd_num": 135,
  "fd_perc": 8.887425938117183,
  "fwhm_avg": 2.5041701337875284,
  "fwhm_x": 2.3558766666666666,
  "fwhm_y": 2.7386366666666664,
  "fwhm_z": 2.417997068029251,
  "gcor": 0.0443248,
  "gsr_x": -0.006108490284532309,
  "gsr_y": 0.09132541716098785,
  "provenance": {
    "md5sum": "8fcc6a77286c19ffc05285cab7a0b8b1",
    "settings": {
      "fd_thres": 0.2,
      "hmc_fsl": false
    },
    "software": "mriqc",
    "version": "0.15.0",
    "webapi_port": null,
    "webapi_url": "https://mriqc.nimh.nih.gov/api/v1"
  },
  "size_t": 1519,
  "size_x": 70,
  "size_y": 70,
  "size_z": 48,
  "snr": 2.6703279671532223,
  "spacing_tr": 1.5299999713897705,
  "spacing_x": 3.0,
  "spacing_y": 3.0,
  "spacing_z": 3.450000047683716,
  "summary_bg_k": 38.53525584508516,
  "summary_bg_mad": 6.109512805938721,
  "summary_bg_mean": 30.044443130493164,
  "summary_bg_median": 14.184660911560059,
  "summary_bg_n": 138510.0,
  "summary_bg_p05": 8.66886043548584,
  "summary_bg_p95": 112.29907493591304,
  "summary_bg_stdv": 46.97030258178711,
  "summary_fg_k": 1.2652034684248692,
  "summary_fg_mad": 131.67147827148438,
  "summary_fg_mean": 447.3429260253906,
  "summary_fg_median": 419.94403076171875,
  "summary_fg_n": 51559.0,
  "summary_fg_p05": 236.3000549316406,
  "summary_fg_p95": 744.2071594238281,
  "summary_fg_stdv": 157.26156616210938,
  "tsnr": 43.21919250488281
}