{
  "aor": 0.0005995903165735568,
  "aqi": 0.0025788872253258844,
  "bids_meta": {
    "AcquisitionDateTime": "2022-04-13T15:23:54.380000",
    "AcquisitionMatrixPE": 70,
    "AcquisitionNumber": 1,
    "AcquisitionTime": "15:23:54.380000",
    "BandwidthPerPixelPhaseEncode": 25.974,
    "BaseResolution": 70,
    "CoilString": "C:HEA;HEP",
    "ConversionSoftware": "dcm2niix",
    "ConversionSoftwareVersion": "v1.0.20190902",
    "DerivedVendorReportedEchoSpacing": 0.000550001,
    "DeviceSerialNumber": "35420",
    "DwellTime": 3.5e-06,
    "EchoTime": 0.03,
    "EffectiveEchoSpacing": 0.000550001,
    "FlipAngle": 60,
    "ImageComments": "Unaliased_MB2_PE2_LB",
    "ImageOrientationPatientDICOM": [
      0.997835,
      0.00688723,
      0.0654116,
      0.00383131,
      0.986728,
      -0.162339
    ],
    "ImageType": [
      "ORIGINAL",
      "PRIMARY",
      "M",
      "MB",
      "ND",
      "MOSAIC"
    ],
    "ImagingFrequency": 123.221,
    "InPlanePhaseEncodingDirectionDICOM": "COL",
    "InstitutionAddress": "Rudolf-Bultmann-Strasse_8_Marburg_District_DE_35039",
    "InstitutionName": "Center_of_BrainImaging_Uni-Marburg",
    "InstitutionalDepartmentName": "Department",
    "MRAcquisitionType": "2D",
    "MagneticFieldStrength": 3,
    "Manufacturer": "Siemens",
    "ManufacturersModelName": "TrioTim",
    "Modality": "MR",
    "MultibandAccelerationFactor": 2,
    "PartialFourier": 1,
    "PatientBirthDate": "1999-01-01",
    "PatientID": "AGB_FRAPPS_05",
    "PatientName": "20220413_AGB_FRAPPS_05",
    "PatientPosition": "HFS",
    "PatientSex": "M",
    "PatientWeight": 69,
    "PercentPhaseFOV": 100,
    "PhaseEncodingDirection": "j-",
    "PhaseEncodingSteps": 70,
    "PhaseResolution": 1,
    "PixelBandwidth": 2041,
    "ProcedureStepDescription": "AGB_Christoph",
    "ProtocolName": "cmrr_ep2d_bold_FP_MB2_iso3",
    "PulseSequenceDetails": "%CustomerSeq%_cmrr_mbep2d_bold",
    "ReceiveCoilName": "32Ch_Head",
    "ReconMatrixPE": 70,
    "RepetitionTime": 1.53,
    "SAR": 0.121086,
    "ScanOptions": "FS",
    "ScanningSequence": "EP",
    "SequenceName": "epfid2d1_70",
    "SequenceVariant": "SK_SS",
    "SeriesDescription": "cmrr_ep2d_bold_FP_MB2_iso3",
    "SeriesInstanceUID": "1.3.12.2.1107.5.2.32.35420.2022041315235786531412139.0.0.0",
    "SeriesNumber": 6,
    "ShimSetting": [
      9359,
      9559,
      -1516,
      285,
      28,
      -2253,
      348,
      185
    ],
    "SliceThickness": 3,
    "SliceTiming": [
      0,
      0.0625,
      0.1275,
      0.19,
      0.255,
      0.32,
      0.3825,
      0.4475,
      0.51,
      0.575,
      0.64,
      0.7025,
      0.7675,
      0.83,
      0.895,
      0.9575,
      1.0225,
      1.0875,
      1.15,
      1.215,
      1.2775,
      1.3425,
      1.4075,
      1.47,
      0,
      0.0625,
      0.1275,
      0.19,
      0.255,
      0.32,
      0.3825,
      0.4475,
      0.51,
      0.575,
      0.64,
      0.7025,
      0.7675,
      0.83,
      0.895,
      0.9575,
      1.0225,
      1.0875,
      1.15,
      1.215,
      1.2775,
      1.3425,
      1.4075,
      1.47
    ],
    "SoftwareVersions": "syngo_MR_B19",
    "SpacingBetweenSlices": 3.45,
    "StationName": "MRC35420",
    "StudyID": "1",
    "StudyInstanceUID": "1.3.12.2.1107.5.2.32.35420.30000022040406475295100000174",
    "TaskName": "TODO: full task name for localizer",
    "TotalReadoutTime": 0.03795,
    "TxRefAmp": 307.218,
    "dataset": "unknown",
    "modality": "bold",
    "subject_id": "05",
    "task_id": "localizer"
  },
  "dummy_trs": 0,
  "dvars_nstd": 22.953651054309677,
  "dvars_std": 1.146553031175373,
  "dvars_vstd": 0.9707710988805965,
  "efc": 0.5289220960981807,
  "fber": 813.6054077148438,
  "fd_mean": 0.1196150624314393,
  "fd_num": 41,
  "fd_perc": 7.635009310986964,
  "fwhm_avg": 2.5008490227037523,
  "fwhm_x": 2.3474166666666667,
  "fwhm_y": 2.743066666666667,
  "fwhm_z": 2.412063734777924,
  "gcor": 0.0223299,
  "gsr_x": -0.004342639818787575,
  "gsr_y": 0.09097237139940262,
  "provenance": {
    "md5sum": "bfa8e7aac1b4c0181a6b2eb5f9578eec",
    "settings": {
      "fd_thres": 0.2,
      "hmc_fsl": false
    },
    "software": "mriqc",
    "version": "0.15.0",
    "webapi_port": null,
    "webapi_url": "https://mriqc.nimh.nih.gov/api/v1"
  },
  "size_t": 537,
  "size_x": 70,
  "size_y": 70,
  "size_z": 48,
  "snr": 2.655983803645715,
  "spacing_tr": 1.5299999713897705,
  "spacing_x": 3.0,
  "spacing_y": 3.0,
  "spacing_z": 3.450000047683716,
  "summary_bg_k": 32.54986752114835,
  "summary_bg_mad": 5.541121482849121,
  "summary_bg_mean": 31.132192611694336,
  "summary_bg_median": 14.176908493041992,
  "summary_bg_n": 138721.0,
  "summary_bg_p05": 9.903165817260742,
  "summary_bg_p95": 119.93109893798828,
  "summary_bg_stdv": 48.48135757446289,
  "summary_fg_k": 1.261568966809823,
  "summary_fg_mad": 136.37181091308594,
  "summary_fg_mean": 460.7724914550781,
  "summary_fg_median": 432.8659362792969,
  "summary_fg_n": 51485.0,
  "summary_fg_p05": 242.2253234863282,
  "summary_fg_p95": 767.1005493164051,
  "summary_fg_stdv": 162.97604370117188,
  "tsnr": 66.53238677978516
}