{
  "aor": 0.0014216018766756034,
  "aqi": 0.0069374383579088456,
  "bids_meta": {
    "AcquisitionDateTime": "2022-06-21T08:53:31.395000",
    "AcquisitionMatrixPE": 70,
    "AcquisitionNumber": 1,
    "AcquisitionTime": "08:53:31.395000",
    "BandwidthPerPixelPhaseEncode": 25.974,
    "BaseResolution": 70,
    "CoilString": "C:HEA;HEP",
    "ConversionSoftware": "dcm2niix",
    "ConversionSoftwareVersion": "v1.0.20190902",
    "DerivedVendorReportedEchoSpacing": 0.000550001,
    "DeviceSerialNumber": "35420",
    "DwellTime": 3.5e-06,
    "EchoTime": 0.03,
    "EffectiveEchoSpacing": 0.000550001,
    "FlipAngle": 55,
    "ImageComments": "Unaliased_MB2_PE2_LB",
    "ImageOrientationPatientDICOM": [
      0.997705,
      -0.0530197,
      0.0421268,
      0.0536485,
      0.998463,
      -0.0139393
    ],
    "ImageType": [
      "ORIGINAL",
      "PRIMARY",
      "M",
      "MB",
      "ND",
      "MOSAIC"
    ],
    "ImagingFrequency": 123.221,
    "InPlanePhaseEncodingDirectionDICOM": "COL",
    "InstitutionAddress": "Rudolf-Bultmann-Strasse_8_Marburg_District_DE_35039",
    "InstitutionName": "Center_of_BrainImaging_Uni-Marburg",
    "InstitutionalDepartmentName": "Department",
    "MRAcquisitionType": "2D",
    "MagneticFieldStrength": 3,
    "Manufacturer": "Siemens",
    "ManufacturersModelName": "TrioTim",
    "Modality": "MR",
    "MultibandAccelerationFactor": 2,
    "PartialFourier": 1,
    "PatientBirthDate": "1996-01-01",
    "PatientID": "AGB_FRAPPS_25",
    "PatientName": "20220621_AGB_FRAPPS_25",
    "PatientPosition": "HFS",
    "PatientSex": "F",
    "PatientWeight": 60,
    "PercentPhaseFOV": 100,
    "PhaseEncodingDirection": "j-",
    "PhaseEncodingSteps": 70,
    "PhaseResolution": 1,
    "PixelBandwidth": 2041,
    "ProcedureStepDescription": "AGB_Christoph",
    "ProtocolName": "cmrr_ep2d_bold_MB2_iso3",
    "PulseSequenceDetails": "%CustomerSeq%_cmrr_mbep2d_bold",
    "ReceiveCoilName": "32Ch_Head",
    "ReconMatrixPE": 70,
    "RepetitionTime": 1.53,
    "SAR": 0.1199,
    "ScanOptions": "FS",
    "ScanningSequence": "EP",
    "SequenceName": "epfid2d1_70",
    "SequenceVariant": "SK_SS",
    "SeriesDescription": "cmrr_ep2d_bold_MB2_iso3",
    "SeriesInstanceUID": "1.3.12.2.1107.5.2.32.35420.2022062108533440276839909.0.0.0",
    "SeriesNumber": 4,
    "ShimSetting": [
      9339,
      9536,
      -1468,
      100,
      -89,
      -2537,
      432,
      256
    ],
    "SliceThickness": 3,
    "SliceTiming": [
      0,
      0.065,
      0.1275,
      0.1925,
      0.255,
      0.32,
      0.385,
      0.4475,
      0.5125,
      0.575,
      0.64,
      0.705,
      0.7675,
      0.8325,
      0.895,
      0.96,
      1.025,
      1.0875,
      1.1525,
      1.215,
      1.28,
      1.345,
      1.4075,
      1.4725,
      0,
      0.065,
      0.1275,
      0.1925,
      0.255,
      0.32,
      0.385,
      0.4475,
      0.5125,
      0.575,
      0.64,
      0.705,
      0.7675,
      0.8325,
      0.895,
      0.96,
      1.025,
      1.0875,
      1.1525,
      1.215,
      1.28,
      1.345,
      1.4075,
      1.4725
    ],
    "SoftwareVersions": "syngo_MR_B19",
    "SpacingBetweenSlices": 3.45,
    "StationName": "MRC35420",
    "StudyID": "1",
    "StudyInstanceUID": "1.3.12.2.1107.5.2.32.35420.30000022053005374096600000277",
    "TaskName": "TODO: full task name for FRAPPS - replication study",
    "TotalReadoutTime": 0.03795,
    "TxRefAmp": 308.683,
    "dataset": "unknown",
    "modality": "bold",
    "subject_id": "25",
    "task_id": "frapps"
  },
  "dummy_trs": 0,
  "dvars_nstd": 19.98824107024818,
  "dvars_std": 1.0321682482964443,
  "dvars_vstd": 0.9606312400804818,
  "efc": 0.4849825526019584,
  "fber": 1024.153564453125,
  "fd_mean": 0.15321326272310626,
  "fd_num": 340,
  "fd_perc": 22.788203753351205,
  "fwhm_avg": 2.46602525812863,
  "fwhm_x": 2.3374866666666665,
  "fwhm_y": 2.8500266666666665,
  "fwhm_z": 2.210562441052558,
  "gcor": 0.0427475,
  "gsr_x": -0.0078074997290968895,
  "gsr_y": 0.07831339538097382,
  "provenance": {
    "md5sum": "b92c28413eafe8ad86d0c564d1ad897d",
    "settings": {
      "fd_thres": 0.2,
      "hmc_fsl": false
    },
    "software": "mriqc",
    "version": "0.15.0",
    "webapi_port": null,
    "webapi_url": "https://mriqc.nimh.nih.gov/api/v1"
  },
  "size_t": 1492,
  "size_x": 70,
  "size_y": 70,
  "size_z": 48,
  "snr": 2.8242940110617325,
  "spacing_tr": 1.5299999713897705,
  "spacing_x": 3.0,
  "spacing_y": 3.0,
  "spacing_z": 3.4499998092651367,
  "summary_bg_k": 58.516291599898786,
  "summary_bg_mad": 3.6598010063171387,
  "summary_bg_mean": 24.57926368713379,
  "summary_bg_median": 12.089142799377441,
  "summary_bg_n": 151306.0,
  "summary_bg_p05": 9.201072692871094,
  "summary_bg_p95": 83.29775619506836,
  "summary_bg_stdv": 39.36221694946289,
  "summary_fg_k": 2.052499374976323,
  "summary_fg_mad": 118.71995544433594,
  "summary_fg_mean": 435.27099609375,
  "summary_fg_median": 412.4661560058594,
  "summary_fg_n": 41734.0,
  "summary_fg_p05": 240.56337966918946,
  "summary_fg_p95": 708.9947998046873,
  "summary_fg_stdv": 146.04046630859375,
  "tsnr": 49.074275970458984
}