{
  "bids_meta": {
    "AcquisitionDateTime": "2022-05-31T14:15:3.117500",
    "AcquisitionMatrixPE": 256,
    "AcquisitionNumber": 1,
    "AcquisitionTime": "14:15:3.117500",
    "BaseResolution": 256,
    "CoilString": "C:HEA;HEP",
    "ConversionSoftware": "dcm2niix",
    "ConversionSoftwareVersion": "v1.0.20190902",
    "DeviceSerialNumber": "35420",
    "DwellTime": 9.8e-06,
    "EchoTime": 0.00226,
    "FlipAngle": 9,
    "ImageOrientationPatientDICOM": [
      -0.0222063,
      0.993325,
      -0.113191,
      0.0170321,
      -0.112827,
      -0.993469
    ],
    "ImageType": [
      "ORIGINAL",
      "PRIMARY",
      "M",
      "ND",
      "NORM"
    ],
    "ImagingFrequency": 123.221,
    "InPlanePhaseEncodingDirectionDICOM": "ROW",
    "InstitutionAddress": "Rudolf-Bultmann-Strasse_8_Marburg_District_DE_35039",
    "InstitutionName": "Center_of_BrainImaging_Uni-Marburg",
    "InstitutionalDepartmentName": "Department",
    "InversionTime": 0.9,
    "MRAcquisitionType": "3D",
    "MagneticFieldStrength": 3,
    "Manufacturer": "Siemens",
    "ManufacturersModelName": "TrioTim",
    "Modality": "MR",
    "PartialFourier": 1,
    "PatientBirthDate": "1996-01-01",
    "PatientID": "AGB_FRAPPS_16",
    "PatientName": "20220531_AGB_FRAPPS_16",
    "PatientPosition": "HFS",
    "PatientSex": "M",
    "PatientWeight": 96,
    "PercentPhaseFOV": 100,
    "PhaseEncodingSteps": 256,
    "PhaseResolution": 1,
    "PixelBandwidth": 199,
    "ProcedureStepDescription": "AGB_Christoph",
    "ProtocolName": "t1_mpr_12CH_sag_p2_iso_FOV256_ND_REF",
    "PulseSequenceDetails": "%SiemensSeq%_tfl",
    "ReceiveCoilName": "32Ch_Head",
    "ReconMatrixPE": 256,
    "RepetitionTime": 1.9,
    "SAR": 0.102458,
    "ScanOptions": "IR",
    "ScanningSequence": "GR_IR",
    "SequenceName": "_tfl3d1_ns",
    "SequenceVariant": "SP_MP",
    "SeriesDescription": "t1_mpr_12CH_sag_p2_iso_FOV256_ND_REF",
    "SeriesInstanceUID": "1.3.12.2.1107.5.2.32.35420.2022053114150125761743124.0.0.0",
    "SeriesNumber": 3,
    "ShimSetting": [
      9316,
      9562,
      -1837,
      -292,
      -72,
      -2564,
      430,
      205
    ],
    "SliceThickness": 1,
    "SoftwareVersions": "syngo_MR_B19",
    "StationName": "MRC35420",
    "StudyID": "1",
    "StudyInstanceUID": "1.3.12.2.1107.5.2.32.35420.30000022053005374096600000041",
    "TxRefAmp": 307.959,
    "dataset": "unknown",
    "modality": "T1w",
    "subject_id": "16"
  },
  "cjv": 0.4815613287789669,
  "cnr": 2.8006260242486705,
  "efc": 0.6237947771549663,
  "fber": 526.234375,
  "fwhm_avg": 4.766043424460496,
  "fwhm_x": 4.586580273381488,
  "fwhm_y": 5.0514,
  "fwhm_z": 4.66015,
  "icvs_csf": 0.24007837544647956,
  "icvs_gm": 0.41581531071318273,
  "icvs_wm": 0.34410631384033774,
  "inu_med": 1.246000051498413,
  "inu_range": 0.638787043094635,
  "provenance": {
    "md5sum": "184766c481438ec6c4608a757e475954",
    "settings": {
      "testing": false
    },
    "software": "mriqc",
    "version": "0.15.0",
    "warnings": {
      "large_rot_frame": true,
      "small_air_mask": false
    },
    "webapi_port": null,
    "webapi_url": "https://mriqc.nimh.nih.gov/api/v1"
  },
  "qi_1": 0.0,
  "qi_2": 0.029180565829715486,
  "rpve_csf": 17.739271521840823,
  "rpve_gm": 10.511441701805088,
  "rpve_wm": 14.892651186061723,
  "size_x": 176,
  "size_y": 256,
  "size_z": 256,
  "snr_csf": 3.6934129099878144,
  "snr_gm": 11.124156142289024,
  "snr_total": 12.411400685853927,
  "snr_wm": 22.416633005284943,
  "snrd_csf": 11.30463917523272,
  "snrd_gm": 23.420502976940185,
  "snrd_total": 21.78301225063056,
  "snrd_wm": 30.623894599718774,
  "spacing_x": 0.9999999403953552,
  "spacing_y": 1.0,
  "spacing_z": 1.0,
  "summary_bg_k": 1.2360398624456108,
  "summary_bg_mad": 21.393083572387695,
  "summary_bg_mean": 27.512939453125,
  "summary_bg_median": 22.149431228637695,
  "summary_bg_n": 1703920.0,
  "summary_bg_p05": 0.0,
  "summary_bg_p95": 59.10862216949462,
  "summary_bg_stdv": 18.378211975097656,
  "summary_csf_k": -0.03987248912059904,
  "summary_csf_mad": 110.00794982910156,
  "summary_csf_mean": 379.8704528808594,
  "summary_csf_median": 369.14617919921875,
  "summary_csf_n": 52882.0,
  "summary_csf_p05": 241.1807876586914,
  "summary_csf_p95": 552.1222503662109,
  "summary_csf_stdv": 99.94622802734375,
  "summary_gm_k": -0.1699097769268505,
  "summary_gm_mad": 69.8334732055664,
  "summary_gm_mean": 766.9917602539062,
  "summary_gm_median": 764.7824096679688,
  "summary_gm_n": 36388.0,
  "summary_gm_p05": 657.5168060302735,
  "summary_gm_p95": 883.010546875,
  "summary_gm_stdv": 68.7487564086914,
  "summary_wm_k": 0.4055969806956776,
  "summary_wm_mad": 43.44054412841797,
  "summary_wm_mean": 999.6885986328125,
  "summary_wm_median": 1000.0048217773438,
  "summary_wm_n": 264806.0,
  "summary_wm_p05": 926.168701171875,
  "summary_wm_p95": 1071.7227172851562,
  "summary_wm_stdv": 44.60986328125,
  "tpm_overlap_csf": 0.21898289024829865,
  "tpm_overlap_gm": 0.4834461212158203,
  "tpm_overlap_wm": 0.5125281810760498,
  "wm2max": 0.36589760962454193
}