{
  "aor": 0.0019850664893617024,
  "aqi": 0.008374696090425533,
  "bids_meta": {
    "AcquisitionDateTime": "2022-06-30T07:40:36.382500",
    "AcquisitionMatrixPE": 70,
    "AcquisitionNumber": 1,
    "AcquisitionTime": "07:40:36.382500",
    "BandwidthPerPixelPhaseEncode": 25.974,
    "BaseResolution": 70,
    "CoilString": "C:HEA;HEP",
    "ConversionSoftware": "dcm2niix",
    "ConversionSoftwareVersion": "v1.0.20190902",
    "DerivedVendorReportedEchoSpacing": 0.000550001,
    "DeviceSerialNumber": "35420",
    "DwellTime": 3.5e-06,
    "EchoTime": 0.03,
    "EffectiveEchoSpacing": 0.000550001,
    "FlipAngle": 55,
    "ImageComments": "Unaliased_MB2_PE2_LB",
    "ImageOrientationPatientDICOM": [
      0.999606,
      0.0222781,
      -0.0170637,
      -0.0246414,
      0.987782,
      -0.153883
    ],
    "ImageType": [
      "ORIGINAL",
      "PRIMARY",
      "M",
      "MB",
      "ND",
      "MOSAIC"
    ],
    "ImagingFrequency": 123.221,
    "InPlanePhaseEncodingDirectionDICOM": "COL",
    "InstitutionAddress": "Rudolf-Bultmann-Strasse_8_Marburg_District_DE_35039",
    "InstitutionName": "Center_of_BrainImaging_Uni-Marburg",
    "InstitutionalDepartmentName": "Department",
    "MRAcquisitionType": "2D",
    "MagneticFieldStrength": 3,
    "Manufacturer": "Siemens",
    "ManufacturersModelName": "TrioTim",
    "Modality": "MR",
    "MultibandAccelerationFactor": 2,
    "PartialFourier": 1,
    "PatientBirthDate": "1999-01-01",
    "PatientID": "AGB_FRAPPS_34",
    "PatientName": "20220630_AGB_FRAPPS_34",
    "PatientPosition": "HFS",
    "PatientSex": "F",
    "PatientWeight": 60,
    "PercentPhaseFOV": 100,
    "PhaseEncodingDirection": "j-",
    "PhaseEncodingSteps": 70,
    "PhaseResolution": 1,
    "PixelBandwidth": 2041,
    "ProcedureStepDescription": "AGB_Christoph",
    "ProtocolName": "cmrr_ep2d_bold_MB2_iso3",
    "PulseSequenceDetails": "%CustomerSeq%_cmrr_mbep2d_bold",
    "ReceiveCoilName": "32Ch_Head",
    "ReconMatrixPE": 70,
    "RepetitionTime": 1.53,
    "SAR": 0.101546,
    "ScanOptions": "FS",
    "ScanningSequence": "EP",
    "SequenceName": "epfid2d1_70",
    "SequenceVariant": "SK_SS",
    "SeriesDescription": "cmrr_ep2d_bold_MB2_iso3",
    "SeriesInstanceUID": "1.3.12.2.1107.5.2.32.35420.2022063007403967792562806.0.0.0",
    "SeriesNumber": 4,
    "ShimSetting": [
      9286,
      9529,
      -1448,
      435,
      -228,
      -2281,
      693,
      255
    ],
    "SliceThickness": 3,
    "SliceTiming": [
      0,
      0.065,
      0.1275,
      0.1925,
      0.2575,
      0.32,
      0.385,
      0.4475,
      0.5125,
      0.575,
      0.64,
      0.705,
      0.7675,
      0.8325,
      0.895,
      0.96,
      1.025,
      1.0875,
      1.1525,
      1.215,
      1.28,
      1.345,
      1.4075,
      1.4725,
      0,
      0.065,
      0.1275,
      0.1925,
      0.2575,
      0.32,
      0.385,
      0.4475,
      0.5125,
      0.575,
      0.64,
      0.705,
      0.7675,
      0.8325,
      0.895,
      0.96,
      1.025,
      1.0875,
      1.1525,
      1.215,
      1.28,
      1.345,
      1.4075,
      1.4725
    ],
    "SoftwareVersions": "syngo_MR_B19",
    "SpacingBetweenSlices": 3.45,
    "StationName": "MRC35420",
    "StudyID": "1",
    "StudyInstanceUID": "1.3.12.2.1107.5.2.32.35420.30000022062913044365900000010",
    "TaskName": "TODO: full task name for FRAPPS - replication study",
    "TotalReadoutTime": 0.03795,
    "TxRefAmp": 314.585,
    "dataset": "unknown",
    "modality": "bold",
    "subject_id": "34",
    "task_id": "frapps"
  },
  "dummy_trs": 1,
  "dvars_nstd": 21.405827489900226,
  "dvars_std": 1.072094530079839,
  "dvars_vstd": 0.9574019268130426,
  "efc": 0.4794514835165032,
  "fber": 1135.9879150390625,
  "fd_mean": 0.14543689885025138,
  "fd_num": 220,
  "fd_perc": 14.627659574468085,
  "fwhm_avg": 2.6155946266201933,
  "fwhm_x": 2.54724,
  "fwhm_y": 2.898703333333333,
  "fwhm_z": 2.4008405465272467,
  "gcor": 0.0286956,
  "gsr_x": -0.003380006179213524,
  "gsr_y": 0.06785301119089127,
  "provenance": {
    "md5sum": "32bf6b35b2b22de8264de35c1decd00c",
    "settings": {
      "fd_thres": 0.2,
      "hmc_fsl": false
    },
    "software": "mriqc",
    "version": "0.15.0",
    "webapi_port": null,
    "webapi_url": "https://mriqc.nimh.nih.gov/api/v1"
  },
  "size_t": 1504,
  "size_x": 70,
  "size_y": 70,
  "size_z": 48,
  "snr": 2.788521533149759,
  "spacing_tr": 1.5299999713897705,
  "spacing_x": 3.0,
  "spacing_y": 3.0,
  "spacing_z": 3.450000047683716,
  "summary_bg_k": 79.97906000433406,
  "summary_bg_mad": 4.189533233642578,
  "summary_bg_mean": 24.418981552124023,
  "summary_bg_median": 12.290557861328125,
  "summary_bg_n": 151640.0,
  "summary_bg_p05": 8.845744132995605,
  "summary_bg_p95": 81.8105056762689,
  "summary_bg_stdv": 40.04500961303711,
  "summary_fg_k": 1.7912018255998978,
  "summary_fg_mad": 135.49151611328125,
  "summary_fg_mean": 465.6603088378906,
  "summary_fg_median": 448.3350830078125,
  "summary_fg_n": 41497.0,
  "summary_fg_p05": 235.83868713378908,
  "summary_fg_p95": 751.7743286132811,
  "summary_fg_stdv": 160.77684020996094,
  "tsnr": 39.50366973876953
}