{
  "bids_meta": {
    "AcquisitionDateTime": "2022-06-08T07:13:30.150000",
    "AcquisitionMatrixPE": 256,
    "AcquisitionNumber": 1,
    "AcquisitionTime": "07:13:30.150000",
    "BaseResolution": 256,
    "CoilString": "C:HEA;HEP",
    "ConversionSoftware": "dcm2niix",
    "ConversionSoftwareVersion": "v1.0.20190902",
    "DeviceSerialNumber": "35420",
    "DwellTime": 9.8e-06,
    "EchoTime": 0.00226,
    "FlipAngle": 9,
    "ImageOrientationPatientDICOM": [
      0.0832696,
      0.96425,
      -0.25157,
      0.113434,
      -0.259978,
      -0.958929
    ],
    "ImageType": [
      "ORIGINAL",
      "PRIMARY",
      "M",
      "ND",
      "NORM"
    ],
    "ImagingFrequency": 123.221,
    "InPlanePhaseEncodingDirectionDICOM": "ROW",
    "InstitutionAddress": "Rudolf-Bultmann-Strasse_8_Marburg_District_DE_35039",
    "InstitutionName": "Center_of_BrainImaging_Uni-Marburg",
    "InstitutionalDepartmentName": "Department",
    "InversionTime": 0.9,
    "MRAcquisitionType": "3D",
    "MagneticFieldStrength": 3,
    "Manufacturer": "Siemens",
    "ManufacturersModelName": "TrioTim",
    "Modality": "MR",
    "PartialFourier": 1,
    "PatientBirthDate": "2001-01-01",
    "PatientID": "AGB_FRAPPS_17",
    "PatientName": "20220608_AGB_FRAPPS_17",
    "PatientPosition": "HFS",
    "PatientSex": "M",
    "PatientWeight": 90,
    "PercentPhaseFOV": 100,
    "PhaseEncodingSteps": 256,
    "PhaseResolution": 1,
    "PixelBandwidth": 199,
    "ProcedureStepDescription": "AGB_Christoph",
    "ProtocolName": "t1_mpr_12CH_sag_p2_iso_FOV256_ND_REF",
    "PulseSequenceDetails": "%SiemensSeq%_tfl",
    "ReceiveCoilName": "32Ch_Head",
    "ReconMatrixPE": 256,
    "RepetitionTime": 1.9,
    "SAR": 0.0979709,
    "ScanOptions": "IR",
    "ScanningSequence": "GR_IR",
    "SequenceName": "_tfl3d1_ns",
    "SequenceVariant": "SP_MP",
    "SeriesDescription": "t1_mpr_12CH_sag_p2_iso_FOV256_ND_REF",
    "SeriesInstanceUID": "1.3.12.2.1107.5.2.32.35420.2022060807132877267707862.0.0.0",
    "SeriesNumber": 3,
    "ShimSetting": [
      9316,
      9562,
      -1837,
      -292,
      -72,
      -2564,
      430,
      205
    ],
    "SliceThickness": 1,
    "SoftwareVersions": "syngo_MR_B19",
    "StationName": "MRC35420",
    "StudyID": "1",
    "StudyInstanceUID": "1.3.12.2.1107.5.2.32.35420.30000022053005374096600000116",
    "TxRefAmp": 295.333,
    "dataset": "unknown",
    "modality": "T1w",
    "subject_id": "17"
  },
  "cjv": 0.431710206494087,
  "cnr": 3.0587289850298096,
  "efc": 0.5959601990323045,
  "fber": 808.5332641601562,
  "fwhm_avg": 5.173749999999999,
  "fwhm_x": 5.03085,
  "fwhm_y": 5.25822,
  "fwhm_z": 5.23218,
  "icvs_csf": 0.2114016675168717,
  "icvs_gm": 0.44856415702868674,
  "icvs_wm": 0.34003417545444153,
  "inu_med": 1.3965401649475098,
  "inu_range": 0.6985711872577662,
  "provenance": {
    "md5sum": "3dcae6047a3e9cf7655f25ef9de3e8f3",
    "settings": {
      "testing": false
    },
    "software": "mriqc",
    "version": "0.15.0",
    "warnings": {
      "large_rot_frame": true,
      "small_air_mask": false
    },
    "webapi_port": null,
    "webapi_url": "https://mriqc.nimh.nih.gov/api/v1"
  },
  "qi_1": 0.0,
  "qi_2": 0.029327912508969926,
  "rpve_csf": 20.95105147727606,
  "rpve_gm": 10.840995723294986,
  "rpve_wm": 16.371772123279634,
  "size_x": 176,
  "size_y": 256,
  "size_z": 256,
  "snr_csf": 3.652931068960125,
  "snr_gm": 10.55123863932687,
  "snr_total": 12.811387549185861,
  "snr_wm": 24.22999293927059,
  "snrd_csf": 10.347247499714177,
  "snrd_gm": 21.638586607003347,
  "snrd_total": 20.360599529571015,
  "snrd_wm": 29.095964481995516,
  "spacing_x": 1.0,
  "spacing_y": 1.0,
  "spacing_z": 1.0,
  "summary_bg_k": 1.1187181780217674,
  "summary_bg_mad": 22.516569137573242,
  "summary_bg_mean": 28.336488723754883,
  "summary_bg_median": 23.162994384765625,
  "summary_bg_n": 2541350.0,
  "summary_bg_p05": 0.0,
  "summary_bg_p95": 61.62146415710449,
  "summary_bg_stdv": 18.712617874145508,
  "summary_csf_k": 0.3256987747162685,
  "summary_csf_mad": 101.21063232421875,
  "summary_csf_mean": 372.6072082519531,
  "summary_csf_median": 355.62750244140625,
  "summary_csf_n": 39796.0,
  "summary_csf_p05": 248.67298126220703,
  "summary_csf_p95": 549.8300018310547,
  "summary_csf_stdv": 97.35279083251953,
  "summary_gm_k": -0.2300233732948591,
  "summary_gm_mad": 71.3060302734375,
  "summary_gm_mean": 747.5322875976562,
  "summary_gm_median": 743.7027587890625,
  "summary_gm_n": 58612.0,
  "summary_gm_p05": 637.0453186035156,
  "summary_gm_p95": 870.247979736328,
  "summary_gm_stdv": 70.4842758178711,
  "summary_wm_k": 0.5005919250490427,
  "summary_wm_mad": 39.343345642089844,
  "summary_wm_mean": 998.4569091796875,
  "summary_wm_median": 1000.0075073242188,
  "summary_wm_n": 244731.0,
  "summary_wm_p05": 928.5359497070312,
  "summary_wm_p95": 1063.3280029296875,
  "summary_wm_stdv": 41.27138900756836,
  "tpm_overlap_csf": 0.22473400831222534,
  "tpm_overlap_gm": 0.5054429769515991,
  "tpm_overlap_wm": 0.5129633545875549,
  "wm2max": 0.41074074378796716
}