{
	"Modality": "MR",
	"MagneticFieldStrength": 3,
	"ImagingFrequency": 123.221,
	"Manufacturer": "Siemens",
	"ManufacturersModelName": "TrioTim",
	"InstitutionName": "Center_of_BrainImaging_Uni-Marburg",
	"InstitutionalDepartmentName": "Department",
	"InstitutionAddress": "Rudolf-Bultmann-Strasse_8_Marburg_District_DE_35039",
	"DeviceSerialNumber": "35420",
	"StationName": "MRC35420",
	"SeriesInstanceUID": "1.3.12.2.1107.5.2.32.35420.2022042810052880709080047.0.0.0",
	"StudyInstanceUID": "1.3.12.2.1107.5.2.32.35420.30000022042010144015600000113",
	"StudyID": "1",
	"PatientName": "20220428_AGB_FRAPPS_10",
	"PatientID": "AGB_FRAPPS_10",
	"PatientBirthDate": "1999-01-01",
	"PatientSex": "F",
	"PatientWeight": 61,
	"PatientPosition": "HFS",
	"ProcedureStepDescription": "AGB_Christoph",
	"SoftwareVersions": "syngo_MR_B19",
	"MRAcquisitionType": "2D",
	"SeriesDescription": "cmrr_ep2d_bold_MB2_iso3",
	"ProtocolName": "cmrr_ep2d_bold_MB2_iso3",
	"ScanningSequence": "EP",
	"SequenceVariant": "SK_SS",
	"ScanOptions": "FS",
	"SequenceName": "epfid2d1_70",
	"ImageType": ["ORIGINAL", "PRIMARY", "M", "MB", "ND", "MOSAIC"],
	"SeriesNumber": 4,
	"AcquisitionTime": "10:05:26.377500",
	"AcquisitionDateTime": "2022-04-28T10:05:26.377500",
	"AcquisitionNumber": 1,
	"ImageComments": "Unaliased_MB2_PE2_LB",
	"SliceThickness": 3,
	"SpacingBetweenSlices": 3.45,
	"SAR": 0.0975849,
	"EchoTime": 0.03,
	"RepetitionTime": 1.53,
	"FlipAngle": 55,
	"PartialFourier": 1,
	"BaseResolution": 70,
	"ShimSetting": [
		9302,
		9680,
		-1569,
		92,
		-132,
		-1784,
		538,
		254	],
	"TxRefAmp": 296.261,
	"PhaseResolution": 1,
	"ReceiveCoilName": "32Ch_Head",
	"CoilString": "C:HEA;HEP",
	"PulseSequenceDetails": "%CustomerSeq%_cmrr_mbep2d_bold",
	"MultibandAccelerationFactor": 2,
	"PercentPhaseFOV": 100,
	"PhaseEncodingSteps": 70,
	"AcquisitionMatrixPE": 70,
	"ReconMatrixPE": 70,
	"BandwidthPerPixelPhaseEncode": 25.974,
	"EffectiveEchoSpacing": 0.000550001,
	"DerivedVendorReportedEchoSpacing": 0.000550001,
	"TotalReadoutTime": 0.03795,
	"PixelBandwidth": 2041,
	"DwellTime": 3.5e-06,
	"PhaseEncodingDirection": "j-",
	"SliceTiming": [
		0,
		0.065,
		0.13,
		0.1925,
		0.2575,
		0.32,
		0.385,
		0.45,
		0.5125,
		0.5775,
		0.64,
		0.705,
		0.77,
		0.8325,
		0.8975,
		0.96,
		1.025,
		1.09,
		1.1525,
		1.2175,
		1.28,
		1.345,
		1.4075,
		1.4725,
		0,
		0.065,
		0.13,
		0.1925,
		0.2575,
		0.32,
		0.385,
		0.45,
		0.5125,
		0.5775,
		0.64,
		0.705,
		0.77,
		0.8325,
		0.8975,
		0.96,
		1.025,
		1.09,
		1.1525,
		1.2175,
		1.28,
		1.345,
		1.4075,
		1.4725	],
	"ImageOrientationPatientDICOM": [
		0.998749,
		-0.0499674,
		0.00210907,
		0.0500114,
		0.99766,
		-0.0466252	],
	"InPlanePhaseEncodingDirectionDICOM": "COL",
	"ConversionSoftware": "dcm2niix",
	"ConversionSoftwareVersion": "v1.0.20190902"
}
