{
  "aor": 0.004434432029795158,
  "aqi": 0.011011039795158287,
  "bids_meta": {
    "AcquisitionDateTime": "2022-06-23T09:09:0.380000",
    "AcquisitionMatrixPE": 70,
    "AcquisitionNumber": 1,
    "AcquisitionTime": "09:09:0.380000",
    "BandwidthPerPixelPhaseEncode": 25.974,
    "BaseResolution": 70,
    "CoilString": "C:HEA;HEP",
    "ConversionSoftware": "dcm2niix",
    "ConversionSoftwareVersion": "v1.0.20190902",
    "DerivedVendorReportedEchoSpacing": 0.000550001,
    "DeviceSerialNumber": "35420",
    "DwellTime": 3.5e-06,
    "EchoTime": 0.03,
    "EffectiveEchoSpacing": 0.000550001,
    "FlipAngle": 60,
    "ImageComments": "Unaliased_MB2_PE2_LB",
    "ImageOrientationPatientDICOM": [
      0.998555,
      -0.0489895,
      0.0221108,
      0.048663,
      0.998702,
      0.0150714
    ],
    "ImageType": [
      "ORIGINAL",
      "PRIMARY",
      "M",
      "MB",
      "ND",
      "MOSAIC"
    ],
    "ImagingFrequency": 123.221,
    "InPlanePhaseEncodingDirectionDICOM": "COL",
    "InstitutionAddress": "Rudolf-Bultmann-Strasse_8_Marburg_District_DE_35039",
    "InstitutionName": "Center_of_BrainImaging_Uni-Marburg",
    "InstitutionalDepartmentName": "Department",
    "MRAcquisitionType": "2D",
    "MagneticFieldStrength": 3,
    "Manufacturer": "Siemens",
    "ManufacturersModelName": "TrioTim",
    "Modality": "MR",
    "MultibandAccelerationFactor": 2,
    "PartialFourier": 1,
    "PatientBirthDate": "1999-01-01",
    "PatientID": "AGB_FRAPPS_30",
    "PatientName": "20220623_AGB_FRAPPS_30",
    "PatientPosition": "HFS",
    "PatientSex": "F",
    "PatientWeight": 56,
    "PercentPhaseFOV": 100,
    "PhaseEncodingDirection": "j-",
    "PhaseEncodingSteps": 70,
    "PhaseResolution": 1,
    "PixelBandwidth": 2041,
    "ProcedureStepDescription": "AGB_Christoph",
    "ProtocolName": "cmrr_ep2d_bold_FP_MB2_iso3",
    "PulseSequenceDetails": "%CustomerSeq%_cmrr_mbep2d_bold",
    "ReceiveCoilName": "32Ch_Head",
    "ReconMatrixPE": 70,
    "RepetitionTime": 1.53,
    "SAR": 0.120127,
    "ScanOptions": "FS",
    "ScanningSequence": "EP",
    "SequenceName": "epfid2d1_70",
    "SequenceVariant": "SK_SS",
    "SeriesDescription": "cmrr_ep2d_bold_FP_MB2_iso3",
    "SeriesInstanceUID": "1.3.12.2.1107.5.2.32.35420.2022062309090377158427160.0.0.0",
    "SeriesNumber": 4,
    "ShimSetting": [
      9327,
      9515,
      -1424,
      262,
      -110,
      -2687,
      410,
      308
    ],
    "SliceThickness": 3,
    "SliceTiming": [
      0,
      0.0625,
      0.1275,
      0.1925,
      0.255,
      0.32,
      0.3825,
      0.4475,
      0.5125,
      0.575,
      0.64,
      0.7025,
      0.7675,
      0.8325,
      0.895,
      0.96,
      1.0225,
      1.0875,
      1.1525,
      1.215,
      1.28,
      1.3425,
      1.4075,
      1.47,
      0,
      0.0625,
      0.1275,
      0.1925,
      0.255,
      0.32,
      0.3825,
      0.4475,
      0.5125,
      0.575,
      0.64,
      0.7025,
      0.7675,
      0.8325,
      0.895,
      0.96,
      1.0225,
      1.0875,
      1.1525,
      1.215,
      1.28,
      1.3425,
      1.4075,
      1.47
    ],
    "SoftwareVersions": "syngo_MR_B19",
    "SpacingBetweenSlices": 3.45,
    "StationName": "MRC35420",
    "StudyID": "1",
    "StudyInstanceUID": "1.3.12.2.1107.5.2.32.35420.30000022053005374096600000310",
    "TaskName": "TODO: full task name for localizer",
    "TotalReadoutTime": 0.03795,
    "TxRefAmp": 300.103,
    "dataset": "unknown",
    "modality": "bold",
    "subject_id": "30",
    "task_id": "localizer"
  },
  "dummy_trs": 0,
  "dvars_nstd": 21.717056849216426,
  "dvars_std": 1.0445397809328358,
  "dvars_vstd": 0.951320989365672,
  "efc": 0.4545779534110601,
  "fber": 1359.1268310546875,
  "fd_mean": 0.18787278006648425,
  "fd_num": 127,
  "fd_perc": 23.649906890130353,
  "fwhm_avg": 2.5491505204374976,
  "fwhm_x": 2.425116666666667,
  "fwhm_y": 2.8426566666666666,
  "fwhm_z": 2.3796782279791593,
  "gcor": 0.0342169,
  "gsr_x": -0.010440290905535221,
  "gsr_y": 0.04802485927939415,
  "provenance": {
    "md5sum": "65b8810f0fff06aa89c1879a5aebefc3",
    "settings": {
      "fd_thres": 0.2,
      "hmc_fsl": false
    },
    "software": "mriqc",
    "version": "0.15.0",
    "webapi_port": null,
    "webapi_url": "https://mriqc.nimh.nih.gov/api/v1"
  },
  "size_t": 537,
  "size_x": 70,
  "size_y": 70,
  "size_z": 48,
  "snr": 3.6051750143052628,
  "spacing_tr": 1.5299999713897705,
  "spacing_x": 3.0,
  "spacing_y": 3.0,
  "spacing_z": 3.450000047683716,
  "summary_bg_k": 55.99476276235963,
  "summary_bg_mad": 3.1142923831939697,
  "summary_bg_mean": 21.144012451171875,
  "summary_bg_median": 11.23277473449707,
  "summary_bg_n": 160757.0,
  "summary_bg_p05": 8.458100318908691,
  "summary_bg_p95": 68.6148971557617,
  "summary_bg_stdv": 32.614688873291016,
  "summary_fg_k": 1.1268979478815009,
  "summary_fg_mad": 104.7056884765625,
  "summary_fg_mean": 447.3713684082031,
  "summary_fg_median": 439.33148193359375,
  "summary_fg_n": 34660.0,
  "summary_fg_p05": 265.07821502685545,
  "summary_fg_p95": 657.9086608886715,
  "summary_fg_stdv": 121.85958862304688,
  "tsnr": 37.75847244262695
}