{
  "aor": 0.009186173913043478,
  "aqi": 0.011136028963210701,
  "bids_meta": {
    "AcquisitionDateTime": "2022-06-23T09:32:53.380000",
    "AcquisitionMatrixPE": 70,
    "AcquisitionNumber": 1,
    "AcquisitionTime": "09:32:53.380000",
    "BandwidthPerPixelPhaseEncode": 25.974,
    "BaseResolution": 70,
    "CoilString": "C:HEA;HEP",
    "ConversionSoftware": "dcm2niix",
    "ConversionSoftwareVersion": "v1.0.20190902",
    "DerivedVendorReportedEchoSpacing": 0.000550001,
    "DeviceSerialNumber": "35420",
    "DwellTime": 3.5e-06,
    "EchoTime": 0.03,
    "EffectiveEchoSpacing": 0.000550001,
    "FlipAngle": 55,
    "ImageComments": "Unaliased_MB2_PE2_LB",
    "ImageOrientationPatientDICOM": [
      0.998556,
      -0.0489677,
      0.0221112,
      0.0486412,
      0.998703,
      0.0150705
    ],
    "ImageType": [
      "ORIGINAL",
      "PRIMARY",
      "M",
      "MB",
      "ND",
      "MOSAIC"
    ],
    "ImagingFrequency": 123.221,
    "InPlanePhaseEncodingDirectionDICOM": "COL",
    "InstitutionAddress": "Rudolf-Bultmann-Strasse_8_Marburg_District_DE_35039",
    "InstitutionName": "Center_of_BrainImaging_Uni-Marburg",
    "InstitutionalDepartmentName": "Department",
    "MRAcquisitionType": "2D",
    "MagneticFieldStrength": 3,
    "Manufacturer": "Siemens",
    "ManufacturersModelName": "TrioTim",
    "Modality": "MR",
    "MultibandAccelerationFactor": 2,
    "PartialFourier": 1,
    "PatientBirthDate": "1999-01-01",
    "PatientID": "AGB_FRAPPS_30",
    "PatientName": "20220623_AGB_FRAPPS_30",
    "PatientPosition": "HFS",
    "PatientSex": "F",
    "PatientWeight": 56,
    "PercentPhaseFOV": 100,
    "PhaseEncodingDirection": "j-",
    "PhaseEncodingSteps": 70,
    "PhaseResolution": 1,
    "PixelBandwidth": 2041,
    "ProcedureStepDescription": "AGB_Christoph",
    "ProtocolName": "cmrr_ep2d_bold_MB2_iso3",
    "PulseSequenceDetails": "%CustomerSeq%_cmrr_mbep2d_bold",
    "ReceiveCoilName": "32Ch_Head",
    "ReconMatrixPE": 70,
    "RepetitionTime": 1.53,
    "SAR": 0.109276,
    "ScanOptions": "FS",
    "ScanningSequence": "EP",
    "SequenceName": "epfid2d1_70",
    "SequenceVariant": "SK_SS",
    "SeriesDescription": "cmrr_ep2d_bold_MB2_iso3",
    "SeriesInstanceUID": "1.3.12.2.1107.5.2.32.35420.2022062309325736946932905.0.0.0",
    "SeriesNumber": 8,
    "ShimSetting": [
      9327,
      9515,
      -1424,
      262,
      -110,
      -2687,
      410,
      308
    ],
    "SliceThickness": 3,
    "SliceTiming": [
      0,
      0.065,
      0.1275,
      0.1925,
      0.255,
      0.32,
      0.385,
      0.4475,
      0.5125,
      0.575,
      0.64,
      0.705,
      0.7675,
      0.8325,
      0.895,
      0.96,
      1.0225,
      1.0875,
      1.1525,
      1.215,
      1.28,
      1.3425,
      1.4075,
      1.4725,
      0,
      0.065,
      0.1275,
      0.1925,
      0.255,
      0.32,
      0.385,
      0.4475,
      0.5125,
      0.575,
      0.64,
      0.705,
      0.7675,
      0.8325,
      0.895,
      0.96,
      1.0225,
      1.0875,
      1.1525,
      1.215,
      1.28,
      1.3425,
      1.4075,
      1.4725
    ],
    "SoftwareVersions": "syngo_MR_B19",
    "SpacingBetweenSlices": 3.45,
    "StationName": "MRC35420",
    "StudyID": "1",
    "StudyInstanceUID": "1.3.12.2.1107.5.2.32.35420.30000022053005374096600000310",
    "TaskName": "TODO: full task name for FRAPPS - replication study",
    "TotalReadoutTime": 0.03795,
    "TxRefAmp": 300.103,
    "dataset": "unknown",
    "modality": "bold",
    "subject_id": "30",
    "task_id": "frapps"
  },
  "dummy_trs": 1,
  "dvars_nstd": 27.978537024598385,
  "dvars_std": 1.1514276091767064,
  "dvars_vstd": 1.0062712917938428,
  "efc": 0.4573613561088558,
  "fber": 1309.1700439453125,
  "fd_mean": 0.2332310097307193,
  "fd_num": 351,
  "fd_perc": 23.47826086956522,
  "fwhm_avg": 2.4925619271430866,
  "fwhm_x": 2.34866,
  "fwhm_y": 2.7910633333333332,
  "fwhm_z": 2.337962448095927,
  "gcor": 0.0382913,
  "gsr_x": -0.009305710904300213,
  "gsr_y": 0.050632257014513016,
  "provenance": {
    "md5sum": "379a55146e07b1dff80a42642462d179",
    "settings": {
      "fd_thres": 0.2,
      "hmc_fsl": false
    },
    "software": "mriqc",
    "version": "0.15.0",
    "webapi_port": null,
    "webapi_url": "https://mriqc.nimh.nih.gov/api/v1"
  },
  "size_t": 1495,
  "size_x": 70,
  "size_y": 70,
  "size_z": 48,
  "snr": 3.702768959575465,
  "spacing_tr": 1.5299999713897705,
  "spacing_x": 3.0,
  "spacing_y": 3.0,
  "spacing_z": 3.4499998092651367,
  "summary_bg_k": 63.751522830640056,
  "summary_bg_mad": 2.511993646621704,
  "summary_bg_mean": 20.310317993164062,
  "summary_bg_median": 10.93712329864502,
  "summary_bg_n": 160668.0,
  "summary_bg_p05": 8.833444595336914,
  "summary_bg_p95": 63.76096878051757,
  "summary_bg_stdv": 31.123899459838867,
  "summary_fg_k": 1.16310607559525,
  "summary_fg_mad": 95.78898620605469,
  "summary_fg_mean": 426.3023986816406,
  "summary_fg_median": 417.7702331542969,
  "summary_fg_n": 34730.0,
  "summary_fg_p05": 257.0735336303711,
  "summary_fg_p95": 620.6050781249999,
  "summary_fg_stdv": 112.82481384277344,
  "tsnr": 37.55801773071289
}