{
  "aor": 0.004099785234899329,
  "aqi": 0.011946608704697987,
  "bids_meta": {
    "AcquisitionDateTime": "2022-04-13T07:56:19.420000",
    "AcquisitionMatrixPE": 70,
    "AcquisitionNumber": 1,
    "AcquisitionTime": "07:56:19.420000",
    "BandwidthPerPixelPhaseEncode": 25.974,
    "BaseResolution": 70,
    "CoilString": "C:HEA;HEP",
    "ConversionSoftware": "dcm2niix",
    "ConversionSoftwareVersion": "v1.0.20190902",
    "DerivedVendorReportedEchoSpacing": 0.000550001,
    "DeviceSerialNumber": "35420",
    "DwellTime": 3.5e-06,
    "EchoTime": 0.03,
    "EffectiveEchoSpacing": 0.000550001,
    "FlipAngle": 55,
    "ImageComments": "Unaliased_MB2_PE2_LB",
    "ImageOrientationPatientDICOM": [
      0.995238,
      -0.0580163,
      0.0783242,
      0.0529565,
      0.996466,
      0.0652029
    ],
    "ImageType": [
      "ORIGINAL",
      "PRIMARY",
      "M",
      "MB",
      "ND",
      "MOSAIC"
    ],
    "ImagingFrequency": 123.221,
    "InPlanePhaseEncodingDirectionDICOM": "COL",
    "InstitutionAddress": "Rudolf-Bultmann-Strasse_8_Marburg_District_DE_35039",
    "InstitutionName": "Center_of_BrainImaging_Uni-Marburg",
    "InstitutionalDepartmentName": "Department",
    "MRAcquisitionType": "2D",
    "MagneticFieldStrength": 3,
    "Manufacturer": "Siemens",
    "ManufacturersModelName": "TrioTim",
    "Modality": "MR",
    "MultibandAccelerationFactor": 2,
    "PartialFourier": 1,
    "PatientBirthDate": "1999-01-01",
    "PatientID": "AGB_FRAPPS_04",
    "PatientName": "20220413_AGB_FRAPPS_04",
    "PatientPosition": "HFS",
    "PatientSex": "M",
    "PatientWeight": 64,
    "PercentPhaseFOV": 100,
    "PhaseEncodingDirection": "j-",
    "PhaseEncodingSteps": 70,
    "PhaseResolution": 1,
    "PixelBandwidth": 2041,
    "ProcedureStepDescription": "AGB_Christoph",
    "ProtocolName": "cmrr_ep2d_bold_MB2_iso3",
    "PulseSequenceDetails": "%CustomerSeq%_cmrr_mbep2d_bold",
    "ReceiveCoilName": "32Ch_Head",
    "ReconMatrixPE": 70,
    "RepetitionTime": 1.53,
    "SAR": 0.103891,
    "ScanOptions": "FS",
    "ScanningSequence": "EP",
    "SequenceName": "epfid2d1_70",
    "SequenceVariant": "SK_SS",
    "SeriesDescription": "cmrr_ep2d_bold_MB2_iso3",
    "SeriesInstanceUID": "1.3.12.2.1107.5.2.32.35420.30000022040412320491700007452",
    "SeriesNumber": 4,
    "ShimSetting": [
      9380,
      9494,
      -1468,
      132,
      -136,
      -2484,
      499,
      310
    ],
    "SliceThickness": 3,
    "SliceTiming": [
      0,
      0.0625,
      0.1275,
      0.1925,
      0.255,
      0.32,
      0.3825,
      0.4475,
      0.5125,
      0.575,
      0.64,
      0.7025,
      0.7675,
      0.8325,
      0.895,
      0.96,
      1.0225,
      1.0875,
      1.1525,
      1.215,
      1.28,
      1.3425,
      1.4075,
      1.47,
      0,
      0.0625,
      0.1275,
      0.1925,
      0.255,
      0.32,
      0.3825,
      0.4475,
      0.5125,
      0.575,
      0.64,
      0.7025,
      0.7675,
      0.8325,
      0.895,
      0.96,
      1.0225,
      1.0875,
      1.1525,
      1.215,
      1.28,
      1.3425,
      1.4075,
      1.47
    ],
    "SoftwareVersions": "syngo_MR_B19",
    "SpacingBetweenSlices": 3.45,
    "StationName": "MRC35420",
    "StudyID": "1",
    "StudyInstanceUID": "1.3.12.2.1107.5.2.32.35420.30000022040412320491700010167",
    "TaskName": "TODO: full task name for FRAPPS - replication study",
    "TotalReadoutTime": 0.03795,
    "TxRefAmp": 308.179,
    "dataset": "unknown",
    "modality": "bold",
    "subject_id": "04",
    "task_id": "frapps"
  },
  "dummy_trs": 1,
  "dvars_nstd": 25.635030298139693,
  "dvars_std": 1.0632895838146414,
  "dvars_vstd": 0.9646125735661508,
  "efc": 0.4962994849658673,
  "fber": 898.9446411132812,
  "fd_mean": 0.1877620241056783,
  "fd_num": 517,
  "fd_perc": 34.69798657718121,
  "fwhm_avg": 2.639527525119892,
  "fwhm_x": 2.44791,
  "fwhm_y": 3.058756666666667,
  "fwhm_z": 2.4119159086930106,
  "gcor": 0.052521,
  "gsr_x": -0.014427615329623222,
  "gsr_y": 0.0785561054944992,
  "provenance": {
    "md5sum": "081576bdcac56510d906bdd32025db93",
    "settings": {
      "fd_thres": 0.2,
      "hmc_fsl": false
    },
    "software": "mriqc",
    "version": "0.15.0",
    "webapi_port": null,
    "webapi_url": "https://mriqc.nimh.nih.gov/api/v1"
  },
  "size_t": 1490,
  "size_x": 70,
  "size_y": 70,
  "size_z": 48,
  "snr": 2.6890479959105438,
  "spacing_tr": 1.5299999713897705,
  "spacing_x": 3.0,
  "spacing_y": 3.0,
  "spacing_z": 3.450000047683716,
  "summary_bg_k": 39.54890011694702,
  "summary_bg_mad": 5.059752464294434,
  "summary_bg_mean": 30.042116165161133,
  "summary_bg_median": 13.505369186401367,
  "summary_bg_n": 150713.0,
  "summary_bg_p05": 9.208724975585938,
  "summary_bg_p95": 122.43960266113277,
  "summary_bg_stdv": 48.112030029296875,
  "summary_fg_k": 1.218170203845136,
  "summary_fg_mad": 134.83323669433594,
  "summary_fg_mean": 456.19696044921875,
  "summary_fg_median": 433.89263916015625,
  "summary_fg_n": 42313.0,
  "summary_fg_p05": 227.39571838378907,
  "summary_fg_p95": 753.8367797851563,
  "summary_fg_stdv": 161.35357666015625,
  "tsnr": 27.852508544921875
}