{
  "aor": 0.0033563500931098698,
  "aqi": 0.003782864972067039,
  "bids_meta": {
    "AcquisitionDateTime": "2022-04-13T08:36:9.395000",
    "AcquisitionMatrixPE": 70,
    "AcquisitionNumber": 1,
    "AcquisitionTime": "08:36:9.395000",
    "BandwidthPerPixelPhaseEncode": 25.974,
    "BaseResolution": 70,
    "CoilString": "C:HEA;HEP",
    "ConversionSoftware": "dcm2niix",
    "ConversionSoftwareVersion": "v1.0.20190902",
    "DerivedVendorReportedEchoSpacing": 0.000550001,
    "DeviceSerialNumber": "35420",
    "DwellTime": 3.5e-06,
    "EchoTime": 0.03,
    "EffectiveEchoSpacing": 0.000550001,
    "FlipAngle": 60,
    "ImageComments": "Unaliased_MB2_PE2_LB",
    "ImageOrientationPatientDICOM": [
      0.995235,
      -0.0580889,
      0.0783194,
      0.0530289,
      0.996462,
      0.0652084
    ],
    "ImageType": [
      "ORIGINAL",
      "PRIMARY",
      "M",
      "MB",
      "ND",
      "MOSAIC"
    ],
    "ImagingFrequency": 123.221,
    "InPlanePhaseEncodingDirectionDICOM": "COL",
    "InstitutionAddress": "Rudolf-Bultmann-Strasse_8_Marburg_District_DE_35039",
    "InstitutionName": "Center_of_BrainImaging_Uni-Marburg",
    "InstitutionalDepartmentName": "Department",
    "MRAcquisitionType": "2D",
    "MagneticFieldStrength": 3,
    "Manufacturer": "Siemens",
    "ManufacturersModelName": "TrioTim",
    "Modality": "MR",
    "MultibandAccelerationFactor": 2,
    "PartialFourier": 1,
    "PatientBirthDate": "1999-01-01",
    "PatientID": "AGB_FRAPPS_04",
    "PatientName": "20200413_AGB_FRAPPS_04",
    "PatientPosition": "HFS",
    "PatientSex": "M",
    "PatientWeight": 64,
    "PercentPhaseFOV": 100,
    "PhaseEncodingDirection": "j-",
    "PhaseEncodingSteps": 70,
    "PhaseResolution": 1,
    "PixelBandwidth": 2041,
    "ProcedureStepDescription": "AGB_Christoph",
    "ProtocolName": "cmrr_ep2d_bold_FP_MB2_iso3",
    "PulseSequenceDetails": "%CustomerSeq%_cmrr_mbep2d_bold",
    "ReceiveCoilName": "32Ch_Head",
    "ReconMatrixPE": 70,
    "RepetitionTime": 1.53,
    "SAR": 0.122618,
    "ScanOptions": "FS",
    "ScanningSequence": "EP",
    "SequenceName": "epfid2d1_70",
    "SequenceVariant": "SK_SS",
    "SeriesDescription": "cmrr_ep2d_bold_FP_MB2_iso3",
    "SeriesInstanceUID": "1.3.12.2.1107.5.2.32.35420.2022041308361297711913217.0.0.0",
    "SeriesNumber": 6,
    "ShimSetting": [
      9380,
      9494,
      -1468,
      132,
      -136,
      -2484,
      499,
      310
    ],
    "SliceThickness": 3,
    "SliceTiming": [
      0,
      0.065,
      0.1275,
      0.1925,
      0.2575,
      0.32,
      0.385,
      0.4475,
      0.5125,
      0.575,
      0.64,
      0.705,
      0.7675,
      0.8325,
      0.895,
      0.96,
      1.025,
      1.0875,
      1.1525,
      1.215,
      1.28,
      1.345,
      1.4075,
      1.4725,
      0,
      0.065,
      0.1275,
      0.1925,
      0.2575,
      0.32,
      0.385,
      0.4475,
      0.5125,
      0.575,
      0.64,
      0.705,
      0.7675,
      0.8325,
      0.895,
      0.96,
      1.025,
      1.0875,
      1.1525,
      1.215,
      1.28,
      1.345,
      1.4075,
      1.4725
    ],
    "SoftwareVersions": "syngo_MR_B19",
    "SpacingBetweenSlices": 3.45,
    "StationName": "MRC35420",
    "StudyID": "1",
    "StudyInstanceUID": "1.3.12.2.1107.5.2.32.35420.30000022040406475295100000165",
    "TaskName": "TODO: full task name for localizer",
    "TotalReadoutTime": 0.03795,
    "TxRefAmp": 308.179,
    "dataset": "unknown",
    "modality": "bold",
    "subject_id": "04",
    "task_id": "localizer"
  },
  "dummy_trs": 0,
  "dvars_nstd": 26.04083167619402,
  "dvars_std": 1.155406597276118,
  "dvars_vstd": 0.9894932376492532,
  "efc": 0.4981318052502771,
  "fber": 928.1054077148438,
  "fd_mean": 0.18268885470081228,
  "fd_num": 110,
  "fd_perc": 20.484171322160147,
  "fwhm_avg": 2.559756945817271,
  "fwhm_x": 2.4081366666666666,
  "fwhm_y": 2.947673333333333,
  "fwhm_z": 2.3234608374518126,
  "gcor": 0.0290133,
  "gsr_x": -0.014549762941896915,
  "gsr_y": 0.0777587965130806,
  "provenance": {
    "md5sum": "6c745f0e1cada34136a98e938702f325",
    "settings": {
      "fd_thres": 0.2,
      "hmc_fsl": false
    },
    "software": "mriqc",
    "version": "0.15.0",
    "webapi_port": null,
    "webapi_url": "https://mriqc.nimh.nih.gov/api/v1"
  },
  "size_t": 537,
  "size_x": 70,
  "size_y": 70,
  "size_z": 48,
  "snr": 2.754440972046893,
  "spacing_tr": 1.5299999713897705,
  "spacing_x": 3.0,
  "spacing_y": 3.0,
  "spacing_z": 3.450000047683716,
  "summary_bg_k": 27.317110343041108,
  "summary_bg_mad": 4.988943576812744,
  "summary_bg_mean": 31.828027725219727,
  "summary_bg_median": 13.694600105285645,
  "summary_bg_n": 151193.0,
  "summary_bg_p05": 9.864059448242188,
  "summary_bg_p95": 135.36685180664057,
  "summary_bg_stdv": 51.13532257080078,
  "summary_fg_k": 1.1298979475810693,
  "summary_fg_mad": 136.93226623535156,
  "summary_fg_mean": 469.59918212890625,
  "summary_fg_median": 448.3445129394531,
  "summary_fg_n": 41800.0,
  "summary_fg_p05": 238.12839965820314,
  "summary_fg_p95": 770.8381042480469,
  "summary_fg_stdv": 162.76956176757812,
  "tsnr": 54.32277297973633
}