{
  "bids_meta": {
    "AcquisitionDateTime": "2022-06-09T08:14:6.045000",
    "AcquisitionMatrixPE": 256,
    "AcquisitionNumber": 1,
    "AcquisitionTime": "08:14:6.045000",
    "BaseResolution": 256,
    "CoilString": "C:HEA;HEP",
    "ConversionSoftware": "dcm2niix",
    "ConversionSoftwareVersion": "v1.0.20190902",
    "DeviceSerialNumber": "35420",
    "DwellTime": 9.8e-06,
    "EchoTime": 0.00226,
    "FlipAngle": 9,
    "ImageOrientationPatientDICOM": [
      0.060343,
      0.997822,
      -0.0266412,
      0.0331594,
      -0.0286789,
      -0.999039
    ],
    "ImageType": [
      "ORIGINAL",
      "PRIMARY",
      "M",
      "ND",
      "NORM"
    ],
    "ImagingFrequency": 123.221,
    "InPlanePhaseEncodingDirectionDICOM": "ROW",
    "InstitutionAddress": "Rudolf-Bultmann-Strasse_8_Marburg_District_DE_35039",
    "InstitutionName": "Center_of_BrainImaging_Uni-Marburg",
    "InstitutionalDepartmentName": "Department",
    "InversionTime": 0.9,
    "MRAcquisitionType": "3D",
    "MagneticFieldStrength": 3,
    "Manufacturer": "Siemens",
    "ManufacturersModelName": "TrioTim",
    "Modality": "MR",
    "PartialFourier": 1,
    "PatientBirthDate": "2000-01-01",
    "PatientID": "AGB_FRAPPS_18",
    "PatientName": "20220609_AGB_FRAPPS_18",
    "PatientPosition": "HFS",
    "PatientSex": "F",
    "PatientWeight": 70,
    "PercentPhaseFOV": 100,
    "PhaseEncodingSteps": 256,
    "PhaseResolution": 1,
    "PixelBandwidth": 199,
    "ProcedureStepDescription": "AGB_Christoph",
    "ProtocolName": "t1_mpr_12CH_sag_p2_iso_FOV256_ND_REF",
    "PulseSequenceDetails": "%SiemensSeq%_tfl",
    "ReceiveCoilName": "32Ch_Head",
    "ReconMatrixPE": 256,
    "RepetitionTime": 1.9,
    "SAR": 0.0934783,
    "ScanOptions": "IR",
    "ScanningSequence": "GR_IR",
    "SequenceName": "_tfl3d1_ns",
    "SequenceVariant": "SP_MP",
    "SeriesDescription": "t1_mpr_12CH_sag_p2_iso_FOV256_ND_REF",
    "SeriesInstanceUID": "1.3.12.2.1107.5.2.32.35420.202206090814049509180561.0.0.0",
    "SeriesNumber": 3,
    "ShimSetting": [
      9316,
      9562,
      -1837,
      -292,
      -72,
      -2564,
      430,
      205
    ],
    "SliceThickness": 1,
    "SoftwareVersions": "syngo_MR_B19",
    "StationName": "MRC35420",
    "StudyID": "1",
    "StudyInstanceUID": "1.3.12.2.1107.5.2.32.35420.30000022053005374096600000134",
    "TxRefAmp": 308.541,
    "dataset": "unknown",
    "modality": "T1w",
    "subject_id": "18"
  },
  "cjv": 0.3486601852065423,
  "cnr": 3.7874115802098736,
  "efc": 0.5717193810054529,
  "fber": 696.2300415039062,
  "fwhm_avg": 5.089440099833614,
  "fwhm_x": 5.024790299500841,
  "fwhm_y": 4.96738,
  "fwhm_z": 5.27615,
  "icvs_csf": 0.21694752602492245,
  "icvs_gm": 0.43634990389473965,
  "icvs_wm": 0.3467025700803379,
  "inu_med": 1.2145134210586548,
  "inu_range": 0.5902276039123533,
  "provenance": {
    "md5sum": "4cf9ce44225d72b046b5c747bcb11cc7",
    "settings": {
      "testing": false
    },
    "software": "mriqc",
    "version": "0.15.0",
    "warnings": {
      "large_rot_frame": true,
      "small_air_mask": false
    },
    "webapi_port": null,
    "webapi_url": "https://mriqc.nimh.nih.gov/api/v1"
  },
  "qi_1": 0.0,
  "qi_2": 0.025066839043827262,
  "rpve_csf": 25.95236746008899,
  "rpve_gm": 13.63659659069107,
  "rpve_wm": 19.937878827429586,
  "size_x": 176,
  "size_y": 256,
  "size_z": 256,
  "snr_csf": 4.027712232990686,
  "snr_gm": 12.454692129500584,
  "snr_total": 13.65786761696257,
  "snr_wm": 24.49119848839644,
  "snrd_csf": 10.480473434730204,
  "snrd_gm": 20.88424139183412,
  "snrd_total": 20.09467378646698,
  "snrd_wm": 28.919306532836618,
  "spacing_x": 0.9999999403953552,
  "spacing_y": 1.0,
  "spacing_z": 1.0,
  "summary_bg_k": 1.1774912362090868,
  "summary_bg_mad": 22.65401268005371,
  "summary_bg_mean": 28.043289184570312,
  "summary_bg_median": 23.22264862060547,
  "summary_bg_n": 2303741.0,
  "summary_bg_p05": 0.0,
  "summary_bg_p95": 61.932640075683594,
  "summary_bg_stdv": 18.7794132232666,
  "summary_csf_k": 3.3413945741755837,
  "summary_csf_mad": 94.77809143066406,
  "summary_csf_mean": 368.7710876464844,
  "summary_csf_median": 362.4051208496094,
  "summary_csf_n": 27509.0,
  "summary_csf_p05": 241.68243408203125,
  "summary_csf_p95": 524.2688598632811,
  "summary_csf_stdv": 89.97627258300781,
  "summary_gm_k": 0.0804036182509047,
  "summary_gm_mad": 57.309898376464844,
  "summary_gm_mean": 721.4793701171875,
  "summary_gm_median": 722.1578369140625,
  "summary_gm_n": 26360.0,
  "summary_gm_p05": 623.6292541503906,
  "summary_gm_p95": 815.560870361328,
  "summary_gm_stdv": 57.981693267822266,
  "summary_wm_k": 0.3394289802721038,
  "summary_wm_mad": 39.56364440917969,
  "summary_wm_mean": 998.975341796875,
  "summary_wm_median": 1000.0029907226562,
  "summary_wm_n": 188894.0,
  "summary_wm_p05": 929.5741119384766,
  "summary_wm_p95": 1063.7366149902343,
  "summary_wm_stdv": 40.83100891113281,
  "tpm_overlap_csf": 0.2193506807088852,
  "tpm_overlap_gm": 0.5170281529426575,
  "tpm_overlap_wm": 0.5566992163658142,
  "wm2max": 0.4278365184395992
}