{
  "aor": 0.0032506556291390727,
  "aqi": 0.012434966649006623,
  "bids_meta": {
    "AcquisitionDateTime": "2022-06-15T07:30:58.380000",
    "AcquisitionMatrixPE": 70,
    "AcquisitionNumber": 1,
    "AcquisitionTime": "07:30:58.380000",
    "BandwidthPerPixelPhaseEncode": 25.974,
    "BaseResolution": 70,
    "CoilString": "C:HEA;HEP",
    "ConversionSoftware": "dcm2niix",
    "ConversionSoftwareVersion": "v1.0.20190902",
    "DerivedVendorReportedEchoSpacing": 0.000550001,
    "DeviceSerialNumber": "35420",
    "DwellTime": 3.5e-06,
    "EchoTime": 0.03,
    "EffectiveEchoSpacing": 0.000550001,
    "FlipAngle": 55,
    "ImageComments": "Unaliased_MB2_PE2_LB",
    "ImageOrientationPatientDICOM": [
      0.998157,
      -0.0312169,
      0.0520341,
      0.0337644,
      0.998237,
      -0.0488205
    ],
    "ImageType": [
      "ORIGINAL",
      "PRIMARY",
      "M",
      "MB",
      "ND",
      "MOSAIC"
    ],
    "ImagingFrequency": 123.221,
    "InPlanePhaseEncodingDirectionDICOM": "COL",
    "InstitutionAddress": "Rudolf-Bultmann-Strasse_8_Marburg_District_DE_35039",
    "InstitutionName": "Center_of_BrainImaging_Uni-Marburg",
    "InstitutionalDepartmentName": "Department",
    "MRAcquisitionType": "2D",
    "MagneticFieldStrength": 3,
    "Manufacturer": "Siemens",
    "ManufacturersModelName": "TrioTim",
    "Modality": "MR",
    "MultibandAccelerationFactor": 2,
    "PartialFourier": 1,
    "PatientBirthDate": "1999-01-01",
    "PatientID": "AGB_FRAPPS_23",
    "PatientName": "20220615_AGB_FRAPPS_23",
    "PatientPosition": "HFS",
    "PatientSex": "F",
    "PatientWeight": 60,
    "PercentPhaseFOV": 100,
    "PhaseEncodingDirection": "j-",
    "PhaseEncodingSteps": 70,
    "PhaseResolution": 1,
    "PixelBandwidth": 2041,
    "ProcedureStepDescription": "AGB_Christoph",
    "ProtocolName": "cmrr_ep2d_bold_MB2_iso3",
    "PulseSequenceDetails": "%CustomerSeq%_cmrr_mbep2d_bold",
    "ReceiveCoilName": "32Ch_Head",
    "ReconMatrixPE": 70,
    "RepetitionTime": 1.53,
    "SAR": 0.105624,
    "ScanOptions": "FS",
    "ScanningSequence": "EP",
    "SequenceName": "epfid2d1_70",
    "SequenceVariant": "SK_SS",
    "SeriesDescription": "cmrr_ep2d_bold_MB2_iso3",
    "SeriesInstanceUID": "1.3.12.2.1107.5.2.32.35420.2022061507310093953393759.0.0.0",
    "SeriesNumber": 4,
    "ShimSetting": [
      9347,
      9516,
      -1400,
      109,
      -118,
      -2125,
      517,
      223
    ],
    "SliceThickness": 3,
    "SliceTiming": [
      0,
      0.065,
      0.1275,
      0.1925,
      0.255,
      0.32,
      0.3825,
      0.4475,
      0.5125,
      0.575,
      0.64,
      0.7025,
      0.7675,
      0.8325,
      0.895,
      0.96,
      1.0225,
      1.0875,
      1.1525,
      1.215,
      1.28,
      1.3425,
      1.4075,
      1.4725,
      0,
      0.065,
      0.1275,
      0.1925,
      0.255,
      0.32,
      0.3825,
      0.4475,
      0.5125,
      0.575,
      0.64,
      0.7025,
      0.7675,
      0.8325,
      0.895,
      0.96,
      1.0225,
      1.0875,
      1.1525,
      1.215,
      1.28,
      1.3425,
      1.4075,
      1.4725
    ],
    "SoftwareVersions": "syngo_MR_B19",
    "SpacingBetweenSlices": 3.45,
    "StationName": "MRC35420",
    "StudyID": "1",
    "StudyInstanceUID": "1.3.12.2.1107.5.2.32.35420.30000022053005374096600000225",
    "TaskName": "TODO: full task name for FRAPPS - replication study",
    "TotalReadoutTime": 0.03795,
    "TxRefAmp": 294.857,
    "dataset": "unknown",
    "modality": "bold",
    "subject_id": "23",
    "task_id": "frapps"
  },
  "dummy_trs": 0,
  "dvars_nstd": 24.908854873280344,
  "dvars_std": 1.0497032457919147,
  "dvars_vstd": 0.9789395290722339,
  "efc": 0.47558642655689687,
  "fber": 972.6953735351562,
  "fd_mean": 0.23243410318578756,
  "fd_num": 872,
  "fd_perc": 57.74834437086093,
  "fwhm_avg": 2.5140569459920346,
  "fwhm_x": 2.439173333333333,
  "fwhm_y": 2.81747,
  "fwhm_z": 2.28552750464277,
  "gcor": 0.0499083,
  "gsr_x": -0.008494637906551361,
  "gsr_y": 0.07121967524290085,
  "provenance": {
    "md5sum": "371d7ba18f6fc6e4e8ec4796c4c583c7",
    "settings": {
      "fd_thres": 0.2,
      "hmc_fsl": false
    },
    "software": "mriqc",
    "version": "0.15.0",
    "webapi_port": null,
    "webapi_url": "https://mriqc.nimh.nih.gov/api/v1"
  },
  "size_t": 1510,
  "size_x": 70,
  "size_y": 70,
  "size_z": 48,
  "snr": 2.704392111211103,
  "spacing_tr": 1.5299999713897705,
  "spacing_x": 3.0,
  "spacing_y": 3.0,
  "spacing_z": 3.450000047683716,
  "summary_bg_k": 81.43452127010873,
  "summary_bg_mad": 4.8778605461120605,
  "summary_bg_mean": 26.274169921875,
  "summary_bg_median": 13.113907814025879,
  "summary_bg_n": 154438.0,
  "summary_bg_p05": 9.380794525146484,
  "summary_bg_p95": 84.25271644592284,
  "summary_bg_stdv": 41.29864501953125,
  "summary_fg_k": 4.215509235951769,
  "summary_fg_mad": 124.99520874023438,
  "summary_fg_mean": 465.0275573730469,
  "summary_fg_median": 437.76092529296875,
  "summary_fg_n": 39311.0,
  "summary_fg_p05": 261.7188720703125,
  "summary_fg_p95": 754.6960144042969,
  "summary_fg_stdv": 161.86830139160156,
  "tsnr": 30.762914657592773
}