{
  "aor": 0.0014470018621973928,
  "aqi": 0.006344786461824954,
  "bids_meta": {
    "AcquisitionDateTime": "2022-06-15T08:11:12.380000",
    "AcquisitionMatrixPE": 70,
    "AcquisitionNumber": 1,
    "AcquisitionTime": "08:11:12.380000",
    "BandwidthPerPixelPhaseEncode": 25.974,
    "BaseResolution": 70,
    "CoilString": "C:HEA;HEP",
    "ConversionSoftware": "dcm2niix",
    "ConversionSoftwareVersion": "v1.0.20190902",
    "DerivedVendorReportedEchoSpacing": 0.000550001,
    "DeviceSerialNumber": "35420",
    "DwellTime": 3.5e-06,
    "EchoTime": 0.03,
    "EffectiveEchoSpacing": 0.000550001,
    "FlipAngle": 60,
    "ImageComments": "Unaliased_MB2_PE2_LB",
    "ImageOrientationPatientDICOM": [
      0.998156,
      -0.0312621,
      0.0520363,
      0.0338096,
      0.998235,
      -0.0488182
    ],
    "ImageType": [
      "ORIGINAL",
      "PRIMARY",
      "M",
      "MB",
      "ND",
      "MOSAIC"
    ],
    "ImagingFrequency": 123.221,
    "InPlanePhaseEncodingDirectionDICOM": "COL",
    "InstitutionAddress": "Rudolf-Bultmann-Strasse_8_Marburg_District_DE_35039",
    "InstitutionName": "Center_of_BrainImaging_Uni-Marburg",
    "InstitutionalDepartmentName": "Department",
    "MRAcquisitionType": "2D",
    "MagneticFieldStrength": 3,
    "Manufacturer": "Siemens",
    "ManufacturersModelName": "TrioTim",
    "Modality": "MR",
    "MultibandAccelerationFactor": 2,
    "PartialFourier": 1,
    "PatientBirthDate": "1999-01-01",
    "PatientID": "AGB_FRAPPS_23",
    "PatientName": "20220615_AGB_FRAPPS_23",
    "PatientPosition": "HFS",
    "PatientSex": "F",
    "PatientWeight": 60,
    "PercentPhaseFOV": 100,
    "PhaseEncodingDirection": "j-",
    "PhaseEncodingSteps": 70,
    "PhaseResolution": 1,
    "PixelBandwidth": 2041,
    "ProcedureStepDescription": "AGB_Christoph",
    "ProtocolName": "cmrr_ep2d_bold_FP_MB2_iso3",
    "PulseSequenceDetails": "%CustomerSeq%_cmrr_mbep2d_bold",
    "ReceiveCoilName": "32Ch_Head",
    "ReconMatrixPE": 70,
    "RepetitionTime": 1.53,
    "SAR": 0.133093,
    "ScanOptions": "FS",
    "ScanningSequence": "EP",
    "SequenceName": "epfid2d1_70",
    "SequenceVariant": "SK_SS",
    "SeriesDescription": "cmrr_ep2d_bold_FP_MB2_iso3",
    "SeriesInstanceUID": "1.3.12.2.1107.5.2.32.35420.2022061508111516088189998.0.0.0",
    "SeriesNumber": 6,
    "ShimSetting": [
      9347,
      9516,
      -1400,
      109,
      -118,
      -2125,
      517,
      223
    ],
    "SliceThickness": 3,
    "SliceTiming": [
      0,
      0.065,
      0.1275,
      0.1925,
      0.2575,
      0.32,
      0.385,
      0.4475,
      0.5125,
      0.575,
      0.64,
      0.705,
      0.7675,
      0.8325,
      0.895,
      0.96,
      1.025,
      1.0875,
      1.1525,
      1.215,
      1.28,
      1.345,
      1.4075,
      1.4725,
      0,
      0.065,
      0.1275,
      0.1925,
      0.2575,
      0.32,
      0.385,
      0.4475,
      0.5125,
      0.575,
      0.64,
      0.705,
      0.7675,
      0.8325,
      0.895,
      0.96,
      1.025,
      1.0875,
      1.1525,
      1.215,
      1.28,
      1.345,
      1.4075,
      1.4725
    ],
    "SoftwareVersions": "syngo_MR_B19",
    "SpacingBetweenSlices": 3.45,
    "StationName": "MRC35420",
    "StudyID": "1",
    "StudyInstanceUID": "1.3.12.2.1107.5.2.32.35420.30000022053005374096600000225",
    "TaskName": "TODO: full task name for localizer",
    "TotalReadoutTime": 0.03795,
    "TxRefAmp": 294.857,
    "dataset": "unknown",
    "modality": "bold",
    "subject_id": "23",
    "task_id": "localizer"
  },
  "dummy_trs": 0,
  "dvars_nstd": 24.994085006026115,
  "dvars_std": 1.0760555349626875,
  "dvars_vstd": 0.948269319701492,
  "efc": 0.4770562145925787,
  "fber": 980.9822998046875,
  "fd_mean": 0.2192118492790319,
  "fd_num": 288,
  "fd_perc": 53.63128491620112,
  "fwhm_avg": 2.4985756901023373,
  "fwhm_x": 2.4319433333333333,
  "fwhm_y": 2.810586666666667,
  "fwhm_z": 2.253197070307012,
  "gcor": 0.0147258,
  "gsr_x": -0.006966483313590288,
  "gsr_y": 0.068916916847229,
  "provenance": {
    "md5sum": "0bb40290b751a83b666c1929bdf54004",
    "settings": {
      "fd_thres": 0.2,
      "hmc_fsl": false
    },
    "software": "mriqc",
    "version": "0.15.0",
    "webapi_port": null,
    "webapi_url": "https://mriqc.nimh.nih.gov/api/v1"
  },
  "size_t": 537,
  "size_x": 70,
  "size_y": 70,
  "size_z": 48,
  "snr": 2.728958646880051,
  "spacing_tr": 1.5299999713897705,
  "spacing_x": 3.0,
  "spacing_y": 3.0,
  "spacing_z": 3.450000047683716,
  "summary_bg_k": 65.2809948338912,
  "summary_bg_mad": 5.2319016456604,
  "summary_bg_mean": 27.364450454711914,
  "summary_bg_median": 13.433892250061035,
  "summary_bg_n": 154570.0,
  "summary_bg_p05": 9.484171867370605,
  "summary_bg_p95": 91.4276550292968,
  "summary_bg_stdv": 42.192813873291016,
  "summary_fg_k": 4.086242917023768,
  "summary_fg_mad": 129.0001983642578,
  "summary_fg_mean": 476.13372802734375,
  "summary_fg_median": 449.7802734375,
  "summary_fg_n": 39181.0,
  "summary_fg_p05": 267.8622131347656,
  "summary_fg_p95": 767.8268432617188,
  "summary_fg_stdv": 164.81544494628906,
  "tsnr": 47.498023986816406
}