{
	"Modality": "MR",
	"MagneticFieldStrength": 3,
	"ImagingFrequency": 123.221,
	"Manufacturer": "Siemens",
	"ManufacturersModelName": "TrioTim",
	"InstitutionName": "Center_of_BrainImaging_Uni-Marburg",
	"InstitutionalDepartmentName": "Department",
	"InstitutionAddress": "Rudolf-Bultmann-Strasse_8_Marburg_District_DE_35039",
	"DeviceSerialNumber": "35420",
	"StationName": "MRC35420",
	"SeriesInstanceUID": "1.3.12.2.1107.5.2.32.35420.2022063007300355189660902.0.0.0",
	"StudyInstanceUID": "1.3.12.2.1107.5.2.32.35420.30000022062913044365900000010",
	"StudyID": "1",
	"PatientName": "20220630_AGB_FRAPPS_34",
	"PatientID": "AGB_FRAPPS_34",
	"PatientBirthDate": "1999-01-01",
	"PatientSex": "F",
	"PatientWeight": 60,
	"PatientPosition": "HFS",
	"ProcedureStepDescription": "AGB_Christoph",
	"SoftwareVersions": "syngo_MR_B19",
	"MRAcquisitionType": "3D",
	"SeriesDescription": "t1_mpr_12CH_sag_p2_iso_FOV256_ND_REF",
	"ProtocolName": "t1_mpr_12CH_sag_p2_iso_FOV256_ND_REF",
	"ScanningSequence": "GR_IR",
	"SequenceVariant": "SP_MP",
	"ScanOptions": "IR",
	"SequenceName": "_tfl3d1_ns",
	"ImageType": ["ORIGINAL", "PRIMARY", "M", "ND", "NORM"],
	"SeriesNumber": 3,
	"AcquisitionTime": "07:30:5.270000",
	"AcquisitionDateTime": "2022-06-30T07:30:5.270000",
	"AcquisitionNumber": 1,
	"SliceThickness": 1,
	"SAR": 0.0930329,
	"EchoTime": 0.00226,
	"RepetitionTime": 1.9,
	"InversionTime": 0.9,
	"FlipAngle": 9,
	"PartialFourier": 1,
	"BaseResolution": 256,
	"ShimSetting": [
		9316,
		9566,
		-1852,
		-280,
		-96,
		-2508,
		431,
		208	],
	"TxRefAmp": 314.585,
	"PhaseResolution": 1,
	"ReceiveCoilName": "32Ch_Head",
	"CoilString": "C:HEA;HEP",
	"PulseSequenceDetails": "%SiemensSeq%_tfl",
	"PercentPhaseFOV": 100,
	"PhaseEncodingSteps": 256,
	"AcquisitionMatrixPE": 256,
	"ReconMatrixPE": 256,
	"PixelBandwidth": 199,
	"DwellTime": 9.8e-06,
	"ImageOrientationPatientDICOM": [
		-0.0284688,
		0.990574,
		-0.133986,
		0.00294984,
		-0.133957,
		-0.990983	],
	"InPlanePhaseEncodingDirectionDICOM": "ROW",
	"ConversionSoftware": "dcm2niix",
	"ConversionSoftwareVersion": "v1.0.20190902"
}
