{
  "bids_meta": {
    "AcquisitionDateTime": "2022-05-05T07:59:24.050000",
    "AcquisitionMatrixPE": 256,
    "AcquisitionNumber": 1,
    "AcquisitionTime": "07:59:24.050000",
    "BaseResolution": 256,
    "CoilString": "C:HEA;HEP",
    "ConversionSoftware": "dcm2niix",
    "ConversionSoftwareVersion": "v1.0.20190902",
    "DeviceSerialNumber": "35420",
    "DwellTime": 9.8e-06,
    "EchoTime": 0.00226,
    "FlipAngle": 9,
    "ImageOrientationPatientDICOM": [
      0.0102965,
      0.999454,
      -0.0313878,
      -0.0385494,
      -0.0309694,
      -0.998777
    ],
    "ImageType": [
      "ORIGINAL",
      "PRIMARY",
      "M",
      "ND",
      "NORM"
    ],
    "ImagingFrequency": 123.222,
    "InPlanePhaseEncodingDirectionDICOM": "ROW",
    "InstitutionAddress": "Rudolf-Bultmann-Strasse_8_Marburg_District_DE_35039",
    "InstitutionName": "Center_of_BrainImaging_Uni-Marburg",
    "InstitutionalDepartmentName": "Department",
    "InversionTime": 0.9,
    "MRAcquisitionType": "3D",
    "MagneticFieldStrength": 3,
    "Manufacturer": "Siemens",
    "ManufacturersModelName": "TrioTim",
    "Modality": "MR",
    "PartialFourier": 1,
    "PatientBirthDate": "1995-01-01",
    "PatientID": "AGB_FRAPPS_12",
    "PatientName": "20220505_AGB_FRAPPS_12",
    "PatientPosition": "HFS",
    "PatientSex": "M",
    "PatientWeight": 105,
    "PercentPhaseFOV": 100,
    "PhaseEncodingSteps": 256,
    "PhaseResolution": 1,
    "PixelBandwidth": 199,
    "ProcedureStepDescription": "AGB_Christoph",
    "ProtocolName": "t1_mpr_12CH_sag_p2_iso_FOV256_ND_REF",
    "PulseSequenceDetails": "%SiemensSeq%_tfl",
    "ReceiveCoilName": "32Ch_Head",
    "ReconMatrixPE": 256,
    "RepetitionTime": 1.9,
    "SAR": 0.111295,
    "ScanOptions": "IR",
    "ScanningSequence": "GR_IR",
    "SequenceName": "_tfl3d1_ns",
    "SequenceVariant": "SP_MP",
    "SeriesDescription": "t1_mpr_12CH_sag_p2_iso_FOV256_ND_REF",
    "SeriesInstanceUID": "1.3.12.2.1107.5.2.32.35420.2022050507592158712027102.0.0.0",
    "SeriesNumber": 3,
    "ShimSetting": [
      9316,
      9562,
      -1837,
      -292,
      -72,
      -2564,
      430,
      205
    ],
    "SliceThickness": 1,
    "SoftwareVersions": "syngo_MR_B19",
    "StationName": "MRC35420",
    "StudyID": "1",
    "StudyInstanceUID": "1.3.12.2.1107.5.2.32.35420.30000022050306042469000000041",
    "TxRefAmp": 350.062,
    "dataset": "unknown",
    "modality": "T1w",
    "subject_id": "12"
  },
  "cjv": 0.4185353736973588,
  "cnr": 3.150212057224718,
  "efc": 0.612633023597339,
  "fber": 927.4134521484375,
  "fwhm_avg": 5.08043,
  "fwhm_x": 4.96823,
  "fwhm_y": 5.15041,
  "fwhm_z": 5.12265,
  "icvs_csf": 0.22997760995157848,
  "icvs_gm": 0.423729044917086,
  "icvs_wm": 0.3462933451313355,
  "inu_med": 1.5788905620574951,
  "inu_range": 0.8576521217823028,
  "provenance": {
    "md5sum": "882380d7462bd3e43502997f4d94e921",
    "settings": {
      "testing": false
    },
    "software": "mriqc",
    "version": "0.15.0",
    "warnings": {
      "large_rot_frame": true,
      "small_air_mask": false
    },
    "webapi_port": null,
    "webapi_url": "https://mriqc.nimh.nih.gov/api/v1"
  },
  "qi_1": 0.0,
  "qi_2": 0.025943784062538566,
  "rpve_csf": 18.328670206277565,
  "rpve_gm": 10.192390754951063,
  "rpve_wm": 14.4293312925969,
  "size_x": 176,
  "size_y": 256,
  "size_z": 256,
  "snr_csf": 3.7033187458145695,
  "snr_gm": 11.167565654684774,
  "snr_total": 11.95027079540614,
  "snr_wm": 20.979927985719076,
  "snrd_csf": 10.583027078104664,
  "snrd_gm": 22.71432185754393,
  "snrd_total": 21.37628253139253,
  "snrd_wm": 30.83149865852899,
  "spacing_x": 1.0,
  "spacing_y": 1.0,
  "spacing_z": 1.0,
  "summary_bg_k": 1.6972464024324037,
  "summary_bg_mad": 21.249122619628906,
  "summary_bg_mean": 28.010286331176758,
  "summary_bg_median": 22.123355865478516,
  "summary_bg_n": 2245686.0,
  "summary_bg_p05": 0.0,
  "summary_bg_p95": 65.59639549255371,
  "summary_bg_stdv": 18.993507385253906,
  "summary_csf_k": 0.2708442889165643,
  "summary_csf_mad": 84.91732788085938,
  "summary_csf_mean": 365.67864990234375,
  "summary_csf_median": 343.2568359375,
  "summary_csf_n": 51944.0,
  "summary_csf_p05": 247.56113967895507,
  "summary_csf_p95": 541.4421844482422,
  "summary_csf_stdv": 92.6880874633789,
  "summary_gm_k": -0.00042882626246587563,
  "summary_gm_mad": 65.0729751586914,
  "summary_gm_mean": 737.78955078125,
  "summary_gm_median": 736.731201171875,
  "summary_gm_n": 42485.0,
  "summary_gm_p05": 630.1599365234375,
  "summary_gm_p95": 848.82978515625,
  "summary_gm_stdv": 65.96984100341797,
  "summary_wm_k": 0.4900147223853133,
  "summary_wm_mad": 45.11811065673828,
  "summary_wm_mean": 998.2236328125,
  "summary_wm_median": 1000.009033203125,
  "summary_wm_n": 256803.0,
  "summary_wm_p05": 916.8760681152344,
  "summary_wm_p95": 1073.484326171875,
  "summary_wm_stdv": 47.66494369506836,
  "tpm_overlap_csf": 0.222569540143013,
  "tpm_overlap_gm": 0.49597978591918945,
  "tpm_overlap_wm": 0.5324787497520447,
  "wm2max": 0.37175003030050735
}