{
  "aor": 0.0033447697368421047,
  "aqi": 0.006333869125,
  "bids_meta": {
    "AcquisitionDateTime": "2022-04-07T16:40:19.407500",
    "AcquisitionMatrixPE": 70,
    "AcquisitionNumber": 1,
    "AcquisitionTime": "16:40:19.407500",
    "BandwidthPerPixelPhaseEncode": 25.974,
    "BaseResolution": 70,
    "CoilString": "C:HEA;HEP",
    "ConversionSoftware": "dcm2niix",
    "ConversionSoftwareVersion": "v1.0.20190902",
    "DerivedVendorReportedEchoSpacing": 0.000550001,
    "DeviceSerialNumber": "35420",
    "DwellTime": 3.5e-06,
    "EchoTime": 0.03,
    "EffectiveEchoSpacing": 0.000550001,
    "FlipAngle": 55,
    "ImageComments": "Unaliased_MB2_PE2_LB",
    "ImageOrientationPatientDICOM": [
      0.996773,
      -0.0740363,
      0.0310326,
      0.0777849,
      0.986319,
      -0.145345
    ],
    "ImageType": [
      "ORIGINAL",
      "PRIMARY",
      "M",
      "MB",
      "ND",
      "MOSAIC"
    ],
    "ImagingFrequency": 123.221,
    "InPlanePhaseEncodingDirectionDICOM": "COL",
    "InstitutionAddress": "Rudolf-Bultmann-Strasse_8_Marburg_District_DE_35039",
    "InstitutionName": "Center_of_BrainImaging_Uni-Marburg",
    "InstitutionalDepartmentName": "Department",
    "MRAcquisitionType": "2D",
    "MagneticFieldStrength": 3,
    "Manufacturer": "Siemens",
    "ManufacturersModelName": "TrioTim",
    "Modality": "MR",
    "MultibandAccelerationFactor": 2,
    "PartialFourier": 1,
    "PatientBirthDate": "1992-01-01",
    "PatientID": "AGB_FRAPPS_03",
    "PatientName": "20200407_AGB_FRAPPS_03",
    "PatientPosition": "HFS",
    "PatientSex": "M",
    "PatientWeight": 60,
    "PercentPhaseFOV": 100,
    "PhaseEncodingDirection": "j-",
    "PhaseEncodingSteps": 70,
    "PhaseResolution": 1,
    "PixelBandwidth": 2041,
    "ProcedureStepDescription": "AGB_Christoph",
    "ProtocolName": "cmrr_ep2d_bold_MB2_iso3",
    "PulseSequenceDetails": "%CustomerSeq%_cmrr_mbep2d_bold",
    "ReceiveCoilName": "32Ch_Head",
    "ReconMatrixPE": 70,
    "RepetitionTime": 1.53,
    "SAR": 0.111838,
    "ScanOptions": "FS",
    "ScanningSequence": "EP",
    "SequenceName": "epfid2d1_70",
    "SequenceVariant": "SK_SS",
    "SeriesDescription": "cmrr_ep2d_bold_MB2_iso3",
    "SeriesInstanceUID": "1.3.12.2.1107.5.2.32.35420.202204071640223655910589.0.0.0",
    "SeriesNumber": 4,
    "ShimSetting": [
      9324,
      9552,
      -1447,
      269,
      -59,
      -2655,
      436,
      172
    ],
    "SliceThickness": 3,
    "SliceTiming": [
      0,
      0.065,
      0.13,
      0.1925,
      0.2575,
      0.32,
      0.385,
      0.45,
      0.5125,
      0.5775,
      0.64,
      0.705,
      0.77,
      0.8325,
      0.8975,
      0.96,
      1.025,
      1.09,
      1.1525,
      1.2175,
      1.28,
      1.345,
      1.41,
      1.4725,
      0,
      0.065,
      0.13,
      0.1925,
      0.2575,
      0.32,
      0.385,
      0.45,
      0.5125,
      0.5775,
      0.64,
      0.705,
      0.77,
      0.8325,
      0.8975,
      0.96,
      1.025,
      1.09,
      1.1525,
      1.2175,
      1.28,
      1.345,
      1.41,
      1.4725
    ],
    "SoftwareVersions": "syngo_MR_B19",
    "SpacingBetweenSlices": 3.45,
    "StationName": "MRC35420",
    "StudyID": "1",
    "StudyInstanceUID": "1.3.12.2.1107.5.2.32.35420.30000022040406475295100000095",
    "TaskName": "TODO: full task name for FRAPPS - replication study",
    "TotalReadoutTime": 0.03795,
    "TxRefAmp": 315.421,
    "dataset": "unknown",
    "modality": "bold",
    "subject_id": "03",
    "task_id": "frapps"
  },
  "dummy_trs": 1,
  "dvars_nstd": 26.53170440716259,
  "dvars_std": 1.191369729229757,
  "dvars_vstd": 1.0161612912113227,
  "efc": 0.5164147538680376,
  "fber": 893.1856689453125,
  "fd_mean": 0.21039469900861102,
  "fd_num": 702,
  "fd_perc": 46.18421052631579,
  "fwhm_avg": 2.4709434189433392,
  "fwhm_x": 2.34248,
  "fwhm_y": 2.68093,
  "fwhm_z": 2.389420256830018,
  "gcor": 0.0443994,
  "gsr_x": 0.0024824170395731926,
  "gsr_y": 0.07538626343011856,
  "provenance": {
    "md5sum": "04238ead6f6c9f3f892799afdbf6be7e",
    "settings": {
      "fd_thres": 0.2,
      "hmc_fsl": false
    },
    "software": "mriqc",
    "version": "0.15.0",
    "webapi_port": null,
    "webapi_url": "https://mriqc.nimh.nih.gov/api/v1"
  },
  "size_t": 1520,
  "size_x": 70,
  "size_y": 70,
  "size_z": 48,
  "snr": 2.5018345668927457,
  "spacing_tr": 1.5299999713897705,
  "spacing_x": 3.0,
  "spacing_y": 3.0,
  "spacing_z": 3.450000047683716,
  "summary_bg_k": 38.60182484090179,
  "summary_bg_mad": 5.37150764465332,
  "summary_bg_mean": 30.99754524230957,
  "summary_bg_median": 13.937500953674316,
  "summary_bg_n": 140389.0,
  "summary_bg_p05": 9.86776351928711,
  "summary_bg_p95": 113.88684539794923,
  "summary_bg_stdv": 49.99613571166992,
  "summary_fg_k": 3.3522597109884096,
  "summary_fg_mad": 143.12188720703125,
  "summary_fg_mean": 482.3407287597656,
  "summary_fg_median": 446.40069580078125,
  "summary_fg_n": 50246.0,
  "summary_fg_p05": 264.54524993896484,
  "summary_fg_p95": 811.6327667236328,
  "summary_fg_stdv": 178.4275665283203,
  "tsnr": 44.63594055175781
}