{
  "aor": 0.004078152985074627,
  "aqi": 0.005858128768656717,
  "bids_meta": {
    "AcquisitionDateTime": "2022-04-07T17:21:12.580000",
    "AcquisitionMatrixPE": 70,
    "AcquisitionNumber": 1,
    "AcquisitionTime": "17:21:12.580000",
    "BandwidthPerPixelPhaseEncode": 25.974,
    "BaseResolution": 70,
    "CoilString": "C:HEA;HEP",
    "ConversionSoftware": "dcm2niix",
    "ConversionSoftwareVersion": "v1.0.20190902",
    "DerivedVendorReportedEchoSpacing": 0.000550001,
    "DeviceSerialNumber": "35420",
    "DwellTime": 3.5e-06,
    "EchoTime": 0.03,
    "EffectiveEchoSpacing": 0.000550001,
    "FlipAngle": 60,
    "ImageComments": "Unaliased_MB2_PE2_LB",
    "ImageOrientationPatientDICOM": [
      0.996776,
      -0.0739996,
      0.0310272,
      0.0777478,
      0.986321,
      -0.145346
    ],
    "ImageType": [
      "ORIGINAL",
      "PRIMARY",
      "M",
      "MB",
      "ND",
      "MOSAIC"
    ],
    "ImagingFrequency": 123.221,
    "InPlanePhaseEncodingDirectionDICOM": "COL",
    "InstitutionAddress": "Rudolf-Bultmann-Strasse_8_Marburg_District_DE_35039",
    "InstitutionName": "Center_of_BrainImaging_Uni-Marburg",
    "InstitutionalDepartmentName": "Department",
    "MRAcquisitionType": "2D",
    "MagneticFieldStrength": 3,
    "Manufacturer": "Siemens",
    "ManufacturersModelName": "TrioTim",
    "Modality": "MR",
    "MultibandAccelerationFactor": 2,
    "PartialFourier": 1,
    "PatientBirthDate": "1992-01-01",
    "PatientID": "AGB_FRAPPS_03",
    "PatientName": "20200407_AGB_FRAPPS_03",
    "PatientPosition": "HFS",
    "PatientSex": "M",
    "PatientWeight": 60,
    "PercentPhaseFOV": 100,
    "PhaseEncodingDirection": "j-",
    "PhaseEncodingSteps": 70,
    "PhaseResolution": 1,
    "PixelBandwidth": 2041,
    "ProcedureStepDescription": "AGB_Christoph",
    "ProtocolName": "cmrr_ep2d_bold_FP_MB2_iso3",
    "PulseSequenceDetails": "%CustomerSeq%_cmrr_mbep2d_bold",
    "ReceiveCoilName": "32Ch_Head",
    "ReconMatrixPE": 70,
    "RepetitionTime": 1.53,
    "SAR": 0.133839,
    "ScanOptions": "FS",
    "ScanningSequence": "EP",
    "SequenceName": "epfid2d1_70",
    "SequenceVariant": "SK_SS",
    "SeriesDescription": "cmrr_ep2d_bold_FP_MB2_iso3",
    "SeriesInstanceUID": "1.3.12.2.1107.5.2.32.35420.2022040717211549973608837.0.0.0",
    "SeriesNumber": 6,
    "ShimSetting": [
      9324,
      9552,
      -1447,
      269,
      -59,
      -2655,
      436,
      172
    ],
    "SliceThickness": 3,
    "SliceTiming": [
      0,
      0.065,
      0.13,
      0.1925,
      0.2575,
      0.32,
      0.385,
      0.45,
      0.5125,
      0.5775,
      0.64,
      0.705,
      0.77,
      0.8325,
      0.8975,
      0.96,
      1.025,
      1.09,
      1.1525,
      1.2175,
      1.28,
      1.345,
      1.41,
      1.4725,
      0,
      0.065,
      0.13,
      0.1925,
      0.2575,
      0.32,
      0.385,
      0.45,
      0.5125,
      0.5775,
      0.64,
      0.705,
      0.77,
      0.8325,
      0.8975,
      0.96,
      1.025,
      1.09,
      1.1525,
      1.2175,
      1.28,
      1.345,
      1.41,
      1.4725
    ],
    "SoftwareVersions": "syngo_MR_B19",
    "SpacingBetweenSlices": 3.45,
    "StationName": "MRC35420",
    "StudyID": "1",
    "StudyInstanceUID": "1.3.12.2.1107.5.2.32.35420.30000022040406475295100000095",
    "TaskName": "TODO: full task name for localizer",
    "TotalReadoutTime": 0.03795,
    "TxRefAmp": 315.421,
    "dataset": "unknown",
    "modality": "bold",
    "subject_id": "03",
    "task_id": "localizer"
  },
  "dummy_trs": 1,
  "dvars_nstd": 29.328799591682266,
  "dvars_std": 1.175771436149533,
  "dvars_vstd": 0.9897213366542055,
  "efc": 0.5172191871636322,
  "fber": 908.2412109375,
  "fd_mean": 0.23017599787657697,
  "fd_num": 245,
  "fd_perc": 45.708955223880594,
  "fwhm_avg": 2.4893101338593993,
  "fwhm_x": 2.3592766666666667,
  "fwhm_y": 2.7062566666666665,
  "fwhm_z": 2.402397068244864,
  "gcor": 0.0241073,
  "gsr_x": 0.0036321973893791437,
  "gsr_y": 0.07502090930938721,
  "provenance": {
    "md5sum": "113afc8a2ff7d91a75b30c33729ff1ba",
    "settings": {
      "fd_thres": 0.2,
      "hmc_fsl": false
    },
    "software": "mriqc",
    "version": "0.15.0",
    "webapi_port": null,
    "webapi_url": "https://mriqc.nimh.nih.gov/api/v1"
  },
  "size_t": 536,
  "size_x": 70,
  "size_y": 70,
  "size_z": 48,
  "snr": 2.5550659486690126,
  "spacing_tr": 1.5299999713897705,
  "spacing_x": 3.0,
  "spacing_y": 3.0,
  "spacing_z": 3.450000047683716,
  "summary_bg_k": 35.98768704155216,
  "summary_bg_mad": 5.65103816986084,
  "summary_bg_mean": 31.901369094848633,
  "summary_bg_median": 14.17164134979248,
  "summary_bg_n": 140534.0,
  "summary_bg_p05": 9.914178848266602,
  "summary_bg_p95": 119.3259288787842,
  "summary_bg_stdv": 51.51779556274414,
  "summary_fg_k": 3.11308320971314,
  "summary_fg_mad": 145.85931396484375,
  "summary_fg_mean": 492.82183837890625,
  "summary_fg_median": 458.57275390625,
  "summary_fg_n": 50091.0,
  "summary_fg_p05": 270.3609924316406,
  "summary_fg_p95": 822.4085693359375,
  "summary_fg_stdv": 179.47410583496094,
  "tsnr": 45.0191535949707
}