{
  "aor": 0.004402690095846645,
  "aqi": 0.01581770777635783,
  "bids_meta": {
    "AcquisitionDateTime": "2022-06-09T09:49:24.362500",
    "AcquisitionMatrixPE": 70,
    "AcquisitionNumber": 1,
    "AcquisitionTime": "09:49:24.362500",
    "BandwidthPerPixelPhaseEncode": 25.974,
    "BaseResolution": 70,
    "CoilString": "C:HEA;HEP",
    "ConversionSoftware": "dcm2niix",
    "ConversionSoftwareVersion": "v1.0.20190902",
    "DerivedVendorReportedEchoSpacing": 0.000550001,
    "DeviceSerialNumber": "35420",
    "DwellTime": 3.5e-06,
    "EchoTime": 0.03,
    "EffectiveEchoSpacing": 0.000550001,
    "FlipAngle": 55,
    "ImageComments": "Unaliased_MB2_PE2_LB",
    "ImageOrientationPatientDICOM": [
      0.998133,
      -0.0585234,
      0.0174556,
      0.0584041,
      0.998267,
      0.00726863
    ],
    "ImageType": [
      "ORIGINAL",
      "PRIMARY",
      "M",
      "MB",
      "ND",
      "MOSAIC"
    ],
    "ImagingFrequency": 123.221,
    "InPlanePhaseEncodingDirectionDICOM": "COL",
    "InstitutionAddress": "Rudolf-Bultmann-Strasse_8_Marburg_District_DE_35039",
    "InstitutionName": "Center_of_BrainImaging_Uni-Marburg",
    "InstitutionalDepartmentName": "Department",
    "MRAcquisitionType": "2D",
    "MagneticFieldStrength": 3,
    "Manufacturer": "Siemens",
    "ManufacturersModelName": "TrioTim",
    "Modality": "MR",
    "MultibandAccelerationFactor": 2,
    "PartialFourier": 1,
    "PatientBirthDate": "1999-01-01",
    "PatientID": "AGB_FRAPPS_19",
    "PatientName": "20220609_AGB_FRAPPS_19",
    "PatientPosition": "HFS",
    "PatientSex": "F",
    "PatientWeight": 56,
    "PercentPhaseFOV": 100,
    "PhaseEncodingDirection": "j-",
    "PhaseEncodingSteps": 70,
    "PhaseResolution": 1,
    "PixelBandwidth": 2041,
    "ProcedureStepDescription": "AGB_Christoph",
    "ProtocolName": "cmrr_ep2d_bold_MB2_iso3",
    "PulseSequenceDetails": "%CustomerSeq%_cmrr_mbep2d_bold",
    "ReceiveCoilName": "32Ch_Head",
    "ReconMatrixPE": 70,
    "RepetitionTime": 1.53,
    "SAR": 0.112346,
    "ScanOptions": "FS",
    "ScanningSequence": "EP",
    "SequenceName": "epfid2d1_70",
    "SequenceVariant": "SK_SS",
    "SeriesDescription": "cmrr_ep2d_bold_MB2_iso3",
    "SeriesInstanceUID": "1.3.12.2.1107.5.2.32.35420.2022060909492774758885458.0.0.0",
    "SeriesNumber": 4,
    "ShimSetting": [
      9333,
      9523,
      -1622,
      35,
      -50,
      -2195,
      295,
      193
    ],
    "SliceThickness": 3,
    "SliceTiming": [
      0,
      0.065,
      0.13,
      0.1925,
      0.2575,
      0.32,
      0.385,
      0.45,
      0.5125,
      0.5775,
      0.64,
      0.705,
      0.7675,
      0.8325,
      0.8975,
      0.96,
      1.025,
      1.0875,
      1.1525,
      1.2175,
      1.28,
      1.345,
      1.4075,
      1.4725,
      0,
      0.065,
      0.13,
      0.1925,
      0.2575,
      0.32,
      0.385,
      0.45,
      0.5125,
      0.5775,
      0.64,
      0.705,
      0.7675,
      0.8325,
      0.8975,
      0.96,
      1.025,
      1.0875,
      1.1525,
      1.2175,
      1.28,
      1.345,
      1.4075,
      1.4725
    ],
    "SoftwareVersions": "syngo_MR_B19",
    "SpacingBetweenSlices": 3.45,
    "StationName": "MRC35420",
    "StudyID": "1",
    "StudyInstanceUID": "1.3.12.2.1107.5.2.32.35420.30000022053005374096600000137",
    "TaskName": "TODO: full task name for FRAPPS - replication study",
    "TotalReadoutTime": 0.03795,
    "TxRefAmp": 318.322,
    "dataset": "unknown",
    "modality": "bold",
    "subject_id": "19",
    "task_id": "frapps"
  },
  "dummy_trs": 0,
  "dvars_nstd": 25.291229343216173,
  "dvars_std": 1.0932829775767272,
  "dvars_vstd": 0.9884200965281329,
  "efc": 0.48607942939223253,
  "fber": 1123.713134765625,
  "fd_mean": 0.20247158384797315,
  "fd_num": 713,
  "fd_perc": 45.5591054313099,
  "fwhm_avg": 2.611005351249648,
  "fwhm_x": 2.4239266666666666,
  "fwhm_y": 3.006463333333333,
  "fwhm_z": 2.4026260537489454,
  "gcor": 0.0188828,
  "gsr_x": -0.019863974303007126,
  "gsr_y": 0.07824837416410446,
  "provenance": {
    "md5sum": "f690f79afbf82bbfa74a4d1cb9cd1441",
    "settings": {
      "fd_thres": 0.2,
      "hmc_fsl": false
    },
    "software": "mriqc",
    "version": "0.15.0",
    "webapi_port": null,
    "webapi_url": "https://mriqc.nimh.nih.gov/api/v1"
  },
  "size_t": 1565,
  "size_x": 70,
  "size_y": 70,
  "size_z": 48,
  "snr": 2.7574225111785995,
  "spacing_tr": 1.5299999713897705,
  "spacing_x": 3.0,
  "spacing_y": 3.0,
  "spacing_z": 3.450000047683716,
  "summary_bg_k": 62.81760322162911,
  "summary_bg_mad": 3.166989326477051,
  "summary_bg_mean": 22.503358840942383,
  "summary_bg_median": 11.719488143920898,
  "summary_bg_n": 147771.0,
  "summary_bg_p05": 8.762300491333008,
  "summary_bg_p95": 75.3130989074707,
  "summary_bg_stdv": 35.368614196777344,
  "summary_fg_k": 1.9967609717568635,
  "summary_fg_mad": 122.30047607421875,
  "summary_fg_mean": 449.2930603027344,
  "summary_fg_median": 419.51275634765625,
  "summary_fg_n": 44400.0,
  "summary_fg_p05": 261.27712097167966,
  "summary_fg_p95": 742.914447021484,
  "summary_fg_stdv": 152.1377410888672,
  "tsnr": 28.850725173950195
}