{
  "aor": 0.002024477611940298,
  "aqi": 0.004177621455223881,
  "bids_meta": {
    "AcquisitionDateTime": "2022-06-09T10:30:45.365000",
    "AcquisitionMatrixPE": 70,
    "AcquisitionNumber": 1,
    "AcquisitionTime": "10:30:45.365000",
    "BandwidthPerPixelPhaseEncode": 25.974,
    "BaseResolution": 70,
    "CoilString": "C:HEA;HEP",
    "ConversionSoftware": "dcm2niix",
    "ConversionSoftwareVersion": "v1.0.20190902",
    "DerivedVendorReportedEchoSpacing": 0.000550001,
    "DeviceSerialNumber": "35420",
    "DwellTime": 3.5e-06,
    "EchoTime": 0.03,
    "EffectiveEchoSpacing": 0.000550001,
    "FlipAngle": 60,
    "ImageComments": "Unaliased_MB2_PE2_LB",
    "ImageOrientationPatientDICOM": [
      0.998132,
      -0.0585456,
      0.0174554,
      0.0584262,
      0.998265,
      0.00726952
    ],
    "ImageType": [
      "ORIGINAL",
      "PRIMARY",
      "M",
      "MB",
      "ND",
      "MOSAIC"
    ],
    "ImagingFrequency": 123.222,
    "InPlanePhaseEncodingDirectionDICOM": "COL",
    "InstitutionAddress": "Rudolf-Bultmann-Strasse_8_Marburg_District_DE_35039",
    "InstitutionName": "Center_of_BrainImaging_Uni-Marburg",
    "InstitutionalDepartmentName": "Department",
    "MRAcquisitionType": "2D",
    "MagneticFieldStrength": 3,
    "Manufacturer": "Siemens",
    "ManufacturersModelName": "TrioTim",
    "Modality": "MR",
    "MultibandAccelerationFactor": 2,
    "PartialFourier": 1,
    "PatientBirthDate": "1999-01-01",
    "PatientID": "AGB_FRAPPS_19",
    "PatientName": "20220609_AGB_FRAPPS_19",
    "PatientPosition": "HFS",
    "PatientSex": "F",
    "PatientWeight": 56,
    "PercentPhaseFOV": 100,
    "PhaseEncodingDirection": "j-",
    "PhaseEncodingSteps": 70,
    "PhaseResolution": 1,
    "PixelBandwidth": 2041,
    "ProcedureStepDescription": "AGB_Christoph",
    "ProtocolName": "cmrr_ep2d_bold_FP_MB2_iso3",
    "PulseSequenceDetails": "%CustomerSeq%_cmrr_mbep2d_bold",
    "ReceiveCoilName": "32Ch_Head",
    "ReconMatrixPE": 70,
    "RepetitionTime": 1.53,
    "SAR": 0.132294,
    "ScanOptions": "FS",
    "ScanningSequence": "EP",
    "SequenceName": "epfid2d1_70",
    "SequenceVariant": "SK_SS",
    "SeriesDescription": "cmrr_ep2d_bold_FP_MB2_iso3",
    "SeriesInstanceUID": "1.3.12.2.1107.5.2.32.35420.2022060910304847608292308.0.0.0",
    "SeriesNumber": 6,
    "ShimSetting": [
      9333,
      9523,
      -1622,
      35,
      -50,
      -2195,
      295,
      193
    ],
    "SliceThickness": 3,
    "SliceTiming": [
      0,
      0.065,
      0.1275,
      0.1925,
      0.255,
      0.32,
      0.385,
      0.4475,
      0.5125,
      0.575,
      0.64,
      0.7025,
      0.7675,
      0.8325,
      0.895,
      0.96,
      1.0225,
      1.0875,
      1.1525,
      1.215,
      1.28,
      1.3425,
      1.4075,
      1.4725,
      0,
      0.065,
      0.1275,
      0.1925,
      0.255,
      0.32,
      0.385,
      0.4475,
      0.5125,
      0.575,
      0.64,
      0.7025,
      0.7675,
      0.8325,
      0.895,
      0.96,
      1.0225,
      1.0875,
      1.1525,
      1.215,
      1.28,
      1.3425,
      1.4075,
      1.4725
    ],
    "SoftwareVersions": "syngo_MR_B19",
    "SpacingBetweenSlices": 3.45,
    "StationName": "MRC35420",
    "StudyID": "1",
    "StudyInstanceUID": "1.3.12.2.1107.5.2.32.35420.30000022053005374096600000137",
    "TaskName": "TODO: full task name for localizer",
    "TotalReadoutTime": 0.03795,
    "TxRefAmp": 318.322,
    "dataset": "unknown",
    "modality": "bold",
    "subject_id": "19",
    "task_id": "localizer"
  },
  "dummy_trs": 1,
  "dvars_nstd": 24.64416339902804,
  "dvars_std": 1.1926552632897207,
  "dvars_vstd": 1.0093477453831774,
  "efc": 0.48888660202752204,
  "fber": 1139.6932373046875,
  "fd_mean": 0.1798531831441373,
  "fd_num": 174,
  "fd_perc": 32.46268656716418,
  "fwhm_avg": 2.572976704214943,
  "fwhm_x": 2.41464,
  "fwhm_y": 2.9685799999999998,
  "fwhm_z": 2.3357101126448296,
  "gcor": 0.0300211,
  "gsr_x": -0.021379774436354637,
  "gsr_y": 0.08046331256628036,
  "provenance": {
    "md5sum": "00d1a859ed7d79bcf7776c4957a82d38",
    "settings": {
      "fd_thres": 0.2,
      "hmc_fsl": false
    },
    "software": "mriqc",
    "version": "0.15.0",
    "webapi_port": null,
    "webapi_url": "https://mriqc.nimh.nih.gov/api/v1"
  },
  "size_t": 536,
  "size_x": 70,
  "size_y": 70,
  "size_z": 48,
  "snr": 2.7568756948647666,
  "spacing_tr": 1.5299999713897705,
  "spacing_x": 3.0,
  "spacing_y": 3.0,
  "spacing_z": 3.450000047683716,
  "summary_bg_k": 50.617070826424694,
  "summary_bg_mad": 3.167126417160034,
  "summary_bg_mean": 24.008146286010742,
  "summary_bg_median": 11.87686538696289,
  "summary_bg_n": 147937.0,
  "summary_bg_p05": 9.423507690429688,
  "summary_bg_p95": 82.62014617919915,
  "summary_bg_stdv": 38.392066955566406,
  "summary_fg_k": 1.9342580710971902,
  "summary_fg_mad": 125.90499877929688,
  "summary_fg_mean": 461.3885498046875,
  "summary_fg_median": 431.171630859375,
  "summary_fg_n": 44263.0,
  "summary_fg_p05": 266.7604309082031,
  "summary_fg_p95": 764.5982788085938,
  "summary_fg_stdv": 156.39688110351562,
  "tsnr": 57.082000732421875
}