{
  "bids_meta": {
    "AcquisitionDateTime": "2022-04-21T11:53:1.032500",
    "AcquisitionMatrixPE": 256,
    "AcquisitionNumber": 1,
    "AcquisitionTime": "11:53:1.032500",
    "BaseResolution": 256,
    "CoilString": "C:HEA;HEP",
    "ConversionSoftware": "dcm2niix",
    "ConversionSoftwareVersion": "v1.0.20190902",
    "DeviceSerialNumber": "35420",
    "DwellTime": 9.8e-06,
    "EchoTime": 0.00226,
    "FlipAngle": 9,
    "ImageOrientationPatientDICOM": [
      0.00954321,
      0.999697,
      -0.022686,
      -0.0110722,
      -0.02258,
      -0.999684
    ],
    "ImageType": [
      "ORIGINAL",
      "PRIMARY",
      "M",
      "ND",
      "NORM"
    ],
    "ImagingFrequency": 123.221,
    "InPlanePhaseEncodingDirectionDICOM": "ROW",
    "InstitutionAddress": "Rudolf-Bultmann-Strasse_8_Marburg_District_DE_35039",
    "InstitutionName": "Center_of_BrainImaging_Uni-Marburg",
    "InstitutionalDepartmentName": "Department",
    "InversionTime": 0.9,
    "MRAcquisitionType": "3D",
    "MagneticFieldStrength": 3,
    "Manufacturer": "Siemens",
    "ManufacturersModelName": "TrioTim",
    "Modality": "MR",
    "PartialFourier": 1,
    "PatientBirthDate": "2000-01-01",
    "PatientID": "AGB_FRAPPS_08",
    "PatientName": "20220421_AGB_FRAPPS_08",
    "PatientPosition": "HFS",
    "PatientSex": "M",
    "PatientWeight": 72,
    "PercentPhaseFOV": 100,
    "PhaseEncodingSteps": 256,
    "PhaseResolution": 1,
    "PixelBandwidth": 199,
    "ProcedureStepDescription": "AGB_Christoph",
    "ProtocolName": "t1_mpr_12CH_sag_p2_iso_FOV256_ND_REF",
    "PulseSequenceDetails": "%SiemensSeq%_tfl",
    "ReceiveCoilName": "32Ch_Head",
    "ReconMatrixPE": 256,
    "RepetitionTime": 1.9,
    "SAR": 0.111547,
    "ScanOptions": "IR",
    "ScanningSequence": "GR_IR",
    "SequenceName": "_tfl3d1_ns",
    "SequenceVariant": "SP_MP",
    "SeriesDescription": "t1_mpr_12CH_sag_p2_iso_FOV256_ND_REF",
    "SeriesInstanceUID": "1.3.12.2.1107.5.2.32.35420.2022042111525814287346091.0.0.0",
    "SeriesNumber": 3,
    "ShimSetting": [
      9316,
      9562,
      -1837,
      -292,
      -72,
      -2564,
      430,
      205
    ],
    "SliceThickness": 1,
    "SoftwareVersions": "syngo_MR_B19",
    "StationName": "MRC35420",
    "StudyID": "1",
    "StudyInstanceUID": "1.3.12.2.1107.5.2.32.35420.30000022042010144015600000017",
    "TxRefAmp": 300.477,
    "dataset": "unknown",
    "modality": "T1w",
    "subject_id": "08"
  },
  "cjv": 0.3982608479162537,
  "cnr": 3.3077826316052263,
  "efc": 0.5998777403081513,
  "fber": 435.06793212890625,
  "fwhm_avg": 4.983273333333333,
  "fwhm_x": 4.91799,
  "fwhm_y": 4.87823,
  "fwhm_z": 5.1536,
  "icvs_csf": 0.20437120394737204,
  "icvs_gm": 0.44256731038512515,
  "icvs_wm": 0.3530614856675028,
  "inu_med": 1.3507969379425049,
  "inu_range": 0.6848083496093751,
  "provenance": {
    "md5sum": "c3ac0c153d129715e2f7f61a840eeb59",
    "settings": {
      "testing": false
    },
    "software": "mriqc",
    "version": "0.15.0",
    "warnings": {
      "large_rot_frame": true,
      "small_air_mask": false
    },
    "webapi_port": null,
    "webapi_url": "https://mriqc.nimh.nih.gov/api/v1"
  },
  "qi_1": 0.0,
  "qi_2": 0.01134677943505627,
  "rpve_csf": 25.795559541891837,
  "rpve_gm": 12.891205930941835,
  "rpve_wm": 18.470920026847022,
  "size_x": 176,
  "size_y": 256,
  "size_z": 256,
  "snr_csf": 3.732790419554329,
  "snr_gm": 12.489953417797343,
  "snr_total": 12.972720190729435,
  "snr_wm": 22.695416734836634,
  "snrd_csf": 10.599424987865822,
  "snrd_gm": 20.86942413044692,
  "snrd_total": 19.830520163463927,
  "snrd_wm": 28.02271137207903,
  "spacing_x": 1.0,
  "spacing_y": 1.0,
  "spacing_z": 1.0,
  "summary_bg_k": 1.2737804135915045,
  "summary_bg_mad": 23.379013061523438,
  "summary_bg_mean": 32.16181945800781,
  "summary_bg_median": 31.77767562866211,
  "summary_bg_n": 2470128.0,
  "summary_bg_p05": 7.841125059127808,
  "summary_bg_p95": 72.0329029083252,
  "summary_bg_stdv": 21.421037673950195,
  "summary_csf_k": 0.04229895613237167,
  "summary_csf_mad": 107.77393341064453,
  "summary_csf_mean": 392.2020568847656,
  "summary_csf_median": 378.24810791015625,
  "summary_csf_n": 22197.0,
  "summary_csf_p05": 250.8460693359375,
  "summary_csf_p95": 568.1912841796875,
  "summary_csf_stdv": 101.32891082763672,
  "summary_gm_k": 0.05513039213734361,
  "summary_gm_mad": 58.7873420715332,
  "summary_gm_mean": 746.1793212890625,
  "summary_gm_median": 744.7404174804688,
  "summary_gm_n": 30114.0,
  "summary_gm_p05": 651.0622650146485,
  "summary_gm_p95": 848.5849517822265,
  "summary_gm_stdv": 59.62616729736328,
  "summary_wm_k": 0.3220075586828983,
  "summary_wm_mad": 42.87678527832031,
  "summary_wm_mean": 1000.0260620117188,
  "summary_wm_median": 1000.0106201171875,
  "summary_wm_n": 201790.0,
  "summary_wm_p05": 928.1459594726563,
  "summary_wm_p95": 1072.1146057128906,
  "summary_wm_stdv": 44.06211853027344,
  "tpm_overlap_csf": 0.22503583133220673,
  "tpm_overlap_gm": 0.5218449234962463,
  "tpm_overlap_wm": 0.5540488362312317,
  "wm2max": 0.45845684427077643
}