{
  "bids_meta": {
    "AcquisitionDateTime": "2022-05-19T08:05:38.015000",
    "AcquisitionMatrixPE": 256,
    "AcquisitionNumber": 1,
    "AcquisitionTime": "08:05:38.015000",
    "BaseResolution": 256,
    "CoilString": "C:HEA;HEP",
    "ConversionSoftware": "dcm2niix",
    "ConversionSoftwareVersion": "v1.0.20190902",
    "DeviceSerialNumber": "35420",
    "DwellTime": 9.8e-06,
    "EchoTime": 0.00226,
    "FlipAngle": 9,
    "ImageOrientationPatientDICOM": [
      0.0476371,
      0.984608,
      -0.168159,
      0.0552719,
      -0.170691,
      -0.983773
    ],
    "ImageType": [
      "ORIGINAL",
      "PRIMARY",
      "M",
      "ND",
      "NORM"
    ],
    "ImagingFrequency": 123.221,
    "InPlanePhaseEncodingDirectionDICOM": "ROW",
    "InstitutionAddress": "Rudolf-Bultmann-Strasse_8_Marburg_District_DE_35039",
    "InstitutionName": "Center_of_BrainImaging_Uni-Marburg",
    "InstitutionalDepartmentName": "Department",
    "InversionTime": 0.9,
    "MRAcquisitionType": "3D",
    "MagneticFieldStrength": 3,
    "Manufacturer": "Siemens",
    "ManufacturersModelName": "TrioTim",
    "Modality": "MR",
    "PartialFourier": 1,
    "PatientBirthDate": "1996-01-01",
    "PatientID": "AGB_FRAPPS_14",
    "PatientName": "20220519_AGB_FRAPPS_14",
    "PatientPosition": "HFS",
    "PatientSex": "F",
    "PatientWeight": 44,
    "PercentPhaseFOV": 100,
    "PhaseEncodingSteps": 256,
    "PhaseResolution": 1,
    "PixelBandwidth": 199,
    "ProcedureStepDescription": "AGB_Christoph",
    "ProtocolName": "t1_mpr_12CH_sag_p2_iso_FOV256_ND_REF",
    "PulseSequenceDetails": "%SiemensSeq%_tfl",
    "ReceiveCoilName": "32Ch_Head",
    "ReconMatrixPE": 256,
    "RepetitionTime": 1.9,
    "SAR": 0.108801,
    "ScanOptions": "IR",
    "ScanningSequence": "GR_IR",
    "SequenceName": "_tfl3d1_ns",
    "SequenceVariant": "SP_MP",
    "SeriesDescription": "t1_mpr_12CH_sag_p2_iso_FOV256_ND_REF",
    "SeriesInstanceUID": "1.3.12.2.1107.5.2.32.35420.2022051908053599392885258.0.0.0",
    "SeriesNumber": 3,
    "ShimSetting": [
      9316,
      9562,
      -1837,
      -292,
      -72,
      -2564,
      430,
      205
    ],
    "SliceThickness": 1,
    "SoftwareVersions": "syngo_MR_B19",
    "StationName": "MRC35420",
    "StudyID": "1",
    "StudyInstanceUID": "1.3.12.2.1107.5.2.32.35420.30000022050306042469000000335",
    "TxRefAmp": 312.349,
    "dataset": "unknown",
    "modality": "T1w",
    "subject_id": "14"
  },
  "cjv": 0.3941728914932206,
  "cnr": 3.332983355092668,
  "efc": 0.5678344617020074,
  "fber": 835.0107421875,
  "fwhm_avg": 4.722016666666666,
  "fwhm_x": 4.6747,
  "fwhm_y": 4.67113,
  "fwhm_z": 4.82022,
  "icvs_csf": 0.20038958038628205,
  "icvs_gm": 0.46141755307070803,
  "icvs_wm": 0.3381928665430099,
  "inu_med": 1.4122613668441772,
  "inu_range": 0.6441217541694639,
  "provenance": {
    "md5sum": "b58faf34ca22a93fc3f1a4457aaab8dc",
    "settings": {
      "testing": false
    },
    "software": "mriqc",
    "version": "0.15.0",
    "warnings": {
      "large_rot_frame": true,
      "small_air_mask": false
    },
    "webapi_port": null,
    "webapi_url": "https://mriqc.nimh.nih.gov/api/v1"
  },
  "qi_1": 0.0,
  "qi_2": 0.027025241429516483,
  "rpve_csf": 26.185751183321628,
  "rpve_gm": 12.588239595717406,
  "rpve_wm": 19.261035028096504,
  "size_x": 176,
  "size_y": 256,
  "size_z": 256,
  "snr_csf": 2.7200097452733636,
  "snr_gm": 11.635745209853688,
  "snr_total": 12.517382035249389,
  "snr_wm": 23.196391150621114,
  "snrd_csf": 11.254268686722435,
  "snrd_gm": 22.650300370648335,
  "snrd_total": 21.53550644508817,
  "snrd_wm": 30.701950277893744,
  "spacing_x": 1.0,
  "spacing_y": 1.0,
  "spacing_z": 1.0,
  "summary_bg_k": 1.1193381273742409,
  "summary_bg_mad": 21.33876609802246,
  "summary_bg_mean": 26.631690979003906,
  "summary_bg_median": 21.918283462524414,
  "summary_bg_n": 2273873.0,
  "summary_bg_p05": 0.0,
  "summary_bg_p95": 58.33548507690429,
  "summary_bg_stdv": 17.68547248840332,
  "summary_csf_k": 69.59625351661414,
  "summary_csf_mad": 118.06434631347656,
  "summary_csf_mean": 385.0623474121094,
  "summary_csf_median": 366.5682678222656,
  "summary_csf_n": 23958.0,
  "summary_csf_p05": 250.7191307067871,
  "summary_csf_p95": 541.4748077392577,
  "summary_csf_stdv": 134.7644500732422,
  "summary_gm_k": -0.04263877439707775,
  "summary_gm_mad": 62.68374252319336,
  "summary_gm_mean": 739.93994140625,
  "summary_gm_median": 737.7539672851562,
  "summary_gm_n": 37483.0,
  "summary_gm_p05": 638.428076171875,
  "summary_gm_p95": 849.2596008300782,
  "summary_gm_stdv": 63.403255462646484,
  "summary_wm_k": 0.473476322306976,
  "summary_wm_mad": 40.68975830078125,
  "summary_wm_mean": 997.3067016601562,
  "summary_wm_median": 1000.0081787109375,
  "summary_wm_n": 184072.0,
  "summary_wm_p05": 921.5216979980469,
  "summary_wm_p95": 1063.3366821289062,
  "summary_wm_stdv": 43.110389709472656,
  "tpm_overlap_csf": 0.2240206003189087,
  "tpm_overlap_gm": 0.5244678258895874,
  "tpm_overlap_wm": 0.5340463519096375,
  "wm2max": 0.4447135933714374
}