{
  "bids_meta": {
    "AcquisitionDateTime": "2022-06-22T07:31:30.055000",
    "AcquisitionMatrixPE": 256,
    "AcquisitionNumber": 1,
    "AcquisitionTime": "07:31:30.055000",
    "BaseResolution": 256,
    "CoilString": "C:HEA;HEP",
    "ConversionSoftware": "dcm2niix",
    "ConversionSoftwareVersion": "v1.0.20190902",
    "DeviceSerialNumber": "35420",
    "DwellTime": 9.8e-06,
    "EchoTime": 0.00226,
    "FlipAngle": 9,
    "ImageOrientationPatientDICOM": [
      0.0215867,
      0.999098,
      0.0365573,
      0.0249513,
      0.0360161,
      -0.99904
    ],
    "ImageType": [
      "ORIGINAL",
      "PRIMARY",
      "M",
      "ND",
      "NORM"
    ],
    "ImagingFrequency": 123.221,
    "InPlanePhaseEncodingDirectionDICOM": "ROW",
    "InstitutionAddress": "Rudolf-Bultmann-Strasse_8_Marburg_District_DE_35039",
    "InstitutionName": "Center_of_BrainImaging_Uni-Marburg",
    "InstitutionalDepartmentName": "Department",
    "InversionTime": 0.9,
    "MRAcquisitionType": "3D",
    "MagneticFieldStrength": 3,
    "Manufacturer": "Siemens",
    "ManufacturersModelName": "TrioTim",
    "Modality": "MR",
    "PartialFourier": 1,
    "PatientBirthDate": "1999-01-01",
    "PatientID": "AGB_FRAPPS_27",
    "PatientName": "20220622_AGB_FRAPPS_27",
    "PatientPosition": "HFS",
    "PatientSex": "M",
    "PatientWeight": 70,
    "PercentPhaseFOV": 100,
    "PhaseEncodingSteps": 256,
    "PhaseResolution": 1,
    "PixelBandwidth": 199,
    "ProcedureStepDescription": "AGB_Christoph",
    "ProtocolName": "t1_mpr_12CH_sag_p2_iso_FOV256_ND_REF",
    "PulseSequenceDetails": "%SiemensSeq%_tfl",
    "ReceiveCoilName": "32Ch_Head",
    "ReconMatrixPE": 256,
    "RepetitionTime": 1.9,
    "SAR": 0.0983272,
    "ScanOptions": "IR",
    "ScanningSequence": "GR_IR",
    "SequenceName": "_tfl3d1_ns",
    "SequenceVariant": "SP_MP",
    "SeriesDescription": "t1_mpr_12CH_sag_p2_iso_FOV256_ND_REF",
    "SeriesInstanceUID": "1.3.12.2.1107.5.2.32.35420.2022062207312850223334438.0.0.0",
    "SeriesNumber": 3,
    "ShimSetting": [
      9316,
      9562,
      -1837,
      -292,
      -72,
      -2564,
      430,
      205
    ],
    "SliceThickness": 1,
    "SoftwareVersions": "syngo_MR_B19",
    "StationName": "MRC35420",
    "StudyID": "1",
    "StudyInstanceUID": "1.3.12.2.1107.5.2.32.35420.30000022053005374096600000295",
    "TxRefAmp": 308.055,
    "dataset": "unknown",
    "modality": "T1w",
    "subject_id": "27"
  },
  "cjv": 0.39103629339711393,
  "cnr": 3.4145488506589516,
  "efc": 0.5800910984768667,
  "fber": 636.8631591796875,
  "fwhm_avg": 5.034373333333334,
  "fwhm_x": 4.99808,
  "fwhm_y": 4.85369,
  "fwhm_z": 5.25135,
  "icvs_csf": 0.20331790023635585,
  "icvs_gm": 0.4519919562036619,
  "icvs_wm": 0.34469014355998223,
  "inu_med": 1.533057451248169,
  "inu_range": 0.8373695135116579,
  "provenance": {
    "md5sum": "8278fa5c895ad0f6c2d0b47a1ae7c761",
    "settings": {
      "testing": false
    },
    "software": "mriqc",
    "version": "0.15.0",
    "warnings": {
      "large_rot_frame": true,
      "small_air_mask": false
    },
    "webapi_port": null,
    "webapi_url": "https://mriqc.nimh.nih.gov/api/v1"
  },
  "qi_1": 0.0,
  "qi_2": 0.02063287075254007,
  "rpve_csf": 23.886254370857472,
  "rpve_gm": 11.693404856781404,
  "rpve_wm": 17.269810292703763,
  "size_x": 176,
  "size_y": 256,
  "size_z": 256,
  "snr_csf": 3.5582761011587385,
  "snr_gm": 12.805933605208029,
  "snr_total": 13.16243442500552,
  "snr_wm": 23.123093568649793,
  "snrd_csf": 9.78751370087636,
  "snrd_gm": 19.258453927984345,
  "snrd_total": 18.326964647034245,
  "snrd_wm": 25.934926312242023,
  "spacing_x": 1.0,
  "spacing_y": 1.0,
  "spacing_z": 1.0,
  "summary_bg_k": 1.310241123689818,
  "summary_bg_mad": 25.260961532592773,
  "summary_bg_mean": 31.72509002685547,
  "summary_bg_median": 26.133459091186523,
  "summary_bg_n": 2152821.0,
  "summary_bg_p05": 0.0,
  "summary_bg_p95": 69.58866882324219,
  "summary_bg_stdv": 21.247770309448242,
  "summary_csf_k": 40.692458827389686,
  "summary_csf_mad": 99.2591781616211,
  "summary_csf_mean": 389.1051025390625,
  "summary_csf_median": 377.39013671875,
  "summary_csf_n": 27888.0,
  "summary_csf_p05": 255.42057113647462,
  "summary_csf_p95": 545.671759033203,
  "summary_csf_stdv": 106.05792236328125,
  "summary_gm_k": -0.04789062855250492,
  "summary_gm_mad": 57.97718048095703,
  "summary_gm_mean": 740.890869140625,
  "summary_gm_median": 742.57373046875,
  "summary_gm_n": 32982.0,
  "summary_gm_p05": 641.992074584961,
  "summary_gm_p95": 833.1750488281248,
  "summary_gm_stdv": 57.98581314086914,
  "summary_wm_k": 0.22218507182821146,
  "summary_wm_mad": 42.688697814941406,
  "summary_wm_mean": 1000.3727416992188,
  "summary_wm_median": 1000.00732421875,
  "summary_wm_n": 206826.0,
  "summary_wm_p05": 929.7272644042969,
  "summary_wm_p95": 1071.0848693847656,
  "summary_wm_stdv": 43.24702072143555,
  "tpm_overlap_csf": 0.21942874789237976,
  "tpm_overlap_gm": 0.516496479511261,
  "tpm_overlap_wm": 0.5352030396461487,
  "wm2max": 0.3677325405692463
}