{
  "aor": 0.002492011795543905,
  "aqi": 0.0068004662712975094,
  "bids_meta": {
    "AcquisitionDateTime": "2022-06-14T13:22:33.380000",
    "AcquisitionMatrixPE": 70,
    "AcquisitionNumber": 1,
    "AcquisitionTime": "13:22:33.380000",
    "BandwidthPerPixelPhaseEncode": 25.974,
    "BaseResolution": 70,
    "CoilString": "C:HEA;HEP",
    "ConversionSoftware": "dcm2niix",
    "ConversionSoftwareVersion": "v1.0.20190902",
    "DerivedVendorReportedEchoSpacing": 0.000550001,
    "DeviceSerialNumber": "35420",
    "DwellTime": 3.5e-06,
    "EchoTime": 0.03,
    "EffectiveEchoSpacing": 0.000550001,
    "FlipAngle": 55,
    "ImageComments": "Unaliased_MB2_PE2_LB",
    "ImageOrientationPatientDICOM": [
      0.994372,
      -0.0982721,
      0.0395733,
      0.0937218,
      0.990164,
      0.103885
    ],
    "ImageType": [
      "ORIGINAL",
      "PRIMARY",
      "M",
      "MB",
      "ND",
      "MOSAIC"
    ],
    "ImagingFrequency": 123.222,
    "InPlanePhaseEncodingDirectionDICOM": "COL",
    "InstitutionAddress": "Rudolf-Bultmann-Strasse_8_Marburg_District_DE_35039",
    "InstitutionName": "Center_of_BrainImaging_Uni-Marburg",
    "InstitutionalDepartmentName": "Department",
    "MRAcquisitionType": "2D",
    "MagneticFieldStrength": 3,
    "Manufacturer": "Siemens",
    "ManufacturersModelName": "TrioTim",
    "Modality": "MR",
    "MultibandAccelerationFactor": 2,
    "PartialFourier": 1,
    "PatientBirthDate": "1996-01-01",
    "PatientID": "AGB_FRAPPS_21",
    "PatientName": "20220614_AGB_FRAPPS_21",
    "PatientPosition": "HFS",
    "PatientSex": "F",
    "PatientWeight": 53,
    "PercentPhaseFOV": 100,
    "PhaseEncodingDirection": "j-",
    "PhaseEncodingSteps": 70,
    "PhaseResolution": 1,
    "PixelBandwidth": 2041,
    "ProcedureStepDescription": "AGB_Christoph",
    "ProtocolName": "cmrr_ep2d_bold_MB2_iso3",
    "PulseSequenceDetails": "%CustomerSeq%_cmrr_mbep2d_bold",
    "ReceiveCoilName": "32Ch_Head",
    "ReconMatrixPE": 70,
    "RepetitionTime": 1.53,
    "SAR": 0.115262,
    "ScanOptions": "FS",
    "ScanningSequence": "EP",
    "SequenceName": "epfid2d1_70",
    "SequenceVariant": "SK_SS",
    "SeriesDescription": "cmrr_ep2d_bold_MB2_iso3",
    "SeriesInstanceUID": "1.3.12.2.1107.5.2.32.35420.2022061413223684792686231.0.0.0",
    "SeriesNumber": 4,
    "ShimSetting": [
      9366,
      9425,
      -1427,
      412,
      2,
      -2558,
      651,
      147
    ],
    "SliceThickness": 3,
    "SliceTiming": [
      0,
      0.0625,
      0.1275,
      0.1925,
      0.255,
      0.32,
      0.3825,
      0.4475,
      0.5125,
      0.575,
      0.64,
      0.7025,
      0.7675,
      0.8325,
      0.895,
      0.96,
      1.0225,
      1.0875,
      1.1525,
      1.215,
      1.28,
      1.3425,
      1.4075,
      1.4725,
      0,
      0.0625,
      0.1275,
      0.1925,
      0.255,
      0.32,
      0.3825,
      0.4475,
      0.5125,
      0.575,
      0.64,
      0.7025,
      0.7675,
      0.8325,
      0.895,
      0.96,
      1.0225,
      1.0875,
      1.1525,
      1.215,
      1.28,
      1.3425,
      1.4075,
      1.4725
    ],
    "SoftwareVersions": "syngo_MR_B19",
    "SpacingBetweenSlices": 3.45,
    "StationName": "MRC35420",
    "StudyID": "1",
    "StudyInstanceUID": "1.3.12.2.1107.5.2.32.35420.30000022053005374096600000219",
    "TaskName": "TODO: full task name for FRAPPS - replication study",
    "TotalReadoutTime": 0.03795,
    "TxRefAmp": 297.565,
    "dataset": "unknown",
    "modality": "bold",
    "subject_id": "21",
    "task_id": "frapps"
  },
  "dummy_trs": 1,
  "dvars_nstd": 25.347685546872114,
  "dvars_std": 1.1442502653114746,
  "dvars_vstd": 0.9762284433245906,
  "efc": 0.45694509728908017,
  "fber": 1136.4736328125,
  "fd_mean": 0.15199956687570723,
  "fd_num": 214,
  "fd_perc": 14.02359108781127,
  "fwhm_avg": 2.5021814391518054,
  "fwhm_x": 2.4333033333333334,
  "fwhm_y": 2.8758700000000004,
  "fwhm_z": 2.197370984122083,
  "gcor": 0.048304,
  "gsr_x": 0.00478964252397418,
  "gsr_y": 0.04885849356651306,
  "provenance": {
    "md5sum": "a0e86b528352c3f37f9f14bea912f35f",
    "settings": {
      "fd_thres": 0.2,
      "hmc_fsl": false
    },
    "software": "mriqc",
    "version": "0.15.0",
    "webapi_port": null,
    "webapi_url": "https://mriqc.nimh.nih.gov/api/v1"
  },
  "size_t": 1526,
  "size_x": 70,
  "size_y": 70,
  "size_z": 48,
  "snr": 2.7124161866511565,
  "spacing_tr": 1.5299999713897705,
  "spacing_x": 3.0,
  "spacing_y": 3.0,
  "spacing_z": 3.450000047683716,
  "summary_bg_k": 46.57958726699213,
  "summary_bg_mad": 3.939194440841675,
  "summary_bg_mean": 22.27816390991211,
  "summary_bg_median": 12.032438278198242,
  "summary_bg_n": 157378.0,
  "summary_bg_p05": 8.514416694641113,
  "summary_bg_p95": 75.42922973632812,
  "summary_bg_stdv": 31.27439308166504,
  "summary_fg_k": 1.6390545179068514,
  "summary_fg_mad": 129.8316192626953,
  "summary_fg_mean": 455.8086242675781,
  "summary_fg_median": 435.09698486328125,
  "summary_fg_n": 37071.0,
  "summary_fg_p05": 229.6415557861328,
  "summary_fg_p95": 749.3005065917969,
  "summary_fg_stdv": 160.40721130371094,
  "tsnr": 39.32374954223633
}