{
  "aor": 0.0020314179104477612,
  "aqi": 0.003100352611940299,
  "bids_meta": {
    "AcquisitionDateTime": "2022-06-14T14:04:31.367500",
    "AcquisitionMatrixPE": 70,
    "AcquisitionNumber": 1,
    "AcquisitionTime": "14:04:31.367500",
    "BandwidthPerPixelPhaseEncode": 25.974,
    "BaseResolution": 70,
    "CoilString": "C:HEA;HEP",
    "ConversionSoftware": "dcm2niix",
    "ConversionSoftwareVersion": "v1.0.20190902",
    "DerivedVendorReportedEchoSpacing": 0.000550001,
    "DeviceSerialNumber": "35420",
    "DwellTime": 3.5e-06,
    "EchoTime": 0.03,
    "EffectiveEchoSpacing": 0.000550001,
    "FlipAngle": 60,
    "ImageComments": "Unaliased_MB2_PE2_LB",
    "ImageOrientationPatientDICOM": [
      0.99438,
      -0.0981972,
      0.0395811,
      0.0936466,
      0.990171,
      0.103882
    ],
    "ImageType": [
      "ORIGINAL",
      "PRIMARY",
      "M",
      "MB",
      "ND",
      "MOSAIC"
    ],
    "ImagingFrequency": 123.222,
    "InPlanePhaseEncodingDirectionDICOM": "COL",
    "InstitutionAddress": "Rudolf-Bultmann-Strasse_8_Marburg_District_DE_35039",
    "InstitutionName": "Center_of_BrainImaging_Uni-Marburg",
    "InstitutionalDepartmentName": "Department",
    "MRAcquisitionType": "2D",
    "MagneticFieldStrength": 3,
    "Manufacturer": "Siemens",
    "ManufacturersModelName": "TrioTim",
    "Modality": "MR",
    "MultibandAccelerationFactor": 2,
    "PartialFourier": 1,
    "PatientBirthDate": "1996-01-01",
    "PatientID": "AGB_FRAPPS_21",
    "PatientName": "20220614_AGB_FRAPPS_21",
    "PatientPosition": "HFS",
    "PatientSex": "F",
    "PatientWeight": 53,
    "PercentPhaseFOV": 100,
    "PhaseEncodingDirection": "j-",
    "PhaseEncodingSteps": 70,
    "PhaseResolution": 1,
    "PixelBandwidth": 2041,
    "ProcedureStepDescription": "AGB_Christoph",
    "ProtocolName": "cmrr_ep2d_bold_FP_MB2_iso3",
    "PulseSequenceDetails": "%CustomerSeq%_cmrr_mbep2d_bold",
    "ReceiveCoilName": "32Ch_Head",
    "ReconMatrixPE": 70,
    "RepetitionTime": 1.53,
    "SAR": 0.134038,
    "ScanOptions": "FS",
    "ScanningSequence": "EP",
    "SequenceName": "epfid2d1_70",
    "SequenceVariant": "SK_SS",
    "SeriesDescription": "cmrr_ep2d_bold_FP_MB2_iso3",
    "SeriesInstanceUID": "1.3.12.2.1107.5.2.32.35420.2022061414043458785985800.0.0.0",
    "SeriesNumber": 6,
    "ShimSetting": [
      9366,
      9425,
      -1427,
      412,
      2,
      -2558,
      651,
      147
    ],
    "SliceThickness": 3,
    "SliceTiming": [
      0,
      0.065,
      0.13,
      0.1925,
      0.2575,
      0.32,
      0.385,
      0.45,
      0.5125,
      0.5775,
      0.64,
      0.705,
      0.77,
      0.8325,
      0.8975,
      0.96,
      1.025,
      1.09,
      1.1525,
      1.2175,
      1.28,
      1.345,
      1.41,
      1.4725,
      0,
      0.065,
      0.13,
      0.1925,
      0.2575,
      0.32,
      0.385,
      0.45,
      0.5125,
      0.5775,
      0.64,
      0.705,
      0.77,
      0.8325,
      0.8975,
      0.96,
      1.025,
      1.09,
      1.1525,
      1.2175,
      1.28,
      1.345,
      1.41,
      1.4725
    ],
    "SoftwareVersions": "syngo_MR_B19",
    "SpacingBetweenSlices": 3.45,
    "StationName": "MRC35420",
    "StudyID": "1",
    "StudyInstanceUID": "1.3.12.2.1107.5.2.32.35420.30000022053005374096600000219",
    "TaskName": "TODO: full task name for localizer",
    "TotalReadoutTime": 0.03795,
    "TxRefAmp": 297.565,
    "dataset": "unknown",
    "modality": "bold",
    "subject_id": "21",
    "task_id": "localizer"
  },
  "dummy_trs": 1,
  "dvars_nstd": 25.11318195732712,
  "dvars_std": 1.1827591534953268,
  "dvars_vstd": 0.9821702048224297,
  "efc": 0.4575456545283282,
  "fber": 1191.19140625,
  "fd_mean": 0.1434161862331827,
  "fd_num": 68,
  "fd_perc": 12.686567164179104,
  "fwhm_avg": 2.5152119705542537,
  "fwhm_x": 2.4363266666666665,
  "fwhm_y": 2.91226,
  "fwhm_z": 2.197049244996095,
  "gcor": 0.0164328,
  "gsr_x": 0.006437611300498247,
  "gsr_y": 0.05044929310679436,
  "provenance": {
    "md5sum": "07cbea23ae154a75db44b8ffe4170a2c",
    "settings": {
      "fd_thres": 0.2,
      "hmc_fsl": false
    },
    "software": "mriqc",
    "version": "0.15.0",
    "webapi_port": null,
    "webapi_url": "https://mriqc.nimh.nih.gov/api/v1"
  },
  "size_t": 536,
  "size_x": 70,
  "size_y": 70,
  "size_z": 48,
  "snr": 2.722151686173314,
  "spacing_tr": 1.5299999713897705,
  "spacing_x": 3.0,
  "spacing_y": 3.0,
  "spacing_z": 3.450000047683716,
  "summary_bg_k": 43.83185701130166,
  "summary_bg_mad": 3.6650142669677734,
  "summary_bg_mean": 23.13322639465332,
  "summary_bg_median": 12.052238464355469,
  "summary_bg_n": 157479.0,
  "summary_bg_p05": 9.21641731262207,
  "summary_bg_p95": 80.04496307373049,
  "summary_bg_stdv": 33.03498840332031,
  "summary_fg_k": 1.541022763154876,
  "summary_fg_mad": 134.2999725341797,
  "summary_fg_mean": 465.82080078125,
  "summary_fg_median": 446.2835693359375,
  "summary_fg_n": 36943.0,
  "summary_fg_p05": 232.64197845458986,
  "summary_fg_p95": 766.0988830566408,
  "summary_fg_stdv": 163.94293212890625,
  "tsnr": 57.873512268066406
}