{
  "bids_meta": {
    "AcquisitionDateTime": "2022-06-09T09:38:37.050000",
    "AcquisitionMatrixPE": 256,
    "AcquisitionNumber": 1,
    "AcquisitionTime": "09:38:37.050000",
    "BaseResolution": 256,
    "CoilString": "C:HEA;HEP",
    "ConversionSoftware": "dcm2niix",
    "ConversionSoftwareVersion": "v1.0.20190902",
    "DeviceSerialNumber": "35420",
    "DwellTime": 9.8e-06,
    "EchoTime": 0.00226,
    "FlipAngle": 9,
    "ImageOrientationPatientDICOM": [
      0.0523002,
      0.998577,
      0.0104657,
      0.0346947,
      0.00865679,
      -0.99936
    ],
    "ImageType": [
      "ORIGINAL",
      "PRIMARY",
      "M",
      "ND",
      "NORM"
    ],
    "ImagingFrequency": 123.222,
    "InPlanePhaseEncodingDirectionDICOM": "ROW",
    "InstitutionAddress": "Rudolf-Bultmann-Strasse_8_Marburg_District_DE_35039",
    "InstitutionName": "Center_of_BrainImaging_Uni-Marburg",
    "InstitutionalDepartmentName": "Department",
    "InversionTime": 0.9,
    "MRAcquisitionType": "3D",
    "MagneticFieldStrength": 3,
    "Manufacturer": "Siemens",
    "ManufacturersModelName": "TrioTim",
    "Modality": "MR",
    "PartialFourier": 1,
    "PatientBirthDate": "1999-01-01",
    "PatientID": "AGB_FRAPPS_19",
    "PatientName": "20220609_AGB_FRAPPS_19",
    "PatientPosition": "HFS",
    "PatientSex": "F",
    "PatientWeight": 56,
    "PercentPhaseFOV": 100,
    "PhaseEncodingSteps": 256,
    "PhaseResolution": 1,
    "PixelBandwidth": 199,
    "ProcedureStepDescription": "AGB_Christoph",
    "ProtocolName": "t1_mpr_12CH_sag_p2_iso_FOV256_ND_REF",
    "PulseSequenceDetails": "%SiemensSeq%_tfl",
    "ReceiveCoilName": "32Ch_Head",
    "ReconMatrixPE": 256,
    "RepetitionTime": 1.9,
    "SAR": 0.102901,
    "ScanOptions": "IR",
    "ScanningSequence": "GR_IR",
    "SequenceName": "_tfl3d1_ns",
    "SequenceVariant": "SP_MP",
    "SeriesDescription": "t1_mpr_12CH_sag_p2_iso_FOV256_ND_REF",
    "SeriesInstanceUID": "1.3.12.2.1107.5.2.32.35420.2022060909383541302283555.0.0.0",
    "SeriesNumber": 3,
    "ShimSetting": [
      9316,
      9562,
      -1837,
      -292,
      -72,
      -2564,
      430,
      205
    ],
    "SliceThickness": 1,
    "SoftwareVersions": "syngo_MR_B19",
    "StationName": "MRC35420",
    "StudyID": "1",
    "StudyInstanceUID": "1.3.12.2.1107.5.2.32.35420.30000022053005374096600000137",
    "TxRefAmp": 318.322,
    "dataset": "unknown",
    "modality": "T1w",
    "subject_id": "19"
  },
  "cjv": 0.36972365913196525,
  "cnr": 3.561242800338278,
  "efc": 0.5982601681888963,
  "fber": 834.8604125976562,
  "fwhm_avg": 5.190833333333333,
  "fwhm_x": 4.99333,
  "fwhm_y": 5.27403,
  "fwhm_z": 5.30514,
  "icvs_csf": 0.23146288549914096,
  "icvs_gm": 0.4228209562064116,
  "icvs_wm": 0.3457161582944474,
  "inu_med": 1.7083663940429688,
  "inu_range": 0.8246434926986694,
  "provenance": {
    "md5sum": "5c6bf3d5305da109ea4b775dee461fe2",
    "settings": {
      "testing": false
    },
    "software": "mriqc",
    "version": "0.15.0",
    "warnings": {
      "large_rot_frame": true,
      "small_air_mask": false
    },
    "webapi_port": null,
    "webapi_url": "https://mriqc.nimh.nih.gov/api/v1"
  },
  "qi_1": 0.0,
  "qi_2": 0.017481409464981796,
  "rpve_csf": 22.736373233346388,
  "rpve_gm": 12.850701620552197,
  "rpve_wm": 18.57137389042158,
  "size_x": 176,
  "size_y": 256,
  "size_z": 256,
  "snr_csf": 4.097868093247728,
  "snr_gm": 11.83416554342501,
  "snr_total": 12.800360532606959,
  "snr_wm": 22.469047961148142,
  "snrd_csf": 19.921420355488692,
  "snrd_gm": 43.17484874984058,
  "snrd_total": 40.91109668843155,
  "snrd_wm": 59.63702095996539,
  "spacing_x": 1.0,
  "spacing_y": 1.0,
  "spacing_z": 1.0,
  "summary_bg_k": 1.1949125839024033,
  "summary_bg_mad": 10.985395431518555,
  "summary_bg_mean": 25.383277893066406,
  "summary_bg_median": 21.273983001708984,
  "summary_bg_n": 1504667.0,
  "summary_bg_p05": 0.0,
  "summary_bg_p95": 56.579918670654294,
  "summary_bg_stdv": 16.884742736816406,
  "summary_csf_k": 4.881997226882994,
  "summary_csf_mad": 79.09738159179688,
  "summary_csf_mean": 348.1665344238281,
  "summary_csf_median": 334.0444641113281,
  "summary_csf_n": 37393.0,
  "summary_csf_p05": 241.72726135253907,
  "summary_csf_p95": 488.8700134277344,
  "summary_csf_stdv": 81.51555633544922,
  "summary_gm_k": 0.086616720334177,
  "summary_gm_mad": 60.34283447265625,
  "summary_gm_mean": 723.3253784179688,
  "summary_gm_median": 723.9603881835938,
  "summary_gm_n": 25307.0,
  "summary_gm_p05": 621.4608947753907,
  "summary_gm_p95": 822.9727478027344,
  "summary_gm_stdv": 61.17424011230469,
  "summary_wm_k": 0.5743785318386259,
  "summary_wm_mad": 41.71547317504883,
  "summary_wm_mean": 998.6854248046875,
  "summary_wm_median": 999.9998168945312,
  "summary_wm_n": 209639.0,
  "summary_wm_p05": 922.4054626464844,
  "summary_wm_p95": 1068.966955566406,
  "summary_wm_stdv": 44.50555419921875,
  "tpm_overlap_csf": 0.22618943452835083,
  "tpm_overlap_gm": 0.5018652081489563,
  "tpm_overlap_wm": 0.533984363079071,
  "wm2max": 0.5993150458033395
}