{
  "aor": 0.002535344506517691,
  "aqi": 0.007728043035381751,
  "bids_meta": {
    "AcquisitionDateTime": "2022-04-28T10:46:54.362500",
    "AcquisitionMatrixPE": 70,
    "AcquisitionNumber": 1,
    "AcquisitionTime": "10:46:54.362500",
    "BandwidthPerPixelPhaseEncode": 25.974,
    "BaseResolution": 70,
    "CoilString": "C:HEA;HEP",
    "ConversionSoftware": "dcm2niix",
    "ConversionSoftwareVersion": "v1.0.20190902",
    "DerivedVendorReportedEchoSpacing": 0.000550001,
    "DeviceSerialNumber": "35420",
    "DwellTime": 3.5e-06,
    "EchoTime": 0.03,
    "EffectiveEchoSpacing": 0.000550001,
    "FlipAngle": 60,
    "ImageComments": "Unaliased_MB2_PE2_LB",
    "ImageOrientationPatientDICOM": [
      0.998746,
      -0.0500256,
      0.00211178,
      0.0500696,
      0.997657,
      -0.0466251
    ],
    "ImageType": [
      "ORIGINAL",
      "PRIMARY",
      "M",
      "MB",
      "ND",
      "MOSAIC"
    ],
    "ImagingFrequency": 123.221,
    "InPlanePhaseEncodingDirectionDICOM": "COL",
    "InstitutionAddress": "Rudolf-Bultmann-Strasse_8_Marburg_District_DE_35039",
    "InstitutionName": "Center_of_BrainImaging_Uni-Marburg",
    "InstitutionalDepartmentName": "Department",
    "MRAcquisitionType": "2D",
    "MagneticFieldStrength": 3,
    "Manufacturer": "Siemens",
    "ManufacturersModelName": "TrioTim",
    "Modality": "MR",
    "MultibandAccelerationFactor": 2,
    "PartialFourier": 1,
    "PatientBirthDate": "1999-01-01",
    "PatientID": "AGB_FRAPPS_10",
    "PatientName": "20220428_AGB_FRAPPS_10",
    "PatientPosition": "HFS",
    "PatientSex": "F",
    "PatientWeight": 61,
    "PercentPhaseFOV": 100,
    "PhaseEncodingDirection": "j-",
    "PhaseEncodingSteps": 70,
    "PhaseResolution": 1,
    "PixelBandwidth": 2041,
    "ProcedureStepDescription": "AGB_Christoph",
    "ProtocolName": "cmrr_ep2d_bold_FP_MB2_iso3",
    "PulseSequenceDetails": "%CustomerSeq%_cmrr_mbep2d_bold",
    "ReceiveCoilName": "32Ch_Head",
    "ReconMatrixPE": 70,
    "RepetitionTime": 1.53,
    "SAR": 0.114617,
    "ScanOptions": "FS",
    "ScanningSequence": "EP",
    "SequenceName": "epfid2d1_70",
    "SequenceVariant": "SK_SS",
    "SeriesDescription": "cmrr_ep2d_bold_FP_MB2_iso3",
    "SeriesInstanceUID": "1.3.12.2.1107.5.2.32.35420.2022042810465717255486892.0.0.0",
    "SeriesNumber": 6,
    "ShimSetting": [
      9302,
      9680,
      -1569,
      92,
      -132,
      -1784,
      538,
      254
    ],
    "SliceThickness": 3,
    "SliceTiming": [
      0,
      0.0625,
      0.1275,
      0.19,
      0.255,
      0.3175,
      0.3825,
      0.4475,
      0.51,
      0.575,
      0.6375,
      0.7025,
      0.7675,
      0.83,
      0.895,
      0.9575,
      1.0225,
      1.0875,
      1.15,
      1.215,
      1.2775,
      1.3425,
      1.4075,
      1.47,
      0,
      0.0625,
      0.1275,
      0.19,
      0.255,
      0.3175,
      0.3825,
      0.4475,
      0.51,
      0.575,
      0.6375,
      0.7025,
      0.7675,
      0.83,
      0.895,
      0.9575,
      1.0225,
      1.0875,
      1.15,
      1.215,
      1.2775,
      1.3425,
      1.4075,
      1.47
    ],
    "SoftwareVersions": "syngo_MR_B19",
    "SpacingBetweenSlices": 3.45,
    "StationName": "MRC35420",
    "StudyID": "1",
    "StudyInstanceUID": "1.3.12.2.1107.5.2.32.35420.30000022042010144015600000113",
    "TaskName": "TODO: full task name for localizer",
    "TotalReadoutTime": 0.03795,
    "TxRefAmp": 296.261,
    "dataset": "unknown",
    "modality": "bold",
    "subject_id": "10",
    "task_id": "localizer"
  },
  "dummy_trs": 0,
  "dvars_nstd": 19.883094726996244,
  "dvars_std": 1.0732355663619408,
  "dvars_vstd": 0.9935339187126866,
  "efc": 0.5005707066622039,
  "fber": 976.1777954101562,
  "fd_mean": 0.18519169646792036,
  "fd_num": 203,
  "fd_perc": 37.80260707635009,
  "fwhm_avg": 2.5776489262565665,
  "fwhm_x": 2.49356,
  "fwhm_y": 2.8644766666666666,
  "fwhm_z": 2.3749101121030325,
  "gcor": 0.0100382,
  "gsr_x": -0.003658892586827278,
  "gsr_y": 0.07889937609434128,
  "provenance": {
    "md5sum": "05f409faa712830fbd7042c1336980d5",
    "settings": {
      "fd_thres": 0.2,
      "hmc_fsl": false
    },
    "software": "mriqc",
    "version": "0.15.0",
    "webapi_port": null,
    "webapi_url": "https://mriqc.nimh.nih.gov/api/v1"
  },
  "size_t": 537,
  "size_x": 70,
  "size_y": 70,
  "size_z": 48,
  "snr": 2.8604681501236073,
  "spacing_tr": 1.5299999713897705,
  "spacing_x": 3.0,
  "spacing_y": 3.0,
  "spacing_z": 3.450000047683716,
  "summary_bg_k": 41.71347907139323,
  "summary_bg_mad": 5.748189926147461,
  "summary_bg_mean": 30.761981964111328,
  "summary_bg_median": 13.891992568969727,
  "summary_bg_n": 148676.0,
  "summary_bg_p05": 9.275605201721191,
  "summary_bg_p95": 110.84497261047363,
  "summary_bg_stdv": 51.63920593261719,
  "summary_fg_k": 2.228489879084673,
  "summary_fg_mad": 129.57861328125,
  "summary_fg_mean": 482.3507080078125,
  "summary_fg_median": 461.6871643066406,
  "summary_fg_n": 43842.0,
  "summary_fg_p05": 259.3843505859375,
  "summary_fg_p95": 771.1508178710938,
  "summary_fg_stdv": 161.40081787109375,
  "tsnr": 42.56608200073242
}