{
  "aor": 0.002592006389776358,
  "aqi": 0.009115776575079872,
  "bids_meta": {
    "AcquisitionDateTime": "2022-04-28T10:05:26.377500",
    "AcquisitionMatrixPE": 70,
    "AcquisitionNumber": 1,
    "AcquisitionTime": "10:05:26.377500",
    "BandwidthPerPixelPhaseEncode": 25.974,
    "BaseResolution": 70,
    "CoilString": "C:HEA;HEP",
    "ConversionSoftware": "dcm2niix",
    "ConversionSoftwareVersion": "v1.0.20190902",
    "DerivedVendorReportedEchoSpacing": 0.000550001,
    "DeviceSerialNumber": "35420",
    "DwellTime": 3.5e-06,
    "EchoTime": 0.03,
    "EffectiveEchoSpacing": 0.000550001,
    "FlipAngle": 55,
    "ImageComments": "Unaliased_MB2_PE2_LB",
    "ImageOrientationPatientDICOM": [
      0.998749,
      -0.0499674,
      0.00210907,
      0.0500114,
      0.99766,
      -0.0466252
    ],
    "ImageType": [
      "ORIGINAL",
      "PRIMARY",
      "M",
      "MB",
      "ND",
      "MOSAIC"
    ],
    "ImagingFrequency": 123.221,
    "InPlanePhaseEncodingDirectionDICOM": "COL",
    "InstitutionAddress": "Rudolf-Bultmann-Strasse_8_Marburg_District_DE_35039",
    "InstitutionName": "Center_of_BrainImaging_Uni-Marburg",
    "InstitutionalDepartmentName": "Department",
    "MRAcquisitionType": "2D",
    "MagneticFieldStrength": 3,
    "Manufacturer": "Siemens",
    "ManufacturersModelName": "TrioTim",
    "Modality": "MR",
    "MultibandAccelerationFactor": 2,
    "PartialFourier": 1,
    "PatientBirthDate": "1999-01-01",
    "PatientID": "AGB_FRAPPS_10",
    "PatientName": "20220428_AGB_FRAPPS_10",
    "PatientPosition": "HFS",
    "PatientSex": "F",
    "PatientWeight": 61,
    "PercentPhaseFOV": 100,
    "PhaseEncodingDirection": "j-",
    "PhaseEncodingSteps": 70,
    "PhaseResolution": 1,
    "PixelBandwidth": 2041,
    "ProcedureStepDescription": "AGB_Christoph",
    "ProtocolName": "cmrr_ep2d_bold_MB2_iso3",
    "PulseSequenceDetails": "%CustomerSeq%_cmrr_mbep2d_bold",
    "ReceiveCoilName": "32Ch_Head",
    "ReconMatrixPE": 70,
    "RepetitionTime": 1.53,
    "SAR": 0.0975849,
    "ScanOptions": "FS",
    "ScanningSequence": "EP",
    "SequenceName": "epfid2d1_70",
    "SequenceVariant": "SK_SS",
    "SeriesDescription": "cmrr_ep2d_bold_MB2_iso3",
    "SeriesInstanceUID": "1.3.12.2.1107.5.2.32.35420.2022042810052880709080047.0.0.0",
    "SeriesNumber": 4,
    "ShimSetting": [
      9302,
      9680,
      -1569,
      92,
      -132,
      -1784,
      538,
      254
    ],
    "SliceThickness": 3,
    "SliceTiming": [
      0,
      0.065,
      0.13,
      0.1925,
      0.2575,
      0.32,
      0.385,
      0.45,
      0.5125,
      0.5775,
      0.64,
      0.705,
      0.77,
      0.8325,
      0.8975,
      0.96,
      1.025,
      1.09,
      1.1525,
      1.2175,
      1.28,
      1.345,
      1.4075,
      1.4725,
      0,
      0.065,
      0.13,
      0.1925,
      0.2575,
      0.32,
      0.385,
      0.45,
      0.5125,
      0.5775,
      0.64,
      0.705,
      0.77,
      0.8325,
      0.8975,
      0.96,
      1.025,
      1.09,
      1.1525,
      1.2175,
      1.28,
      1.345,
      1.4075,
      1.4725
    ],
    "SoftwareVersions": "syngo_MR_B19",
    "SpacingBetweenSlices": 3.45,
    "StationName": "MRC35420",
    "StudyID": "1",
    "StudyInstanceUID": "1.3.12.2.1107.5.2.32.35420.30000022042010144015600000113",
    "TaskName": "TODO: full task name for FRAPPS - replication study",
    "TotalReadoutTime": 0.03795,
    "TxRefAmp": 296.261,
    "dataset": "unknown",
    "modality": "bold",
    "subject_id": "10",
    "task_id": "frapps"
  },
  "dummy_trs": 0,
  "dvars_nstd": 19.359809393772423,
  "dvars_std": 1.06109659185422,
  "dvars_vstd": 0.9854999274040924,
  "efc": 0.5018198494390608,
  "fber": 954.7650146484375,
  "fd_mean": 0.1776296067678301,
  "fd_num": 627,
  "fd_perc": 40.063897763578275,
  "fwhm_avg": 2.5542964142968803,
  "fwhm_x": 2.4599100000000003,
  "fwhm_y": 2.853596666666667,
  "fwhm_z": 2.3493825762239737,
  "gcor": 0.0567009,
  "gsr_x": -0.0057794018648564816,
  "gsr_y": 0.0803666040301323,
  "provenance": {
    "md5sum": "60932b202b2e2694a74007d75cca6e5b",
    "settings": {
      "fd_thres": 0.2,
      "hmc_fsl": false
    },
    "software": "mriqc",
    "version": "0.15.0",
    "webapi_port": null,
    "webapi_url": "https://mriqc.nimh.nih.gov/api/v1"
  },
  "size_t": 1565,
  "size_x": 70,
  "size_y": 70,
  "size_z": 48,
  "snr": 2.8869956987005327,
  "spacing_tr": 1.5299999713897705,
  "spacing_x": 3.0,
  "spacing_y": 3.0,
  "spacing_z": 3.450000047683716,
  "summary_bg_k": 44.85156461039964,
  "summary_bg_mad": 5.398944854736328,
  "summary_bg_mean": 30.272470474243164,
  "summary_bg_median": 13.62747573852539,
  "summary_bg_n": 148677.0,
  "summary_bg_p05": 9.205750465393066,
  "summary_bg_p95": 107.61430816650389,
  "summary_bg_stdv": 51.67776870727539,
  "summary_fg_k": 2.3815812709506554,
  "summary_fg_mad": 124.16961669921875,
  "summary_fg_mean": 469.4334411621094,
  "summary_fg_median": 448.48211669921875,
  "summary_fg_n": 43846.0,
  "summary_fg_p05": 258.73912811279297,
  "summary_fg_p95": 748.4785919189453,
  "summary_fg_stdv": 155.34384155273438,
  "tsnr": 38.924659729003906
}