{
	"Modality": "MR",
	"MagneticFieldStrength": 3,
	"ImagingFrequency": 123.221,
	"Manufacturer": "Siemens",
	"ManufacturersModelName": "TrioTim",
	"InstitutionName": "Center_of_BrainImaging_Uni-Marburg",
	"InstitutionalDepartmentName": "Department",
	"InstitutionAddress": "Rudolf-Bultmann-Strasse_8_Marburg_District_DE_35039",
	"DeviceSerialNumber": "35420",
	"StationName": "MRC35420",
	"SeriesInstanceUID": "1.3.12.2.1107.5.2.32.35420.2022062108423897117338005.0.0.0",
	"StudyInstanceUID": "1.3.12.2.1107.5.2.32.35420.30000022053005374096600000277",
	"StudyID": "1",
	"PatientName": "20220621_AGB_FRAPPS_25",
	"PatientID": "AGB_FRAPPS_25",
	"PatientBirthDate": "1996-01-01",
	"PatientSex": "F",
	"PatientWeight": 60,
	"PatientPosition": "HFS",
	"ProcedureStepDescription": "AGB_Christoph",
	"SoftwareVersions": "syngo_MR_B19",
	"MRAcquisitionType": "3D",
	"SeriesDescription": "t1_mpr_12CH_sag_p2_iso_FOV256_ND_REF",
	"ProtocolName": "t1_mpr_12CH_sag_p2_iso_FOV256_ND_REF",
	"ScanningSequence": "GR_IR",
	"SequenceVariant": "SP_MP",
	"ScanOptions": "IR",
	"SequenceName": "_tfl3d1_ns",
	"ImageType": ["ORIGINAL", "PRIMARY", "M", "ND", "NORM"],
	"SeriesNumber": 3,
	"AcquisitionTime": "08:42:41.782500",
	"AcquisitionDateTime": "2022-06-21T08:42:41.782500",
	"AcquisitionNumber": 1,
	"SliceThickness": 1,
	"SAR": 0.11038,
	"EchoTime": 0.00226,
	"RepetitionTime": 1.9,
	"InversionTime": 0.9,
	"FlipAngle": 9,
	"PartialFourier": 1,
	"BaseResolution": 256,
	"ShimSetting": [
		9316,
		9562,
		-1837,
		-292,
		-72,
		-2564,
		430,
		205	],
	"TxRefAmp": 308.683,
	"PhaseResolution": 1,
	"ReceiveCoilName": "32Ch_Head",
	"CoilString": "C:HEA;HEP",
	"PulseSequenceDetails": "%SiemensSeq%_tfl",
	"PercentPhaseFOV": 100,
	"PhaseEncodingSteps": 256,
	"AcquisitionMatrixPE": 256,
	"ReconMatrixPE": 256,
	"PixelBandwidth": 199,
	"DwellTime": 9.8e-06,
	"ImageOrientationPatientDICOM": [
		0.0451261,
		0.998839,
		-0.0168575,
		0.0577726,
		-0.0194558,
		-0.99814	],
	"InPlanePhaseEncodingDirectionDICOM": "ROW",
	"ConversionSoftware": "dcm2niix",
	"ConversionSoftwareVersion": "v1.0.20190902"
}
