{
  "bids_meta": {
    "AcquisitionDateTime": "2022-06-21T10:10:0.035000",
    "AcquisitionMatrixPE": 256,
    "AcquisitionNumber": 1,
    "AcquisitionTime": "10:10:0.035000",
    "BaseResolution": 256,
    "CoilString": "C:HEA;HEP",
    "ConversionSoftware": "dcm2niix",
    "ConversionSoftwareVersion": "v1.0.20190902",
    "DeviceSerialNumber": "35420",
    "DwellTime": 9.8e-06,
    "EchoTime": 0.00226,
    "FlipAngle": 9,
    "ImageOrientationPatientDICOM": [
      0.0347115,
      0.975696,
      -0.21636,
      0.0200237,
      -0.217126,
      -0.975938
    ],
    "ImageType": [
      "ORIGINAL",
      "PRIMARY",
      "M",
      "ND",
      "NORM"
    ],
    "ImagingFrequency": 123.221,
    "InPlanePhaseEncodingDirectionDICOM": "ROW",
    "InstitutionAddress": "Rudolf-Bultmann-Strasse_8_Marburg_District_DE_35039",
    "InstitutionName": "Center_of_BrainImaging_Uni-Marburg",
    "InstitutionalDepartmentName": "Department",
    "InversionTime": 0.9,
    "MRAcquisitionType": "3D",
    "MagneticFieldStrength": 3,
    "Manufacturer": "Siemens",
    "ManufacturersModelName": "TrioTim",
    "Modality": "MR",
    "PartialFourier": 1,
    "PatientBirthDate": "1999-01-01",
    "PatientID": "AGB_FRAPPS_26",
    "PatientName": "20220621_AGB_FRAPPS_26",
    "PatientPosition": "HFS",
    "PatientSex": "M",
    "PatientWeight": 69,
    "PercentPhaseFOV": 100,
    "PhaseEncodingSteps": 256,
    "PhaseResolution": 1,
    "PixelBandwidth": 199,
    "ProcedureStepDescription": "AGB_Christoph",
    "ProtocolName": "t1_mpr_12CH_sag_p2_iso_FOV256_ND_REF",
    "PulseSequenceDetails": "%SiemensSeq%_tfl",
    "ReceiveCoilName": "32Ch_Head",
    "ReconMatrixPE": 256,
    "RepetitionTime": 1.9,
    "SAR": 0.0977808,
    "ScanOptions": "IR",
    "ScanningSequence": "GR_IR",
    "SequenceName": "_tfl3d1_ns",
    "SequenceVariant": "SP_MP",
    "SeriesDescription": "t1_mpr_12CH_sag_p2_iso_FOV256_ND_REF",
    "SeriesInstanceUID": "1.3.12.2.1107.5.2.32.35420.2022062110095832584838607.0.0.0",
    "SeriesNumber": 3,
    "ShimSetting": [
      9316,
      9562,
      -1837,
      -292,
      -72,
      -2564,
      430,
      205
    ],
    "SliceThickness": 1,
    "SoftwareVersions": "syngo_MR_B19",
    "StationName": "MRC35420",
    "StudyID": "1",
    "StudyInstanceUID": "1.3.12.2.1107.5.2.32.35420.30000022053005374096600000280",
    "TxRefAmp": 298.52,
    "dataset": "unknown",
    "modality": "T1w",
    "subject_id": "26"
  },
  "cjv": 0.3831384844038804,
  "cnr": 3.4788005257718377,
  "efc": 0.6035446557933669,
  "fber": 417.5557556152344,
  "fwhm_avg": 4.96137686251403,
  "fwhm_x": 4.95665029543938,
  "fwhm_y": 4.900670292102712,
  "fwhm_z": 5.02681,
  "icvs_csf": 0.21822542075890847,
  "icvs_gm": 0.43811108710751595,
  "icvs_wm": 0.34366349213357555,
  "inu_med": 1.3214730024337769,
  "inu_range": 0.6644588470458985,
  "provenance": {
    "md5sum": "24e3a10b0d175db0d412d338d9a9bcee",
    "settings": {
      "testing": false
    },
    "software": "mriqc",
    "version": "0.15.0",
    "warnings": {
      "large_rot_frame": true,
      "small_air_mask": false
    },
    "webapi_port": null,
    "webapi_url": "https://mriqc.nimh.nih.gov/api/v1"
  },
  "qi_1": 0.0,
  "qi_2": 0.014525969840676651,
  "rpve_csf": 22.99784624480414,
  "rpve_gm": 12.171828376412211,
  "rpve_wm": 18.089095490485708,
  "size_x": 176,
  "size_y": 256,
  "size_z": 256,
  "snr_csf": 3.78796130434043,
  "snr_gm": 12.286794264079022,
  "snr_total": 12.706877579548852,
  "snr_wm": 22.045877170227104,
  "snrd_csf": 11.055674511868677,
  "snrd_gm": 20.679091554313608,
  "snrd_total": 20.008176093303554,
  "snrd_wm": 28.28976221372838,
  "spacing_x": 0.9999999403953552,
  "spacing_y": 0.9999999403953552,
  "spacing_z": 1.0,
  "summary_bg_k": 0.9542409544915609,
  "summary_bg_mad": 23.158153533935547,
  "summary_bg_mean": 30.261205673217773,
  "summary_bg_median": 23.84269905090332,
  "summary_bg_n": 2236010.0,
  "summary_bg_p05": 7.817283129692077,
  "summary_bg_p95": 63.48370189666748,
  "summary_bg_stdv": 19.585538864135742,
  "summary_csf_k": -0.15889849331753414,
  "summary_csf_mad": 113.48211669921875,
  "summary_csf_mean": 398.1614990234375,
  "summary_csf_median": 390.8026123046875,
  "summary_csf_n": 27786.0,
  "summary_csf_p05": 248.68792724609375,
  "summary_csf_p95": 577.4481048583984,
  "summary_csf_stdv": 103.16778564453125,
  "summary_gm_k": -0.08259497185433196,
  "summary_gm_mad": 59.55891036987305,
  "summary_gm_mean": 733.1353759765625,
  "summary_gm_median": 730.9769287109375,
  "summary_gm_n": 31095.0,
  "summary_gm_p05": 639.2648803710938,
  "summary_gm_p95": 835.0880004882812,
  "summary_gm_stdv": 59.49193572998047,
  "summary_wm_k": 0.39676683126074774,
  "summary_wm_mad": 43.5155143737793,
  "summary_wm_mean": 997.6748046875,
  "summary_wm_median": 1000.0034790039062,
  "summary_wm_n": 208943.0,
  "summary_wm_p05": 919.3296081542969,
  "summary_wm_p95": 1068.0314575195312,
  "summary_wm_stdv": 45.36000442504883,
  "tpm_overlap_csf": 0.20318777859210968,
  "tpm_overlap_gm": 0.4944109320640564,
  "tpm_overlap_wm": 0.5045808553695679,
  "wm2max": 0.5719598138627409
}