{
  "aor": 0.0010973880597014926,
  "aqi": 0.0027875201492537313,
  "bids_meta": {
    "AcquisitionDateTime": "2022-04-06T17:18:50.397500",
    "AcquisitionMatrixPE": 70,
    "AcquisitionNumber": 1,
    "AcquisitionTime": "17:18:50.397500",
    "BandwidthPerPixelPhaseEncode": 25.974,
    "BaseResolution": 70,
    "CoilString": "C:HEA;HEP",
    "ConversionSoftware": "dcm2niix",
    "ConversionSoftwareVersion": "v1.0.20190902",
    "DerivedVendorReportedEchoSpacing": 0.000550001,
    "DeviceSerialNumber": "35420",
    "DwellTime": 3.5e-06,
    "EchoTime": 0.03,
    "EffectiveEchoSpacing": 0.000550001,
    "FlipAngle": 60,
    "ImageComments": "Unaliased_MB2_PE2_LB",
    "ImageOrientationPatientDICOM": [
      0.998379,
      -0.0201866,
      0.0532104,
      0.0261039,
      0.993256,
      -0.112969
    ],
    "ImageType": [
      "ORIGINAL",
      "PRIMARY",
      "M",
      "MB",
      "ND",
      "MOSAIC"
    ],
    "ImagingFrequency": 123.222,
    "InPlanePhaseEncodingDirectionDICOM": "COL",
    "InstitutionAddress": "Rudolf-Bultmann-Strasse_8_Marburg_District_DE_35039",
    "InstitutionName": "Center_of_BrainImaging_Uni-Marburg",
    "InstitutionalDepartmentName": "Department",
    "MRAcquisitionType": "2D",
    "MagneticFieldStrength": 3,
    "Manufacturer": "Siemens",
    "ManufacturersModelName": "TrioTim",
    "Modality": "MR",
    "MultibandAccelerationFactor": 2,
    "PartialFourier": 1,
    "PatientBirthDate": "1996-01-01",
    "PatientID": "AGB_FRAPPS_01",
    "PatientName": "20200406_AGB_FRAPPS_01",
    "PatientPosition": "HFS",
    "PatientSex": "F",
    "PatientWeight": 64,
    "PercentPhaseFOV": 100,
    "PhaseEncodingDirection": "j-",
    "PhaseEncodingSteps": 70,
    "PhaseResolution": 1,
    "PixelBandwidth": 2041,
    "ProcedureStepDescription": "AGB_Christoph",
    "ProtocolName": "cmrr_ep2d_bold_FP_MB2_iso3",
    "PulseSequenceDetails": "%CustomerSeq%_cmrr_mbep2d_bold",
    "ReceiveCoilName": "32Ch_Head",
    "ReconMatrixPE": 70,
    "RepetitionTime": 1.53,
    "SAR": 0.119774,
    "ScanOptions": "FS",
    "ScanningSequence": "EP",
    "SequenceName": "epfid2d1_70",
    "SequenceVariant": "SK_SS",
    "SeriesDescription": "cmrr_ep2d_bold_FP_MB2_iso3",
    "SeriesInstanceUID": "1.3.12.2.1107.5.2.32.35420.2022040617185360896881284.0.0.0",
    "SeriesNumber": 7,
    "ShimSetting": [
      9337,
      9601,
      -1379,
      347,
      -228,
      -2594,
      394,
      81
    ],
    "SliceThickness": 3,
    "SliceTiming": [
      0,
      0.0625,
      0.1275,
      0.1925,
      0.255,
      0.32,
      0.3825,
      0.4475,
      0.51,
      0.575,
      0.64,
      0.7025,
      0.7675,
      0.83,
      0.895,
      0.96,
      1.0225,
      1.0875,
      1.15,
      1.215,
      1.28,
      1.3425,
      1.4075,
      1.47,
      0,
      0.0625,
      0.1275,
      0.1925,
      0.255,
      0.32,
      0.3825,
      0.4475,
      0.51,
      0.575,
      0.64,
      0.7025,
      0.7675,
      0.83,
      0.895,
      0.96,
      1.0225,
      1.0875,
      1.15,
      1.215,
      1.28,
      1.3425,
      1.4075,
      1.47
    ],
    "SoftwareVersions": "syngo_MR_B19",
    "SpacingBetweenSlices": 3.45,
    "StationName": "MRC35420",
    "StudyID": "1",
    "StudyInstanceUID": "1.3.12.2.1107.5.2.32.35420.30000022040406475295100000074",
    "TaskName": "TODO: full task name for localizer",
    "TotalReadoutTime": 0.03795,
    "TxRefAmp": 301.095,
    "dataset": "unknown",
    "modality": "bold",
    "subject_id": "01",
    "task_id": "localizer"
  },
  "dummy_trs": 1,
  "dvars_nstd": 23.158073332841106,
  "dvars_std": 1.1811211202056071,
  "dvars_vstd": 0.9890230983177571,
  "efc": 0.4722382436319371,
  "fber": 1210.1390380859375,
  "fd_mean": 0.1584698812808659,
  "fd_num": 111,
  "fd_perc": 20.708955223880597,
  "fwhm_avg": 2.382904001448725,
  "fwhm_x": 2.3109699999999997,
  "fwhm_y": 2.6619766666666664,
  "fwhm_z": 2.1757653376795085,
  "gcor": 0.0229961,
  "gsr_x": -0.01046072319149971,
  "gsr_y": 0.05941289663314819,
  "provenance": {
    "md5sum": "c46e5a7f2f89d81f505b40e0bc372026",
    "settings": {
      "fd_thres": 0.2,
      "hmc_fsl": false
    },
    "software": "mriqc",
    "version": "0.15.0",
    "webapi_port": null,
    "webapi_url": "https://mriqc.nimh.nih.gov/api/v1"
  },
  "size_t": 536,
  "size_x": 70,
  "size_y": 70,
  "size_z": 48,
  "snr": 2.722756389354495,
  "spacing_tr": 1.5299999713897705,
  "spacing_x": 3.0,
  "spacing_y": 3.0,
  "spacing_z": 3.4499998092651367,
  "summary_bg_k": 42.826900099662225,
  "summary_bg_mad": 3.579268455505371,
  "summary_bg_mean": 22.549543380737305,
  "summary_bg_median": 12.123133659362793,
  "summary_bg_n": 150790.0,
  "summary_bg_p05": 9.382462501525879,
  "summary_bg_p95": 73.2435623168945,
  "summary_bg_stdv": 30.74217414855957,
  "summary_fg_k": 2.6642257242828995,
  "summary_fg_mad": 137.6551971435547,
  "summary_fg_mean": 480.8412780761719,
  "summary_fg_median": 451.8115539550781,
  "summary_fg_n": 42065.0,
  "summary_fg_p05": 272.0246337890625,
  "summary_fg_p95": 782.1555664062499,
  "summary_fg_stdv": 165.9370574951172,
  "tsnr": 68.98616027832031
}