{
  "bids_meta": {
    "AcquisitionDateTime": "2022-06-23T08:57:1.032500",
    "AcquisitionMatrixPE": 256,
    "AcquisitionNumber": 1,
    "AcquisitionTime": "08:57:1.032500",
    "BaseResolution": 256,
    "CoilString": "C:HEA;HEP",
    "ConversionSoftware": "dcm2niix",
    "ConversionSoftwareVersion": "v1.0.20190902",
    "DeviceSerialNumber": "35420",
    "DwellTime": 9.8e-06,
    "EchoTime": 0.00226,
    "FlipAngle": 9,
    "ImageOrientationPatientDICOM": [
      0.0421032,
      0.998894,
      0.0209266,
      0.0397584,
      0.0192535,
      -0.999024
    ],
    "ImageType": [
      "ORIGINAL",
      "PRIMARY",
      "M",
      "ND",
      "NORM"
    ],
    "ImagingFrequency": 123.221,
    "InPlanePhaseEncodingDirectionDICOM": "ROW",
    "InstitutionAddress": "Rudolf-Bultmann-Strasse_8_Marburg_District_DE_35039",
    "InstitutionName": "Center_of_BrainImaging_Uni-Marburg",
    "InstitutionalDepartmentName": "Department",
    "InversionTime": 0.9,
    "MRAcquisitionType": "3D",
    "MagneticFieldStrength": 3,
    "Manufacturer": "Siemens",
    "ManufacturersModelName": "TrioTim",
    "Modality": "MR",
    "PartialFourier": 1,
    "PatientBirthDate": "1999-01-01",
    "PatientID": "AGB_FRAPPS_30",
    "PatientName": "20220623_AGB_FRAPPS_30",
    "PatientPosition": "HFS",
    "PatientSex": "F",
    "PatientWeight": 56,
    "PercentPhaseFOV": 100,
    "PhaseEncodingSteps": 256,
    "PhaseResolution": 1,
    "PixelBandwidth": 199,
    "ProcedureStepDescription": "AGB_Christoph",
    "ProtocolName": "t1_mpr_12CH_sag_p2_iso_FOV256_ND_REF",
    "PulseSequenceDetails": "%SiemensSeq%_tfl",
    "ReceiveCoilName": "32Ch_Head",
    "ReconMatrixPE": 256,
    "RepetitionTime": 1.9,
    "SAR": 0.097663,
    "ScanOptions": "IR",
    "ScanningSequence": "GR_IR",
    "SequenceName": "_tfl3d1_ns",
    "SequenceVariant": "SP_MP",
    "SeriesDescription": "t1_mpr_12CH_sag_p2_iso_FOV256_ND_REF",
    "SeriesInstanceUID": "1.3.12.2.1107.5.2.32.35420.2022062308565962218225257.0.0.0",
    "SeriesNumber": 3,
    "ShimSetting": [
      9316,
      9562,
      -1837,
      -292,
      -72,
      -2564,
      430,
      205
    ],
    "SliceThickness": 1,
    "SoftwareVersions": "syngo_MR_B19",
    "StationName": "MRC35420",
    "StudyID": "1",
    "StudyInstanceUID": "1.3.12.2.1107.5.2.32.35420.30000022053005374096600000310",
    "TxRefAmp": 300.103,
    "dataset": "unknown",
    "modality": "T1w",
    "subject_id": "30"
  },
  "cjv": 0.455304982020408,
  "cnr": 2.9714154224656575,
  "efc": 0.5844049273398008,
  "fber": 788.1527099609375,
  "fwhm_avg": 4.697426851584326,
  "fwhm_x": 4.634770276253835,
  "fwhm_y": 4.672440278499143,
  "fwhm_z": 4.78507,
  "icvs_csf": 0.19034168676955265,
  "icvs_gm": 0.4610297845809855,
  "icvs_wm": 0.34862852864946187,
  "inu_med": 1.2752537727355957,
  "inu_range": 0.6332815766334532,
  "provenance": {
    "md5sum": "b056260885608f63c65f942a53b9eaff",
    "settings": {
      "testing": false
    },
    "software": "mriqc",
    "version": "0.15.0",
    "warnings": {
      "large_rot_frame": true,
      "small_air_mask": false
    },
    "webapi_port": null,
    "webapi_url": "https://mriqc.nimh.nih.gov/api/v1"
  },
  "qi_1": 0.0,
  "qi_2": 0.022842103172485823,
  "rpve_csf": 32.25695765201049,
  "rpve_gm": 14.804517277677423,
  "rpve_wm": 21.660001020637672,
  "size_x": 176,
  "size_y": 256,
  "size_z": 256,
  "snr_csf": 2.3435912061741364,
  "snr_gm": 12.812042210960238,
  "snr_total": 11.897276334766188,
  "snr_wm": 20.53619558716419,
  "snrd_csf": 13.358088650454373,
  "snrd_gm": 20.81446897499858,
  "snrd_total": 20.480623291303374,
  "snrd_wm": 27.26931224845717,
  "spacing_x": 0.9999999403953552,
  "spacing_y": 0.9999999403953552,
  "spacing_z": 1.0,
  "summary_bg_k": 1.8422161099387306,
  "summary_bg_mad": 24.02513885498047,
  "summary_bg_mean": 30.794782638549805,
  "summary_bg_median": 24.91068458557129,
  "summary_bg_n": 1963971.0,
  "summary_bg_p05": 0.0,
  "summary_bg_p95": 66.42219924926758,
  "summary_bg_stdv": 20.63011360168457,
  "summary_csf_k": 26.236225184126653,
  "summary_csf_mad": 122.60859680175781,
  "summary_csf_mean": 489.6780700683594,
  "summary_csf_median": 489.86737060546875,
  "summary_csf_n": 19877.0,
  "summary_csf_p05": 269.0675354003906,
  "summary_csf_p95": 656.3560791015625,
  "summary_csf_stdv": 209.01898193359375,
  "summary_gm_k": -0.14176397178999034,
  "summary_gm_mad": 60.58426284790039,
  "summary_gm_mean": 763.2274169921875,
  "summary_gm_median": 763.3074951171875,
  "summary_gm_n": 33766.0,
  "summary_gm_p05": 665.4503936767578,
  "summary_gm_p95": 861.0739135742188,
  "summary_gm_stdv": 59.57646560668945,
  "summary_wm_k": 0.4011473380080224,
  "summary_wm_mad": 47.191795349121094,
  "summary_wm_mean": 998.6666259765625,
  "summary_wm_median": 1000.019287109375,
  "summary_wm_n": 167670.0,
  "summary_wm_p05": 916.1648864746094,
  "summary_wm_p95": 1075.6147155761719,
  "summary_wm_stdv": 48.69530487060547,
  "tpm_overlap_csf": 0.2116115242242813,
  "tpm_overlap_gm": 0.5375684499740601,
  "tpm_overlap_wm": 0.5513617992401123,
  "wm2max": 0.39721574250881303
}