{
  "bids_meta": {
    "AcquisitionDateTime": "2022-06-28T15:48:54.015000",
    "AcquisitionMatrixPE": 256,
    "AcquisitionNumber": 1,
    "AcquisitionTime": "15:48:54.015000",
    "BaseResolution": 256,
    "CoilString": "C:HEA;HEP",
    "ConversionSoftware": "dcm2niix",
    "ConversionSoftwareVersion": "v1.0.20190902",
    "DeviceSerialNumber": "35420",
    "DwellTime": 9.8e-06,
    "EchoTime": 0.00226,
    "FlipAngle": 9,
    "ImageOrientationPatientDICOM": [
      0.00236961,
      0.999388,
      -0.0348968,
      0.0124177,
      -0.0349236,
      -0.999313
    ],
    "ImageType": [
      "ORIGINAL",
      "PRIMARY",
      "M",
      "ND",
      "NORM"
    ],
    "ImagingFrequency": 123.221,
    "InPlanePhaseEncodingDirectionDICOM": "ROW",
    "InstitutionAddress": "Rudolf-Bultmann-Strasse_8_Marburg_District_DE_35039",
    "InstitutionName": "Center_of_BrainImaging_Uni-Marburg",
    "InstitutionalDepartmentName": "Department",
    "InversionTime": 0.9,
    "MRAcquisitionType": "3D",
    "MagneticFieldStrength": 3,
    "Manufacturer": "Siemens",
    "ManufacturersModelName": "TrioTim",
    "Modality": "MR",
    "PartialFourier": 1,
    "PatientBirthDate": "2000-01-01",
    "PatientID": "AGB_FRAPPS_32",
    "PatientName": "20220628_AGB_FRAPPS_32",
    "PatientPosition": "HFS",
    "PatientSex": "F",
    "PatientWeight": 63,
    "PercentPhaseFOV": 100,
    "PhaseEncodingSteps": 256,
    "PhaseResolution": 1,
    "PixelBandwidth": 199,
    "ProcedureStepDescription": "AGB_Christoph",
    "ProtocolName": "t1_mpr_12CH_sag_p2_iso_FOV256_ND_REF",
    "PulseSequenceDetails": "%SiemensSeq%_tfl",
    "ReceiveCoilName": "32Ch_Head",
    "ReconMatrixPE": 256,
    "RepetitionTime": 1.9,
    "SAR": 0.115608,
    "ScanOptions": "IR",
    "ScanningSequence": "GR_IR",
    "SequenceName": "_tfl3d1_ns",
    "SequenceVariant": "SP_MP",
    "SeriesDescription": "t1_mpr_12CH_sag_p2_iso_FOV256_ND_REF",
    "SeriesInstanceUID": "1.3.12.2.1107.5.2.32.35420.2022062815485136701782892.0.0.0",
    "SeriesNumber": 3,
    "ShimSetting": [
      9316,
      9562,
      -1837,
      -292,
      -72,
      -2564,
      430,
      205
    ],
    "SliceThickness": 1,
    "SoftwareVersions": "syngo_MR_B19",
    "StationName": "MRC35420",
    "StudyID": "1",
    "StudyInstanceUID": "1.3.12.2.1107.5.2.32.35420.30000022062405354757100000063",
    "TxRefAmp": 320.024,
    "dataset": "unknown",
    "modality": "T1w",
    "subject_id": "32"
  },
  "cjv": 0.3580106260416556,
  "cnr": 3.633317648002915,
  "efc": 0.6146631433248875,
  "fber": 657.4636840820312,
  "fwhm_avg": 5.116393333333334,
  "fwhm_x": 5.04804,
  "fwhm_y": 5.1223,
  "fwhm_z": 5.17884,
  "icvs_csf": 0.24575050664150894,
  "icvs_gm": 0.41612834082368944,
  "icvs_wm": 0.33812115253480163,
  "inu_med": 1.2309290170669556,
  "inu_range": 0.5677524209022522,
  "provenance": {
    "md5sum": "35b723da14911c22953850850b17026b",
    "settings": {
      "testing": false
    },
    "software": "mriqc",
    "version": "0.15.0",
    "warnings": {
      "large_rot_frame": true,
      "small_air_mask": false
    },
    "webapi_port": null,
    "webapi_url": "https://mriqc.nimh.nih.gov/api/v1"
  },
  "qi_1": 0.0,
  "qi_2": 0.027803604316558678,
  "rpve_csf": 18.60129655419548,
  "rpve_gm": 11.088344911689344,
  "rpve_wm": 16.284951875660884,
  "size_x": 176,
  "size_y": 256,
  "size_z": 256,
  "snr_csf": 3.881739213343542,
  "snr_gm": 11.98970351980605,
  "snr_total": 13.9211723037406,
  "snr_wm": 25.89207417807221,
  "snrd_csf": 9.767750595721415,
  "snrd_gm": 21.035271545808712,
  "snrd_total": 19.886444116230326,
  "snrd_wm": 28.856310207160845,
  "spacing_x": 1.0,
  "spacing_y": 1.0,
  "spacing_z": 1.0,
  "summary_bg_k": 0.9326766135613136,
  "summary_bg_mad": 22.703540802001953,
  "summary_bg_mean": 28.850988388061523,
  "summary_bg_median": 23.274831771850586,
  "summary_bg_n": 2012030.0,
  "summary_bg_p05": 0.0,
  "summary_bg_p95": 62.06456966400146,
  "summary_bg_stdv": 19.40667152404785,
  "summary_csf_k": 0.8100342569871404,
  "summary_csf_mad": 80.87185668945312,
  "summary_csf_mean": 353.4468994140625,
  "summary_csf_median": 338.4982604980469,
  "summary_csf_n": 47880.0,
  "summary_csf_p05": 237.4597137451172,
  "summary_csf_p95": 515.7627838134765,
  "summary_csf_stdv": 87.20182037353516,
  "summary_gm_k": 0.08254312842873635,
  "summary_gm_mad": 60.435768127441406,
  "summary_gm_mean": 728.2680053710938,
  "summary_gm_median": 728.9705810546875,
  "summary_gm_n": 28059.0,
  "summary_gm_p05": 628.3307006835938,
  "summary_gm_p95": 827.3879699707031,
  "summary_gm_stdv": 60.79863357543945,
  "summary_wm_k": 0.44838247455974,
  "summary_wm_mad": 36.59785079956055,
  "summary_wm_mean": 999.4253540039062,
  "summary_wm_median": 1000.0061645507812,
  "summary_wm_n": 245353.0,
  "summary_wm_p05": 934.5428344726563,
  "summary_wm_p95": 1061.8114013671875,
  "summary_wm_stdv": 38.62201690673828,
  "tpm_overlap_csf": 0.23466892540454865,
  "tpm_overlap_gm": 0.502795398235321,
  "tpm_overlap_wm": 0.5652123093605042,
  "wm2max": 0.5404137196991328
}