{
  "aor": 0.004179993324432577,
  "aqi": 0.004901255527369827,
  "bids_meta": {
    "AcquisitionDateTime": "2022-04-19T10:57:45.397500",
    "AcquisitionMatrixPE": 70,
    "AcquisitionNumber": 1,
    "AcquisitionTime": "10:57:45.397500",
    "BandwidthPerPixelPhaseEncode": 25.974,
    "BaseResolution": 70,
    "CoilString": "C:HEA;HEP",
    "ConversionSoftware": "dcm2niix",
    "ConversionSoftwareVersion": "v1.0.20190902",
    "DerivedVendorReportedEchoSpacing": 0.000550001,
    "DeviceSerialNumber": "35420",
    "DwellTime": 3.5e-06,
    "EchoTime": 0.03,
    "EffectiveEchoSpacing": 0.000550001,
    "FlipAngle": 55,
    "ImageComments": "Unaliased_MB2_PE2_LB",
    "ImageOrientationPatientDICOM": [
      0.999169,
      0.0147323,
      0.0379949,
      -0.0201458,
      0.989037,
      0.14629
    ],
    "ImageType": [
      "ORIGINAL",
      "PRIMARY",
      "M",
      "MB",
      "ND",
      "MOSAIC"
    ],
    "ImagingFrequency": 123.221,
    "InPlanePhaseEncodingDirectionDICOM": "COL",
    "InstitutionAddress": "Rudolf-Bultmann-Strasse_8_Marburg_District_DE_35039",
    "InstitutionName": "Center_of_BrainImaging_Uni-Marburg",
    "InstitutionalDepartmentName": "Department",
    "MRAcquisitionType": "2D",
    "MagneticFieldStrength": 3,
    "Manufacturer": "Siemens",
    "ManufacturersModelName": "TrioTim",
    "Modality": "MR",
    "MultibandAccelerationFactor": 2,
    "PartialFourier": 1,
    "PatientBirthDate": "1998-01-01",
    "PatientID": "AGB_FRAPPS_06",
    "PatientName": "20220419_AGB_FRAPPS_06",
    "PatientPosition": "HFS",
    "PatientSex": "M",
    "PatientWeight": 77,
    "PercentPhaseFOV": 100,
    "PhaseEncodingDirection": "j-",
    "PhaseEncodingSteps": 70,
    "PhaseResolution": 1,
    "PixelBandwidth": 2041,
    "ProcedureStepDescription": "AGB_Christoph",
    "ProtocolName": "cmrr_ep2d_bold_MB2_iso3",
    "PulseSequenceDetails": "%CustomerSeq%_cmrr_mbep2d_bold",
    "ReceiveCoilName": "32Ch_Head",
    "ReconMatrixPE": 70,
    "RepetitionTime": 1.53,
    "SAR": 0.10549,
    "ScanOptions": "FS",
    "ScanningSequence": "EP",
    "SequenceName": "epfid2d1_70",
    "SequenceVariant": "SK_SS",
    "SeriesDescription": "cmrr_ep2d_bold_MB2_iso3",
    "SeriesInstanceUID": "1.3.12.2.1107.5.2.32.35420.2022041910574772803069671.0.0.0",
    "SeriesNumber": 4,
    "ShimSetting": [
      9322,
      9451,
      -1473,
      474,
      -74,
      -2149,
      427,
      281
    ],
    "SliceThickness": 3,
    "SliceTiming": [
      0,
      0.065,
      0.1275,
      0.1925,
      0.2575,
      0.32,
      0.385,
      0.4475,
      0.5125,
      0.575,
      0.64,
      0.705,
      0.7675,
      0.8325,
      0.895,
      0.96,
      1.025,
      1.0875,
      1.1525,
      1.215,
      1.28,
      1.345,
      1.4075,
      1.4725,
      0,
      0.065,
      0.1275,
      0.1925,
      0.2575,
      0.32,
      0.385,
      0.4475,
      0.5125,
      0.575,
      0.64,
      0.705,
      0.7675,
      0.8325,
      0.895,
      0.96,
      1.025,
      1.0875,
      1.1525,
      1.215,
      1.28,
      1.345,
      1.4075,
      1.4725
    ],
    "SoftwareVersions": "syngo_MR_B19",
    "SpacingBetweenSlices": 3.45,
    "StationName": "MRC35420",
    "StudyID": "1",
    "StudyInstanceUID": "1.3.12.2.1107.5.2.32.35420.30000022040406475295100000201",
    "TaskName": "TODO: full task name for FRAPPS - replication study",
    "TotalReadoutTime": 0.03795,
    "TxRefAmp": 296.14,
    "dataset": "unknown",
    "modality": "bold",
    "subject_id": "06",
    "task_id": "frapps"
  },
  "dummy_trs": 1,
  "dvars_nstd": 25.65821619738811,
  "dvars_std": 1.1434180324782917,
  "dvars_vstd": 1.035050041549768,
  "efc": 0.5171830845359661,
  "fber": 847.7369384765625,
  "fd_mean": 0.25730648392964683,
  "fd_num": 971,
  "fd_perc": 64.81975967957277,
  "fwhm_avg": 2.4398483957872137,
  "fwhm_x": 2.32396,
  "fwhm_y": 2.8228866666666668,
  "fwhm_z": 2.1726985206949743,
  "gcor": 0.0459647,
  "gsr_x": -0.0013834520941600204,
  "gsr_y": 0.08619815856218338,
  "provenance": {
    "md5sum": "a5e01a23e9178fd7d9454743c93a6334",
    "settings": {
      "fd_thres": 0.2,
      "hmc_fsl": false
    },
    "software": "mriqc",
    "version": "0.15.0",
    "webapi_port": null,
    "webapi_url": "https://mriqc.nimh.nih.gov/api/v1"
  },
  "size_t": 1498,
  "size_x": 70,
  "size_y": 70,
  "size_z": 48,
  "snr": 2.6446451115783507,
  "spacing_tr": 1.5299999713897705,
  "spacing_x": 3.0,
  "spacing_y": 3.0,
  "spacing_z": 3.450000047683716,
  "summary_bg_k": 64.68045114027427,
  "summary_bg_mad": 5.816591262817383,
  "summary_bg_mean": 29.30303955078125,
  "summary_bg_median": 14.065421104431152,
  "summary_bg_n": 141107.0,
  "summary_bg_p05": 9.578104972839355,
  "summary_bg_p95": 104.03444900512663,
  "summary_bg_stdv": 47.398807525634766,
  "summary_fg_k": 2.515834057871591,
  "summary_fg_mad": 131.81101989746094,
  "summary_fg_mean": 465.56219482421875,
  "summary_fg_median": 438.7643737792969,
  "summary_fg_n": 49310.0,
  "summary_fg_p05": 240.8335548400879,
  "summary_fg_p95": 768.6628631591796,
  "summary_fg_stdv": 165.905029296875,
  "tsnr": 49.699806213378906
}