{
  "aor": 0.0008328171641791045,
  "aqi": 0.004194205988805971,
  "bids_meta": {
    "AcquisitionDateTime": "2022-04-19T11:41:43.407500",
    "AcquisitionMatrixPE": 70,
    "AcquisitionNumber": 1,
    "AcquisitionTime": "11:41:43.407500",
    "BandwidthPerPixelPhaseEncode": 25.974,
    "BaseResolution": 70,
    "CoilString": "C:HEA;HEP",
    "ConversionSoftware": "dcm2niix",
    "ConversionSoftwareVersion": "v1.0.20190902",
    "DerivedVendorReportedEchoSpacing": 0.000550001,
    "DeviceSerialNumber": "35420",
    "DwellTime": 3.5e-06,
    "EchoTime": 0.03,
    "EffectiveEchoSpacing": 0.000550001,
    "FlipAngle": 60,
    "ImageComments": "Unaliased_MB2_PE2_LB",
    "ImageOrientationPatientDICOM": [
      0.999168,
      0.0148178,
      0.0380075,
      -0.0202321,
      0.989035,
      0.146286
    ],
    "ImageType": [
      "ORIGINAL",
      "PRIMARY",
      "M",
      "MB",
      "ND",
      "MOSAIC"
    ],
    "ImagingFrequency": 123.221,
    "InPlanePhaseEncodingDirectionDICOM": "COL",
    "InstitutionAddress": "Rudolf-Bultmann-Strasse_8_Marburg_District_DE_35039",
    "InstitutionName": "Center_of_BrainImaging_Uni-Marburg",
    "InstitutionalDepartmentName": "Department",
    "MRAcquisitionType": "2D",
    "MagneticFieldStrength": 3,
    "Manufacturer": "Siemens",
    "ManufacturersModelName": "TrioTim",
    "Modality": "MR",
    "MultibandAccelerationFactor": 2,
    "PartialFourier": 1,
    "PatientBirthDate": "1998-01-01",
    "PatientID": "AGB_FRAPPS_06",
    "PatientName": "20220419_AGB_FRAPPS_06",
    "PatientPosition": "HFS",
    "PatientSex": "M",
    "PatientWeight": 77,
    "PercentPhaseFOV": 100,
    "PhaseEncodingDirection": "j-",
    "PhaseEncodingSteps": 70,
    "PhaseResolution": 1,
    "PixelBandwidth": 2041,
    "ProcedureStepDescription": "AGB_Christoph",
    "ProtocolName": "cmrr_ep2d_bold_FP_MB2_iso3",
    "PulseSequenceDetails": "%CustomerSeq%_cmrr_mbep2d_bold",
    "ReceiveCoilName": "32Ch_Head",
    "ReconMatrixPE": 70,
    "RepetitionTime": 1.53,
    "SAR": 0.122521,
    "ScanOptions": "FS",
    "ScanningSequence": "EP",
    "SequenceName": "epfid2d1_70",
    "SequenceVariant": "SK_SS",
    "SeriesDescription": "cmrr_ep2d_bold_FP_MB2_iso3",
    "SeriesInstanceUID": "1.3.12.2.1107.5.2.32.35420.2022041911414611389163676.0.0.0",
    "SeriesNumber": 6,
    "ShimSetting": [
      9322,
      9451,
      -1473,
      474,
      -74,
      -2149,
      427,
      281
    ],
    "SliceThickness": 3,
    "SliceTiming": [
      0,
      0.065,
      0.1275,
      0.1925,
      0.255,
      0.32,
      0.385,
      0.4475,
      0.5125,
      0.575,
      0.64,
      0.705,
      0.7675,
      0.8325,
      0.895,
      0.96,
      1.025,
      1.0875,
      1.1525,
      1.215,
      1.28,
      1.345,
      1.4075,
      1.4725,
      0,
      0.065,
      0.1275,
      0.1925,
      0.255,
      0.32,
      0.385,
      0.4475,
      0.5125,
      0.575,
      0.64,
      0.705,
      0.7675,
      0.8325,
      0.895,
      0.96,
      1.025,
      1.0875,
      1.1525,
      1.215,
      1.28,
      1.345,
      1.4075,
      1.4725
    ],
    "SoftwareVersions": "syngo_MR_B19",
    "SpacingBetweenSlices": 3.45,
    "StationName": "MRC35420",
    "StudyID": "1",
    "StudyInstanceUID": "1.3.12.2.1107.5.2.32.35420.30000022040406475295100000201",
    "TaskName": "TODO: full task name for localizer",
    "TotalReadoutTime": 0.03795,
    "TxRefAmp": 296.14,
    "dataset": "unknown",
    "modality": "bold",
    "subject_id": "06",
    "task_id": "localizer"
  },
  "dummy_trs": 1,
  "dvars_nstd": 25.167179820598115,
  "dvars_std": 1.0481745860186906,
  "dvars_vstd": 0.9438802870280377,
  "efc": 0.5170079033527927,
  "fber": 873.7180786132812,
  "fd_mean": 0.2518079271019273,
  "fd_num": 362,
  "fd_perc": 67.53731343283582,
  "fwhm_avg": 2.4717053521293018,
  "fwhm_x": 2.34449,
  "fwhm_y": 2.8589333333333333,
  "fwhm_z": 2.211692723054572,
  "gcor": 0.0182206,
  "gsr_x": 0.0005565659375861287,
  "gsr_y": 0.0863548070192337,
  "provenance": {
    "md5sum": "10bbf0656179479407b562d13ec5f971",
    "settings": {
      "fd_thres": 0.2,
      "hmc_fsl": false
    },
    "software": "mriqc",
    "version": "0.15.0",
    "webapi_port": null,
    "webapi_url": "https://mriqc.nimh.nih.gov/api/v1"
  },
  "size_t": 536,
  "size_x": 70,
  "size_y": 70,
  "size_z": 48,
  "snr": 2.6675430904135005,
  "spacing_tr": 1.5299999713897705,
  "spacing_x": 3.0,
  "spacing_y": 3.0,
  "spacing_z": 3.450000047683716,
  "summary_bg_k": 55.15143709901533,
  "summary_bg_mad": 5.9193434715271,
  "summary_bg_mean": 29.995988845825195,
  "summary_bg_median": 14.235074043273926,
  "summary_bg_n": 141461.0,
  "summary_bg_p05": 9.656716346740723,
  "summary_bg_p95": 108.35820770263672,
  "summary_bg_stdv": 47.808258056640625,
  "summary_fg_k": 2.1130217090682244,
  "summary_fg_mad": 136.0177001953125,
  "summary_fg_mean": 475.83892822265625,
  "summary_fg_median": 449.8824462890625,
  "summary_fg_n": 49150.0,
  "summary_fg_p05": 245.18768463134765,
  "summary_fg_p95": 786.0955078124995,
  "summary_fg_stdv": 168.64877319335938,
  "tsnr": 55.74810028076172
}