{
  "aor": 0.002638559892328398,
  "aqi": 0.007449908701211305,
  "bids_meta": {
    "AcquisitionDateTime": "2022-06-14T14:49:3.397500",
    "AcquisitionMatrixPE": 70,
    "AcquisitionNumber": 1,
    "AcquisitionTime": "14:49:3.397500",
    "BandwidthPerPixelPhaseEncode": 25.974,
    "BaseResolution": 70,
    "CoilString": "C:HEA;HEP",
    "ConversionSoftware": "dcm2niix",
    "ConversionSoftwareVersion": "v1.0.20190902",
    "DerivedVendorReportedEchoSpacing": 0.000550001,
    "DeviceSerialNumber": "35420",
    "DwellTime": 3.5e-06,
    "EchoTime": 0.03,
    "EffectiveEchoSpacing": 0.000550001,
    "FlipAngle": 55,
    "ImageComments": "Unaliased_MB2_PE2_LB",
    "ImageOrientationPatientDICOM": [
      0.998312,
      -0.0554352,
      0.0173192,
      0.0549803,
      0.998156,
      0.0257212
    ],
    "ImageType": [
      "ORIGINAL",
      "PRIMARY",
      "M",
      "MB",
      "ND",
      "MOSAIC"
    ],
    "ImagingFrequency": 123.222,
    "InPlanePhaseEncodingDirectionDICOM": "COL",
    "InstitutionAddress": "Rudolf-Bultmann-Strasse_8_Marburg_District_DE_35039",
    "InstitutionName": "Center_of_BrainImaging_Uni-Marburg",
    "InstitutionalDepartmentName": "Department",
    "MRAcquisitionType": "2D",
    "MagneticFieldStrength": 3,
    "Manufacturer": "Siemens",
    "ManufacturersModelName": "TrioTim",
    "Modality": "MR",
    "MultibandAccelerationFactor": 2,
    "PartialFourier": 1,
    "PatientBirthDate": "1998-01-01",
    "PatientID": "AGB_FRAPPS_22",
    "PatientName": "20220614_AGB_FRAPPS_22",
    "PatientPosition": "HFS",
    "PatientSex": "F",
    "PatientWeight": 56,
    "PercentPhaseFOV": 100,
    "PhaseEncodingDirection": "j-",
    "PhaseEncodingSteps": 70,
    "PhaseResolution": 1,
    "PixelBandwidth": 2041,
    "ProcedureStepDescription": "AGB_Christoph",
    "ProtocolName": "cmrr_ep2d_bold_MB2_iso3",
    "PulseSequenceDetails": "%CustomerSeq%_cmrr_mbep2d_bold",
    "ReceiveCoilName": "32Ch_Head",
    "ReconMatrixPE": 70,
    "RepetitionTime": 1.53,
    "SAR": 0.115298,
    "ScanOptions": "FS",
    "ScanningSequence": "EP",
    "SequenceName": "epfid2d1_70",
    "SequenceVariant": "SK_SS",
    "SeriesDescription": "cmrr_ep2d_bold_MB2_iso3",
    "SeriesInstanceUID": "1.3.12.2.1107.5.2.32.35420.2022061414490650205193754.0.0.0",
    "SeriesNumber": 4,
    "ShimSetting": [
      9314,
      9521,
      -1497,
      653,
      -119,
      -2272,
      306,
      181
    ],
    "SliceThickness": 3,
    "SliceTiming": [
      0,
      0.0625,
      0.1275,
      0.1925,
      0.255,
      0.32,
      0.3825,
      0.4475,
      0.5125,
      0.575,
      0.64,
      0.7025,
      0.7675,
      0.8325,
      0.895,
      0.96,
      1.0225,
      1.0875,
      1.15,
      1.215,
      1.28,
      1.3425,
      1.4075,
      1.47,
      0,
      0.0625,
      0.1275,
      0.1925,
      0.255,
      0.32,
      0.3825,
      0.4475,
      0.5125,
      0.575,
      0.64,
      0.7025,
      0.7675,
      0.8325,
      0.895,
      0.96,
      1.0225,
      1.0875,
      1.15,
      1.215,
      1.28,
      1.3425,
      1.4075,
      1.47
    ],
    "SoftwareVersions": "syngo_MR_B19",
    "SpacingBetweenSlices": 3.45,
    "StationName": "MRC35420",
    "StudyID": "1",
    "StudyInstanceUID": "1.3.12.2.1107.5.2.32.35420.30000022053005374096600000222",
    "TaskName": "TODO: full task name for FRAPPS - replication study",
    "TotalReadoutTime": 0.03795,
    "TxRefAmp": 303.64,
    "dataset": "unknown",
    "modality": "bold",
    "subject_id": "22",
    "task_id": "frapps"
  },
  "dummy_trs": 3,
  "dvars_nstd": 23.13635321473402,
  "dvars_std": 1.082869779515151,
  "dvars_vstd": 0.9592572153468009,
  "efc": 0.4794074033070755,
  "fber": 1053.8370361328125,
  "fd_mean": 0.17801305339197265,
  "fd_num": 380,
  "fd_perc": 25.57200538358008,
  "fwhm_avg": 2.4339135164074714,
  "fwhm_x": 2.33238,
  "fwhm_y": 2.7635199999999998,
  "fwhm_z": 2.2058405492224136,
  "gcor": 0.0410354,
  "gsr_x": 0.01508168876171112,
  "gsr_y": 0.03824646398425102,
  "provenance": {
    "md5sum": "5b23ce72033ccc9e2bd3d66182878f4f",
    "settings": {
      "fd_thres": 0.2,
      "hmc_fsl": false
    },
    "software": "mriqc",
    "version": "0.15.0",
    "webapi_port": null,
    "webapi_url": "https://mriqc.nimh.nih.gov/api/v1"
  },
  "size_t": 1486,
  "size_x": 70,
  "size_y": 70,
  "size_z": 48,
  "snr": 2.8957909703325044,
  "spacing_tr": 1.5299999713897705,
  "spacing_x": 3.0,
  "spacing_y": 3.0,
  "spacing_z": 3.450000047683716,
  "summary_bg_k": 44.2002779126182,
  "summary_bg_mad": 4.5954694747924805,
  "summary_bg_mean": 25.842557907104492,
  "summary_bg_median": 12.863391876220703,
  "summary_bg_n": 152871.0,
  "summary_bg_p05": 9.162853240966797,
  "summary_bg_p95": 86.12179946899414,
  "summary_bg_stdv": 41.94453048706055,
  "summary_fg_k": 1.5622773355151454,
  "summary_fg_mad": 129.72618103027344,
  "summary_fg_mean": 466.4211730957031,
  "summary_fg_median": 444.71905517578125,
  "summary_fg_n": 40596.0,
  "summary_fg_p05": 254.87213897705078,
  "summary_fg_p95": 742.6186065673828,
  "summary_fg_stdv": 153.57240295410156,
  "tsnr": 41.665687561035156
}