{
  "aor": 0.006535140186915888,
  "aqi": 0.0034090823738317753,
  "bids_meta": {
    "AcquisitionDateTime": "2022-06-14T15:28:35.397500",
    "AcquisitionMatrixPE": 70,
    "AcquisitionNumber": 1,
    "AcquisitionTime": "15:28:35.397500",
    "BandwidthPerPixelPhaseEncode": 25.974,
    "BaseResolution": 70,
    "CoilString": "C:HEA;HEP",
    "ConversionSoftware": "dcm2niix",
    "ConversionSoftwareVersion": "v1.0.20190902",
    "DerivedVendorReportedEchoSpacing": 0.000550001,
    "DeviceSerialNumber": "35420",
    "DwellTime": 3.5e-06,
    "EchoTime": 0.03,
    "EffectiveEchoSpacing": 0.000550001,
    "FlipAngle": 60,
    "ImageComments": "Unaliased_MB2_PE2_LB",
    "ImageOrientationPatientDICOM": [
      0.998314,
      -0.0553955,
      0.0173202,
      0.0549406,
      0.998158,
      0.0257208
    ],
    "ImageType": [
      "ORIGINAL",
      "PRIMARY",
      "M",
      "MB",
      "ND",
      "MOSAIC"
    ],
    "ImagingFrequency": 123.222,
    "InPlanePhaseEncodingDirectionDICOM": "COL",
    "InstitutionAddress": "Rudolf-Bultmann-Strasse_8_Marburg_District_DE_35039",
    "InstitutionName": "Center_of_BrainImaging_Uni-Marburg",
    "InstitutionalDepartmentName": "Department",
    "MRAcquisitionType": "2D",
    "MagneticFieldStrength": 3,
    "Manufacturer": "Siemens",
    "ManufacturersModelName": "TrioTim",
    "Modality": "MR",
    "MultibandAccelerationFactor": 2,
    "PartialFourier": 1,
    "PatientBirthDate": "1998-01-01",
    "PatientID": "AGB_FRAPPS_22",
    "PatientName": "20220614_AGB_FRAPPS_22",
    "PatientPosition": "HFS",
    "PatientSex": "F",
    "PatientWeight": 56,
    "PercentPhaseFOV": 100,
    "PhaseEncodingDirection": "j-",
    "PhaseEncodingSteps": 70,
    "PhaseResolution": 1,
    "PixelBandwidth": 2041,
    "ProcedureStepDescription": "AGB_Christoph",
    "ProtocolName": "cmrr_ep2d_bold_FP_MB2_iso3",
    "PulseSequenceDetails": "%CustomerSeq%_cmrr_mbep2d_bold",
    "ReceiveCoilName": "32Ch_Head",
    "ReconMatrixPE": 70,
    "RepetitionTime": 1.53,
    "SAR": 0.135695,
    "ScanOptions": "FS",
    "ScanningSequence": "EP",
    "SequenceName": "epfid2d1_70",
    "SequenceVariant": "SK_SS",
    "SeriesDescription": "cmrr_ep2d_bold_FP_MB2_iso3",
    "SeriesInstanceUID": "1.3.12.2.1107.5.2.32.35420.2022061415283912315985813.0.0.0",
    "SeriesNumber": 6,
    "ShimSetting": [
      9314,
      9521,
      -1497,
      653,
      -119,
      -2272,
      306,
      181
    ],
    "SliceThickness": 3,
    "SliceTiming": [
      0,
      0.0625,
      0.1275,
      0.1925,
      0.255,
      0.32,
      0.3825,
      0.4475,
      0.51,
      0.575,
      0.64,
      0.7025,
      0.7675,
      0.83,
      0.895,
      0.96,
      1.0225,
      1.0875,
      1.15,
      1.215,
      1.28,
      1.3425,
      1.4075,
      1.47,
      0,
      0.0625,
      0.1275,
      0.1925,
      0.255,
      0.32,
      0.3825,
      0.4475,
      0.51,
      0.575,
      0.64,
      0.7025,
      0.7675,
      0.83,
      0.895,
      0.96,
      1.0225,
      1.0875,
      1.15,
      1.215,
      1.28,
      1.3425,
      1.4075,
      1.47
    ],
    "SoftwareVersions": "syngo_MR_B19",
    "SpacingBetweenSlices": 3.45,
    "StationName": "MRC35420",
    "StudyID": "1",
    "StudyInstanceUID": "1.3.12.2.1107.5.2.32.35420.30000022053005374096600000222",
    "TaskName": "TODO: full task name for localizer",
    "TotalReadoutTime": 0.03795,
    "TxRefAmp": 303.64,
    "dataset": "unknown",
    "modality": "bold",
    "subject_id": "22",
    "task_id": "localizer"
  },
  "dummy_trs": 2,
  "dvars_nstd": 21.902447693314613,
  "dvars_std": 1.2111447588764044,
  "dvars_vstd": 1.0633423430524336,
  "efc": 0.48063802669769995,
  "fber": 1082.9678955078125,
  "fd_mean": 0.1405922839551101,
  "fd_num": 50,
  "fd_perc": 9.345794392523365,
  "fwhm_avg": 2.432901970552411,
  "fwhm_x": 2.3357633333333334,
  "fwhm_y": 2.7654933333333336,
  "fwhm_z": 2.1974492449905667,
  "gcor": 0.0219582,
  "gsr_x": 0.015943454578518867,
  "gsr_y": 0.03969264030456543,
  "provenance": {
    "md5sum": "4a0704891a6ea5185ef774c8a7bf1219",
    "settings": {
      "fd_thres": 0.2,
      "hmc_fsl": false
    },
    "software": "mriqc",
    "version": "0.15.0",
    "webapi_port": null,
    "webapi_url": "https://mriqc.nimh.nih.gov/api/v1"
  },
  "size_t": 535,
  "size_x": 70,
  "size_y": 70,
  "size_z": 48,
  "snr": 2.897234529112053,
  "spacing_tr": 1.5299999713897705,
  "spacing_x": 3.0,
  "spacing_y": 3.0,
  "spacing_z": 3.450000047683716,
  "summary_bg_k": 42.84356058158816,
  "summary_bg_mad": 4.565583229064941,
  "summary_bg_mean": 26.904390335083008,
  "summary_bg_median": 13.023365020751953,
  "summary_bg_n": 152880.0,
  "summary_bg_p05": 9.5420560836792,
  "summary_bg_p95": 91.73850631713863,
  "summary_bg_stdv": 43.7660026550293,
  "summary_fg_k": 1.382691500029309,
  "summary_fg_mad": 134.1103973388672,
  "summary_fg_mean": 478.9956359863281,
  "summary_fg_median": 457.17572021484375,
  "summary_fg_n": 40599.0,
  "summary_fg_p05": 260.390283203125,
  "summary_fg_p95": 765.2203735351562,
  "summary_fg_stdv": 157.7953338623047,
  "tsnr": 61.63884735107422
}