{
  "aor": 0.0020283598937583,
  "aqi": 0.013317977762284196,
  "bids_meta": {
    "AcquisitionDateTime": "2022-06-22T07:42:46.397500",
    "AcquisitionMatrixPE": 70,
    "AcquisitionNumber": 1,
    "AcquisitionTime": "07:42:46.397500",
    "BandwidthPerPixelPhaseEncode": 25.974,
    "BaseResolution": 70,
    "CoilString": "C:HEA;HEP",
    "ConversionSoftware": "dcm2niix",
    "ConversionSoftwareVersion": "v1.0.20190902",
    "DerivedVendorReportedEchoSpacing": 0.000550001,
    "DeviceSerialNumber": "35420",
    "DwellTime": 3.5e-06,
    "EchoTime": 0.03,
    "EffectiveEchoSpacing": 0.000550001,
    "FlipAngle": 55,
    "ImageComments": "Unaliased_MB2_PE2_LB",
    "ImageOrientationPatientDICOM": [
      0.999589,
      -0.027715,
      0.00733089,
      0.0273781,
      0.998715,
      0.0426433
    ],
    "ImageType": [
      "ORIGINAL",
      "PRIMARY",
      "M",
      "MB",
      "ND",
      "MOSAIC"
    ],
    "ImagingFrequency": 123.221,
    "InPlanePhaseEncodingDirectionDICOM": "COL",
    "InstitutionAddress": "Rudolf-Bultmann-Strasse_8_Marburg_District_DE_35039",
    "InstitutionName": "Center_of_BrainImaging_Uni-Marburg",
    "InstitutionalDepartmentName": "Department",
    "MRAcquisitionType": "2D",
    "MagneticFieldStrength": 3,
    "Manufacturer": "Siemens",
    "ManufacturersModelName": "TrioTim",
    "Modality": "MR",
    "MultibandAccelerationFactor": 2,
    "PartialFourier": 1,
    "PatientBirthDate": "1999-01-01",
    "PatientID": "AGB_FRAPPS_27",
    "PatientName": "20220622_AGB_FRAPPS_27",
    "PatientPosition": "HFS",
    "PatientSex": "M",
    "PatientWeight": 70,
    "PercentPhaseFOV": 100,
    "PhaseEncodingDirection": "j-",
    "PhaseEncodingSteps": 70,
    "PhaseResolution": 1,
    "PixelBandwidth": 2041,
    "ProcedureStepDescription": "AGB_Christoph",
    "ProtocolName": "cmrr_ep2d_bold_MB2_iso3",
    "PulseSequenceDetails": "%CustomerSeq%_cmrr_mbep2d_bold",
    "ReceiveCoilName": "32Ch_Head",
    "ReconMatrixPE": 70,
    "RepetitionTime": 1.53,
    "SAR": 0.108715,
    "ScanOptions": "FS",
    "ScanningSequence": "EP",
    "SequenceName": "epfid2d1_70",
    "SequenceVariant": "SK_SS",
    "SeriesDescription": "cmrr_ep2d_bold_MB2_iso3",
    "SeriesInstanceUID": "1.3.12.2.1107.5.2.32.35420.2022062207424928595236342.0.0.0",
    "SeriesNumber": 4,
    "ShimSetting": [
      9318,
      9500,
      -1488,
      478,
      6,
      -2500,
      646,
      222
    ],
    "SliceThickness": 3,
    "SliceTiming": [
      0,
      0.065,
      0.1275,
      0.1925,
      0.255,
      0.32,
      0.3825,
      0.4475,
      0.5125,
      0.575,
      0.64,
      0.7025,
      0.7675,
      0.8325,
      0.895,
      0.96,
      1.0225,
      1.0875,
      1.1525,
      1.215,
      1.28,
      1.3425,
      1.4075,
      1.4725,
      0,
      0.065,
      0.1275,
      0.1925,
      0.255,
      0.32,
      0.3825,
      0.4475,
      0.5125,
      0.575,
      0.64,
      0.7025,
      0.7675,
      0.8325,
      0.895,
      0.96,
      1.0225,
      1.0875,
      1.1525,
      1.215,
      1.28,
      1.3425,
      1.4075,
      1.4725
    ],
    "SoftwareVersions": "syngo_MR_B19",
    "SpacingBetweenSlices": 3.45,
    "StationName": "MRC35420",
    "StudyID": "1",
    "StudyInstanceUID": "1.3.12.2.1107.5.2.32.35420.30000022053005374096600000295",
    "TaskName": "TODO: full task name for FRAPPS - replication study",
    "TotalReadoutTime": 0.03795,
    "TxRefAmp": 308.055,
    "dataset": "unknown",
    "modality": "bold",
    "subject_id": "27",
    "task_id": "frapps"
  },
  "dummy_trs": 0,
  "dvars_nstd": 27.310171985149488,
  "dvars_std": 1.0264232870498347,
  "dvars_vstd": 0.9153607374817271,
  "efc": 0.5023751868143437,
  "fber": 943.9302978515625,
  "fd_mean": 0.2312279422881411,
  "fd_num": 612,
  "fd_perc": 40.63745019920319,
  "fwhm_avg": 2.527417911962747,
  "fwhm_x": 2.3947066666666665,
  "fwhm_y": 2.8558166666666662,
  "fwhm_z": 2.3317304025549075,
  "gcor": 0.019789,
  "gsr_x": 0.0030438494868576527,
  "gsr_y": 0.05077740177512169,
  "provenance": {
    "md5sum": "1ed220ce8e21daaa44fab4ff08779c49",
    "settings": {
      "fd_thres": 0.2,
      "hmc_fsl": false
    },
    "software": "mriqc",
    "version": "0.15.0",
    "webapi_port": null,
    "webapi_url": "https://mriqc.nimh.nih.gov/api/v1"
  },
  "size_t": 1506,
  "size_x": 70,
  "size_y": 70,
  "size_z": 48,
  "snr": 2.619202466280107,
  "spacing_tr": 1.5299999713897705,
  "spacing_x": 3.0,
  "spacing_y": 3.0,
  "spacing_z": 3.450000047683716,
  "summary_bg_k": 53.21295123749641,
  "summary_bg_mad": 5.041439533233643,
  "summary_bg_mean": 24.39664077758789,
  "summary_bg_median": 13.25830078125,
  "summary_bg_n": 142492.0,
  "summary_bg_p05": 9.034893798828126,
  "summary_bg_p95": 79.69777641296372,
  "summary_bg_stdv": 34.96994400024414,
  "summary_fg_k": 1.8971463093094352,
  "summary_fg_mad": 134.25820922851562,
  "summary_fg_mean": 460.64996337890625,
  "summary_fg_median": 434.30877685546875,
  "summary_fg_n": 48531.0,
  "summary_fg_p05": 229.04449462890625,
  "summary_fg_p95": 764.1723327636719,
  "summary_fg_stdv": 165.8154754638672,
  "tsnr": 27.30095100402832
}