{
  "bids_meta": {
    "AcquisitionDateTime": "2022-06-21T07:21:44.052500",
    "AcquisitionMatrixPE": 256,
    "AcquisitionNumber": 1,
    "AcquisitionTime": "07:21:44.052500",
    "BaseResolution": 256,
    "CoilString": "C:HEA;HEP",
    "ConversionSoftware": "dcm2niix",
    "ConversionSoftwareVersion": "v1.0.20190902",
    "DeviceSerialNumber": "35420",
    "DwellTime": 9.8e-06,
    "EchoTime": 0.00226,
    "FlipAngle": 9,
    "ImageOrientationPatientDICOM": [
      0.0352394,
      0.999281,
      -0.0139618,
      0.00657586,
      -0.014202,
      -0.999878
    ],
    "ImageType": [
      "ORIGINAL",
      "PRIMARY",
      "M",
      "ND",
      "NORM"
    ],
    "ImagingFrequency": 123.221,
    "InPlanePhaseEncodingDirectionDICOM": "ROW",
    "InstitutionAddress": "Rudolf-Bultmann-Strasse_8_Marburg_District_DE_35039",
    "InstitutionName": "Center_of_BrainImaging_Uni-Marburg",
    "InstitutionalDepartmentName": "Department",
    "InversionTime": 0.9,
    "MRAcquisitionType": "3D",
    "MagneticFieldStrength": 3,
    "Manufacturer": "Siemens",
    "ManufacturersModelName": "TrioTim",
    "Modality": "MR",
    "PartialFourier": 1,
    "PatientBirthDate": "1998-01-01",
    "PatientID": "AGB_FRAPPS_24",
    "PatientName": "20220621_AGB_FRAPPS_24",
    "PatientPosition": "HFS",
    "PatientSex": "F",
    "PatientWeight": 56,
    "PercentPhaseFOV": 100,
    "PhaseEncodingSteps": 256,
    "PhaseResolution": 1,
    "PixelBandwidth": 199,
    "ProcedureStepDescription": "AGB_Christoph",
    "ProtocolName": "t1_mpr_12CH_sag_p2_iso_FOV256_ND_REF",
    "PulseSequenceDetails": "%SiemensSeq%_tfl",
    "ReceiveCoilName": "32Ch_Head",
    "ReconMatrixPE": 256,
    "RepetitionTime": 1.9,
    "SAR": 0.101483,
    "ScanOptions": "IR",
    "ScanningSequence": "GR_IR",
    "SequenceName": "_tfl3d1_ns",
    "SequenceVariant": "SP_MP",
    "SeriesDescription": "t1_mpr_12CH_sag_p2_iso_FOV256_ND_REF",
    "SeriesInstanceUID": "1.3.12.2.1107.5.2.32.35420.2022062107214137404333719.0.0.0",
    "SeriesNumber": 3,
    "ShimSetting": [
      9316,
      9562,
      -1837,
      -292,
      -72,
      -2564,
      430,
      205
    ],
    "SliceThickness": 1,
    "SoftwareVersions": "syngo_MR_B19",
    "StationName": "MRC35420",
    "StudyID": "1",
    "StudyInstanceUID": "1.3.12.2.1107.5.2.32.35420.30000022053005374096600000274",
    "TxRefAmp": 316.309,
    "dataset": "unknown",
    "modality": "T1w",
    "subject_id": "24"
  },
  "cjv": 0.4016350798063256,
  "cnr": 3.3484142510167425,
  "efc": 0.5983174378955947,
  "fber": 791.400634765625,
  "fwhm_avg": 4.965813429355826,
  "fwhm_x": 4.832970288067478,
  "fwhm_y": 4.9359,
  "fwhm_z": 5.12857,
  "icvs_csf": 0.22137780008782648,
  "icvs_gm": 0.423433243819382,
  "icvs_wm": 0.3551889560927915,
  "inu_med": 1.2004543542861938,
  "inu_range": 0.5930569887161251,
  "provenance": {
    "md5sum": "2292bf65a1f2f6b5fb00fb2b7bf03b7d",
    "settings": {
      "testing": false
    },
    "software": "mriqc",
    "version": "0.15.0",
    "warnings": {
      "large_rot_frame": true,
      "small_air_mask": false
    },
    "webapi_port": null,
    "webapi_url": "https://mriqc.nimh.nih.gov/api/v1"
  },
  "qi_1": 5.9128242752971565e-06,
  "qi_2": 0.014035520893768753,
  "rpve_csf": 24.45419439493604,
  "rpve_gm": 13.20791976744186,
  "rpve_wm": 18.59788375258683,
  "size_x": 176,
  "size_y": 256,
  "size_z": 256,
  "snr_csf": 3.5427295178937395,
  "snr_gm": 12.592297343862215,
  "snr_total": 13.985160509706036,
  "snr_wm": 25.820454667362156,
  "snrd_csf": 10.358659062938198,
  "snrd_gm": 22.453637040388667,
  "snrd_total": 20.873650663124565,
  "snrd_wm": 29.808655886046832,
  "spacing_x": 0.9999999403953552,
  "spacing_y": 1.0,
  "spacing_z": 1.0,
  "summary_bg_k": 1.2565738629992316,
  "summary_bg_mad": 21.97836685180664,
  "summary_bg_mean": 28.029422760009766,
  "summary_bg_median": 23.411184310913086,
  "summary_bg_n": 1832679.0,
  "summary_bg_p05": 0.0,
  "summary_bg_p95": 62.38889694213867,
  "summary_bg_stdv": 18.76128578186035,
  "summary_csf_k": 35.77179214458,
  "summary_csf_mad": 97.75526428222656,
  "summary_csf_mean": 365.349853515625,
  "summary_csf_median": 347.50994873046875,
  "summary_csf_n": 33648.0,
  "summary_csf_p05": 245.06235122680664,
  "summary_csf_p95": 520.061489868164,
  "summary_csf_stdv": 98.08956146240234,
  "summary_gm_k": -0.12632440502167208,
  "summary_gm_mad": 60.482147216796875,
  "summary_gm_mean": 751.3181762695312,
  "summary_gm_median": 753.26953125,
  "summary_gm_n": 22226.0,
  "summary_gm_p05": 648.6219329833984,
  "summary_gm_p95": 846.3269195556641,
  "summary_gm_stdv": 59.818519592285156,
  "summary_wm_k": 0.11680319878050316,
  "summary_wm_mad": 38.619102478027344,
  "summary_wm_mean": 1000.2435913085938,
  "summary_wm_median": 1000.0140380859375,
  "summary_wm_n": 198674.0,
  "summary_wm_p05": 937.3236022949219,
  "summary_wm_p95": 1064.0459045410157,
  "summary_wm_stdv": 38.72943115234375,
  "tpm_overlap_csf": 0.2261294573545456,
  "tpm_overlap_gm": 0.4915674030780792,
  "tpm_overlap_wm": 0.5307134985923767,
  "wm2max": 0.42583318976955703
}