{
  "bids_meta": {
    "AcquisitionDateTime": "2022-06-21T08:42:41.782500",
    "AcquisitionMatrixPE": 256,
    "AcquisitionNumber": 1,
    "AcquisitionTime": "08:42:41.782500",
    "BaseResolution": 256,
    "CoilString": "C:HEA;HEP",
    "ConversionSoftware": "dcm2niix",
    "ConversionSoftwareVersion": "v1.0.20190902",
    "DeviceSerialNumber": "35420",
    "DwellTime": 9.8e-06,
    "EchoTime": 0.00226,
    "FlipAngle": 9,
    "ImageOrientationPatientDICOM": [
      0.0451261,
      0.998839,
      -0.0168575,
      0.0577726,
      -0.0194558,
      -0.99814
    ],
    "ImageType": [
      "ORIGINAL",
      "PRIMARY",
      "M",
      "ND",
      "NORM"
    ],
    "ImagingFrequency": 123.221,
    "InPlanePhaseEncodingDirectionDICOM": "ROW",
    "InstitutionAddress": "Rudolf-Bultmann-Strasse_8_Marburg_District_DE_35039",
    "InstitutionName": "Center_of_BrainImaging_Uni-Marburg",
    "InstitutionalDepartmentName": "Department",
    "InversionTime": 0.9,
    "MRAcquisitionType": "3D",
    "MagneticFieldStrength": 3,
    "Manufacturer": "Siemens",
    "ManufacturersModelName": "TrioTim",
    "Modality": "MR",
    "PartialFourier": 1,
    "PatientBirthDate": "1996-01-01",
    "PatientID": "AGB_FRAPPS_25",
    "PatientName": "20220621_AGB_FRAPPS_25",
    "PatientPosition": "HFS",
    "PatientSex": "F",
    "PatientWeight": 60,
    "PercentPhaseFOV": 100,
    "PhaseEncodingSteps": 256,
    "PhaseResolution": 1,
    "PixelBandwidth": 199,
    "ProcedureStepDescription": "AGB_Christoph",
    "ProtocolName": "t1_mpr_12CH_sag_p2_iso_FOV256_ND_REF",
    "PulseSequenceDetails": "%SiemensSeq%_tfl",
    "ReceiveCoilName": "32Ch_Head",
    "ReconMatrixPE": 256,
    "RepetitionTime": 1.9,
    "SAR": 0.11038,
    "ScanOptions": "IR",
    "ScanningSequence": "GR_IR",
    "SequenceName": "_tfl3d1_ns",
    "SequenceVariant": "SP_MP",
    "SeriesDescription": "t1_mpr_12CH_sag_p2_iso_FOV256_ND_REF",
    "SeriesInstanceUID": "1.3.12.2.1107.5.2.32.35420.2022062108423897117338005.0.0.0",
    "SeriesNumber": 3,
    "ShimSetting": [
      9316,
      9562,
      -1837,
      -292,
      -72,
      -2564,
      430,
      205
    ],
    "SliceThickness": 1,
    "SoftwareVersions": "syngo_MR_B19",
    "StationName": "MRC35420",
    "StudyID": "1",
    "StudyInstanceUID": "1.3.12.2.1107.5.2.32.35420.30000022053005374096600000277",
    "TxRefAmp": 308.683,
    "dataset": "unknown",
    "modality": "T1w",
    "subject_id": "25"
  },
  "cjv": 0.37130001404899926,
  "cnr": 3.5693163875087395,
  "efc": 0.5903000669437959,
  "fber": 800.4214477539062,
  "fwhm_avg": 5.4130035455473395,
  "fwhm_x": 5.204890310235638,
  "fwhm_y": 5.476190326406379,
  "fwhm_z": 5.55793,
  "icvs_csf": 0.18923817933661463,
  "icvs_gm": 0.4504325048816672,
  "icvs_wm": 0.36032931578171823,
  "inu_med": 1.5874449014663696,
  "inu_range": 0.8075756549835207,
  "provenance": {
    "md5sum": "4221b290ab90f46847b96daeaf75a7c3",
    "settings": {
      "testing": false
    },
    "software": "mriqc",
    "version": "0.15.0",
    "warnings": {
      "large_rot_frame": true,
      "small_air_mask": false
    },
    "webapi_port": null,
    "webapi_url": "https://mriqc.nimh.nih.gov/api/v1"
  },
  "qi_1": 0.0,
  "qi_2": 0.013312353462111601,
  "rpve_csf": 29.34365961937991,
  "rpve_gm": 13.762922313649565,
  "rpve_wm": 19.55490939637995,
  "size_x": 176,
  "size_y": 256,
  "size_z": 256,
  "snr_csf": 3.7710057347225576,
  "snr_gm": 11.860122637255973,
  "snr_total": 12.867585779183017,
  "snr_wm": 22.97162896557052,
  "snrd_csf": 21.0334419359248,
  "snrd_gm": 41.94982233685266,
  "snrd_total": 40.28173872509479,
  "snrd_wm": 57.8619519025069,
  "spacing_x": 0.9999999403953552,
  "spacing_y": 0.9999999403953552,
  "spacing_z": 1.0,
  "summary_bg_k": 1.1589563892970505,
  "summary_bg_mad": 11.32248592376709,
  "summary_bg_mean": 25.713470458984375,
  "summary_bg_median": 22.41116714477539,
  "summary_bg_n": 1954452.0,
  "summary_bg_p05": 0.0,
  "summary_bg_p95": 59.57074451446533,
  "summary_bg_stdv": 17.447145462036133,
  "summary_csf_k": 12.030641820393384,
  "summary_csf_mad": 99.338623046875,
  "summary_csf_mean": 371.1728820800781,
  "summary_csf_median": 363.5133972167969,
  "summary_csf_n": 18738.0,
  "summary_csf_p05": 237.4841278076172,
  "summary_csf_p95": 526.2091003417969,
  "summary_csf_stdv": 96.39436340332031,
  "summary_gm_k": 0.08138935331633324,
  "summary_gm_mad": 59.59162139892578,
  "summary_gm_mean": 726.0875854492188,
  "summary_gm_median": 725.003662109375,
  "summary_gm_n": 38862.0,
  "summary_gm_p05": 627.6405578613281,
  "summary_gm_p95": 830.5112152099609,
  "summary_gm_stdv": 61.12873840332031,
  "summary_wm_k": 0.28187595910648167,
  "summary_wm_mad": 42.51721954345703,
  "summary_wm_mean": 997.7306518554688,
  "summary_wm_median": 1000.0072631835938,
  "summary_wm_n": 192587.0,
  "summary_wm_p05": 922.0690490722657,
  "summary_wm_p95": 1064.8621582031249,
  "summary_wm_stdv": 43.532161712646484,
  "tpm_overlap_csf": 0.2241562008857727,
  "tpm_overlap_gm": 0.523318350315094,
  "tpm_overlap_wm": 0.5500034689903259,
  "wm2max": 0.4207753387842934
}