{
  "aor": 0.006043962616822431,
  "aqi": 0.009215135401869159,
  "bids_meta": {
    "AcquisitionDateTime": "2022-06-22T08:23:13.465000",
    "AcquisitionMatrixPE": 70,
    "AcquisitionNumber": 1,
    "AcquisitionTime": "08:23:13.465000",
    "BandwidthPerPixelPhaseEncode": 25.974,
    "BaseResolution": 70,
    "CoilString": "C:HEA;HEP",
    "ConversionSoftware": "dcm2niix",
    "ConversionSoftwareVersion": "v1.0.20190902",
    "DerivedVendorReportedEchoSpacing": 0.000550001,
    "DeviceSerialNumber": "35420",
    "DwellTime": 3.5e-06,
    "EchoTime": 0.03,
    "EffectiveEchoSpacing": 0.000550001,
    "FlipAngle": 60,
    "ImageComments": "Unaliased_MB2_PE2_LB",
    "ImageOrientationPatientDICOM": [
      0.999588,
      -0.0277338,
      0.00733009,
      0.0273969,
      0.998715,
      0.0426438
    ],
    "ImageType": [
      "ORIGINAL",
      "PRIMARY",
      "M",
      "MB",
      "ND",
      "MOSAIC"
    ],
    "ImagingFrequency": 123.221,
    "InPlanePhaseEncodingDirectionDICOM": "COL",
    "InstitutionAddress": "Rudolf-Bultmann-Strasse_8_Marburg_District_DE_35039",
    "InstitutionName": "Center_of_BrainImaging_Uni-Marburg",
    "InstitutionalDepartmentName": "Department",
    "MRAcquisitionType": "2D",
    "MagneticFieldStrength": 3,
    "Manufacturer": "Siemens",
    "ManufacturersModelName": "TrioTim",
    "Modality": "MR",
    "MultibandAccelerationFactor": 2,
    "PartialFourier": 1,
    "PatientBirthDate": "1999-01-01",
    "PatientID": "AGB_FRAPPS_27",
    "PatientName": "20220622_AGB_FRAPPS_27",
    "PatientPosition": "HFS",
    "PatientSex": "M",
    "PatientWeight": 70,
    "PercentPhaseFOV": 100,
    "PhaseEncodingDirection": "j-",
    "PhaseEncodingSteps": 70,
    "PhaseResolution": 1,
    "PixelBandwidth": 2041,
    "ProcedureStepDescription": "AGB_Christoph",
    "ProtocolName": "cmrr_ep2d_bold_FP_MB2_iso3",
    "PulseSequenceDetails": "%CustomerSeq%_cmrr_mbep2d_bold",
    "ReceiveCoilName": "32Ch_Head",
    "ReconMatrixPE": 70,
    "RepetitionTime": 1.53,
    "SAR": 0.128699,
    "ScanOptions": "FS",
    "ScanningSequence": "EP",
    "SequenceName": "epfid2d1_70",
    "SequenceVariant": "SK_SS",
    "SeriesDescription": "cmrr_ep2d_bold_FP_MB2_iso3",
    "SeriesInstanceUID": "1.3.12.2.1107.5.2.32.35420.2022062208231681453331805.0.0.0",
    "SeriesNumber": 6,
    "ShimSetting": [
      9318,
      9500,
      -1488,
      478,
      6,
      -2500,
      646,
      222
    ],
    "SliceThickness": 3,
    "SliceTiming": [
      0,
      0.0625,
      0.1275,
      0.19,
      0.255,
      0.32,
      0.3825,
      0.4475,
      0.51,
      0.575,
      0.6375,
      0.7025,
      0.7675,
      0.83,
      0.895,
      0.9575,
      1.0225,
      1.0875,
      1.15,
      1.215,
      1.2775,
      1.3425,
      1.4075,
      1.47,
      0,
      0.0625,
      0.1275,
      0.19,
      0.255,
      0.32,
      0.3825,
      0.4475,
      0.51,
      0.575,
      0.6375,
      0.7025,
      0.7675,
      0.83,
      0.895,
      0.9575,
      1.0225,
      1.0875,
      1.15,
      1.215,
      1.2775,
      1.3425,
      1.4075,
      1.47
    ],
    "SoftwareVersions": "syngo_MR_B19",
    "SpacingBetweenSlices": 3.45,
    "StationName": "MRC35420",
    "StudyID": "1",
    "StudyInstanceUID": "1.3.12.2.1107.5.2.32.35420.30000022053005374096600000295",
    "TaskName": "TODO: full task name for localizer",
    "TotalReadoutTime": 0.03795,
    "TxRefAmp": 308.055,
    "dataset": "unknown",
    "modality": "bold",
    "subject_id": "27",
    "task_id": "localizer"
  },
  "dummy_trs": 2,
  "dvars_nstd": 26.135024377921365,
  "dvars_std": 1.122574183951311,
  "dvars_vstd": 1.0320612455617975,
  "efc": 0.5017650646173712,
  "fber": 987.1488037109375,
  "fd_mean": 0.20195913993902784,
  "fd_num": 187,
  "fd_perc": 34.953271028037385,
  "fwhm_avg": 2.556575013235763,
  "fwhm_x": 2.39892,
  "fwhm_y": 2.900816666666667,
  "fwhm_z": 2.3699883730406226,
  "gcor": 0.0139611,
  "gsr_x": 0.006471772212535143,
  "gsr_y": 0.05016409605741501,
  "provenance": {
    "md5sum": "acd3131b5a79d379916ec3abce09fdfe",
    "settings": {
      "fd_thres": 0.2,
      "hmc_fsl": false
    },
    "software": "mriqc",
    "version": "0.15.0",
    "webapi_port": null,
    "webapi_url": "https://mriqc.nimh.nih.gov/api/v1"
  },
  "size_t": 535,
  "size_x": 70,
  "size_y": 70,
  "size_z": 48,
  "snr": 2.658864959803899,
  "spacing_tr": 1.5299999713897705,
  "spacing_x": 3.0,
  "spacing_y": 3.0,
  "spacing_z": 3.450000047683716,
  "summary_bg_k": 55.145130058999804,
  "summary_bg_mad": 5.00482177734375,
  "summary_bg_mean": 24.11069107055664,
  "summary_bg_median": 13.089719772338867,
  "summary_bg_n": 142459.0,
  "summary_bg_p05": 8.792523384094238,
  "summary_bg_p95": 78.33102798461915,
  "summary_bg_stdv": 34.270294189453125,
  "summary_fg_k": 1.4985626603208022,
  "summary_fg_mad": 137.0174102783203,
  "summary_fg_mean": 462.61871337890625,
  "summary_fg_median": 438.2673034667969,
  "summary_fg_n": 48501.0,
  "summary_fg_p05": 228.2691650390625,
  "summary_fg_p95": 764.9495849609375,
  "summary_fg_stdv": 164.83078002929688,
  "tsnr": 35.151573181152344
}