{
  "bids_meta": {
    "AcquisitionDateTime": "2022-04-21T09:50:32.032500",
    "AcquisitionMatrixPE": 256,
    "AcquisitionNumber": 1,
    "AcquisitionTime": "09:50:32.032500",
    "BaseResolution": 256,
    "CoilString": "C:HEA;HEP",
    "ConversionSoftware": "dcm2niix",
    "ConversionSoftwareVersion": "v1.0.20190902",
    "DeviceSerialNumber": "35420",
    "DwellTime": 9.8e-06,
    "EchoTime": 0.00226,
    "FlipAngle": 9,
    "ImageOrientationPatientDICOM": [
      0.019574,
      0.99079,
      -0.133985,
      -0.00618861,
      -0.133888,
      -0.990977
    ],
    "ImageType": [
      "ORIGINAL",
      "PRIMARY",
      "M",
      "ND",
      "NORM"
    ],
    "ImagingFrequency": 123.221,
    "InPlanePhaseEncodingDirectionDICOM": "ROW",
    "InstitutionAddress": "Rudolf-Bultmann-Strasse_8_Marburg_District_DE_35039",
    "InstitutionName": "Center_of_BrainImaging_Uni-Marburg",
    "InstitutionalDepartmentName": "Department",
    "InversionTime": 0.9,
    "MRAcquisitionType": "3D",
    "MagneticFieldStrength": 3,
    "Manufacturer": "Siemens",
    "ManufacturersModelName": "TrioTim",
    "Modality": "MR",
    "PartialFourier": 1,
    "PatientBirthDate": "1994-01-01",
    "PatientID": "AGB_FRAPPS_07",
    "PatientName": "20220421_AGB_FRAPPS_07",
    "PatientPosition": "HFS",
    "PatientSex": "M",
    "PatientWeight": 67,
    "PercentPhaseFOV": 100,
    "PhaseEncodingSteps": 256,
    "PhaseResolution": 1,
    "PixelBandwidth": 199,
    "ProcedureStepDescription": "AGB_Christoph",
    "ProtocolName": "t1_mpr_12CH_sag_p2_iso_FOV256_ND_REF",
    "PulseSequenceDetails": "%SiemensSeq%_tfl",
    "ReceiveCoilName": "32Ch_Head",
    "ReconMatrixPE": 256,
    "RepetitionTime": 1.9,
    "SAR": 0.0928426,
    "ScanOptions": "IR",
    "ScanningSequence": "GR_IR",
    "SequenceName": "_tfl3d1_ns",
    "SequenceVariant": "SP_MP",
    "SeriesDescription": "t1_mpr_12CH_sag_p2_iso_FOV256_ND_REF",
    "SeriesInstanceUID": "1.3.12.2.1107.5.2.32.35420.2022042109502946779544965.0.0.0",
    "SeriesNumber": 3,
    "ShimSetting": [
      9316,
      9562,
      -1837,
      -292,
      -72,
      -2564,
      430,
      205
    ],
    "SliceThickness": 1,
    "SoftwareVersions": "syngo_MR_B19",
    "StationName": "MRC35420",
    "StudyID": "1",
    "StudyInstanceUID": "1.3.12.2.1107.5.2.32.35420.30000022042010144015600000014",
    "TxRefAmp": 294.026,
    "dataset": "unknown",
    "modality": "T1w",
    "subject_id": "07"
  },
  "cjv": 0.388831674053803,
  "cnr": 3.320763252235056,
  "efc": 0.5911101614713257,
  "fber": 481.22491455078125,
  "fwhm_avg": 5.040256666666667,
  "fwhm_x": 4.90979,
  "fwhm_y": 5.05048,
  "fwhm_z": 5.1605,
  "icvs_csf": 0.21005114585297435,
  "icvs_gm": 0.43964869927516964,
  "icvs_wm": 0.350300154871856,
  "inu_med": 1.064121127128601,
  "inu_range": 0.5094177544116976,
  "provenance": {
    "md5sum": "04c7edb5a9fd8d8f067079da363cfe94",
    "settings": {
      "testing": false
    },
    "software": "mriqc",
    "version": "0.15.0",
    "warnings": {
      "large_rot_frame": true,
      "small_air_mask": false
    },
    "webapi_port": null,
    "webapi_url": "https://mriqc.nimh.nih.gov/api/v1"
  },
  "qi_1": 0.0,
  "qi_2": 0.011580164279060286,
  "rpve_csf": 24.49024690433126,
  "rpve_gm": 12.635910352054859,
  "rpve_wm": 18.413560205130185,
  "size_x": 176,
  "size_y": 256,
  "size_z": 256,
  "snr_csf": 3.4052333460651147,
  "snr_gm": 12.736252151199531,
  "snr_total": 13.371676810072492,
  "snr_wm": 23.97354493295283,
  "snrd_csf": 10.313510022431496,
  "snrd_gm": 21.81764835368724,
  "snrd_total": 20.39755363567207,
  "snrd_wm": 29.061502530897478,
  "spacing_x": 1.0,
  "spacing_y": 1.0,
  "spacing_z": 1.0,
  "summary_bg_k": 1.7724285984818202,
  "summary_bg_mad": 22.543289184570312,
  "summary_bg_mean": 29.773853302001953,
  "summary_bg_median": 23.19935417175293,
  "summary_bg_n": 2178466.0,
  "summary_bg_p05": 0.0,
  "summary_bg_p95": 69.17039489746094,
  "summary_bg_stdv": 20.488704681396484,
  "summary_csf_k": -0.31479267334291405,
  "summary_csf_mad": 113.40583801269531,
  "summary_csf_mean": 378.8091125488281,
  "summary_csf_median": 354.88861083984375,
  "summary_csf_n": 25414.0,
  "summary_csf_p05": 247.68681182861326,
  "summary_csf_p95": 558.2514617919921,
  "summary_csf_stdv": 104.21653747558594,
  "summary_gm_k": 0.05412656562835805,
  "summary_gm_mad": 57.586483001708984,
  "summary_gm_mean": 752.2359619140625,
  "summary_gm_median": 750.746826171875,
  "summary_gm_n": 30922.0,
  "summary_gm_p05": 657.3427154541016,
  "summary_gm_p95": 853.3156677246092,
  "summary_gm_stdv": 58.94470977783203,
  "summary_wm_k": 0.5649182559740336,
  "summary_wm_mad": 39.33429718017578,
  "summary_wm_mean": 998.6914672851562,
  "summary_wm_median": 1000.0083618164062,
  "summary_wm_n": 215405.0,
  "summary_wm_p05": 928.4182373046875,
  "summary_wm_p95": 1064.8916259765624,
  "summary_wm_stdv": 41.71289825439453,
  "tpm_overlap_csf": 0.2419614940881729,
  "tpm_overlap_gm": 0.5319392085075378,
  "tpm_overlap_wm": 0.5745010375976562,
  "wm2max": 0.3893787029662083
}