{
  "bids_meta": {
    "AcquisitionDateTime": "2022-06-22T09:08:9.057500",
    "AcquisitionMatrixPE": 256,
    "AcquisitionNumber": 1,
    "AcquisitionTime": "09:08:9.057500",
    "BaseResolution": 256,
    "CoilString": "C:HEA;HEP",
    "ConversionSoftware": "dcm2niix",
    "ConversionSoftwareVersion": "v1.0.20190902",
    "DeviceSerialNumber": "35420",
    "DwellTime": 9.8e-06,
    "EchoTime": 0.00226,
    "FlipAngle": 9,
    "ImageOrientationPatientDICOM": [
      -0.0171175,
      0.994744,
      -0.100952,
      0.0473614,
      -0.100047,
      -0.993855
    ],
    "ImageType": [
      "ORIGINAL",
      "PRIMARY",
      "M",
      "ND",
      "NORM"
    ],
    "ImagingFrequency": 123.221,
    "InPlanePhaseEncodingDirectionDICOM": "ROW",
    "InstitutionAddress": "Rudolf-Bultmann-Strasse_8_Marburg_District_DE_35039",
    "InstitutionName": "Center_of_BrainImaging_Uni-Marburg",
    "InstitutionalDepartmentName": "Department",
    "InversionTime": 0.9,
    "MRAcquisitionType": "3D",
    "MagneticFieldStrength": 3,
    "Manufacturer": "Siemens",
    "ManufacturersModelName": "TrioTim",
    "Modality": "MR",
    "PartialFourier": 1,
    "PatientBirthDate": "2002-01-01",
    "PatientID": "AGB_FRAPPS_28",
    "PatientName": "20220622_AGB_FRAPPS_28",
    "PatientPosition": "HFS",
    "PatientSex": "F",
    "PatientWeight": 75,
    "PercentPhaseFOV": 100,
    "PhaseEncodingSteps": 256,
    "PhaseResolution": 1,
    "PixelBandwidth": 199,
    "ProcedureStepDescription": "AGB_Christoph",
    "ProtocolName": "t1_mpr_12CH_sag_p2_iso_FOV256_ND_REF",
    "PulseSequenceDetails": "%SiemensSeq%_tfl",
    "ReceiveCoilName": "32Ch_Head",
    "ReconMatrixPE": 256,
    "RepetitionTime": 1.9,
    "SAR": 0.102742,
    "ScanOptions": "IR",
    "ScanningSequence": "GR_IR",
    "SequenceName": "_tfl3d1_ns",
    "SequenceVariant": "SP_MP",
    "SeriesDescription": "t1_mpr_12CH_sag_p2_iso_FOV256_ND_REF",
    "SeriesInstanceUID": "1.3.12.2.1107.5.2.32.35420.2022062209080739969837848.0.0.0",
    "SeriesNumber": 3,
    "ShimSetting": [
      9316,
      9562,
      -1837,
      -292,
      -72,
      -2564,
      430,
      205
    ],
    "SliceThickness": 1,
    "SoftwareVersions": "syngo_MR_B19",
    "StationName": "MRC35420",
    "StudyID": "1",
    "StudyInstanceUID": "1.3.12.2.1107.5.2.32.35420.30000022053005374096600000298",
    "TxRefAmp": 297.141,
    "dataset": "unknown",
    "modality": "T1w",
    "subject_id": "28"
  },
  "cjv": 0.3676375658750008,
  "cnr": 3.6095482579671248,
  "efc": 0.5848975370181633,
  "fber": 815.1705322265625,
  "fwhm_avg": 5.054546666666667,
  "fwhm_x": 4.99672,
  "fwhm_y": 4.93023,
  "fwhm_z": 5.23669,
  "icvs_csf": 0.20553946347166155,
  "icvs_gm": 0.4500736794224563,
  "icvs_wm": 0.3443868571058822,
  "inu_med": 1.0479079484939575,
  "inu_range": 0.5228580892086026,
  "provenance": {
    "md5sum": "9f2388df9b6298da1d45c08e7b95ea5d",
    "settings": {
      "testing": false
    },
    "software": "mriqc",
    "version": "0.15.0",
    "warnings": {
      "large_rot_frame": true,
      "small_air_mask": false
    },
    "webapi_port": null,
    "webapi_url": "https://mriqc.nimh.nih.gov/api/v1"
  },
  "qi_1": 0.0,
  "qi_2": 0.013477663511194948,
  "rpve_csf": 26.58929521199382,
  "rpve_gm": 13.260292598284897,
  "rpve_wm": 19.877907824059296,
  "size_x": 176,
  "size_y": 256,
  "size_z": 256,
  "snr_csf": 4.055438308586462,
  "snr_gm": 12.270559600172243,
  "snr_total": 13.65507019673356,
  "snr_wm": 24.639212681441975,
  "snrd_csf": 20.712077914241913,
  "snrd_gm": 39.48539790436048,
  "snrd_total": 38.064627941924364,
  "snrd_wm": 53.9964080071707,
  "spacing_x": 1.0,
  "spacing_y": 1.0,
  "spacing_z": 1.0,
  "summary_bg_k": 1.397777243513163,
  "summary_bg_mad": 12.132948875427246,
  "summary_bg_mean": 27.642925262451172,
  "summary_bg_median": 23.733274459838867,
  "summary_bg_n": 2379754.0,
  "summary_bg_p05": 0.0,
  "summary_bg_p95": 63.114707946777344,
  "summary_bg_stdv": 18.56293296813965,
  "summary_csf_k": 0.14253390696696933,
  "summary_csf_mad": 102.7742691040039,
  "summary_csf_mean": 392.1175231933594,
  "summary_csf_median": 383.58209228515625,
  "summary_csf_n": 23810.0,
  "summary_csf_p05": 257.1556335449219,
  "summary_csf_p95": 552.0679779052734,
  "summary_csf_stdv": 94.58263397216797,
  "summary_gm_k": 0.02802949987334946,
  "summary_gm_mad": 59.38634490966797,
  "summary_gm_mean": 732.7777099609375,
  "summary_gm_median": 731.2589111328125,
  "summary_gm_n": 33528.0,
  "summary_gm_p05": 636.876431274414,
  "summary_gm_p95": 833.1827148437499,
  "summary_gm_stdv": 59.59369659423828,
  "summary_wm_k": 0.26827555602939146,
  "summary_wm_mad": 39.41257095336914,
  "summary_wm_mean": 999.12890625,
  "summary_wm_median": 999.9989013671875,
  "summary_wm_n": 187931.0,
  "summary_wm_p05": 931.1950988769531,
  "summary_wm_p95": 1064.4274291992188,
  "summary_wm_stdv": 40.5855598449707,
  "tpm_overlap_csf": 0.22908557951450348,
  "tpm_overlap_gm": 0.5305305123329163,
  "tpm_overlap_wm": 0.5573827624320984,
  "wm2max": 0.3992639750612732
}