{
  "bids_meta": {
    "AcquisitionDateTime": "2022-04-06T16:28:40.420000",
    "AcquisitionMatrixPE": 256,
    "AcquisitionNumber": 1,
    "AcquisitionTime": "16:28:40.420000",
    "BaseResolution": 256,
    "CoilString": "C:HEA;HEP",
    "ConversionSoftware": "dcm2niix",
    "ConversionSoftwareVersion": "v1.0.20190902",
    "DeviceSerialNumber": "35420",
    "DwellTime": 9.8e-06,
    "EchoTime": 0.00226,
    "FlipAngle": 9,
    "ImageOrientationPatientDICOM": [
      0.0166095,
      0.995809,
      -0.0899396,
      0.0676839,
      -0.0908655,
      -0.99356
    ],
    "ImageType": [
      "ORIGINAL",
      "PRIMARY",
      "M",
      "ND"
    ],
    "ImagingFrequency": 123.222,
    "InPlanePhaseEncodingDirectionDICOM": "ROW",
    "InstitutionAddress": "Rudolf-Bultmann-Strasse_8_Marburg_District_DE_35039",
    "InstitutionName": "Center_of_BrainImaging_Uni-Marburg",
    "InstitutionalDepartmentName": "Department",
    "InversionTime": 0.9,
    "MRAcquisitionType": "3D",
    "MagneticFieldStrength": 3,
    "Manufacturer": "Siemens",
    "ManufacturersModelName": "TrioTim",
    "Modality": "MR",
    "ParallelReductionFactorInPlane": 2,
    "PartialFourier": 1,
    "PatientBirthDate": "1996-01-01",
    "PatientID": "AGB_FRAPPS_01",
    "PatientName": "20200406_AGB_FRAPPS_01",
    "PatientPosition": "HFS",
    "PatientSex": "F",
    "PatientWeight": 64,
    "PercentPhaseFOV": 100,
    "PhaseEncodingSteps": 255,
    "PhaseResolution": 1,
    "PixelBandwidth": 199,
    "ProcedureStepDescription": "AGB_Christoph",
    "ProtocolName": "t1_mpr_12CH_sag_p2_iso_FOV256_ND_REF",
    "PulseSequenceDetails": "%SiemensSeq%_tfl",
    "ReceiveCoilName": "32Ch_Head",
    "ReconMatrixPE": 256,
    "RefLinesPE": 24,
    "RepetitionTime": 1.9,
    "SAR": 0.0907282,
    "ScanOptions": "IR",
    "ScanningSequence": "GR_IR",
    "SequenceName": "_tfl3d1_ns",
    "SequenceVariant": "SP_MP",
    "SeriesDescription": "t1_mpr_12CH_sag_p2_iso_FOV256_ND_REF",
    "SeriesInstanceUID": "1.3.12.2.1107.5.2.32.35420.2022040616330519783481125.0.0.0",
    "SeriesNumber": 3,
    "ShimSetting": [
      9316,
      9562,
      -1837,
      -292,
      -72,
      -2564,
      430,
      205
    ],
    "SliceThickness": 1,
    "SoftwareVersions": "syngo_MR_B19",
    "StationName": "MRC35420",
    "StudyID": "1",
    "StudyInstanceUID": "1.3.12.2.1107.5.2.32.35420.30000022040406475295100000074",
    "TxRefAmp": 301.095,
    "dataset": "unknown",
    "modality": "T1w",
    "subject_id": "01"
  },
  "cjv": 0.35551458592719465,
  "cnr": 3.684915293701617,
  "efc": 0.5645715949893185,
  "fber": 5447.7919921875,
  "fwhm_avg": 3.8447599999999995,
  "fwhm_x": 3.82133,
  "fwhm_y": 3.85592,
  "fwhm_z": 3.85703,
  "icvs_csf": 0.18820405120526706,
  "icvs_gm": 0.4377830390490637,
  "icvs_wm": 0.37401290974566925,
  "inu_med": 1.1953809261322021,
  "inu_range": 0.29173638820648207,
  "provenance": {
    "md5sum": "2bc8418e4e06c8086afd7bb2c09efb97",
    "settings": {
      "testing": false
    },
    "software": "mriqc",
    "version": "0.15.0",
    "warnings": {
      "large_rot_frame": true,
      "small_air_mask": false
    },
    "webapi_port": null,
    "webapi_url": "https://mriqc.nimh.nih.gov/api/v1"
  },
  "qi_1": 0.00025514354030270383,
  "qi_2": 0.012321826248778351,
  "rpve_csf": 30.081346368348534,
  "rpve_gm": 14.188762950301738,
  "rpve_wm": 19.277454819479768,
  "size_x": 176,
  "size_y": 256,
  "size_z": 256,
  "snr_csf": 3.660452310022045,
  "snr_gm": 14.162532549119138,
  "snr_total": 13.997038620850391,
  "snr_wm": 24.168131003409993,
  "snrd_csf": 45.686074674092005,
  "snrd_gm": 97.62855132352834,
  "snrd_total": 91.10315255491867,
  "snrd_wm": 129.99483166713563,
  "spacing_x": 1.0,
  "spacing_y": 1.0,
  "spacing_z": 1.0,
  "summary_bg_k": 9.105869386980544,
  "summary_bg_mad": 5.03975248336792,
  "summary_bg_mean": 7.7107439041137695,
  "summary_bg_median": 6.750154972076416,
  "summary_bg_n": 2399844.0,
  "summary_bg_p05": 0.0,
  "summary_bg_p95": 20.224219417572023,
  "summary_bg_stdv": 6.441458702087402,
  "summary_csf_k": 1.6144633452425907,
  "summary_csf_mad": 87.06301879882812,
  "summary_csf_mean": 372.4252014160156,
  "summary_csf_median": 351.4482116699219,
  "summary_csf_n": 18039.0,
  "summary_csf_p05": 255.0370346069336,
  "summary_csf_p95": 556.975537109375,
  "summary_csf_stdv": 96.00957489013672,
  "summary_gm_k": 0.03079410385028858,
  "summary_gm_mad": 52.428955078125,
  "summary_gm_mean": 750.8294677734375,
  "summary_gm_median": 751.02490234375,
  "summary_gm_n": 18077.0,
  "summary_gm_p05": 662.552978515625,
  "summary_gm_p95": 837.5601196289062,
  "summary_gm_stdv": 53.027530670166016,
  "summary_wm_k": 1.1318898153831274,
  "summary_wm_mad": 36.088253021240234,
  "summary_wm_mean": 998.6188354492188,
  "summary_wm_median": 1000.0082397460938,
  "summary_wm_n": 193214.0,
  "summary_wm_p05": 927.1609375,
  "summary_wm_p95": 1062.973162841797,
  "summary_wm_stdv": 41.377037048339844,
  "tpm_overlap_csf": 0.24000002443790436,
  "tpm_overlap_gm": 0.5131868720054626,
  "tpm_overlap_wm": 0.5586066246032715,
  "wm2max": 0.42936796483722744
}