{
  "aor": 0.005929207195203198,
  "aqi": 0.011378568467688206,
  "bids_meta": {
    "AcquisitionDateTime": "2022-05-05T08:11:13.382500",
    "AcquisitionMatrixPE": 70,
    "AcquisitionNumber": 1,
    "AcquisitionTime": "08:11:13.382500",
    "BandwidthPerPixelPhaseEncode": 25.974,
    "BaseResolution": 70,
    "CoilString": "C:HEA;HEP",
    "ConversionSoftware": "dcm2niix",
    "ConversionSoftwareVersion": "v1.0.20190902",
    "DerivedVendorReportedEchoSpacing": 0.000550001,
    "DeviceSerialNumber": "35420",
    "DwellTime": 3.5e-06,
    "EchoTime": 0.03,
    "EffectiveEchoSpacing": 0.000550001,
    "FlipAngle": 55,
    "ImageComments": "Unaliased_MB2_PE2_LB",
    "ImageOrientationPatientDICOM": [
      0.998802,
      -0.0066777,
      -0.0484811,
      0.00522979,
      0.999538,
      -0.0299312
    ],
    "ImageType": [
      "ORIGINAL",
      "PRIMARY",
      "M",
      "MB",
      "ND",
      "MOSAIC"
    ],
    "ImagingFrequency": 123.222,
    "InPlanePhaseEncodingDirectionDICOM": "COL",
    "InstitutionAddress": "Rudolf-Bultmann-Strasse_8_Marburg_District_DE_35039",
    "InstitutionName": "Center_of_BrainImaging_Uni-Marburg",
    "InstitutionalDepartmentName": "Department",
    "MRAcquisitionType": "2D",
    "MagneticFieldStrength": 3,
    "Manufacturer": "Siemens",
    "ManufacturersModelName": "TrioTim",
    "Modality": "MR",
    "MultibandAccelerationFactor": 2,
    "PartialFourier": 1,
    "PatientBirthDate": "1995-01-01",
    "PatientID": "AGB_FRAPPS_12",
    "PatientName": "20220505_AGB_FRAPPS_12",
    "PatientPosition": "HFS",
    "PatientSex": "M",
    "PatientWeight": 105,
    "PercentPhaseFOV": 100,
    "PhaseEncodingDirection": "j-",
    "PhaseEncodingSteps": 70,
    "PhaseResolution": 1,
    "PixelBandwidth": 2041,
    "ProcedureStepDescription": "AGB_Christoph",
    "ProtocolName": "cmrr_ep2d_bold_MB2_iso3",
    "PulseSequenceDetails": "%CustomerSeq%_cmrr_mbep2d_bold",
    "ReceiveCoilName": "32Ch_Head",
    "ReconMatrixPE": 70,
    "RepetitionTime": 1.53,
    "SAR": 0.120993,
    "ScanOptions": "FS",
    "ScanningSequence": "EP",
    "SequenceName": "epfid2d1_70",
    "SequenceVariant": "SK_SS",
    "SeriesDescription": "cmrr_ep2d_bold_MB2_iso3",
    "SeriesInstanceUID": "1.3.12.2.1107.5.2.32.35420.2022050508111593058129005.0.0.0",
    "SeriesNumber": 4,
    "ShimSetting": [
      9324,
      9529,
      -1465,
      205,
      45,
      -2647,
      399,
      299
    ],
    "SliceThickness": 3,
    "SliceTiming": [
      0,
      0.0625,
      0.1275,
      0.1925,
      0.255,
      0.32,
      0.3825,
      0.4475,
      0.5125,
      0.575,
      0.64,
      0.7025,
      0.7675,
      0.8325,
      0.895,
      0.96,
      1.0225,
      1.0875,
      1.1525,
      1.215,
      1.28,
      1.3425,
      1.4075,
      1.47,
      0,
      0.0625,
      0.1275,
      0.1925,
      0.255,
      0.32,
      0.3825,
      0.4475,
      0.5125,
      0.575,
      0.64,
      0.7025,
      0.7675,
      0.8325,
      0.895,
      0.96,
      1.0225,
      1.0875,
      1.1525,
      1.215,
      1.28,
      1.3425,
      1.4075,
      1.47
    ],
    "SoftwareVersions": "syngo_MR_B19",
    "SpacingBetweenSlices": 3.45,
    "StationName": "MRC35420",
    "StudyID": "1",
    "StudyInstanceUID": "1.3.12.2.1107.5.2.32.35420.30000022050306042469000000041",
    "TaskName": "TODO: full task name for FRAPPS - replication study",
    "TotalReadoutTime": 0.03795,
    "TxRefAmp": 350.062,
    "dataset": "unknown",
    "modality": "bold",
    "subject_id": "12",
    "task_id": "frapps"
  },
  "dummy_trs": 1,
  "dvars_nstd": 29.195614203200012,
  "dvars_std": 1.169162389466664,
  "dvars_vstd": 1.0869740125399985,
  "efc": 0.5452734116789889,
  "fber": 573.3766479492188,
  "fd_mean": 0.29177464582276225,
  "fd_num": 1128,
  "fd_perc": 75.14990006662225,
  "fwhm_avg": 2.4316136125521233,
  "fwhm_x": 2.285266666666667,
  "fwhm_y": 2.7009133333333337,
  "fwhm_z": 2.308660837656369,
  "gcor": 0.0210084,
  "gsr_x": 0.001686606090515852,
  "gsr_y": 0.10467115044593811,
  "provenance": {
    "md5sum": "b66629c30af84d5ff13a2530ebdf697b",
    "settings": {
      "fd_thres": 0.2,
      "hmc_fsl": false
    },
    "software": "mriqc",
    "version": "0.15.0",
    "webapi_port": null,
    "webapi_url": "https://mriqc.nimh.nih.gov/api/v1"
  },
  "size_t": 1501,
  "size_x": 70,
  "size_y": 70,
  "size_z": 48,
  "snr": 2.6955557989882006,
  "spacing_tr": 1.5299999713897705,
  "spacing_x": 3.0,
  "spacing_y": 3.0,
  "spacing_z": 3.450000047683716,
  "summary_bg_k": 67.83813406011669,
  "summary_bg_mad": 9.391459465026855,
  "summary_bg_mean": 35.773860931396484,
  "summary_bg_median": 16.688207626342773,
  "summary_bg_n": 136617.0,
  "summary_bg_p05": 9.014523887634278,
  "summary_bg_p95": 121.69380493164061,
  "summary_bg_stdv": 58.2485466003418,
  "summary_fg_k": 2.5393067934585423,
  "summary_fg_mad": 131.03895568847656,
  "summary_fg_mean": 453.2246398925781,
  "summary_fg_median": 425.2038879394531,
  "summary_fg_n": 53403.0,
  "summary_fg_p05": 251.90679931640628,
  "summary_fg_p95": 748.3635009765625,
  "summary_fg_stdv": 157.7410888671875,
  "tsnr": 32.75323486328125
}