{
  "aor": 0.0013173556797020482,
  "aqi": 0.007653598901303537,
  "bids_meta": {
    "AcquisitionDateTime": "2022-05-05T08:51:48.550000",
    "AcquisitionMatrixPE": 70,
    "AcquisitionNumber": 1,
    "AcquisitionTime": "08:51:48.550000",
    "BandwidthPerPixelPhaseEncode": 25.974,
    "BaseResolution": 70,
    "CoilString": "C:HEA;HEP",
    "ConversionSoftware": "dcm2niix",
    "ConversionSoftwareVersion": "v1.0.20190902",
    "DerivedVendorReportedEchoSpacing": 0.000550001,
    "DeviceSerialNumber": "35420",
    "DwellTime": 3.5e-06,
    "EchoTime": 0.03,
    "EffectiveEchoSpacing": 0.000550001,
    "FlipAngle": 60,
    "ImageComments": "Unaliased_MB2_PE2_LB",
    "ImageOrientationPatientDICOM": [
      0.998802,
      -0.00667745,
      -0.0484811,
      0.00522954,
      0.999538,
      -0.0299312
    ],
    "ImageType": [
      "ORIGINAL",
      "PRIMARY",
      "M",
      "MB",
      "ND",
      "MOSAIC"
    ],
    "ImagingFrequency": 123.222,
    "InPlanePhaseEncodingDirectionDICOM": "COL",
    "InstitutionAddress": "Rudolf-Bultmann-Strasse_8_Marburg_District_DE_35039",
    "InstitutionName": "Center_of_BrainImaging_Uni-Marburg",
    "InstitutionalDepartmentName": "Department",
    "MRAcquisitionType": "2D",
    "MagneticFieldStrength": 3,
    "Manufacturer": "Siemens",
    "ManufacturersModelName": "TrioTim",
    "Modality": "MR",
    "MultibandAccelerationFactor": 2,
    "PartialFourier": 1,
    "PatientBirthDate": "1995-01-01",
    "PatientID": "AGB_FRAPPS_12",
    "PatientName": "20220505_AGB_FRAPPS_12",
    "PatientPosition": "HFS",
    "PatientSex": "M",
    "PatientWeight": 105,
    "PercentPhaseFOV": 100,
    "PhaseEncodingDirection": "j-",
    "PhaseEncodingSteps": 70,
    "PhaseResolution": 1,
    "PixelBandwidth": 2041,
    "ProcedureStepDescription": "AGB_Christoph",
    "ProtocolName": "cmrr_ep2d_bold_FP_MB2_iso3",
    "PulseSequenceDetails": "%CustomerSeq%_cmrr_mbep2d_bold",
    "ReceiveCoilName": "32Ch_Head",
    "ReconMatrixPE": 70,
    "RepetitionTime": 1.53,
    "SAR": 0.135992,
    "ScanOptions": "FS",
    "ScanningSequence": "EP",
    "SequenceName": "epfid2d1_70",
    "SequenceVariant": "SK_SS",
    "SeriesDescription": "cmrr_ep2d_bold_FP_MB2_iso3",
    "SeriesInstanceUID": "1.3.12.2.1107.5.2.32.35420.2022050508515125650123573.0.0.0",
    "SeriesNumber": 6,
    "ShimSetting": [
      9324,
      9529,
      -1465,
      205,
      45,
      -2647,
      399,
      299
    ],
    "SliceThickness": 3,
    "SliceTiming": [
      0,
      0.0625,
      0.1275,
      0.19,
      0.255,
      0.32,
      0.3825,
      0.4475,
      0.51,
      0.575,
      0.64,
      0.7025,
      0.7675,
      0.83,
      0.895,
      0.96,
      1.0225,
      1.0875,
      1.15,
      1.215,
      1.2775,
      1.3425,
      1.4075,
      1.47,
      0,
      0.0625,
      0.1275,
      0.19,
      0.255,
      0.32,
      0.3825,
      0.4475,
      0.51,
      0.575,
      0.64,
      0.7025,
      0.7675,
      0.83,
      0.895,
      0.96,
      1.0225,
      1.0875,
      1.15,
      1.215,
      1.2775,
      1.3425,
      1.4075,
      1.47
    ],
    "SoftwareVersions": "syngo_MR_B19",
    "SpacingBetweenSlices": 3.45,
    "StationName": "MRC35420",
    "StudyID": "1",
    "StudyInstanceUID": "1.3.12.2.1107.5.2.32.35420.30000022050306042469000000041",
    "TaskName": "TODO: full task name for localizer",
    "TotalReadoutTime": 0.03795,
    "TxRefAmp": 350.062,
    "dataset": "unknown",
    "modality": "bold",
    "subject_id": "12",
    "task_id": "localizer"
  },
  "dummy_trs": 0,
  "dvars_nstd": 28.93994033145522,
  "dvars_std": 1.0998067437313424,
  "dvars_vstd": 0.9465848570522387,
  "efc": 0.5465538135517279,
  "fber": 568.4806518554688,
  "fd_mean": 0.2773489904740915,
  "fd_num": 391,
  "fd_perc": 72.8119180633147,
  "fwhm_avg": 2.425989071540707,
  "fwhm_x": 2.2797533333333333,
  "fwhm_y": 2.7007066666666666,
  "fwhm_z": 2.2975072146221214,
  "gcor": 0.0304856,
  "gsr_x": 0.0033735327888280153,
  "gsr_y": 0.10207826644182205,
  "provenance": {
    "md5sum": "d2eff8b061bff94d501e1f2deb07a0b7",
    "settings": {
      "fd_thres": 0.2,
      "hmc_fsl": false
    },
    "software": "mriqc",
    "version": "0.15.0",
    "webapi_port": null,
    "webapi_url": "https://mriqc.nimh.nih.gov/api/v1"
  },
  "size_t": 537,
  "size_x": 70,
  "size_y": 70,
  "size_z": 48,
  "snr": 2.6804025614607463,
  "spacing_tr": 1.5299999713897705,
  "spacing_x": 3.0,
  "spacing_y": 3.0,
  "spacing_z": 3.450000047683716,
  "summary_bg_k": 52.00555397860305,
  "summary_bg_mad": 9.44365119934082,
  "summary_bg_mean": 37.44974899291992,
  "summary_bg_median": 17.15456199645996,
  "summary_bg_n": 136704.0,
  "summary_bg_p05": 9.895716667175293,
  "summary_bg_p95": 129.82811584472654,
  "summary_bg_stdv": 59.469879150390625,
  "summary_fg_k": 2.332679946553136,
  "summary_fg_mad": 136.39529418945312,
  "summary_fg_mean": 467.5118713378906,
  "summary_fg_median": 439.41619873046875,
  "summary_fg_n": 53262.0,
  "summary_fg_p05": 255.29693450927735,
  "summary_fg_p95": 773.1475891113281,
  "summary_fg_stdv": 163.9351043701172,
  "tsnr": 43.590049743652344
}