{
  "bids_meta": {
    "AcquisitionDateTime": "2022-06-23T07:21:42.065000",
    "AcquisitionMatrixPE": 256,
    "AcquisitionNumber": 1,
    "AcquisitionTime": "07:21:42.065000",
    "BaseResolution": 256,
    "CoilString": "C:HEA;HEP",
    "ConversionSoftware": "dcm2niix",
    "ConversionSoftwareVersion": "v1.0.20190902",
    "DeviceSerialNumber": "35420",
    "DwellTime": 9.8e-06,
    "EchoTime": 0.00226,
    "FlipAngle": 9,
    "ImageOrientationPatientDICOM": [
      -0.00657903,
      0.996471,
      -0.0836773,
      0.00405894,
      -0.0836518,
      -0.996487
    ],
    "ImageType": [
      "ORIGINAL",
      "PRIMARY",
      "M",
      "ND",
      "NORM"
    ],
    "ImagingFrequency": 123.221,
    "InPlanePhaseEncodingDirectionDICOM": "ROW",
    "InstitutionAddress": "Rudolf-Bultmann-Strasse_8_Marburg_District_DE_35039",
    "InstitutionName": "Center_of_BrainImaging_Uni-Marburg",
    "InstitutionalDepartmentName": "Department",
    "InversionTime": 0.9,
    "MRAcquisitionType": "3D",
    "MagneticFieldStrength": 3,
    "Manufacturer": "Siemens",
    "ManufacturersModelName": "TrioTim",
    "Modality": "MR",
    "PartialFourier": 1,
    "PatientBirthDate": "2000-01-01",
    "PatientID": "AGB_FRAPPS_29",
    "PatientName": "20220623_AGB_FRAPPS_29",
    "PatientPosition": "HFS",
    "PatientSex": "M",
    "PatientWeight": 68,
    "PercentPhaseFOV": 100,
    "PhaseEncodingSteps": 256,
    "PhaseResolution": 1,
    "PixelBandwidth": 199,
    "ProcedureStepDescription": "AGB_Christoph",
    "ProtocolName": "t1_mpr_12CH_sag_p2_iso_FOV256_ND_REF",
    "PulseSequenceDetails": "%SiemensSeq%_tfl",
    "ReceiveCoilName": "32Ch_Head",
    "ReconMatrixPE": 256,
    "RepetitionTime": 1.9,
    "SAR": 0.0915612,
    "ScanOptions": "IR",
    "ScanningSequence": "GR_IR",
    "SequenceName": "_tfl3d1_ns",
    "SequenceVariant": "SP_MP",
    "SeriesDescription": "t1_mpr_12CH_sag_p2_iso_FOV256_ND_REF",
    "SeriesInstanceUID": "1.3.12.2.1107.5.2.32.35420.30000022053014505079800000534",
    "SeriesNumber": 3,
    "ShimSetting": [
      9316,
      9562,
      -1837,
      -292,
      -72,
      -2564,
      430,
      205
    ],
    "SliceThickness": 1,
    "SoftwareVersions": "syngo_MR_B19",
    "StationName": "MRC35420",
    "StudyID": "1",
    "StudyInstanceUID": "1.3.12.2.1107.5.2.32.35420.30000022053014505079800004791",
    "TxRefAmp": 296.608,
    "dataset": "unknown",
    "modality": "T1w",
    "subject_id": "29"
  },
  "cjv": 0.3658657879629596,
  "cnr": 3.5865942348611153,
  "efc": 0.5783720276439963,
  "fber": 951.9458618164062,
  "fwhm_avg": 4.869376762630746,
  "fwhm_x": 4.83003028789224,
  "fwhm_y": 4.76389,
  "fwhm_z": 5.01421,
  "icvs_csf": 0.21814829710081274,
  "icvs_gm": 0.4391934157332658,
  "icvs_wm": 0.34265828716592145,
  "inu_med": 1.2659883499145508,
  "inu_range": 0.5345732212066647,
  "provenance": {
    "md5sum": "32073a2549d1d2cf6fc4e64ffe28c5b8",
    "settings": {
      "testing": false
    },
    "software": "mriqc",
    "version": "0.15.0",
    "warnings": {
      "large_rot_frame": true,
      "small_air_mask": false
    },
    "webapi_port": null,
    "webapi_url": "https://mriqc.nimh.nih.gov/api/v1"
  },
  "qi_1": 7.229273071664116e-05,
  "qi_2": 0.01518648210863223,
  "rpve_csf": 24.892254449428133,
  "rpve_gm": 13.235431854250427,
  "rpve_wm": 19.809351249299798,
  "size_x": 176,
  "size_y": 256,
  "size_z": 256,
  "snr_csf": 4.117495264404182,
  "snr_gm": 12.232986641052904,
  "snr_total": 13.612090357334528,
  "snr_wm": 24.485789166546496,
  "snrd_csf": 12.028486224678778,
  "snrd_gm": 23.701869021053387,
  "snrd_total": 22.69279886212513,
  "snrd_wm": 32.34804134064322,
  "spacing_x": 0.9999999403953552,
  "spacing_y": 1.0,
  "spacing_z": 1.0,
  "summary_bg_k": 1.5873862500786107,
  "summary_bg_mad": 20.252761840820312,
  "summary_bg_mean": 25.41008758544922,
  "summary_bg_median": 20.853124618530273,
  "summary_bg_n": 2204659.0,
  "summary_bg_p05": 0.0,
  "summary_bg_p95": 55.55384979248047,
  "summary_bg_stdv": 17.27410888671875,
  "summary_csf_k": -0.18054430102260843,
  "summary_csf_mad": 100.61492919921875,
  "summary_csf_mean": 381.47247314453125,
  "summary_csf_median": 371.8463439941406,
  "summary_csf_n": 25490.0,
  "summary_csf_p05": 251.68998184204105,
  "summary_csf_p95": 534.2880218505859,
  "summary_csf_stdv": 90.30709838867188,
  "summary_gm_k": 0.03950750713431006,
  "summary_gm_mad": 58.70359420776367,
  "summary_gm_mean": 734.67578125,
  "summary_gm_median": 732.715087890625,
  "summary_gm_n": 27257.0,
  "summary_gm_p05": 638.1994995117187,
  "summary_gm_p95": 836.9697387695311,
  "summary_gm_stdv": 59.895565032958984,
  "summary_wm_k": 0.47040106955633654,
  "summary_wm_mad": 39.087257385253906,
  "summary_wm_mean": 998.4345092773438,
  "summary_wm_median": 1000.001220703125,
  "summary_wm_n": 198298.0,
  "summary_wm_p05": 928.4614044189453,
  "summary_wm_p95": 1062.2468994140625,
  "summary_wm_stdv": 40.839962005615234,
  "tpm_overlap_csf": 0.2260054349899292,
  "tpm_overlap_gm": 0.5174083709716797,
  "tpm_overlap_wm": 0.5513498783111572,
  "wm2max": 0.42299052619768973
}