{
  "aor": 0.0028697953964194373,
  "aqi": 0.008822680358056266,
  "bids_meta": {
    "AcquisitionDateTime": "2022-05-05T09:47:11.415000",
    "AcquisitionMatrixPE": 70,
    "AcquisitionNumber": 1,
    "AcquisitionTime": "09:47:11.415000",
    "BandwidthPerPixelPhaseEncode": 25.974,
    "BaseResolution": 70,
    "CoilString": "C:HEA;HEP",
    "ConversionSoftware": "dcm2niix",
    "ConversionSoftwareVersion": "v1.0.20190902",
    "DerivedVendorReportedEchoSpacing": 0.000550001,
    "DeviceSerialNumber": "35420",
    "DwellTime": 3.5e-06,
    "EchoTime": 0.03,
    "EffectiveEchoSpacing": 0.000550001,
    "FlipAngle": 55,
    "ImageComments": "Unaliased_MB2_PE2_LB",
    "ImageOrientationPatientDICOM": [
      0.998182,
      -0.0317789,
      0.0512219,
      0.0341773,
      0.998327,
      -0.0466474
    ],
    "ImageType": [
      "ORIGINAL",
      "PRIMARY",
      "M",
      "MB",
      "ND",
      "MOSAIC"
    ],
    "ImagingFrequency": 123.222,
    "InPlanePhaseEncodingDirectionDICOM": "COL",
    "InstitutionAddress": "Rudolf-Bultmann-Strasse_8_Marburg_District_DE_35039",
    "InstitutionName": "Center_of_BrainImaging_Uni-Marburg",
    "InstitutionalDepartmentName": "Department",
    "MRAcquisitionType": "2D",
    "MagneticFieldStrength": 3,
    "Manufacturer": "Siemens",
    "ManufacturersModelName": "TrioTim",
    "Modality": "MR",
    "MultibandAccelerationFactor": 2,
    "PartialFourier": 1,
    "PatientBirthDate": "1998-01-01",
    "PatientID": "AGB_FRAPPS_13",
    "PatientName": "20220505_AGB_FRAPPS_13",
    "PatientPosition": "HFS",
    "PatientSex": "F",
    "PatientWeight": 133,
    "PercentPhaseFOV": 100,
    "PhaseEncodingDirection": "j-",
    "PhaseEncodingSteps": 70,
    "PhaseResolution": 1,
    "PixelBandwidth": 2041,
    "ProcedureStepDescription": "AGB_Christoph",
    "ProtocolName": "cmrr_ep2d_bold_MB2_iso3",
    "PulseSequenceDetails": "%CustomerSeq%_cmrr_mbep2d_bold",
    "ReceiveCoilName": "32Ch_Head",
    "ReconMatrixPE": 70,
    "RepetitionTime": 1.53,
    "SAR": 0.102884,
    "ScanOptions": "FS",
    "ScanningSequence": "EP",
    "SequenceName": "epfid2d1_70",
    "SequenceVariant": "SK_SS",
    "SeriesDescription": "cmrr_ep2d_bold_MB2_iso3",
    "SeriesInstanceUID": "1.3.12.2.1107.5.2.32.35420.2022050509471453696931524.0.0.0",
    "SeriesNumber": 4,
    "ShimSetting": [
      9328,
      9525,
      -1455,
      180,
      -107,
      -2528,
      841,
      209
    ],
    "SliceThickness": 3,
    "SliceTiming": [
      0,
      0.065,
      0.1275,
      0.1925,
      0.2575,
      0.32,
      0.385,
      0.4475,
      0.5125,
      0.5775,
      0.64,
      0.705,
      0.7675,
      0.8325,
      0.8975,
      0.96,
      1.025,
      1.0875,
      1.1525,
      1.2175,
      1.28,
      1.345,
      1.4075,
      1.4725,
      0,
      0.065,
      0.1275,
      0.1925,
      0.2575,
      0.32,
      0.385,
      0.4475,
      0.5125,
      0.5775,
      0.64,
      0.705,
      0.7675,
      0.8325,
      0.8975,
      0.96,
      1.025,
      1.0875,
      1.1525,
      1.2175,
      1.28,
      1.345,
      1.4075,
      1.4725
    ],
    "SoftwareVersions": "syngo_MR_B19",
    "SpacingBetweenSlices": 3.45,
    "StationName": "MRC35420",
    "StudyID": "1",
    "StudyInstanceUID": "1.3.12.2.1107.5.2.32.35420.30000022050306042469000000044",
    "TaskName": "TODO: full task name for FRAPPS - replication study",
    "TotalReadoutTime": 0.03795,
    "TxRefAmp": 352.414,
    "dataset": "unknown",
    "modality": "bold",
    "subject_id": "13",
    "task_id": "frapps"
  },
  "dummy_trs": 1,
  "dvars_nstd": 23.05167780772875,
  "dvars_std": 0.9851990125015985,
  "dvars_vstd": 0.9436277229110666,
  "efc": 0.4909784379308709,
  "fber": 927.7921142578125,
  "fd_mean": 0.15831767968107033,
  "fd_num": 321,
  "fd_perc": 20.524296675191817,
  "fwhm_avg": 2.6337746265618365,
  "fwhm_x": 2.4910733333333335,
  "fwhm_y": 2.9967433333333333,
  "fwhm_z": 2.4135072130188426,
  "gcor": 0.0491147,
  "gsr_x": -0.009571786969900131,
  "gsr_y": 0.06535662710666656,
  "provenance": {
    "md5sum": "5be2bbca534b68970f783690d86a5212",
    "settings": {
      "fd_thres": 0.2,
      "hmc_fsl": false
    },
    "software": "mriqc",
    "version": "0.15.0",
    "webapi_port": null,
    "webapi_url": "https://mriqc.nimh.nih.gov/api/v1"
  },
  "size_t": 1564,
  "size_x": 70,
  "size_y": 70,
  "size_z": 48,
  "snr": 2.876213538910661,
  "spacing_tr": 1.5299999713897705,
  "spacing_x": 3.0,
  "spacing_y": 3.0,
  "spacing_z": 3.450000047683716,
  "summary_bg_k": 68.36807129234079,
  "summary_bg_mad": 4.558717250823975,
  "summary_bg_mean": 24.05790901184082,
  "summary_bg_median": 12.820971488952637,
  "summary_bg_n": 148753.0,
  "summary_bg_p05": 8.886828422546387,
  "summary_bg_p95": 71.27506561279296,
  "summary_bg_stdv": 37.33427810668945,
  "summary_fg_k": 1.1379181210413662,
  "summary_fg_mad": 120.23628997802734,
  "summary_fg_mean": 439.3513488769531,
  "summary_fg_median": 418.07257080078125,
  "summary_fg_n": 43756.0,
  "summary_fg_p05": 235.25032424926758,
  "summary_fg_p95": 713.0143585205078,
  "summary_fg_stdv": 145.35353088378906,
  "tsnr": 35.669586181640625
}