{
  "aor": 0.00772657355679702,
  "aqi": 0.0070495379143389195,
  "bids_meta": {
    "AcquisitionDateTime": "2022-06-21T09:34:14.395000",
    "AcquisitionMatrixPE": 70,
    "AcquisitionNumber": 1,
    "AcquisitionTime": "09:34:14.395000",
    "BandwidthPerPixelPhaseEncode": 25.974,
    "BaseResolution": 70,
    "CoilString": "C:HEA;HEP",
    "ConversionSoftware": "dcm2niix",
    "ConversionSoftwareVersion": "v1.0.20190902",
    "DerivedVendorReportedEchoSpacing": 0.000550001,
    "DeviceSerialNumber": "35420",
    "DwellTime": 3.5e-06,
    "EchoTime": 0.03,
    "EffectiveEchoSpacing": 0.000550001,
    "FlipAngle": 60,
    "ImageComments": "Unaliased_MB2_PE2_LB",
    "ImageOrientationPatientDICOM": [
      0.997703,
      -0.0530551,
      0.0421273,
      0.053684,
      0.998461,
      -0.0139378
    ],
    "ImageType": [
      "ORIGINAL",
      "PRIMARY",
      "M",
      "MB",
      "ND",
      "MOSAIC"
    ],
    "ImagingFrequency": 123.221,
    "InPlanePhaseEncodingDirectionDICOM": "COL",
    "InstitutionAddress": "Rudolf-Bultmann-Strasse_8_Marburg_District_DE_35039",
    "InstitutionName": "Center_of_BrainImaging_Uni-Marburg",
    "InstitutionalDepartmentName": "Department",
    "MRAcquisitionType": "2D",
    "MagneticFieldStrength": 3,
    "Manufacturer": "Siemens",
    "ManufacturersModelName": "TrioTim",
    "Modality": "MR",
    "MultibandAccelerationFactor": 2,
    "PartialFourier": 1,
    "PatientBirthDate": "1996-01-01",
    "PatientID": "AGB_FRAPPS_25",
    "PatientName": "20220621_AGB_FRAPPS_25",
    "PatientPosition": "HFS",
    "PatientSex": "F",
    "PatientWeight": 60,
    "PercentPhaseFOV": 100,
    "PhaseEncodingDirection": "j-",
    "PhaseEncodingSteps": 70,
    "PhaseResolution": 1,
    "PixelBandwidth": 2041,
    "ProcedureStepDescription": "AGB_Christoph",
    "ProtocolName": "cmrr_ep2d_bold_FP_MB2_iso3",
    "PulseSequenceDetails": "%CustomerSeq%_cmrr_mbep2d_bold",
    "ReceiveCoilName": "32Ch_Head",
    "ReconMatrixPE": 70,
    "RepetitionTime": 1.53,
    "SAR": 0.140113,
    "ScanOptions": "FS",
    "ScanningSequence": "EP",
    "SequenceName": "epfid2d1_70",
    "SequenceVariant": "SK_SS",
    "SeriesDescription": "cmrr_ep2d_bold_FP_MB2_iso3",
    "SeriesInstanceUID": "1.3.12.2.1107.5.2.32.35420.2022062109341756368632560.0.0.0",
    "SeriesNumber": 6,
    "ShimSetting": [
      9339,
      9536,
      -1468,
      100,
      -89,
      -2537,
      432,
      256
    ],
    "SliceThickness": 3,
    "SliceTiming": [
      0,
      0.065,
      0.1275,
      0.1925,
      0.2575,
      0.32,
      0.385,
      0.4475,
      0.5125,
      0.5775,
      0.64,
      0.705,
      0.7675,
      0.8325,
      0.8975,
      0.96,
      1.025,
      1.0875,
      1.1525,
      1.2175,
      1.28,
      1.345,
      1.4075,
      1.4725,
      0,
      0.065,
      0.1275,
      0.1925,
      0.2575,
      0.32,
      0.385,
      0.4475,
      0.5125,
      0.5775,
      0.64,
      0.705,
      0.7675,
      0.8325,
      0.8975,
      0.96,
      1.025,
      1.0875,
      1.1525,
      1.2175,
      1.28,
      1.345,
      1.4075,
      1.4725
    ],
    "SoftwareVersions": "syngo_MR_B19",
    "SpacingBetweenSlices": 3.45,
    "StationName": "MRC35420",
    "StudyID": "1",
    "StudyInstanceUID": "1.3.12.2.1107.5.2.32.35420.30000022053005374096600000277",
    "TaskName": "TODO: full task name for localizer",
    "TotalReadoutTime": 0.03795,
    "TxRefAmp": 308.683,
    "dataset": "unknown",
    "modality": "bold",
    "subject_id": "25",
    "task_id": "localizer"
  },
  "dummy_trs": 0,
  "dvars_nstd": 21.97510732095151,
  "dvars_std": 1.0737672282276114,
  "dvars_vstd": 1.0018841013619406,
  "efc": 0.4863745999174122,
  "fber": 1027.6793212890625,
  "fd_mean": 0.17519620367527594,
  "fd_num": 127,
  "fd_perc": 23.649906890130353,
  "fwhm_avg": 2.477529219437647,
  "fwhm_x": 2.3464300000000002,
  "fwhm_y": 2.877963333333333,
  "fwhm_z": 2.2081943249796065,
  "gcor": 0.0148029,
  "gsr_x": -0.006884770002216101,
  "gsr_y": 0.0801054909825325,
  "provenance": {
    "md5sum": "851509e4723aaf86ed6f102b668ee438",
    "settings": {
      "fd_thres": 0.2,
      "hmc_fsl": false
    },
    "software": "mriqc",
    "version": "0.15.0",
    "webapi_port": null,
    "webapi_url": "https://mriqc.nimh.nih.gov/api/v1"
  },
  "size_t": 537,
  "size_x": 70,
  "size_y": 70,
  "size_z": 48,
  "snr": 2.8543425201504133,
  "spacing_tr": 1.5299999713897705,
  "spacing_x": 3.0,
  "spacing_y": 3.0,
  "spacing_z": 3.4499998092651367,
  "summary_bg_k": 49.075363847850156,
  "summary_bg_mad": 4.025389671325684,
  "summary_bg_mean": 25.701732635498047,
  "summary_bg_median": 12.439478874206543,
  "summary_bg_n": 151553.0,
  "summary_bg_p05": 9.338919639587402,
  "summary_bg_p95": 89.03985290527342,
  "summary_bg_stdv": 40.5307502746582,
  "summary_fg_k": 1.917346017405145,
  "summary_fg_mad": 122.87102508544922,
  "summary_fg_mean": 448.4967041015625,
  "summary_fg_median": 425.5307312011719,
  "summary_fg_n": 41513.0,
  "summary_fg_p05": 249.98287353515627,
  "summary_fg_p95": 726.8487915039063,
  "summary_fg_stdv": 149.080078125,
  "tsnr": 44.79206848144531
}