{
  "aor": 0.0009365111940298508,
  "aqi": 0.004066395839552238,
  "bids_meta": {
    "AcquisitionDateTime": "2022-06-28T16:38:54.380000",
    "AcquisitionMatrixPE": 70,
    "AcquisitionNumber": 1,
    "AcquisitionTime": "16:38:54.380000",
    "BandwidthPerPixelPhaseEncode": 25.974,
    "BaseResolution": 70,
    "CoilString": "C:HEA;HEP",
    "ConversionSoftware": "dcm2niix",
    "ConversionSoftwareVersion": "v1.0.20190902",
    "DerivedVendorReportedEchoSpacing": 0.000550001,
    "DeviceSerialNumber": "35420",
    "DwellTime": 3.5e-06,
    "EchoTime": 0.03,
    "EffectiveEchoSpacing": 0.000550001,
    "FlipAngle": 60,
    "ImageComments": "Unaliased_MB2_PE2_LB",
    "ImageOrientationPatientDICOM": [
      0.999967,
      -0.00703521,
      -0.00410352,
      0.00680651,
      0.998555,
      -0.0533093
    ],
    "ImageType": [
      "ORIGINAL",
      "PRIMARY",
      "M",
      "MB",
      "ND",
      "MOSAIC"
    ],
    "ImagingFrequency": 123.221,
    "InPlanePhaseEncodingDirectionDICOM": "COL",
    "InstitutionAddress": "Rudolf-Bultmann-Strasse_8_Marburg_District_DE_35039",
    "InstitutionName": "Center_of_BrainImaging_Uni-Marburg",
    "InstitutionalDepartmentName": "Department",
    "MRAcquisitionType": "2D",
    "MagneticFieldStrength": 3,
    "Manufacturer": "Siemens",
    "ManufacturersModelName": "TrioTim",
    "Modality": "MR",
    "MultibandAccelerationFactor": 2,
    "PartialFourier": 1,
    "PatientBirthDate": "2000-01-01",
    "PatientID": "AGB_FRAPPS_32",
    "PatientName": "20220628_AGB_FRAPPS_32",
    "PatientPosition": "HFS",
    "PatientSex": "F",
    "PatientWeight": 63,
    "PercentPhaseFOV": 100,
    "PhaseEncodingDirection": "j-",
    "PhaseEncodingSteps": 70,
    "PhaseResolution": 1,
    "PixelBandwidth": 2041,
    "ProcedureStepDescription": "AGB_Christoph",
    "ProtocolName": "cmrr_ep2d_bold_FP_MB2_iso3",
    "PulseSequenceDetails": "%CustomerSeq%_cmrr_mbep2d_bold",
    "ReceiveCoilName": "32Ch_Head",
    "ReconMatrixPE": 70,
    "RepetitionTime": 1.53,
    "SAR": 0.151085,
    "ScanOptions": "FS",
    "ScanningSequence": "EP",
    "SequenceName": "epfid2d1_70",
    "SequenceVariant": "SK_SS",
    "SeriesDescription": "cmrr_ep2d_bold_FP_MB2_iso3",
    "SeriesInstanceUID": "1.3.12.2.1107.5.2.32.35420.202206281638573438675990.0.0.0",
    "SeriesNumber": 6,
    "ShimSetting": [
      9302,
      9560,
      -1500,
      33,
      -109,
      -2580,
      548,
      225
    ],
    "SliceThickness": 3,
    "SliceTiming": [
      0,
      0.0625,
      0.1275,
      0.19,
      0.255,
      0.32,
      0.3825,
      0.4475,
      0.51,
      0.575,
      0.64,
      0.7025,
      0.7675,
      0.83,
      0.895,
      0.9575,
      1.0225,
      1.0875,
      1.15,
      1.215,
      1.2775,
      1.3425,
      1.4075,
      1.47,
      0,
      0.0625,
      0.1275,
      0.19,
      0.255,
      0.32,
      0.3825,
      0.4475,
      0.51,
      0.575,
      0.64,
      0.7025,
      0.7675,
      0.83,
      0.895,
      0.9575,
      1.0225,
      1.0875,
      1.15,
      1.215,
      1.2775,
      1.3425,
      1.4075,
      1.47
    ],
    "SoftwareVersions": "syngo_MR_B19",
    "SpacingBetweenSlices": 3.45,
    "StationName": "MRC35420",
    "StudyID": "1",
    "StudyInstanceUID": "1.3.12.2.1107.5.2.32.35420.30000022062405354757100000063",
    "TaskName": "TODO: full task name for localizer",
    "TotalReadoutTime": 0.03795,
    "TxRefAmp": 320.024,
    "dataset": "unknown",
    "modality": "bold",
    "subject_id": "32",
    "task_id": "localizer"
  },
  "dummy_trs": 1,
  "dvars_nstd": 21.74550689633646,
  "dvars_std": 1.0819143464485987,
  "dvars_vstd": 0.9424402043551404,
  "efc": 0.5206883769792924,
  "fber": 828.555419921875,
  "fd_mean": 0.11631487405202771,
  "fd_num": 21,
  "fd_perc": 3.917910447761194,
  "fwhm_avg": 2.5985180565410766,
  "fwhm_x": 2.4670566666666667,
  "fwhm_y": 2.92097,
  "fwhm_z": 2.407527502956563,
  "gcor": 0.0116145,
  "gsr_x": -0.018794981762766838,
  "gsr_y": 0.1127566248178482,
  "provenance": {
    "md5sum": "e48bd0530197630dffe5e409cd8c47b6",
    "settings": {
      "fd_thres": 0.2,
      "hmc_fsl": false
    },
    "software": "mriqc",
    "version": "0.15.0",
    "webapi_port": null,
    "webapi_url": "https://mriqc.nimh.nih.gov/api/v1"
  },
  "size_t": 536,
  "size_x": 70,
  "size_y": 70,
  "size_z": 48,
  "snr": 2.201784957043366,
  "spacing_tr": 1.5299999713897705,
  "spacing_x": 3.0,
  "spacing_y": 3.0,
  "spacing_z": 3.450000047683716,
  "summary_bg_k": 40.111167769827205,
  "summary_bg_mad": 6.085308074951172,
  "summary_bg_mean": 33.512264251708984,
  "summary_bg_median": 14.833954811096191,
  "summary_bg_n": 137049.0,
  "summary_bg_p05": 10.110074043273926,
  "summary_bg_p95": 125.49552154541013,
  "summary_bg_stdv": 55.65038299560547,
  "summary_fg_k": 2.9380758646895,
  "summary_fg_mad": 165.69187927246094,
  "summary_fg_mean": 506.4992370605469,
  "summary_fg_median": 463.79290771484375,
  "summary_fg_n": 52822.0,
  "summary_fg_p05": 249.22004928588868,
  "summary_fg_p95": 911.3398956298823,
  "summary_fg_stdv": 210.64205932617188,
  "tsnr": 52.524017333984375
}