{
  "aor": 0.00310898921832884,
  "aqi": 0.00828267574123989,
  "bids_meta": {
    "AcquisitionDateTime": "2022-06-28T15:59:40.385000",
    "AcquisitionMatrixPE": 70,
    "AcquisitionNumber": 1,
    "AcquisitionTime": "15:59:40.385000",
    "BandwidthPerPixelPhaseEncode": 25.974,
    "BaseResolution": 70,
    "CoilString": "C:HEA;HEP",
    "ConversionSoftware": "dcm2niix",
    "ConversionSoftwareVersion": "v1.0.20190902",
    "DerivedVendorReportedEchoSpacing": 0.000550001,
    "DeviceSerialNumber": "35420",
    "DwellTime": 3.5e-06,
    "EchoTime": 0.03,
    "EffectiveEchoSpacing": 0.000550001,
    "FlipAngle": 55,
    "ImageComments": "Unaliased_MB2_PE2_LB",
    "ImageOrientationPatientDICOM": [
      0.999967,
      -0.00701845,
      -0.00410442,
      0.00678973,
      0.998555,
      -0.0533091
    ],
    "ImageType": [
      "ORIGINAL",
      "PRIMARY",
      "M",
      "MB",
      "ND",
      "MOSAIC"
    ],
    "ImagingFrequency": 123.221,
    "InPlanePhaseEncodingDirectionDICOM": "COL",
    "InstitutionAddress": "Rudolf-Bultmann-Strasse_8_Marburg_District_DE_35039",
    "InstitutionName": "Center_of_BrainImaging_Uni-Marburg",
    "InstitutionalDepartmentName": "Department",
    "MRAcquisitionType": "2D",
    "MagneticFieldStrength": 3,
    "Manufacturer": "Siemens",
    "ManufacturersModelName": "TrioTim",
    "Modality": "MR",
    "MultibandAccelerationFactor": 2,
    "PartialFourier": 1,
    "PatientBirthDate": "2000-01-01",
    "PatientID": "AGB_FRAPPS_32",
    "PatientName": "20220628_AGB_FRAPPS_32",
    "PatientPosition": "HFS",
    "PatientSex": "F",
    "PatientWeight": 63,
    "PercentPhaseFOV": 100,
    "PhaseEncodingDirection": "j-",
    "PhaseEncodingSteps": 70,
    "PhaseResolution": 1,
    "PixelBandwidth": 2041,
    "ProcedureStepDescription": "AGB_Christoph",
    "ProtocolName": "cmrr_ep2d_bold_MB2_iso3",
    "PulseSequenceDetails": "%CustomerSeq%_cmrr_mbep2d_bold",
    "ReceiveCoilName": "32Ch_Head",
    "ReconMatrixPE": 70,
    "RepetitionTime": 1.53,
    "SAR": 0.124616,
    "ScanOptions": "FS",
    "ScanningSequence": "EP",
    "SequenceName": "epfid2d1_70",
    "SequenceVariant": "SK_SS",
    "SeriesDescription": "cmrr_ep2d_bold_MB2_iso3",
    "SeriesInstanceUID": "1.3.12.2.1107.5.2.32.35420.2022062815594292834484797.0.0.0",
    "SeriesNumber": 4,
    "ShimSetting": [
      9302,
      9560,
      -1500,
      33,
      -109,
      -2580,
      548,
      225
    ],
    "SliceThickness": 3,
    "SliceTiming": [
      0,
      0.065,
      0.1275,
      0.1925,
      0.255,
      0.32,
      0.385,
      0.4475,
      0.5125,
      0.575,
      0.64,
      0.705,
      0.7675,
      0.8325,
      0.895,
      0.96,
      1.025,
      1.0875,
      1.1525,
      1.215,
      1.28,
      1.345,
      1.4075,
      1.4725,
      0,
      0.065,
      0.1275,
      0.1925,
      0.255,
      0.32,
      0.385,
      0.4475,
      0.5125,
      0.575,
      0.64,
      0.705,
      0.7675,
      0.8325,
      0.895,
      0.96,
      1.025,
      1.0875,
      1.1525,
      1.215,
      1.28,
      1.345,
      1.4075,
      1.4725
    ],
    "SoftwareVersions": "syngo_MR_B19",
    "SpacingBetweenSlices": 3.45,
    "StationName": "MRC35420",
    "StudyID": "1",
    "StudyInstanceUID": "1.3.12.2.1107.5.2.32.35420.30000022062405354757100000063",
    "TaskName": "TODO: full task name for FRAPPS - replication study",
    "TotalReadoutTime": 0.03795,
    "TxRefAmp": 320.024,
    "dataset": "unknown",
    "modality": "bold",
    "subject_id": "32",
    "task_id": "frapps"
  },
  "dummy_trs": 1,
  "dvars_nstd": 25.313748246554294,
  "dvars_std": 1.0872984635468665,
  "dvars_vstd": 0.952721732353338,
  "efc": 0.5209440259131939,
  "fber": 812.5099487304688,
  "fd_mean": 0.15842173220658914,
  "fd_num": 303,
  "fd_perc": 20.4177897574124,
  "fwhm_avg": 2.585056558997452,
  "fwhm_x": 2.4419299999999997,
  "fwhm_y": 2.914593333333333,
  "fwhm_z": 2.3986463436590233,
  "gcor": 0.0214874,
  "gsr_x": -0.019360341131687164,
  "gsr_y": 0.11232120543718338,
  "provenance": {
    "md5sum": "fa1a9a2507a0c35b1e4f75b21fdea7c3",
    "settings": {
      "fd_thres": 0.2,
      "hmc_fsl": false
    },
    "software": "mriqc",
    "version": "0.15.0",
    "webapi_port": null,
    "webapi_url": "https://mriqc.nimh.nih.gov/api/v1"
  },
  "size_t": 1484,
  "size_x": 70,
  "size_y": 70,
  "size_z": 48,
  "snr": 2.20508746772326,
  "spacing_tr": 1.5299999713897705,
  "spacing_x": 3.0,
  "spacing_y": 3.0,
  "spacing_z": 3.450000047683716,
  "summary_bg_k": 46.046513615276616,
  "summary_bg_mad": 5.711614608764648,
  "summary_bg_mean": 31.907482147216797,
  "summary_bg_median": 14.448112487792969,
  "summary_bg_n": 136465.0,
  "summary_bg_p05": 9.985848426818848,
  "summary_bg_p95": 115.61051025390597,
  "summary_bg_stdv": 53.06300735473633,
  "summary_fg_k": 3.016165841588709,
  "summary_fg_mad": 158.69137573242188,
  "summary_fg_mean": 489.580078125,
  "summary_fg_median": 448.218994140625,
  "summary_fg_n": 53195.0,
  "summary_fg_p05": 243.12081451416014,
  "summary_fg_p95": 877.2444519042967,
  "summary_fg_stdv": 203.26394653320312,
  "tsnr": 38.56965637207031
}