{
  "aor": 0.005863054003724395,
  "aqi": 0.007304767616387336,
  "bids_meta": {
    "AcquisitionDateTime": "2022-05-31T15:07:13.380000",
    "AcquisitionMatrixPE": 70,
    "AcquisitionNumber": 1,
    "AcquisitionTime": "15:07:13.380000",
    "BandwidthPerPixelPhaseEncode": 25.974,
    "BaseResolution": 70,
    "CoilString": "C:HEA;HEP",
    "ConversionSoftware": "dcm2niix",
    "ConversionSoftwareVersion": "v1.0.20190902",
    "DerivedVendorReportedEchoSpacing": 0.000550001,
    "DeviceSerialNumber": "35420",
    "DwellTime": 3.5e-06,
    "EchoTime": 0.03,
    "EffectiveEchoSpacing": 0.000550001,
    "FlipAngle": 60,
    "ImageComments": "Unaliased_MB2_PE2_LB",
    "ImageOrientationPatientDICOM": [
      0.999691,
      0.021527,
      0.0124508,
      -0.0200682,
      0.994021,
      -0.107328
    ],
    "ImageType": [
      "ORIGINAL",
      "PRIMARY",
      "M",
      "MB",
      "ND",
      "MOSAIC"
    ],
    "ImagingFrequency": 123.221,
    "InPlanePhaseEncodingDirectionDICOM": "COL",
    "InstitutionAddress": "Rudolf-Bultmann-Strasse_8_Marburg_District_DE_35039",
    "InstitutionName": "Center_of_BrainImaging_Uni-Marburg",
    "InstitutionalDepartmentName": "Department",
    "MRAcquisitionType": "2D",
    "MagneticFieldStrength": 3,
    "Manufacturer": "Siemens",
    "ManufacturersModelName": "TrioTim",
    "Modality": "MR",
    "MultibandAccelerationFactor": 2,
    "PartialFourier": 1,
    "PatientBirthDate": "1996-01-01",
    "PatientID": "AGB_FRAPPS_16",
    "PatientName": "20220531_AGB_FRAPPS_16",
    "PatientPosition": "HFS",
    "PatientSex": "M",
    "PatientWeight": 96,
    "PercentPhaseFOV": 100,
    "PhaseEncodingDirection": "j-",
    "PhaseEncodingSteps": 70,
    "PhaseResolution": 1,
    "PixelBandwidth": 2041,
    "ProcedureStepDescription": "AGB_Christoph",
    "ProtocolName": "cmrr_ep2d_bold_FP_MB2_iso3",
    "PulseSequenceDetails": "%CustomerSeq%_cmrr_mbep2d_bold",
    "ReceiveCoilName": "32Ch_Head",
    "ReconMatrixPE": 70,
    "RepetitionTime": 1.53,
    "SAR": 0.13551,
    "ScanOptions": "FS",
    "ScanningSequence": "EP",
    "SequenceName": "epfid2d1_70",
    "SequenceVariant": "SK_SS",
    "SeriesDescription": "cmrr_ep2d_bold_FP_MB2_iso3",
    "SeriesInstanceUID": "1.3.12.2.1107.5.2.32.35420.2022053115071684336439893.0.0.0",
    "SeriesNumber": 6,
    "ShimSetting": [
      9336,
      9521,
      -1417,
      130,
      4,
      -2518,
      524,
      160
    ],
    "SliceThickness": 3,
    "SliceTiming": [
      0,
      0.0625,
      0.1275,
      0.19,
      0.255,
      0.32,
      0.3825,
      0.4475,
      0.51,
      0.575,
      0.64,
      0.7025,
      0.7675,
      0.83,
      0.895,
      0.96,
      1.0225,
      1.0875,
      1.15,
      1.215,
      1.28,
      1.3425,
      1.4075,
      1.47,
      0,
      0.0625,
      0.1275,
      0.19,
      0.255,
      0.32,
      0.3825,
      0.4475,
      0.51,
      0.575,
      0.64,
      0.7025,
      0.7675,
      0.83,
      0.895,
      0.96,
      1.0225,
      1.0875,
      1.15,
      1.215,
      1.28,
      1.3425,
      1.4075,
      1.47
    ],
    "SoftwareVersions": "syngo_MR_B19",
    "SpacingBetweenSlices": 3.45,
    "StationName": "MRC35420",
    "StudyID": "1",
    "StudyInstanceUID": "1.3.12.2.1107.5.2.32.35420.30000022053005374096600000041",
    "TaskName": "TODO: full task name for localizer",
    "TotalReadoutTime": 0.03795,
    "TxRefAmp": 307.959,
    "dataset": "unknown",
    "modality": "bold",
    "subject_id": "16",
    "task_id": "localizer"
  },
  "dummy_trs": 0,
  "dvars_nstd": 32.110397719608194,
  "dvars_std": 1.1811654062500005,
  "dvars_vstd": 1.0783238592723878,
  "efc": 0.536137371080135,
  "fber": 656.6129760742188,
  "fd_mean": 0.3370298217600533,
  "fd_num": 315,
  "fd_perc": 58.659217877094974,
  "fwhm_avg": 2.593337959433843,
  "fwhm_x": 2.4083566666666667,
  "fwhm_y": 2.8580166666666664,
  "fwhm_z": 2.513640544968197,
  "gcor": 0.0289877,
  "gsr_x": -0.005654867738485336,
  "gsr_y": 0.11288680881261826,
  "provenance": {
    "md5sum": "a2ed0156f072d7a18d0a1ed9139860f3",
    "settings": {
      "fd_thres": 0.2,
      "hmc_fsl": false
    },
    "software": "mriqc",
    "version": "0.15.0",
    "webapi_port": null,
    "webapi_url": "https://mriqc.nimh.nih.gov/api/v1"
  },
  "size_t": 537,
  "size_x": 70,
  "size_y": 70,
  "size_z": 48,
  "snr": 2.484598475113507,
  "spacing_tr": 1.5299999713897705,
  "spacing_x": 3.0,
  "spacing_y": 3.0,
  "spacing_z": 3.450000047683716,
  "summary_bg_k": 23.119173941634603,
  "summary_bg_mad": 9.420183181762695,
  "summary_bg_mean": 39.62221908569336,
  "summary_bg_median": 17.029794692993164,
  "summary_bg_n": 138804.0,
  "summary_bg_p05": 9.813780784606934,
  "summary_bg_p95": 154.08864135742203,
  "summary_bg_stdv": 58.830360412597656,
  "summary_fg_k": 2.2148380898827744,
  "summary_fg_mad": 150.48690795898438,
  "summary_fg_mean": 499.38525390625,
  "summary_fg_median": 464.1657409667969,
  "summary_fg_n": 51746.0,
  "summary_fg_p05": 262.47159576416016,
  "summary_fg_p95": 852.2243804931641,
  "summary_fg_stdv": 186.81539916992188,
  "tsnr": 42.599456787109375
}