{
  "aor": 0.0019324034620505992,
  "aqi": 0.013723378601864183,
  "bids_meta": {
    "AcquisitionDateTime": "2022-05-31T14:26:27.365000",
    "AcquisitionMatrixPE": 70,
    "AcquisitionNumber": 1,
    "AcquisitionTime": "14:26:27.365000",
    "BandwidthPerPixelPhaseEncode": 25.974,
    "BaseResolution": 70,
    "CoilString": "C:HEA;HEP",
    "ConversionSoftware": "dcm2niix",
    "ConversionSoftwareVersion": "v1.0.20190902",
    "DerivedVendorReportedEchoSpacing": 0.000550001,
    "DeviceSerialNumber": "35420",
    "DwellTime": 3.5e-06,
    "EchoTime": 0.03,
    "EffectiveEchoSpacing": 0.000550001,
    "FlipAngle": 55,
    "ImageComments": "Unaliased_MB2_PE2_LB",
    "ImageOrientationPatientDICOM": [
      0.99969,
      0.0215542,
      0.0124479,
      -0.0200955,
      0.994021,
      -0.107328
    ],
    "ImageType": [
      "ORIGINAL",
      "PRIMARY",
      "M",
      "MB",
      "ND",
      "MOSAIC"
    ],
    "ImagingFrequency": 123.221,
    "InPlanePhaseEncodingDirectionDICOM": "COL",
    "InstitutionAddress": "Rudolf-Bultmann-Strasse_8_Marburg_District_DE_35039",
    "InstitutionName": "Center_of_BrainImaging_Uni-Marburg",
    "InstitutionalDepartmentName": "Department",
    "MRAcquisitionType": "2D",
    "MagneticFieldStrength": 3,
    "Manufacturer": "Siemens",
    "ManufacturersModelName": "TrioTim",
    "Modality": "MR",
    "MultibandAccelerationFactor": 2,
    "PartialFourier": 1,
    "PatientBirthDate": "1996-01-01",
    "PatientID": "AGB_FRAPPS_16",
    "PatientName": "20220531_AGB_FRAPPS_16",
    "PatientPosition": "HFS",
    "PatientSex": "M",
    "PatientWeight": 96,
    "PercentPhaseFOV": 100,
    "PhaseEncodingDirection": "j-",
    "PhaseEncodingSteps": 70,
    "PhaseResolution": 1,
    "PixelBandwidth": 2041,
    "ProcedureStepDescription": "AGB_Christoph",
    "ProtocolName": "cmrr_ep2d_bold_MB2_iso3",
    "PulseSequenceDetails": "%CustomerSeq%_cmrr_mbep2d_bold",
    "ReceiveCoilName": "32Ch_Head",
    "ReconMatrixPE": 70,
    "RepetitionTime": 1.53,
    "SAR": 0.110441,
    "ScanOptions": "FS",
    "ScanningSequence": "EP",
    "SequenceName": "epfid2d1_70",
    "SequenceVariant": "SK_SS",
    "SeriesDescription": "cmrr_ep2d_bold_MB2_iso3",
    "SeriesInstanceUID": "1.3.12.2.1107.5.2.32.35420.2022053114263021401545032.0.0.0",
    "SeriesNumber": 4,
    "ShimSetting": [
      9336,
      9521,
      -1417,
      130,
      4,
      -2518,
      524,
      160
    ],
    "SliceThickness": 3,
    "SliceTiming": [
      0,
      0.0625,
      0.1275,
      0.19,
      0.255,
      0.32,
      0.3825,
      0.4475,
      0.51,
      0.575,
      0.64,
      0.7025,
      0.7675,
      0.83,
      0.895,
      0.9575,
      1.0225,
      1.0875,
      1.15,
      1.215,
      1.2775,
      1.3425,
      1.4075,
      1.47,
      0,
      0.0625,
      0.1275,
      0.19,
      0.255,
      0.32,
      0.3825,
      0.4475,
      0.51,
      0.575,
      0.64,
      0.7025,
      0.7675,
      0.83,
      0.895,
      0.9575,
      1.0225,
      1.0875,
      1.15,
      1.215,
      1.2775,
      1.3425,
      1.4075,
      1.47
    ],
    "SoftwareVersions": "syngo_MR_B19",
    "SpacingBetweenSlices": 3.45,
    "StationName": "MRC35420",
    "StudyID": "1",
    "StudyInstanceUID": "1.3.12.2.1107.5.2.32.35420.30000022053005374096600000041",
    "TaskName": "TODO: full task name for FRAPPS - replication study",
    "TotalReadoutTime": 0.03795,
    "TxRefAmp": 307.959,
    "dataset": "unknown",
    "modality": "bold",
    "subject_id": "16",
    "task_id": "frapps"
  },
  "dummy_trs": 1,
  "dvars_nstd": 36.15267000700864,
  "dvars_std": 1.0914906034910048,
  "dvars_vstd": 1.0439413949566958,
  "efc": 0.5375300696267531,
  "fber": 603.3614501953125,
  "fd_mean": 0.4229902517853841,
  "fd_num": 1259,
  "fd_perc": 83.82157123834887,
  "fwhm_avg": 2.6355830800559437,
  "fwhm_x": 2.4537,
  "fwhm_y": 2.9066666666666667,
  "fwhm_z": 2.5463825735011643,
  "gcor": 0.0218637,
  "gsr_x": -0.006822928320616484,
  "gsr_y": 0.11428739875555038,
  "provenance": {
    "md5sum": "1f061e46888d7ec7d0893764eb11702b",
    "settings": {
      "fd_thres": 0.2,
      "hmc_fsl": false
    },
    "software": "mriqc",
    "version": "0.15.0",
    "webapi_port": null,
    "webapi_url": "https://mriqc.nimh.nih.gov/api/v1"
  },
  "size_t": 1502,
  "size_x": 70,
  "size_y": 70,
  "size_z": 48,
  "snr": 2.4469873458186058,
  "spacing_tr": 1.5299999713897705,
  "spacing_x": 3.0,
  "spacing_y": 3.0,
  "spacing_z": 3.450000047683716,
  "summary_bg_k": 28.516647467444947,
  "summary_bg_mad": 9.95870304107666,
  "summary_bg_mean": 38.98967361450195,
  "summary_bg_median": 17.222370147705078,
  "summary_bg_n": 138185.0,
  "summary_bg_p05": 8.812383270263673,
  "summary_bg_p95": 148.94313964843735,
  "summary_bg_stdv": 58.7711296081543,
  "summary_fg_k": 2.3371978369115567,
  "summary_fg_mad": 146.5970001220703,
  "summary_fg_mean": 486.24993896484375,
  "summary_fg_median": 450.5392761230469,
  "summary_fg_n": 52277.0,
  "summary_fg_p05": 254.9199645996094,
  "summary_fg_p95": 832.2388549804687,
  "summary_fg_stdv": 184.11822509765625,
  "tsnr": 28.91745376586914
}