{
  "aor": 0.00289590099009901,
  "aqi": 0.008318220613861387,
  "bids_meta": {
    "AcquisitionDateTime": "2022-06-23T07:33:29.715000",
    "AcquisitionMatrixPE": 70,
    "AcquisitionNumber": 1,
    "AcquisitionTime": "07:33:29.715000",
    "BandwidthPerPixelPhaseEncode": 25.974,
    "BaseResolution": 70,
    "CoilString": "C:HEA;HEP",
    "ConversionSoftware": "dcm2niix",
    "ConversionSoftwareVersion": "v1.0.20190902",
    "DerivedVendorReportedEchoSpacing": 0.000550001,
    "DeviceSerialNumber": "35420",
    "DwellTime": 3.5e-06,
    "EchoTime": 0.03,
    "EffectiveEchoSpacing": 0.000550001,
    "FlipAngle": 55,
    "ImageComments": "Unaliased_MB2_PE2_LB",
    "ImageOrientationPatientDICOM": [
      0.999921,
      0.00112236,
      -0.0125389,
      -0.00233575,
      0.995264,
      -0.0971788
    ],
    "ImageType": [
      "ORIGINAL",
      "PRIMARY",
      "M",
      "MB",
      "ND",
      "MOSAIC"
    ],
    "ImagingFrequency": 123.221,
    "InPlanePhaseEncodingDirectionDICOM": "COL",
    "InstitutionAddress": "Rudolf-Bultmann-Strasse_8_Marburg_District_DE_35039",
    "InstitutionName": "Center_of_BrainImaging_Uni-Marburg",
    "InstitutionalDepartmentName": "Department",
    "MRAcquisitionType": "2D",
    "MagneticFieldStrength": 3,
    "Manufacturer": "Siemens",
    "ManufacturersModelName": "TrioTim",
    "Modality": "MR",
    "MultibandAccelerationFactor": 2,
    "PartialFourier": 1,
    "PatientBirthDate": "2000-01-01",
    "PatientID": "AGB_FRAPPS_29",
    "PatientName": "20220623_AGB_FRAPPS_29",
    "PatientPosition": "HFS",
    "PatientSex": "M",
    "PatientWeight": 68,
    "PercentPhaseFOV": 100,
    "PhaseEncodingDirection": "j-",
    "PhaseEncodingSteps": 70,
    "PhaseResolution": 1,
    "PixelBandwidth": 2041,
    "ProcedureStepDescription": "AGB_Christoph",
    "ProtocolName": "cmrr_ep2d_bold_MB2_iso3",
    "PulseSequenceDetails": "%CustomerSeq%_cmrr_mbep2d_bold",
    "ReceiveCoilName": "32Ch_Head",
    "ReconMatrixPE": 70,
    "RepetitionTime": 1.53,
    "SAR": 0.0986959,
    "ScanOptions": "FS",
    "ScanningSequence": "EP",
    "SequenceName": "epfid2d1_70",
    "SequenceVariant": "SK_SS",
    "SeriesDescription": "cmrr_ep2d_bold_MB2_iso3",
    "SeriesInstanceUID": "1.3.12.2.1107.5.2.32.35420.30000022053014505079800002051",
    "SeriesNumber": 4,
    "ShimSetting": [
      9308,
      9531,
      -1416,
      286,
      -186,
      -2667,
      361,
      223
    ],
    "SliceThickness": 3,
    "SliceTiming": [
      0,
      0.0625,
      0.1275,
      0.1925,
      0.255,
      0.32,
      0.3825,
      0.4475,
      0.5125,
      0.575,
      0.64,
      0.7025,
      0.7675,
      0.8325,
      0.895,
      0.96,
      1.0225,
      1.0875,
      1.15,
      1.215,
      1.28,
      1.3425,
      1.4075,
      1.47,
      0,
      0.0625,
      0.1275,
      0.1925,
      0.255,
      0.32,
      0.3825,
      0.4475,
      0.5125,
      0.575,
      0.64,
      0.7025,
      0.7675,
      0.8325,
      0.895,
      0.96,
      1.0225,
      1.0875,
      1.15,
      1.215,
      1.28,
      1.3425,
      1.4075,
      1.47
    ],
    "SoftwareVersions": "syngo_MR_B19",
    "SpacingBetweenSlices": 3.45,
    "StationName": "MRC35420",
    "StudyID": "1",
    "StudyInstanceUID": "1.3.12.2.1107.5.2.32.35420.30000022053014505079800004791",
    "TaskName": "TODO: full task name for FRAPPS - replication study",
    "TotalReadoutTime": 0.03795,
    "TxRefAmp": 296.608,
    "dataset": "unknown",
    "modality": "bold",
    "subject_id": "29",
    "task_id": "frapps"
  },
  "dummy_trs": 1,
  "dvars_nstd": 21.373704036037022,
  "dvars_std": 1.0653970874438583,
  "dvars_vstd": 0.9639695935072659,
  "efc": 0.47713171670567966,
  "fber": 1085.9151611328125,
  "fd_mean": 0.16142327421078237,
  "fd_num": 264,
  "fd_perc": 17.425742574257427,
  "fwhm_avg": 2.549694585210467,
  "fwhm_x": 2.475893333333333,
  "fwhm_y": 2.7775700000000003,
  "fwhm_z": 2.3956204222980677,
  "gcor": 0.0565877,
  "gsr_x": -0.01505762618035078,
  "gsr_y": 0.05969962850213051,
  "provenance": {
    "md5sum": "91cf4f3ceffb3c8b11ba8843e28953b8",
    "settings": {
      "fd_thres": 0.2,
      "hmc_fsl": false
    },
    "software": "mriqc",
    "version": "0.15.0",
    "webapi_port": null,
    "webapi_url": "https://mriqc.nimh.nih.gov/api/v1"
  },
  "size_t": 1515,
  "size_x": 70,
  "size_y": 70,
  "size_z": 48,
  "snr": 2.688510205568036,
  "spacing_tr": 1.5299999713897705,
  "spacing_x": 3.0,
  "spacing_y": 3.0,
  "spacing_z": 3.4499998092651367,
  "summary_bg_k": 102.73734432022336,
  "summary_bg_mad": 4.27459192276001,
  "summary_bg_mean": 23.198471069335938,
  "summary_bg_median": 12.702970504760742,
  "summary_bg_n": 150569.0,
  "summary_bg_p05": 9.283828735351562,
  "summary_bg_p95": 68.93386230468754,
  "summary_bg_stdv": 35.52635955810547,
  "summary_fg_k": 2.0595496367569384,
  "summary_fg_mad": 135.59596252441406,
  "summary_fg_mean": 470.8936767578125,
  "summary_fg_median": 447.850830078125,
  "summary_fg_n": 42436.0,
  "summary_fg_p05": 235.94554901123047,
  "summary_fg_p95": 771.9490356445312,
  "summary_fg_stdv": 166.5775909423828,
  "tsnr": 42.025604248046875
}