{
  "bids_meta": {
    "AcquisitionDateTime": "2022-06-23T12:48:47.050000",
    "AcquisitionMatrixPE": 256,
    "AcquisitionNumber": 1,
    "AcquisitionTime": "12:48:47.050000",
    "BaseResolution": 256,
    "CoilString": "C:HEA;HEP",
    "ConversionSoftware": "dcm2niix",
    "ConversionSoftwareVersion": "v1.0.20190902",
    "DeviceSerialNumber": "35420",
    "DwellTime": 9.8e-06,
    "EchoTime": 0.00226,
    "FlipAngle": 9,
    "ImageOrientationPatientDICOM": [
      0.0581622,
      0.992276,
      -0.109566,
      0.0491231,
      -0.112464,
      -0.992441
    ],
    "ImageType": [
      "ORIGINAL",
      "PRIMARY",
      "M",
      "ND",
      "NORM"
    ],
    "ImagingFrequency": 123.221,
    "InPlanePhaseEncodingDirectionDICOM": "ROW",
    "InstitutionAddress": "Rudolf-Bultmann-Strasse_8_Marburg_District_DE_35039",
    "InstitutionName": "Center_of_BrainImaging_Uni-Marburg",
    "InstitutionalDepartmentName": "Department",
    "InversionTime": 0.9,
    "MRAcquisitionType": "3D",
    "MagneticFieldStrength": 3,
    "Manufacturer": "Siemens",
    "ManufacturersModelName": "TrioTim",
    "Modality": "MR",
    "PartialFourier": 1,
    "PatientBirthDate": "1995-01-01",
    "PatientID": "AGB_FRAPPS_31",
    "PatientName": "20220623_AGB_FRAPPS_31",
    "PatientPosition": "HFS",
    "PatientSex": "F",
    "PatientWeight": 59,
    "PercentPhaseFOV": 100,
    "PhaseEncodingSteps": 256,
    "PhaseResolution": 1,
    "PixelBandwidth": 199,
    "ProcedureStepDescription": "AGB_Christoph",
    "ProtocolName": "t1_mpr_12CH_sag_p2_iso_FOV256_ND_REF",
    "PulseSequenceDetails": "%SiemensSeq%_tfl",
    "ReceiveCoilName": "32Ch_Head",
    "ReconMatrixPE": 256,
    "RepetitionTime": 1.9,
    "SAR": 0.0974843,
    "ScanOptions": "IR",
    "ScanningSequence": "GR_IR",
    "SequenceName": "_tfl3d1_ns",
    "SequenceVariant": "SP_MP",
    "SeriesDescription": "t1_mpr_12CH_sag_p2_iso_FOV256_ND_REF",
    "SeriesInstanceUID": "1.3.12.2.1107.5.2.32.35420.2022062312484518883726598.0.0.0",
    "SeriesNumber": 3,
    "ShimSetting": [
      9316,
      9562,
      -1837,
      -292,
      -72,
      -2564,
      430,
      205
    ],
    "SliceThickness": 1,
    "SoftwareVersions": "syngo_MR_B19",
    "StationName": "MRC35420",
    "StudyID": "1",
    "StudyInstanceUID": "1.3.12.2.1107.5.2.32.35420.30000022053005374096600000313",
    "TxRefAmp": 301.087,
    "dataset": "unknown",
    "modality": "T1w",
    "subject_id": "31"
  },
  "cjv": 0.4606624474178875,
  "cnr": 2.920876448546351,
  "efc": 0.5763015874985908,
  "fber": 976.0455932617188,
  "fwhm_avg": 5.097530201666367,
  "fwhm_x": 5.031590299906152,
  "fwhm_y": 5.1186103050929495,
  "fwhm_z": 5.14239,
  "icvs_csf": 0.22357773756323543,
  "icvs_gm": 0.4302881084576451,
  "icvs_wm": 0.3461341539791195,
  "inu_med": 1.8077306747436523,
  "inu_range": 0.851556491851807,
  "provenance": {
    "md5sum": "91ba7162364fa63ac2e9ee0b87c667b0",
    "settings": {
      "testing": false
    },
    "software": "mriqc",
    "version": "0.15.0",
    "warnings": {
      "large_rot_frame": true,
      "small_air_mask": false
    },
    "webapi_port": null,
    "webapi_url": "https://mriqc.nimh.nih.gov/api/v1"
  },
  "qi_1": 0.0,
  "qi_2": 0.004890097953655843,
  "rpve_csf": 23.312296029337123,
  "rpve_gm": 12.66735320960684,
  "rpve_wm": 18.59057841015542,
  "size_x": 176,
  "size_y": 256,
  "size_z": 256,
  "snr_csf": 4.059954018927849,
  "snr_gm": 11.188873612049191,
  "snr_total": 12.606568281970029,
  "snr_wm": 22.57087721493305,
  "snrd_csf": 13.418188524377241,
  "snrd_gm": 25.76606698496836,
  "snrd_total": 24.384386466856984,
  "snrd_wm": 33.96890389122535,
  "spacing_x": 0.9999999403953552,
  "spacing_y": 0.9999999403953552,
  "spacing_z": 1.0,
  "summary_bg_k": 1.4421906172806382,
  "summary_bg_mad": 19.286405563354492,
  "summary_bg_mean": 24.654890060424805,
  "summary_bg_median": 20.025606155395508,
  "summary_bg_n": 2214163.0,
  "summary_bg_p05": 0.0,
  "summary_bg_p95": 53.408092117309565,
  "summary_bg_stdv": 16.626680374145508,
  "summary_csf_k": -0.0957913279815199,
  "summary_csf_mad": 110.35321807861328,
  "summary_csf_mean": 395.97265625,
  "summary_csf_median": 395.014892578125,
  "summary_csf_n": 28718.0,
  "summary_csf_p05": 253.68391799926758,
  "summary_csf_p95": 556.4886718749999,
  "summary_csf_stdv": 97.29371643066406,
  "summary_gm_k": -0.11811405572673861,
  "summary_gm_mad": 68.68400573730469,
  "summary_gm_mean": 761.8225708007812,
  "summary_gm_median": 758.5211791992188,
  "summary_gm_n": 31006.0,
  "summary_gm_p05": 655.3056793212891,
  "summary_gm_p95": 878.0892791748047,
  "summary_gm_stdv": 67.7913589477539,
  "summary_wm_k": 0.4146058429987036,
  "summary_wm_mad": 42.55739974975586,
  "summary_wm_mean": 996.982421875,
  "summary_wm_median": 1000.0025634765625,
  "summary_wm_n": 213812.0,
  "summary_wm_p05": 919.7989379882813,
  "summary_wm_p95": 1064.6834533691406,
  "summary_wm_stdv": 44.30488967895508,
  "tpm_overlap_csf": 0.22408078610897064,
  "tpm_overlap_gm": 0.523117184638977,
  "tpm_overlap_wm": 0.5591833591461182,
  "wm2max": 0.44122451732126466
}