{
  "aor": 0.0029727985074626865,
  "aqi": 0.0033458884328358206,
  "bids_meta": {
    "AcquisitionDateTime": "2022-06-23T08:14:33.365000",
    "AcquisitionMatrixPE": 70,
    "AcquisitionNumber": 1,
    "AcquisitionTime": "08:14:33.365000",
    "BandwidthPerPixelPhaseEncode": 25.974,
    "BaseResolution": 70,
    "CoilString": "C:HEA;HEP",
    "ConversionSoftware": "dcm2niix",
    "ConversionSoftwareVersion": "v1.0.20190902",
    "DerivedVendorReportedEchoSpacing": 0.000550001,
    "DeviceSerialNumber": "35420",
    "DwellTime": 3.5e-06,
    "EchoTime": 0.03,
    "EffectiveEchoSpacing": 0.000550001,
    "FlipAngle": 60,
    "ImageComments": "Unaliased_MB2_PE2_LB",
    "ImageOrientationPatientDICOM": [
      0.999921,
      0.00105617,
      -0.0125324,
      -0.00226925,
      0.995264,
      -0.0971796
    ],
    "ImageType": [
      "ORIGINAL",
      "PRIMARY",
      "M",
      "MB",
      "ND",
      "MOSAIC"
    ],
    "ImagingFrequency": 123.221,
    "InPlanePhaseEncodingDirectionDICOM": "COL",
    "InstitutionAddress": "Rudolf-Bultmann-Strasse_8_Marburg_District_DE_35039",
    "InstitutionName": "Center_of_BrainImaging_Uni-Marburg",
    "InstitutionalDepartmentName": "Department",
    "MRAcquisitionType": "2D",
    "MagneticFieldStrength": 3,
    "Manufacturer": "Siemens",
    "ManufacturersModelName": "TrioTim",
    "Modality": "MR",
    "MultibandAccelerationFactor": 2,
    "PartialFourier": 1,
    "PatientBirthDate": "2000-01-01",
    "PatientID": "AGB_FRAPPS_29",
    "PatientName": "20220623_AGB_FRAPPS_29",
    "PatientPosition": "HFS",
    "PatientSex": "M",
    "PatientWeight": 68,
    "PercentPhaseFOV": 100,
    "PhaseEncodingDirection": "j-",
    "PhaseEncodingSteps": 70,
    "PhaseResolution": 1,
    "PixelBandwidth": 2041,
    "ProcedureStepDescription": "AGB_Christoph",
    "ProtocolName": "cmrr_ep2d_bold_FP_MB2_iso3",
    "PulseSequenceDetails": "%CustomerSeq%_cmrr_mbep2d_bold",
    "ReceiveCoilName": "32Ch_Head",
    "ReconMatrixPE": 70,
    "RepetitionTime": 1.53,
    "SAR": 0.12617,
    "ScanOptions": "FS",
    "ScanningSequence": "EP",
    "SequenceName": "epfid2d1_70",
    "SequenceVariant": "SK_SS",
    "SeriesDescription": "cmrr_ep2d_bold_FP_MB2_iso3",
    "SeriesInstanceUID": "1.3.12.2.1107.5.2.32.35420.30000022053014505079800004106",
    "SeriesNumber": 6,
    "ShimSetting": [
      9308,
      9531,
      -1416,
      286,
      -186,
      -2667,
      361,
      223
    ],
    "SliceThickness": 3,
    "SliceTiming": [
      0,
      0.0625,
      0.1275,
      0.1925,
      0.255,
      0.32,
      0.3825,
      0.4475,
      0.5125,
      0.575,
      0.64,
      0.7025,
      0.7675,
      0.8325,
      0.895,
      0.96,
      1.0225,
      1.0875,
      1.1525,
      1.215,
      1.28,
      1.3425,
      1.4075,
      1.4725,
      0,
      0.0625,
      0.1275,
      0.1925,
      0.255,
      0.32,
      0.3825,
      0.4475,
      0.5125,
      0.575,
      0.64,
      0.7025,
      0.7675,
      0.8325,
      0.895,
      0.96,
      1.0225,
      1.0875,
      1.1525,
      1.215,
      1.28,
      1.3425,
      1.4075,
      1.4725
    ],
    "SoftwareVersions": "syngo_MR_B19",
    "SpacingBetweenSlices": 3.45,
    "StationName": "MRC35420",
    "StudyID": "1",
    "StudyInstanceUID": "1.3.12.2.1107.5.2.32.35420.30000022053014505079800004791",
    "TaskName": "TODO: full task name for localizer",
    "TotalReadoutTime": 0.03795,
    "TxRefAmp": 296.608,
    "dataset": "unknown",
    "modality": "bold",
    "subject_id": "29",
    "task_id": "localizer"
  },
  "dummy_trs": 1,
  "dvars_nstd": 20.70713425035512,
  "dvars_std": 1.1231806078878512,
  "dvars_vstd": 0.998255004224299,
  "efc": 0.47709907374357347,
  "fber": 1108.691162109375,
  "fd_mean": 0.13809717390785436,
  "fd_num": 67,
  "fd_perc": 12.5,
  "fwhm_avg": 2.548061927944112,
  "fwhm_x": 2.48371,
  "fwhm_y": 2.7790466666666664,
  "fwhm_z": 2.381429117165669,
  "gcor": 0.0184086,
  "gsr_x": -0.013201710768043995,
  "gsr_y": 0.05899367481470108,
  "provenance": {
    "md5sum": "f76662eb3487d766627fbf70eff85cf2",
    "settings": {
      "fd_thres": 0.2,
      "hmc_fsl": false
    },
    "software": "mriqc",
    "version": "0.15.0",
    "webapi_port": null,
    "webapi_url": "https://mriqc.nimh.nih.gov/api/v1"
  },
  "size_t": 536,
  "size_x": 70,
  "size_y": 70,
  "size_z": 48,
  "snr": 2.695456052690992,
  "spacing_tr": 1.5299999713897705,
  "spacing_x": 3.0,
  "spacing_y": 3.0,
  "spacing_z": 3.4499998092651367,
  "summary_bg_k": 94.13630583038618,
  "summary_bg_mad": 4.467168807983398,
  "summary_bg_mean": 23.85866928100586,
  "summary_bg_median": 12.947760581970215,
  "summary_bg_n": 150631.0,
  "summary_bg_p05": 9.524253845214844,
  "summary_bg_p95": 73.52145385742188,
  "summary_bg_stdv": 36.11066436767578,
  "summary_fg_k": 1.957749947512947,
  "summary_fg_mad": 140.24282836914062,
  "summary_fg_mean": 484.1253662109375,
  "summary_fg_median": 461.1893310546875,
  "summary_fg_n": 42216.0,
  "summary_fg_p05": 242.73041152954102,
  "summary_fg_p95": 790.9486694335938,
  "summary_fg_stdv": 171.09678649902344,
  "tsnr": 59.56426239013672
}