{
  "aor": 0.0017017537313432838,
  "aqi": 0.004122106399253731,
  "bids_meta": {
    "AcquisitionDateTime": "2022-04-28T08:56:40.505000",
    "AcquisitionMatrixPE": 70,
    "AcquisitionNumber": 1,
    "AcquisitionTime": "08:56:40.505000",
    "BandwidthPerPixelPhaseEncode": 25.974,
    "BaseResolution": 70,
    "CoilString": "C:HEA;HEP",
    "ConversionSoftware": "dcm2niix",
    "ConversionSoftwareVersion": "v1.0.20190902",
    "DerivedVendorReportedEchoSpacing": 0.000550001,
    "DeviceSerialNumber": "35420",
    "DwellTime": 3.5e-06,
    "EchoTime": 0.03,
    "EffectiveEchoSpacing": 0.000550001,
    "FlipAngle": 60,
    "ImageComments": "Unaliased_MB2_PE2_LB",
    "ImageOrientationPatientDICOM": [
      0.999795,
      0.0184999,
      -0.00821572,
      -0.0197203,
      0.981751,
      -0.189146
    ],
    "ImageType": [
      "ORIGINAL",
      "PRIMARY",
      "M",
      "MB",
      "ND",
      "MOSAIC"
    ],
    "ImagingFrequency": 123.221,
    "InPlanePhaseEncodingDirectionDICOM": "COL",
    "InstitutionAddress": "Rudolf-Bultmann-Strasse_8_Marburg_District_DE_35039",
    "InstitutionName": "Center_of_BrainImaging_Uni-Marburg",
    "InstitutionalDepartmentName": "Department",
    "MRAcquisitionType": "2D",
    "MagneticFieldStrength": 3,
    "Manufacturer": "Siemens",
    "ManufacturersModelName": "TrioTim",
    "Modality": "MR",
    "MultibandAccelerationFactor": 2,
    "PartialFourier": 1,
    "PatientBirthDate": "1998-01-01",
    "PatientID": "AGB_FRAPPS_09",
    "PatientName": "20220428_AGB_FRAPPS_09",
    "PatientPosition": "HFS",
    "PatientSex": "F",
    "PatientWeight": 78,
    "PercentPhaseFOV": 100,
    "PhaseEncodingDirection": "j-",
    "PhaseEncodingSteps": 70,
    "PhaseResolution": 1,
    "PixelBandwidth": 2041,
    "ProcedureStepDescription": "AGB_Christoph",
    "ProtocolName": "cmrr_ep2d_bold_FP_MB2_iso3",
    "PulseSequenceDetails": "%CustomerSeq%_cmrr_mbep2d_bold",
    "ReceiveCoilName": "32Ch_Head",
    "ReconMatrixPE": 70,
    "RepetitionTime": 1.53,
    "SAR": 0.104379,
    "ScanOptions": "FS",
    "ScanningSequence": "EP",
    "SequenceName": "epfid2d1_70",
    "SequenceVariant": "SK_SS",
    "SeriesDescription": "cmrr_ep2d_bold_FP_MB2_iso3",
    "SeriesInstanceUID": "1.3.12.2.1107.5.2.32.35420.2022042808564328139572097.0.0.0",
    "SeriesNumber": 6,
    "ShimSetting": [
      9333,
      9606,
      -1507,
      254,
      -53,
      -2273,
      629,
      393
    ],
    "SliceThickness": 3,
    "SliceTiming": [
      0,
      0.0625,
      0.1275,
      0.1925,
      0.255,
      0.32,
      0.3825,
      0.4475,
      0.5125,
      0.575,
      0.64,
      0.7025,
      0.7675,
      0.8325,
      0.895,
      0.96,
      1.0225,
      1.0875,
      1.1525,
      1.215,
      1.28,
      1.3425,
      1.4075,
      1.47,
      0,
      0.0625,
      0.1275,
      0.1925,
      0.255,
      0.32,
      0.3825,
      0.4475,
      0.5125,
      0.575,
      0.64,
      0.7025,
      0.7675,
      0.8325,
      0.895,
      0.96,
      1.0225,
      1.0875,
      1.1525,
      1.215,
      1.28,
      1.3425,
      1.4075,
      1.47
    ],
    "SoftwareVersions": "syngo_MR_B19",
    "SpacingBetweenSlices": 3.45,
    "StationName": "MRC35420",
    "StudyID": "1",
    "StudyInstanceUID": "1.3.12.2.1107.5.2.32.35420.30000022042010144015600000110",
    "TaskName": "TODO: full task name for localizer",
    "TotalReadoutTime": 0.03795,
    "TxRefAmp": 313.138,
    "dataset": "unknown",
    "modality": "bold",
    "subject_id": "09",
    "task_id": "localizer"
  },
  "dummy_trs": 1,
  "dvars_nstd": 26.021742583925228,
  "dvars_std": 1.2047050724672894,
  "dvars_vstd": 1.0052761785420563,
  "efc": 0.5019617771309115,
  "fber": 945.277587890625,
  "fd_mean": 0.16838051891545375,
  "fd_num": 162,
  "fd_perc": 30.223880597014926,
  "fwhm_avg": 2.4738275254469984,
  "fwhm_x": 2.3774566666666668,
  "fwhm_y": 2.70311,
  "fwhm_z": 2.3409159096743277,
  "gcor": 0.0269219,
  "gsr_x": -0.013234361074864864,
  "gsr_y": 0.09237391501665115,
  "provenance": {
    "md5sum": "f41d2e564a86940a3d4c0ea9951256a8",
    "settings": {
      "fd_thres": 0.2,
      "hmc_fsl": false
    },
    "software": "mriqc",
    "version": "0.15.0",
    "webapi_port": null,
    "webapi_url": "https://mriqc.nimh.nih.gov/api/v1"
  },
  "size_t": 536,
  "size_x": 70,
  "size_y": 70,
  "size_z": 48,
  "snr": 2.5999345019942597,
  "spacing_tr": 1.5299999713897705,
  "spacing_x": 3.0,
  "spacing_y": 3.0,
  "spacing_z": 3.450000047683716,
  "summary_bg_k": 57.550696862469664,
  "summary_bg_mad": 5.100594997406006,
  "summary_bg_mean": 28.895566940307617,
  "summary_bg_median": 13.531716346740723,
  "summary_bg_n": 145078.0,
  "summary_bg_p05": 9.511194229125977,
  "summary_bg_p95": 96.58451347351073,
  "summary_bg_stdv": 47.51156997680664,
  "summary_fg_k": 4.44424812183102,
  "summary_fg_mad": 131.49520874023438,
  "summary_fg_mean": 476.03704833984375,
  "summary_fg_median": 444.1875,
  "summary_fg_n": 46840.0,
  "summary_fg_p05": 267.3052185058594,
  "summary_fg_p95": 787.5150878906247,
  "summary_fg_stdv": 170.8438262939453,
  "tsnr": 57.23771286010742
}