{
  "aor": 0.0015328256513026054,
  "aqi": 0.008038121195724784,
  "bids_meta": {
    "AcquisitionDateTime": "2022-04-28T08:16:12.365000",
    "AcquisitionMatrixPE": 70,
    "AcquisitionNumber": 1,
    "AcquisitionTime": "08:16:12.365000",
    "BandwidthPerPixelPhaseEncode": 25.974,
    "BaseResolution": 70,
    "CoilString": "C:HEA;HEP",
    "ConversionSoftware": "dcm2niix",
    "ConversionSoftwareVersion": "v1.0.20190902",
    "DerivedVendorReportedEchoSpacing": 0.000550001,
    "DeviceSerialNumber": "35420",
    "DwellTime": 3.5e-06,
    "EchoTime": 0.03,
    "EffectiveEchoSpacing": 0.000550001,
    "FlipAngle": 55,
    "ImageComments": "Unaliased_MB2_PE2_LB",
    "ImageOrientationPatientDICOM": [
      0.999795,
      0.0184873,
      -0.00821331,
      -0.0197075,
      0.981751,
      -0.189146
    ],
    "ImageType": [
      "ORIGINAL",
      "PRIMARY",
      "M",
      "MB",
      "ND",
      "MOSAIC"
    ],
    "ImagingFrequency": 123.221,
    "InPlanePhaseEncodingDirectionDICOM": "COL",
    "InstitutionAddress": "Rudolf-Bultmann-Strasse_8_Marburg_District_DE_35039",
    "InstitutionName": "Center_of_BrainImaging_Uni-Marburg",
    "InstitutionalDepartmentName": "Department",
    "MRAcquisitionType": "2D",
    "MagneticFieldStrength": 3,
    "Manufacturer": "Siemens",
    "ManufacturersModelName": "TrioTim",
    "Modality": "MR",
    "MultibandAccelerationFactor": 2,
    "PartialFourier": 1,
    "PatientBirthDate": "1998-01-01",
    "PatientID": "AGB_FRAPPS_09",
    "PatientName": "20220428_AGB_FRAPPS_09",
    "PatientPosition": "HFS",
    "PatientSex": "F",
    "PatientWeight": 78,
    "PercentPhaseFOV": 100,
    "PhaseEncodingDirection": "j-",
    "PhaseEncodingSteps": 70,
    "PhaseResolution": 1,
    "PixelBandwidth": 2041,
    "ProcedureStepDescription": "AGB_Christoph",
    "ProtocolName": "cmrr_ep2d_bold_MB2_iso3",
    "PulseSequenceDetails": "%CustomerSeq%_cmrr_mbep2d_bold",
    "ReceiveCoilName": "32Ch_Head",
    "ReconMatrixPE": 70,
    "RepetitionTime": 1.53,
    "SAR": 0.0926974,
    "ScanOptions": "FS",
    "ScanningSequence": "EP",
    "SequenceName": "epfid2d1_70",
    "SequenceVariant": "SK_SS",
    "SeriesDescription": "cmrr_ep2d_bold_MB2_iso3",
    "SeriesInstanceUID": "1.3.12.2.1107.5.2.32.35420.2022042808161491899378501.0.0.0",
    "SeriesNumber": 4,
    "ShimSetting": [
      9333,
      9606,
      -1507,
      254,
      -53,
      -2273,
      629,
      393
    ],
    "SliceThickness": 3,
    "SliceTiming": [
      0,
      0.065,
      0.1275,
      0.1925,
      0.255,
      0.32,
      0.385,
      0.4475,
      0.5125,
      0.575,
      0.64,
      0.705,
      0.7675,
      0.8325,
      0.895,
      0.96,
      1.025,
      1.0875,
      1.1525,
      1.215,
      1.28,
      1.345,
      1.4075,
      1.4725,
      0,
      0.065,
      0.1275,
      0.1925,
      0.255,
      0.32,
      0.385,
      0.4475,
      0.5125,
      0.575,
      0.64,
      0.705,
      0.7675,
      0.8325,
      0.895,
      0.96,
      1.025,
      1.0875,
      1.1525,
      1.215,
      1.28,
      1.345,
      1.4075,
      1.4725
    ],
    "SoftwareVersions": "syngo_MR_B19",
    "SpacingBetweenSlices": 3.45,
    "StationName": "MRC35420",
    "StudyID": "1",
    "StudyInstanceUID": "1.3.12.2.1107.5.2.32.35420.30000022042010144015600000110",
    "TaskName": "TODO: full task name for FRAPPS - replication study",
    "TotalReadoutTime": 0.03795,
    "TxRefAmp": 313.138,
    "dataset": "unknown",
    "modality": "bold",
    "subject_id": "09",
    "task_id": "frapps"
  },
  "dummy_trs": 0,
  "dvars_nstd": 27.628897264084234,
  "dvars_std": 1.1553567719652396,
  "dvars_vstd": 0.9759102447459878,
  "efc": 0.5021842946793337,
  "fber": 911.423583984375,
  "fd_mean": 0.18837289068307264,
  "fd_num": 537,
  "fd_perc": 35.87174348697395,
  "fwhm_avg": 2.4798371388685925,
  "fwhm_x": 2.3780433333333333,
  "fwhm_y": 2.6977666666666664,
  "fwhm_z": 2.3637014166057777,
  "gcor": 0.0477736,
  "gsr_x": -0.015178958885371685,
  "gsr_y": 0.09442894160747528,
  "provenance": {
    "md5sum": "6620005a0d7f5ca7269df505ce14fdcc",
    "settings": {
      "fd_thres": 0.2,
      "hmc_fsl": false
    },
    "software": "mriqc",
    "version": "0.15.0",
    "webapi_port": null,
    "webapi_url": "https://mriqc.nimh.nih.gov/api/v1"
  },
  "size_t": 1497,
  "size_x": 70,
  "size_y": 70,
  "size_z": 48,
  "snr": 2.562279726660968,
  "spacing_tr": 1.5299999713897705,
  "spacing_x": 3.0,
  "spacing_y": 3.0,
  "spacing_z": 3.450000047683716,
  "summary_bg_k": 65.4249671384748,
  "summary_bg_mad": 5.127209186553955,
  "summary_bg_mean": 28.38756561279297,
  "summary_bg_median": 13.406814575195312,
  "summary_bg_n": 144626.0,
  "summary_bg_p05": 9.108217239379883,
  "summary_bg_p95": 92.79776382446289,
  "summary_bg_stdv": 47.925296783447266,
  "summary_fg_k": 4.423120349327777,
  "summary_fg_mad": 128.6248779296875,
  "summary_fg_mean": 465.6257629394531,
  "summary_fg_median": 433.36273193359375,
  "summary_fg_n": 47271.0,
  "summary_fg_p05": 261.02171325683594,
  "summary_fg_p95": 774.4048461914062,
  "summary_fg_stdv": 169.12991333007812,
  "tsnr": 41.608375549316406
}