{
  "bids_meta": {
    "AcquisitionDateTime": "2022-06-29T07:31:58.025000",
    "AcquisitionMatrixPE": 256,
    "AcquisitionNumber": 1,
    "AcquisitionTime": "07:31:58.025000",
    "BaseResolution": 256,
    "CoilString": "C:HEA;HEP",
    "ConversionSoftware": "dcm2niix",
    "ConversionSoftwareVersion": "v1.0.20190902",
    "DeviceSerialNumber": "35420",
    "DwellTime": 9.8e-06,
    "EchoTime": 0.00226,
    "FlipAngle": 9,
    "ImageOrientationPatientDICOM": [
      0.0245032,
      0.991812,
      -0.125331,
      0.00272613,
      -0.125435,
      -0.992098
    ],
    "ImageType": [
      "ORIGINAL",
      "PRIMARY",
      "M",
      "ND",
      "NORM"
    ],
    "ImagingFrequency": 123.221,
    "InPlanePhaseEncodingDirectionDICOM": "ROW",
    "InstitutionAddress": "Rudolf-Bultmann-Strasse_8_Marburg_District_DE_35039",
    "InstitutionName": "Center_of_BrainImaging_Uni-Marburg",
    "InstitutionalDepartmentName": "Department",
    "InversionTime": 0.9,
    "MRAcquisitionType": "3D",
    "MagneticFieldStrength": 3,
    "Manufacturer": "Siemens",
    "ManufacturersModelName": "TrioTim",
    "Modality": "MR",
    "PartialFourier": 1,
    "PatientBirthDate": "1999-01-01",
    "PatientID": "AGB_FRAPPS_33",
    "PatientName": "20220629_AGB_FRAPPS_33",
    "PatientPosition": "HFS",
    "PatientSex": "F",
    "PatientWeight": 74,
    "PercentPhaseFOV": 100,
    "PhaseEncodingSteps": 256,
    "PhaseResolution": 1,
    "PixelBandwidth": 199,
    "ProcedureStepDescription": "AGB_Christoph",
    "ProtocolName": "t1_mpr_12CH_sag_p2_iso_FOV256_ND_REF",
    "PulseSequenceDetails": "%SiemensSeq%_tfl",
    "ReceiveCoilName": "32Ch_Head",
    "ReconMatrixPE": 256,
    "RepetitionTime": 1.9,
    "SAR": 0.0837425,
    "ScanOptions": "IR",
    "ScanningSequence": "GR_IR",
    "SequenceName": "_tfl3d1_ns",
    "SequenceVariant": "SP_MP",
    "SeriesDescription": "t1_mpr_12CH_sag_p2_iso_FOV256_ND_REF",
    "SeriesInstanceUID": "1.3.12.2.1107.5.2.32.35420.2022062907315618988584547.0.0.0",
    "SeriesNumber": 3,
    "ShimSetting": [
      9316,
      9562,
      -1837,
      -292,
      -72,
      -2564,
      430,
      205
    ],
    "SliceThickness": 1,
    "SoftwareVersions": "syngo_MR_B19",
    "StationName": "MRC35420",
    "StudyID": "1",
    "StudyInstanceUID": "1.3.12.2.1107.5.2.32.35420.30000022062405354757100000069",
    "TxRefAmp": 306.436,
    "dataset": "unknown",
    "modality": "T1w",
    "subject_id": "33"
  },
  "cjv": 0.36884123458506607,
  "cnr": 3.5434951148832123,
  "efc": 0.5613300601046946,
  "fber": 896.5313110351562,
  "fwhm_avg": 5.060236666666667,
  "fwhm_x": 5.02341,
  "fwhm_y": 5.05733,
  "fwhm_z": 5.09997,
  "icvs_csf": 0.21553284710820028,
  "icvs_gm": 0.43499351560821714,
  "icvs_wm": 0.3494736372835826,
  "inu_med": 1.1401190757751465,
  "inu_range": 0.4961843609809875,
  "provenance": {
    "md5sum": "5d143ed6200b19c00a4c92107eeb1698",
    "settings": {
      "testing": false
    },
    "software": "mriqc",
    "version": "0.15.0",
    "warnings": {
      "large_rot_frame": true,
      "small_air_mask": false
    },
    "webapi_port": null,
    "webapi_url": "https://mriqc.nimh.nih.gov/api/v1"
  },
  "qi_1": 0.0,
  "qi_2": 0.0185206551652697,
  "rpve_csf": 24.043235129646526,
  "rpve_gm": 12.582051691235629,
  "rpve_wm": 18.500579992051364,
  "size_x": 176,
  "size_y": 256,
  "size_z": 256,
  "snr_csf": 4.492954469317988,
  "snr_gm": 11.680973168650343,
  "snr_total": 13.989419535824098,
  "snr_wm": 25.794330969503967,
  "snrd_csf": 26.748327840054646,
  "snrd_gm": 44.39394217447963,
  "snrd_total": 43.923902263704214,
  "snrd_wm": 60.62943677657835,
  "spacing_x": 1.0,
  "spacing_y": 1.0,
  "spacing_z": 1.0,
  "summary_bg_k": 1.275168185124806,
  "summary_bg_mad": 10.80567741394043,
  "summary_bg_mean": 25.05893325805664,
  "summary_bg_median": 21.551530838012695,
  "summary_bg_n": 2413328.0,
  "summary_bg_p05": 0.0,
  "summary_bg_p95": 57.31715774536133,
  "summary_bg_stdv": 16.692712783813477,
  "summary_csf_k": -0.22551986438009397,
  "summary_csf_mad": 98.25656127929688,
  "summary_csf_mean": 431.6222229003906,
  "summary_csf_median": 441.1811218261719,
  "summary_csf_n": 28037.0,
  "summary_csf_p05": 266.6888061523438,
  "summary_csf_p95": 585.7520385742187,
  "summary_csf_stdv": 98.1922378540039,
  "summary_gm_k": 0.07206131537795502,
  "summary_gm_mad": 61.02368927001953,
  "summary_gm_mean": 736.92724609375,
  "summary_gm_median": 732.2240600585938,
  "summary_gm_n": 30511.0,
  "summary_gm_p05": 641.7299194335938,
  "summary_gm_p95": 848.7485046386719,
  "summary_gm_stdv": 62.684165954589844,
  "summary_wm_k": 0.279504281049638,
  "summary_wm_mad": 37.746360778808594,
  "summary_wm_mean": 1000.0982666015625,
  "summary_wm_median": 1000.0087890625,
  "summary_wm_n": 206906.0,
  "summary_wm_p05": 936.1452941894531,
  "summary_wm_p95": 1063.3135986328125,
  "summary_wm_stdv": 38.768455505371094,
  "tpm_overlap_csf": 0.2088415026664734,
  "tpm_overlap_gm": 0.5130029320716858,
  "tpm_overlap_wm": 0.5365315675735474,
  "wm2max": 0.39890340868276425
}