{
  "aor": 0.0026137549933422104,
  "aqi": 0.012656452869507324,
  "bids_meta": {
    "AcquisitionDateTime": "2022-04-07T10:57:44.392500",
    "AcquisitionMatrixPE": 70,
    "AcquisitionNumber": 1,
    "AcquisitionTime": "10:57:44.392500",
    "BandwidthPerPixelPhaseEncode": 25.974,
    "BaseResolution": 70,
    "CoilString": "C:HEA;HEP",
    "ConversionSoftware": "dcm2niix",
    "ConversionSoftwareVersion": "v1.0.20190902",
    "DerivedVendorReportedEchoSpacing": 0.000550001,
    "DeviceSerialNumber": "35420",
    "DwellTime": 3.5e-06,
    "EchoTime": 0.03,
    "EffectiveEchoSpacing": 0.000550001,
    "FlipAngle": 55,
    "ImageComments": "Unaliased_MB2_PE2_LB",
    "ImageOrientationPatientDICOM": [
      0.994401,
      0.0407324,
      0.0975056,
      -0.0232604,
      0.984465,
      -0.174036
    ],
    "ImageType": [
      "ORIGINAL",
      "PRIMARY",
      "M",
      "MB",
      "ND",
      "MOSAIC"
    ],
    "ImagingFrequency": 123.221,
    "InPlanePhaseEncodingDirectionDICOM": "COL",
    "InstitutionAddress": "Rudolf-Bultmann-Strasse_8_Marburg_District_DE_35039",
    "InstitutionName": "Center_of_BrainImaging_Uni-Marburg",
    "InstitutionalDepartmentName": "Department",
    "MRAcquisitionType": "2D",
    "MagneticFieldStrength": 3,
    "Manufacturer": "Siemens",
    "ManufacturersModelName": "TrioTim",
    "Modality": "MR",
    "MultibandAccelerationFactor": 2,
    "PartialFourier": 1,
    "PatientBirthDate": "1995-01-01",
    "PatientID": "AGB_FRAPPS_02",
    "PatientName": "20200407_AGB_FRAPPS_02",
    "PatientPosition": "HFS",
    "PatientSex": "F",
    "PatientWeight": 70,
    "PercentPhaseFOV": 100,
    "PhaseEncodingDirection": "j-",
    "PhaseEncodingSteps": 70,
    "PhaseResolution": 1,
    "PixelBandwidth": 2041,
    "ProcedureStepDescription": "AGB_Christoph",
    "ProtocolName": "cmrr_ep2d_bold_MB2_iso3",
    "PulseSequenceDetails": "%CustomerSeq%_cmrr_mbep2d_bold",
    "ReceiveCoilName": "32Ch_Head",
    "ReconMatrixPE": 70,
    "RepetitionTime": 1.53,
    "SAR": 0.117218,
    "ScanOptions": "FS",
    "ScanningSequence": "EP",
    "SequenceName": "epfid2d1_70",
    "SequenceVariant": "SK_SS",
    "SeriesDescription": "cmrr_ep2d_bold_MB2_iso3",
    "SeriesInstanceUID": "1.3.12.2.1107.5.2.32.35420.2022040710574824847992628.0.0.0",
    "SeriesNumber": 5,
    "ShimSetting": [
      9358,
      9419,
      -1547,
      312,
      -16,
      -2618,
      117,
      52
    ],
    "SliceThickness": 3,
    "SliceTiming": [
      0,
      0.0625,
      0.1275,
      0.1925,
      0.255,
      0.32,
      0.3825,
      0.4475,
      0.5125,
      0.575,
      0.64,
      0.7025,
      0.7675,
      0.8325,
      0.895,
      0.96,
      1.0225,
      1.0875,
      1.1525,
      1.215,
      1.28,
      1.3425,
      1.4075,
      1.4725,
      0,
      0.0625,
      0.1275,
      0.1925,
      0.255,
      0.32,
      0.3825,
      0.4475,
      0.5125,
      0.575,
      0.64,
      0.7025,
      0.7675,
      0.8325,
      0.895,
      0.96,
      1.0225,
      1.0875,
      1.1525,
      1.215,
      1.28,
      1.3425,
      1.4075,
      1.4725
    ],
    "SoftwareVersions": "syngo_MR_B19",
    "SpacingBetweenSlices": 3.45,
    "StationName": "MRC35420",
    "StudyID": "1",
    "StudyInstanceUID": "1.3.12.2.1107.5.2.32.35420.30000022040406475295100000083",
    "TaskName": "TODO: full task name for FRAPPS - replication study",
    "TotalReadoutTime": 0.03795,
    "TxRefAmp": 292.029,
    "dataset": "unknown",
    "modality": "bold",
    "subject_id": "02",
    "task_id": "frapps"
  },
  "dummy_trs": 1,
  "dvars_nstd": 23.048860872658214,
  "dvars_std": 1.0558768382411716,
  "dvars_vstd": 0.9735159418920711,
  "efc": 0.5180172302534279,
  "fber": 722.961669921875,
  "fd_mean": 0.2004964221669646,
  "fd_num": 778,
  "fd_perc": 51.797603195739015,
  "fwhm_avg": 2.541627828375171,
  "fwhm_x": 2.3718798114999284,
  "fwhm_y": 2.8722935616027168,
  "fwhm_z": 2.3807101120228684,
  "gcor": 0.0191776,
  "gsr_x": 0.009235287085175514,
  "gsr_y": 0.08500862866640091,
  "provenance": {
    "md5sum": "5e910cbc4c747226b7e61b46dfd545f3",
    "settings": {
      "fd_thres": 0.2,
      "hmc_fsl": false
    },
    "software": "mriqc",
    "version": "0.15.0",
    "webapi_port": null,
    "webapi_url": "https://mriqc.nimh.nih.gov/api/v1"
  },
  "size_t": 1502,
  "size_x": 70,
  "size_y": 70,
  "size_z": 48,
  "snr": 2.9268303143644108,
  "spacing_tr": 1.5299999713897705,
  "spacing_x": 3.000000238418579,
  "spacing_y": 2.999999761581421,
  "spacing_z": 3.450000047683716,
  "summary_bg_k": 51.287410723296006,
  "summary_bg_mad": 8.273750305175781,
  "summary_bg_mean": 33.827632904052734,
  "summary_bg_median": 15.641144752502441,
  "summary_bg_n": 144981.0,
  "summary_bg_p05": 8.937416076660156,
  "summary_bg_p95": 112.16644287109375,
  "summary_bg_stdv": 56.349273681640625,
  "summary_fg_k": 3.0022232616020084,
  "summary_fg_mad": 120.9061050415039,
  "summary_fg_mean": 467.6910095214844,
  "summary_fg_median": 443.84552001953125,
  "summary_fg_n": 46609.0,
  "summary_fg_p05": 264.82781982421875,
  "summary_fg_p95": 744.8810424804688,
  "summary_fg_stdv": 151.64553833007812,
  "tsnr": 35.87860870361328
}