{
  "aor": 0.0017542440318302386,
  "aqi": 0.013183231810344826,
  "bids_meta": {
    "AcquisitionDateTime": "2022-06-09T13:08:54.362500",
    "AcquisitionMatrixPE": 70,
    "AcquisitionNumber": 1,
    "AcquisitionTime": "13:08:54.362500",
    "BandwidthPerPixelPhaseEncode": 25.974,
    "BaseResolution": 70,
    "CoilString": "C:HEA;HEP",
    "ConversionSoftware": "dcm2niix",
    "ConversionSoftwareVersion": "v1.0.20190902",
    "DerivedVendorReportedEchoSpacing": 0.000550001,
    "DeviceSerialNumber": "35420",
    "DwellTime": 3.5e-06,
    "EchoTime": 0.03,
    "EffectiveEchoSpacing": 0.000550001,
    "FlipAngle": 55,
    "ImageComments": "Unaliased_MB2_PE2_LB",
    "ImageOrientationPatientDICOM": [
      0.999608,
      0.0279616,
      0.00137179,
      -0.0274597,
      0.988847,
      -0.146381
    ],
    "ImageType": [
      "ORIGINAL",
      "PRIMARY",
      "M",
      "MB",
      "ND",
      "MOSAIC"
    ],
    "ImagingFrequency": 123.221,
    "InPlanePhaseEncodingDirectionDICOM": "COL",
    "InstitutionAddress": "Rudolf-Bultmann-Strasse_8_Marburg_District_DE_35039",
    "InstitutionName": "Center_of_BrainImaging_Uni-Marburg",
    "InstitutionalDepartmentName": "Department",
    "MRAcquisitionType": "2D",
    "MagneticFieldStrength": 3,
    "Manufacturer": "Siemens",
    "ManufacturersModelName": "TrioTim",
    "Modality": "MR",
    "MultibandAccelerationFactor": 2,
    "PartialFourier": 1,
    "PatientBirthDate": "1999-01-01",
    "PatientID": "AGB_FRAPPS_20",
    "PatientName": "20220609_AGB_FRAPPS_209",
    "PatientPosition": "HFS",
    "PatientSex": "F",
    "PatientWeight": 95,
    "PercentPhaseFOV": 100,
    "PhaseEncodingDirection": "j-",
    "PhaseEncodingSteps": 70,
    "PhaseResolution": 1,
    "PixelBandwidth": 2041,
    "ProcedureStepDescription": "AGB_Christoph",
    "ProtocolName": "cmrr_ep2d_bold_MB2_iso3",
    "PulseSequenceDetails": "%CustomerSeq%_cmrr_mbep2d_bold",
    "ReceiveCoilName": "32Ch_Head",
    "ReconMatrixPE": 70,
    "RepetitionTime": 1.53,
    "SAR": 0.0918727,
    "ScanOptions": "FS",
    "ScanningSequence": "EP",
    "SequenceName": "epfid2d1_70",
    "SequenceVariant": "SK_SS",
    "SeriesDescription": "cmrr_ep2d_bold_MB2_iso3",
    "SeriesInstanceUID": "1.3.12.2.1107.5.2.32.35420.2022060913085715793954226.0.0.0",
    "SeriesNumber": 4,
    "ShimSetting": [
      9369,
      9549,
      -1442,
      231,
      73,
      -2806,
      384,
      167
    ],
    "SliceThickness": 3,
    "SliceTiming": [
      0,
      0.065,
      0.1275,
      0.1925,
      0.2575,
      0.32,
      0.385,
      0.4475,
      0.5125,
      0.5775,
      0.64,
      0.705,
      0.7675,
      0.8325,
      0.8975,
      0.96,
      1.025,
      1.0875,
      1.1525,
      1.2175,
      1.28,
      1.345,
      1.4075,
      1.4725,
      0,
      0.065,
      0.1275,
      0.1925,
      0.2575,
      0.32,
      0.385,
      0.4475,
      0.5125,
      0.5775,
      0.64,
      0.705,
      0.7675,
      0.8325,
      0.8975,
      0.96,
      1.025,
      1.0875,
      1.1525,
      1.2175,
      1.28,
      1.345,
      1.4075,
      1.4725
    ],
    "SoftwareVersions": "syngo_MR_B19",
    "SpacingBetweenSlices": 3.45,
    "StationName": "MRC35420",
    "StudyID": "1",
    "StudyInstanceUID": "1.3.12.2.1107.5.2.32.35420.30000022053005374096600000141",
    "TaskName": "TODO: full task name for FRAPPS - replication study",
    "TotalReadoutTime": 0.03795,
    "TxRefAmp": 296.28,
    "dataset": "unknown",
    "modality": "bold",
    "subject_id": "20",
    "task_id": "frapps"
  },
  "dummy_trs": 0,
  "dvars_nstd": 25.470851526091558,
  "dvars_std": 0.987147245136032,
  "dvars_vstd": 0.906077384193762,
  "efc": 0.5068883001862379,
  "fber": 772.6040649414062,
  "fd_mean": 0.22282299867167676,
  "fd_num": 721,
  "fd_perc": 47.811671087533156,
  "fwhm_avg": 2.4687313420657646,
  "fwhm_x": 2.33154,
  "fwhm_y": 2.77577,
  "fwhm_z": 2.2988840261972947,
  "gcor": 0.0382232,
  "gsr_x": 0.016560951247811317,
  "gsr_y": 0.08022751659154892,
  "provenance": {
    "md5sum": "55fedaeefb72cc89df9ecd2aff657802",
    "settings": {
      "fd_thres": 0.2,
      "hmc_fsl": false
    },
    "software": "mriqc",
    "version": "0.15.0",
    "webapi_port": null,
    "webapi_url": "https://mriqc.nimh.nih.gov/api/v1"
  },
  "size_t": 1508,
  "size_x": 70,
  "size_y": 70,
  "size_z": 48,
  "snr": 3.0691819106563987,
  "spacing_tr": 1.5299999713897705,
  "spacing_x": 3.0,
  "spacing_y": 3.0,
  "spacing_z": 3.450000047683716,
  "summary_bg_k": 42.55001413385086,
  "summary_bg_mad": 5.596134185791016,
  "summary_bg_mean": 30.155921936035156,
  "summary_bg_median": 13.604110717773438,
  "summary_bg_n": 151813.0,
  "summary_bg_p05": 9.326657867431642,
  "summary_bg_p95": 101.47625732421866,
  "summary_bg_stdv": 48.92443084716797,
  "summary_fg_k": 1.467661678605567,
  "summary_fg_mad": 110.0183334350586,
  "summary_fg_mean": 418.32122802734375,
  "summary_fg_median": 401.8216247558594,
  "summary_fg_n": 41427.0,
  "summary_fg_p05": 235.7188232421875,
  "summary_fg_p95": 652.2814086914061,
  "summary_fg_stdv": 130.91983032226562,
  "tsnr": 30.171720504760742
}