{
  "aor": 0.003775,
  "aqi": 0.008512792220149253,
  "bids_meta": {
    "AcquisitionDateTime": "2022-06-09T13:48:51.362500",
    "AcquisitionMatrixPE": 70,
    "AcquisitionNumber": 1,
    "AcquisitionTime": "13:48:51.362500",
    "BandwidthPerPixelPhaseEncode": 25.974,
    "BaseResolution": 70,
    "CoilString": "C:HEA;HEP",
    "ConversionSoftware": "dcm2niix",
    "ConversionSoftwareVersion": "v1.0.20190902",
    "DerivedVendorReportedEchoSpacing": 0.000550001,
    "DeviceSerialNumber": "35420",
    "DwellTime": 3.5e-06,
    "EchoTime": 0.03,
    "EffectiveEchoSpacing": 0.000550001,
    "FlipAngle": 60,
    "ImageComments": "Unaliased_MB2_PE2_LB",
    "ImageOrientationPatientDICOM": [
      0.99961,
      0.0279006,
      0.00138082,
      -0.027398,
      0.988849,
      -0.146381
    ],
    "ImageType": [
      "ORIGINAL",
      "PRIMARY",
      "M",
      "MB",
      "ND",
      "MOSAIC"
    ],
    "ImagingFrequency": 123.221,
    "InPlanePhaseEncodingDirectionDICOM": "COL",
    "InstitutionAddress": "Rudolf-Bultmann-Strasse_8_Marburg_District_DE_35039",
    "InstitutionName": "Center_of_BrainImaging_Uni-Marburg",
    "InstitutionalDepartmentName": "Department",
    "MRAcquisitionType": "2D",
    "MagneticFieldStrength": 3,
    "Manufacturer": "Siemens",
    "ManufacturersModelName": "TrioTim",
    "Modality": "MR",
    "MultibandAccelerationFactor": 2,
    "PartialFourier": 1,
    "PatientBirthDate": "1999-01-01",
    "PatientID": "AGB_FRAPPS_20",
    "PatientName": "20220609_AGB_FRAPPS_209",
    "PatientPosition": "HFS",
    "PatientSex": "F",
    "PatientWeight": 95,
    "PercentPhaseFOV": 100,
    "PhaseEncodingDirection": "j-",
    "PhaseEncodingSteps": 70,
    "PhaseResolution": 1,
    "PixelBandwidth": 2041,
    "ProcedureStepDescription": "AGB_Christoph",
    "ProtocolName": "cmrr_ep2d_bold_FP_MB2_iso3",
    "PulseSequenceDetails": "%CustomerSeq%_cmrr_mbep2d_bold",
    "ReceiveCoilName": "32Ch_Head",
    "ReconMatrixPE": 70,
    "RepetitionTime": 1.53,
    "SAR": 0.11068,
    "ScanOptions": "FS",
    "ScanningSequence": "EP",
    "SequenceName": "epfid2d1_70",
    "SequenceVariant": "SK_SS",
    "SeriesDescription": "cmrr_ep2d_bold_FP_MB2_iso3",
    "SeriesInstanceUID": "1.3.12.2.1107.5.2.32.35420.2022060913485468950950066.0.0.0",
    "SeriesNumber": 6,
    "ShimSetting": [
      9369,
      9549,
      -1442,
      231,
      73,
      -2806,
      384,
      167
    ],
    "SliceThickness": 3,
    "SliceTiming": [
      0,
      0.065,
      0.1275,
      0.1925,
      0.2575,
      0.32,
      0.385,
      0.4475,
      0.5125,
      0.5775,
      0.64,
      0.705,
      0.7675,
      0.8325,
      0.895,
      0.96,
      1.025,
      1.0875,
      1.1525,
      1.215,
      1.28,
      1.345,
      1.4075,
      1.4725,
      0,
      0.065,
      0.1275,
      0.1925,
      0.2575,
      0.32,
      0.385,
      0.4475,
      0.5125,
      0.5775,
      0.64,
      0.705,
      0.7675,
      0.8325,
      0.895,
      0.96,
      1.025,
      1.0875,
      1.1525,
      1.215,
      1.28,
      1.345,
      1.4075,
      1.4725
    ],
    "SoftwareVersions": "syngo_MR_B19",
    "SpacingBetweenSlices": 3.45,
    "StationName": "MRC35420",
    "StudyID": "1",
    "StudyInstanceUID": "1.3.12.2.1107.5.2.32.35420.30000022053005374096600000141",
    "TaskName": "TODO: full task name for localizer",
    "TotalReadoutTime": 0.03795,
    "TxRefAmp": 296.28,
    "dataset": "unknown",
    "modality": "bold",
    "subject_id": "20",
    "task_id": "localizer"
  },
  "dummy_trs": 1,
  "dvars_nstd": 27.547115197756995,
  "dvars_std": 1.0738953406542078,
  "dvars_vstd": 0.9668599542803723,
  "efc": 0.5061180565267646,
  "fber": 781.4374389648438,
  "fd_mean": 0.24486544963006618,
  "fd_num": 241,
  "fd_perc": 44.96268656716418,
  "fwhm_avg": 2.471845013585597,
  "fwhm_x": 2.344856666666667,
  "fwhm_y": 2.776623333333333,
  "fwhm_z": 2.2940550407567915,
  "gcor": 0.023077,
  "gsr_x": 0.018362069502472878,
  "gsr_y": 0.07960160821676254,
  "provenance": {
    "md5sum": "1b706eaa7a621e3a199dec2abf831254",
    "settings": {
      "fd_thres": 0.2,
      "hmc_fsl": false
    },
    "software": "mriqc",
    "version": "0.15.0",
    "webapi_port": null,
    "webapi_url": "https://mriqc.nimh.nih.gov/api/v1"
  },
  "size_t": 536,
  "size_x": 70,
  "size_y": 70,
  "size_z": 48,
  "snr": 3.0655566917906767,
  "spacing_tr": 1.5299999713897705,
  "spacing_x": 3.0,
  "spacing_y": 3.0,
  "spacing_z": 3.450000047683716,
  "summary_bg_k": 37.85447266178119,
  "summary_bg_mad": 6.187652111053467,
  "summary_bg_mean": 31.282724380493164,
  "summary_bg_median": 14.0,
  "summary_bg_n": 152166.0,
  "summary_bg_p05": 9.270522117614746,
  "summary_bg_p95": 108.2705192565918,
  "summary_bg_stdv": 50.419830322265625,
  "summary_fg_k": 1.3908416454415278,
  "summary_fg_mad": 114.10504150390625,
  "summary_fg_mean": 431.3324279785156,
  "summary_fg_median": 414.84326171875,
  "summary_fg_n": 41119.0,
  "summary_fg_p05": 240.17499237060548,
  "summary_fg_p95": 673.0376647949219,
  "summary_fg_stdv": 135.3223114013672,
  "tsnr": 40.87989807128906
}