{
  "aor": 0.002265424528301887,
  "aqi": 0.007296836940700808,
  "bids_meta": {
    "AcquisitionDateTime": "2022-04-21T12:03:59.397500",
    "AcquisitionMatrixPE": 70,
    "AcquisitionNumber": 1,
    "AcquisitionTime": "12:03:59.397500",
    "BandwidthPerPixelPhaseEncode": 25.974,
    "BaseResolution": 70,
    "CoilString": "C:HEA;HEP",
    "ConversionSoftware": "dcm2niix",
    "ConversionSoftwareVersion": "v1.0.20190902",
    "DerivedVendorReportedEchoSpacing": 0.000550001,
    "DeviceSerialNumber": "35420",
    "DwellTime": 3.5e-06,
    "EchoTime": 0.03,
    "EffectiveEchoSpacing": 0.000550001,
    "FlipAngle": 55,
    "ImageComments": "Unaliased_MB2_PE2_LB",
    "ImageOrientationPatientDICOM": [
      0.999895,
      -0.0104482,
      -0.0100136,
      0.0100996,
      0.999362,
      -0.034251
    ],
    "ImageType": [
      "ORIGINAL",
      "PRIMARY",
      "M",
      "MB",
      "ND",
      "MOSAIC"
    ],
    "ImagingFrequency": 123.221,
    "InPlanePhaseEncodingDirectionDICOM": "COL",
    "InstitutionAddress": "Rudolf-Bultmann-Strasse_8_Marburg_District_DE_35039",
    "InstitutionName": "Center_of_BrainImaging_Uni-Marburg",
    "InstitutionalDepartmentName": "Department",
    "MRAcquisitionType": "2D",
    "MagneticFieldStrength": 3,
    "Manufacturer": "Siemens",
    "ManufacturersModelName": "TrioTim",
    "Modality": "MR",
    "MultibandAccelerationFactor": 2,
    "PartialFourier": 1,
    "PatientBirthDate": "2000-01-01",
    "PatientID": "AGB_FRAPPS_08",
    "PatientName": "20220421_AGB_FRAPPS_08",
    "PatientPosition": "HFS",
    "PatientSex": "M",
    "PatientWeight": 72,
    "PercentPhaseFOV": 100,
    "PhaseEncodingDirection": "j-",
    "PhaseEncodingSteps": 70,
    "PhaseResolution": 1,
    "PixelBandwidth": 2041,
    "ProcedureStepDescription": "AGB_Christoph",
    "ProtocolName": "cmrr_ep2d_bold_MB2_iso3",
    "PulseSequenceDetails": "%CustomerSeq%_cmrr_mbep2d_bold",
    "ReceiveCoilName": "32Ch_Head",
    "ReconMatrixPE": 70,
    "RepetitionTime": 1.53,
    "SAR": 0.123161,
    "ScanOptions": "FS",
    "ScanningSequence": "EP",
    "SequenceName": "epfid2d1_70",
    "SequenceVariant": "SK_SS",
    "SeriesDescription": "cmrr_ep2d_bold_MB2_iso3",
    "SeriesInstanceUID": "1.3.12.2.1107.5.2.32.35420.2022042112040189906547997.0.0.0",
    "SeriesNumber": 4,
    "ShimSetting": [
      9301,
      9464,
      -1401,
      298,
      -295,
      -2754,
      304,
      200
    ],
    "SliceThickness": 3,
    "SliceTiming": [
      0,
      0.0625,
      0.1275,
      0.1925,
      0.255,
      0.32,
      0.3825,
      0.4475,
      0.5125,
      0.575,
      0.64,
      0.7025,
      0.7675,
      0.8325,
      0.895,
      0.96,
      1.0225,
      1.0875,
      1.15,
      1.215,
      1.28,
      1.3425,
      1.4075,
      1.47,
      0,
      0.0625,
      0.1275,
      0.1925,
      0.255,
      0.32,
      0.3825,
      0.4475,
      0.5125,
      0.575,
      0.64,
      0.7025,
      0.7675,
      0.8325,
      0.895,
      0.96,
      1.0225,
      1.0875,
      1.15,
      1.215,
      1.28,
      1.3425,
      1.4075,
      1.47
    ],
    "SoftwareVersions": "syngo_MR_B19",
    "SpacingBetweenSlices": 3.45,
    "StationName": "MRC35420",
    "StudyID": "1",
    "StudyInstanceUID": "1.3.12.2.1107.5.2.32.35420.30000022042010144015600000017",
    "TaskName": "TODO: full task name for FRAPPS - replication study",
    "TotalReadoutTime": 0.03795,
    "TxRefAmp": 300.477,
    "dataset": "unknown",
    "modality": "bold",
    "subject_id": "08",
    "task_id": "frapps"
  },
  "dummy_trs": 0,
  "dvars_nstd": 27.55232114012137,
  "dvars_std": 1.1517853822589355,
  "dvars_vstd": 1.025050014005395,
  "efc": 0.5089932828187143,
  "fber": 790.7518920898438,
  "fd_mean": 0.19237238404896795,
  "fd_num": 681,
  "fd_perc": 45.889487870619945,
  "fwhm_avg": 2.445996079533433,
  "fwhm_x": 2.2861366666666667,
  "fwhm_y": 2.833216666666667,
  "fwhm_z": 2.218634905266964,
  "gcor": 0.0202777,
  "gsr_x": 0.019771140068769455,
  "gsr_y": 0.08205072581768036,
  "provenance": {
    "md5sum": "b72f2b9bb20ac69d8a04de3d7f7c816b",
    "settings": {
      "fd_thres": 0.2,
      "hmc_fsl": false
    },
    "software": "mriqc",
    "version": "0.15.0",
    "webapi_port": null,
    "webapi_url": "https://mriqc.nimh.nih.gov/api/v1"
  },
  "size_t": 1484,
  "size_x": 70,
  "size_y": 70,
  "size_z": 48,
  "snr": 2.6474296583610064,
  "spacing_tr": 1.5299999713897705,
  "spacing_x": 3.0,
  "spacing_y": 3.0,
  "spacing_z": 3.4499998092651367,
  "summary_bg_k": 41.602895080583394,
  "summary_bg_mad": 6.101248741149902,
  "summary_bg_mean": 33.2442626953125,
  "summary_bg_median": 14.083558082580566,
  "summary_bg_n": 148771.0,
  "summary_bg_p05": 9.17082166671753,
  "summary_bg_p95": 125.95855331420898,
  "summary_bg_stdv": 56.084232330322266,
  "summary_fg_k": 2.1459190444468357,
  "summary_fg_mad": 123.4306640625,
  "summary_fg_mean": 452.64178466796875,
  "summary_fg_median": 421.52899169921875,
  "summary_fg_n": 43598.0,
  "summary_fg_p05": 252.36326293945314,
  "summary_fg_p95": 756.7073944091796,
  "summary_fg_stdv": 159.22015380859375,
  "tsnr": 42.19001007080078
}