{
  "aor": 0.001491191806331471,
  "aqi": 0.0036292849348230913,
  "bids_meta": {
    "AcquisitionDateTime": "2022-04-21T12:43:7.412500",
    "AcquisitionMatrixPE": 70,
    "AcquisitionNumber": 1,
    "AcquisitionTime": "12:43:7.412500",
    "BandwidthPerPixelPhaseEncode": 25.974,
    "BaseResolution": 70,
    "CoilString": "C:HEA;HEP",
    "ConversionSoftware": "dcm2niix",
    "ConversionSoftwareVersion": "v1.0.20190902",
    "DerivedVendorReportedEchoSpacing": 0.000550001,
    "DeviceSerialNumber": "35420",
    "DwellTime": 3.5e-06,
    "EchoTime": 0.03,
    "EffectiveEchoSpacing": 0.000550001,
    "FlipAngle": 60,
    "ImageComments": "Unaliased_MB2_PE2_LB",
    "ImageOrientationPatientDICOM": [
      0.999895,
      -0.0104708,
      -0.0100128,
      0.0101223,
      0.999362,
      -0.0342513
    ],
    "ImageType": [
      "ORIGINAL",
      "PRIMARY",
      "M",
      "MB",
      "ND",
      "MOSAIC"
    ],
    "ImagingFrequency": 123.221,
    "InPlanePhaseEncodingDirectionDICOM": "COL",
    "InstitutionAddress": "Rudolf-Bultmann-Strasse_8_Marburg_District_DE_35039",
    "InstitutionName": "Center_of_BrainImaging_Uni-Marburg",
    "InstitutionalDepartmentName": "Department",
    "MRAcquisitionType": "2D",
    "MagneticFieldStrength": 3,
    "Manufacturer": "Siemens",
    "ManufacturersModelName": "TrioTim",
    "Modality": "MR",
    "MultibandAccelerationFactor": 2,
    "PartialFourier": 1,
    "PatientBirthDate": "2000-01-01",
    "PatientID": "AGB_FRAPPS_08",
    "PatientName": "20220421_AGB_FRAPPS_08",
    "PatientPosition": "HFS",
    "PatientSex": "M",
    "PatientWeight": 72,
    "PercentPhaseFOV": 100,
    "PhaseEncodingDirection": "j-",
    "PhaseEncodingSteps": 70,
    "PhaseResolution": 1,
    "PixelBandwidth": 2041,
    "ProcedureStepDescription": "AGB_Christoph",
    "ProtocolName": "cmrr_ep2d_bold_FP_MB2_iso3",
    "PulseSequenceDetails": "%CustomerSeq%_cmrr_mbep2d_bold",
    "ReceiveCoilName": "32Ch_Head",
    "ReconMatrixPE": 70,
    "RepetitionTime": 1.53,
    "SAR": 0.13779,
    "ScanOptions": "FS",
    "ScanningSequence": "EP",
    "SequenceName": "epfid2d1_70",
    "SequenceVariant": "SK_SS",
    "SeriesDescription": "cmrr_ep2d_bold_FP_MB2_iso3",
    "SeriesInstanceUID": "1.3.12.2.1107.5.2.32.35420.2022042112431074111339018.0.0.0",
    "SeriesNumber": 6,
    "ShimSetting": [
      9301,
      9464,
      -1401,
      298,
      -295,
      -2754,
      304,
      200
    ],
    "SliceThickness": 3,
    "SliceTiming": [
      0,
      0.065,
      0.1275,
      0.1925,
      0.2575,
      0.32,
      0.385,
      0.4475,
      0.5125,
      0.5775,
      0.64,
      0.705,
      0.7675,
      0.8325,
      0.895,
      0.96,
      1.025,
      1.0875,
      1.1525,
      1.215,
      1.28,
      1.345,
      1.4075,
      1.4725,
      0,
      0.065,
      0.1275,
      0.1925,
      0.2575,
      0.32,
      0.385,
      0.4475,
      0.5125,
      0.5775,
      0.64,
      0.705,
      0.7675,
      0.8325,
      0.895,
      0.96,
      1.025,
      1.0875,
      1.1525,
      1.215,
      1.28,
      1.345,
      1.4075,
      1.4725
    ],
    "SoftwareVersions": "syngo_MR_B19",
    "SpacingBetweenSlices": 3.45,
    "StationName": "MRC35420",
    "StudyID": "1",
    "StudyInstanceUID": "1.3.12.2.1107.5.2.32.35420.30000022042010144015600000017",
    "TaskName": "TODO: full task name for localizer",
    "TotalReadoutTime": 0.03795,
    "TxRefAmp": 300.477,
    "dataset": "unknown",
    "modality": "bold",
    "subject_id": "08",
    "task_id": "localizer"
  },
  "dummy_trs": 0,
  "dvars_nstd": 26.04300073744404,
  "dvars_std": 1.1644110291231342,
  "dvars_vstd": 1.0033340626679101,
  "efc": 0.5112533805741168,
  "fber": 810.1195678710938,
  "fd_mean": 0.20545224262782577,
  "fd_num": 255,
  "fd_perc": 47.486033519553075,
  "fwhm_avg": 2.4384875259887955,
  "fwhm_x": 2.2841066666666667,
  "fwhm_y": 2.80804,
  "fwhm_z": 2.2233159112997205,
  "gcor": 0.0154124,
  "gsr_x": 0.02297350950539112,
  "gsr_y": 0.08265357464551926,
  "provenance": {
    "md5sum": "bbe590e57befbe6e9602d4dd89255502",
    "settings": {
      "fd_thres": 0.2,
      "hmc_fsl": false
    },
    "software": "mriqc",
    "version": "0.15.0",
    "webapi_port": null,
    "webapi_url": "https://mriqc.nimh.nih.gov/api/v1"
  },
  "size_t": 537,
  "size_x": 70,
  "size_y": 70,
  "size_z": 48,
  "snr": 2.6813969027138573,
  "spacing_tr": 1.5299999713897705,
  "spacing_x": 3.0,
  "spacing_y": 3.0,
  "spacing_z": 3.450000047683716,
  "summary_bg_k": 37.04596476236448,
  "summary_bg_mad": 6.275521278381348,
  "summary_bg_mean": 35.18594741821289,
  "summary_bg_median": 14.35195541381836,
  "summary_bg_n": 148899.0,
  "summary_bg_p05": 9.515829086303711,
  "summary_bg_p95": 136.1830535888672,
  "summary_bg_stdv": 60.18486022949219,
  "summary_fg_k": 2.0310943073140013,
  "summary_fg_mad": 126.43256378173828,
  "summary_fg_mean": 463.5993957519531,
  "summary_fg_median": 432.8454284667969,
  "summary_fg_n": 43495.0,
  "summary_fg_p05": 257.74077758789065,
  "summary_fg_p95": 770.0344482421874,
  "summary_fg_stdv": 161.42349243164062,
  "tsnr": 61.314964294433594
}