{
  "bids_meta": {
    "AcquisitionDateTime": "2022-06-09T12:57:22.015000",
    "AcquisitionMatrixPE": 256,
    "AcquisitionNumber": 1,
    "AcquisitionTime": "12:57:22.015000",
    "BaseResolution": 256,
    "CoilString": "C:HEA;HEP",
    "ConversionSoftware": "dcm2niix",
    "ConversionSoftwareVersion": "v1.0.20190902",
    "DeviceSerialNumber": "35420",
    "DwellTime": 9.8e-06,
    "EchoTime": 0.00226,
    "FlipAngle": 9,
    "ImageOrientationPatientDICOM": [
      -0.0332064,
      0.990194,
      -0.135696,
      0.0217466,
      -0.135023,
      -0.990604
    ],
    "ImageType": [
      "ORIGINAL",
      "PRIMARY",
      "M",
      "ND",
      "NORM"
    ],
    "ImagingFrequency": 123.221,
    "InPlanePhaseEncodingDirectionDICOM": "ROW",
    "InstitutionAddress": "Rudolf-Bultmann-Strasse_8_Marburg_District_DE_35039",
    "InstitutionName": "Center_of_BrainImaging_Uni-Marburg",
    "InstitutionalDepartmentName": "Department",
    "InversionTime": 0.9,
    "MRAcquisitionType": "3D",
    "MagneticFieldStrength": 3,
    "Manufacturer": "Siemens",
    "ManufacturersModelName": "TrioTim",
    "Modality": "MR",
    "PartialFourier": 1,
    "PatientBirthDate": "1999-01-01",
    "PatientID": "AGB_FRAPPS_20",
    "PatientName": "20220609_AGB_FRAPPS_209",
    "PatientPosition": "HFS",
    "PatientSex": "F",
    "PatientWeight": 95,
    "PercentPhaseFOV": 100,
    "PhaseEncodingSteps": 256,
    "PhaseResolution": 1,
    "PixelBandwidth": 199,
    "ProcedureStepDescription": "AGB_Christoph",
    "ProtocolName": "t1_mpr_12CH_sag_p2_iso_FOV256_ND_REF",
    "PulseSequenceDetails": "%SiemensSeq%_tfl",
    "ReceiveCoilName": "32Ch_Head",
    "ReconMatrixPE": 256,
    "RepetitionTime": 1.9,
    "SAR": 0.0788446,
    "ScanOptions": "IR",
    "ScanningSequence": "GR_IR",
    "SequenceName": "_tfl3d1_ns",
    "SequenceVariant": "SP_MP",
    "SeriesDescription": "t1_mpr_12CH_sag_p2_iso_FOV256_ND_REF",
    "SeriesInstanceUID": "1.3.12.2.1107.5.2.32.35420.2022060912572013120352314.0.0.0",
    "SeriesNumber": 3,
    "ShimSetting": [
      9316,
      9562,
      -1837,
      -292,
      -72,
      -2564,
      430,
      205
    ],
    "SliceThickness": 1,
    "SoftwareVersions": "syngo_MR_B19",
    "StationName": "MRC35420",
    "StudyID": "1",
    "StudyInstanceUID": "1.3.12.2.1107.5.2.32.35420.30000022053005374096600000141",
    "TxRefAmp": 296.28,
    "dataset": "unknown",
    "modality": "T1w",
    "subject_id": "20"
  },
  "cjv": 0.3881076161562123,
  "cnr": 3.3510397156315417,
  "efc": 0.5992834261471145,
  "fber": 835.3331298828125,
  "fwhm_avg": 5.220720103492544,
  "fwhm_x": 5.208950310477633,
  "fwhm_y": 5.14883,
  "fwhm_z": 5.30438,
  "icvs_csf": 0.21817596161741848,
  "icvs_gm": 0.42948155621259865,
  "icvs_wm": 0.3523424821699829,
  "inu_med": 1.2433364391326904,
  "inu_range": 0.6290394365787506,
  "provenance": {
    "md5sum": "18a75bb9a0b34d863df5c32ced726e82",
    "settings": {
      "testing": false
    },
    "software": "mriqc",
    "version": "0.15.0",
    "warnings": {
      "large_rot_frame": true,
      "small_air_mask": false
    },
    "webapi_port": null,
    "webapi_url": "https://mriqc.nimh.nih.gov/api/v1"
  },
  "qi_1": 1.4853859244829796e-05,
  "qi_2": 0.016778186006640557,
  "rpve_csf": 25.113747591395303,
  "rpve_gm": 13.514536428762522,
  "rpve_wm": 19.512320111722328,
  "size_x": 176,
  "size_y": 256,
  "size_z": 256,
  "snr_csf": 4.038952317672855,
  "snr_gm": 13.413068830548875,
  "snr_total": 14.3929743279089,
  "snr_wm": 25.72690183550497,
  "snrd_csf": 11.560595218089599,
  "snrd_gm": 21.844370478749894,
  "snrd_total": 20.707761426646915,
  "snrd_wm": 28.718318583101247,
  "spacing_x": 0.9999999403953552,
  "spacing_y": 1.0,
  "spacing_z": 1.0,
  "summary_bg_k": 5.471208908995353,
  "summary_bg_mad": 22.812501907348633,
  "summary_bg_mean": 28.648283004760742,
  "summary_bg_median": 23.71920394897461,
  "summary_bg_n": 2157411.0,
  "summary_bg_p05": 0.0,
  "summary_bg_p95": 63.24227523803711,
  "summary_bg_stdv": 19.372718811035156,
  "summary_csf_k": -0.41654347757753873,
  "summary_csf_mad": 114.6298828125,
  "summary_csf_mean": 409.5201416015625,
  "summary_csf_median": 402.55145263671875,
  "summary_csf_n": 24583.0,
  "summary_csf_p05": 264.2772491455078,
  "summary_csf_p95": 575.2378051757812,
  "summary_csf_stdv": 99.66526794433594,
  "summary_gm_k": 0.09635491798345086,
  "summary_gm_mad": 55.04549789428711,
  "summary_gm_mean": 760.6400146484375,
  "summary_gm_median": 760.6427612304688,
  "summary_gm_n": 24021.0,
  "summary_gm_p05": 667.1412963867188,
  "summary_gm_p95": 854.8638305664062,
  "summary_gm_stdv": 56.7078971862793,
  "summary_wm_k": 0.3411743156861564,
  "summary_wm_mad": 37.85105895996094,
  "summary_wm_mean": 999.6152954101562,
  "summary_wm_median": 1000.00048828125,
  "summary_wm_n": 206884.0,
  "summary_wm_p05": 935.1973236083985,
  "summary_wm_p95": 1062.327655029297,
  "summary_wm_stdv": 38.86974334716797,
  "tpm_overlap_csf": 0.2273958921432495,
  "tpm_overlap_gm": 0.5203085541725159,
  "tpm_overlap_wm": 0.5682138800621033,
  "wm2max": 0.38030086296856813
}