{
  "aor": 0.0071154748603351956,
  "aqi": 0.005843111787709497,
  "bids_meta": {
    "AcquisitionDateTime": "2022-04-21T10:44:24.380000",
    "AcquisitionMatrixPE": 70,
    "AcquisitionNumber": 1,
    "AcquisitionTime": "10:44:24.380000",
    "BandwidthPerPixelPhaseEncode": 25.974,
    "BaseResolution": 70,
    "CoilString": "C:HEA;HEP",
    "ConversionSoftware": "dcm2niix",
    "ConversionSoftwareVersion": "v1.0.20190902",
    "DerivedVendorReportedEchoSpacing": 0.000550001,
    "DeviceSerialNumber": "35420",
    "DwellTime": 3.5e-06,
    "EchoTime": 0.03,
    "EffectiveEchoSpacing": 0.000550001,
    "FlipAngle": 60,
    "ImageComments": "Unaliased_MB2_PE2_LB",
    "ImageOrientationPatientDICOM": [
      0.999813,
      -0.0190262,
      -0.00334741,
      0.0183244,
      0.988887,
      -0.147534
    ],
    "ImageType": [
      "ORIGINAL",
      "PRIMARY",
      "M",
      "MB",
      "ND",
      "MOSAIC"
    ],
    "ImagingFrequency": 123.221,
    "InPlanePhaseEncodingDirectionDICOM": "COL",
    "InstitutionAddress": "Rudolf-Bultmann-Strasse_8_Marburg_District_DE_35039",
    "InstitutionName": "Center_of_BrainImaging_Uni-Marburg",
    "InstitutionalDepartmentName": "Department",
    "MRAcquisitionType": "2D",
    "MagneticFieldStrength": 3,
    "Manufacturer": "Siemens",
    "ManufacturersModelName": "TrioTim",
    "Modality": "MR",
    "MultibandAccelerationFactor": 2,
    "PartialFourier": 1,
    "PatientBirthDate": "1994-01-01",
    "PatientID": "AGB_FRAPPS_07",
    "PatientName": "20220421_AGB_FRAPPS_07",
    "PatientPosition": "HFS",
    "PatientSex": "M",
    "PatientWeight": 67,
    "PercentPhaseFOV": 100,
    "PhaseEncodingDirection": "j-",
    "PhaseEncodingSteps": 70,
    "PhaseResolution": 1,
    "PixelBandwidth": 2041,
    "ProcedureStepDescription": "AGB_Christoph",
    "ProtocolName": "cmrr_ep2d_bold_FP_MB2_iso3",
    "PulseSequenceDetails": "%CustomerSeq%_cmrr_mbep2d_bold",
    "ReceiveCoilName": "32Ch_Head",
    "ReconMatrixPE": 70,
    "RepetitionTime": 1.53,
    "SAR": 0.116971,
    "ScanOptions": "FS",
    "ScanningSequence": "EP",
    "SequenceName": "epfid2d1_70",
    "SequenceVariant": "SK_SS",
    "SeriesDescription": "cmrr_ep2d_bold_FP_MB2_iso3",
    "SeriesInstanceUID": "1.3.12.2.1107.5.2.32.35420.2022042110442724597340045.0.0.0",
    "SeriesNumber": 6,
    "ShimSetting": [
      9333,
      9549,
      -1428,
      202,
      88,
      -2485,
      295,
      120
    ],
    "SliceThickness": 3,
    "SliceTiming": [
      0,
      0.0625,
      0.1275,
      0.1925,
      0.255,
      0.32,
      0.3825,
      0.4475,
      0.5125,
      0.575,
      0.64,
      0.7025,
      0.7675,
      0.8325,
      0.895,
      0.96,
      1.0225,
      1.0875,
      1.1525,
      1.215,
      1.28,
      1.3425,
      1.4075,
      1.4725,
      0,
      0.0625,
      0.1275,
      0.1925,
      0.255,
      0.32,
      0.3825,
      0.4475,
      0.5125,
      0.575,
      0.64,
      0.7025,
      0.7675,
      0.8325,
      0.895,
      0.96,
      1.0225,
      1.0875,
      1.1525,
      1.215,
      1.28,
      1.3425,
      1.4075,
      1.4725
    ],
    "SoftwareVersions": "syngo_MR_B19",
    "SpacingBetweenSlices": 3.45,
    "StationName": "MRC35420",
    "StudyID": "1",
    "StudyInstanceUID": "1.3.12.2.1107.5.2.32.35420.30000022042010144015600000014",
    "TaskName": "TODO: full task name for localizer",
    "TotalReadoutTime": 0.03795,
    "TxRefAmp": 294.026,
    "dataset": "unknown",
    "modality": "bold",
    "subject_id": "07",
    "task_id": "localizer"
  },
  "dummy_trs": 0,
  "dvars_nstd": 24.229773859477607,
  "dvars_std": 1.152796946343284,
  "dvars_vstd": 1.0573686415298498,
  "efc": 0.48996585487441463,
  "fber": 1040.1776123046875,
  "fd_mean": 0.21489635460268283,
  "fd_num": 238,
  "fd_perc": 44.320297951582866,
  "fwhm_avg": 2.517131196887895,
  "fwhm_x": 2.3943866666666667,
  "fwhm_y": 2.803786666666667,
  "fwhm_z": 2.353220257330352,
  "gcor": 0.0166751,
  "gsr_x": -0.0013354051625356078,
  "gsr_y": 0.07756289839744568,
  "provenance": {
    "md5sum": "ed2805d2ea0446252be8fe5a968f79bc",
    "settings": {
      "fd_thres": 0.2,
      "hmc_fsl": false
    },
    "software": "mriqc",
    "version": "0.15.0",
    "webapi_port": null,
    "webapi_url": "https://mriqc.nimh.nih.gov/api/v1"
  },
  "size_t": 537,
  "size_x": 70,
  "size_y": 70,
  "size_z": 48,
  "snr": 2.9416476558448643,
  "spacing_tr": 1.5299999713897705,
  "spacing_x": 3.0,
  "spacing_y": 3.0,
  "spacing_z": 3.450000047683716,
  "summary_bg_k": 59.02020513219102,
  "summary_bg_mad": 4.240739822387695,
  "summary_bg_mean": 26.34986686706543,
  "summary_bg_median": 12.629423141479492,
  "summary_bg_n": 150289.0,
  "summary_bg_p05": 9.106144905090332,
  "summary_bg_p95": 86.71285095214847,
  "summary_bg_stdv": 44.71398162841797,
  "summary_fg_k": 1.0442238661241223,
  "summary_fg_mad": 126.55680847167969,
  "summary_fg_mean": 451.0635681152344,
  "summary_fg_median": 434.70391845703125,
  "summary_fg_n": 42651.0,
  "summary_fg_p05": 236.5875244140625,
  "summary_fg_p95": 716.2942199707031,
  "summary_fg_stdv": 147.77392578125,
  "tsnr": 48.427154541015625
}