{
  "aor": 0.002345859531772575,
  "aqi": 0.005126746535117056,
  "bids_meta": {
    "AcquisitionDateTime": "2022-04-21T10:04:13.380000",
    "AcquisitionMatrixPE": 70,
    "AcquisitionNumber": 1,
    "AcquisitionTime": "10:04:13.380000",
    "BandwidthPerPixelPhaseEncode": 25.974,
    "BaseResolution": 70,
    "CoilString": "C:HEA;HEP",
    "ConversionSoftware": "dcm2niix",
    "ConversionSoftwareVersion": "v1.0.20190902",
    "DerivedVendorReportedEchoSpacing": 0.000550001,
    "DeviceSerialNumber": "35420",
    "DwellTime": 3.5e-06,
    "EchoTime": 0.03,
    "EffectiveEchoSpacing": 0.000550001,
    "FlipAngle": 55,
    "ImageComments": "Unaliased_MB2_PE2_LB",
    "ImageOrientationPatientDICOM": [
      0.999813,
      -0.0190516,
      -0.00334362,
      0.01835,
      0.988887,
      -0.147534
    ],
    "ImageType": [
      "ORIGINAL",
      "PRIMARY",
      "M",
      "MB",
      "ND",
      "MOSAIC"
    ],
    "ImagingFrequency": 123.221,
    "InPlanePhaseEncodingDirectionDICOM": "COL",
    "InstitutionAddress": "Rudolf-Bultmann-Strasse_8_Marburg_District_DE_35039",
    "InstitutionName": "Center_of_BrainImaging_Uni-Marburg",
    "InstitutionalDepartmentName": "Department",
    "MRAcquisitionType": "2D",
    "MagneticFieldStrength": 3,
    "Manufacturer": "Siemens",
    "ManufacturersModelName": "TrioTim",
    "Modality": "MR",
    "MultibandAccelerationFactor": 2,
    "PartialFourier": 1,
    "PatientBirthDate": "1994-01-01",
    "PatientID": "AGB_FRAPPS_07",
    "PatientName": "20220421_AGB_FRAPPS_07",
    "PatientPosition": "HFS",
    "PatientSex": "M",
    "PatientWeight": 67,
    "PercentPhaseFOV": 100,
    "PhaseEncodingDirection": "j-",
    "PhaseEncodingSteps": 70,
    "PhaseResolution": 1,
    "PixelBandwidth": 2041,
    "ProcedureStepDescription": "AGB_Christoph",
    "ProtocolName": "cmrr_ep2d_bold_MB2_iso3",
    "PulseSequenceDetails": "%CustomerSeq%_cmrr_mbep2d_bold",
    "ReceiveCoilName": "32Ch_Head",
    "ReconMatrixPE": 70,
    "RepetitionTime": 1.53,
    "SAR": 0.105099,
    "ScanOptions": "FS",
    "ScanningSequence": "EP",
    "SequenceName": "epfid2d1_70",
    "SequenceVariant": "SK_SS",
    "SeriesDescription": "cmrr_ep2d_bold_MB2_iso3",
    "SeriesInstanceUID": "1.3.12.2.1107.5.2.32.35420.2022042110041633827846865.0.0.0",
    "SeriesNumber": 4,
    "ShimSetting": [
      9333,
      9549,
      -1428,
      202,
      88,
      -2485,
      295,
      120
    ],
    "SliceThickness": 3,
    "SliceTiming": [
      0,
      0.065,
      0.1275,
      0.1925,
      0.255,
      0.32,
      0.385,
      0.4475,
      0.5125,
      0.575,
      0.64,
      0.705,
      0.7675,
      0.8325,
      0.895,
      0.96,
      1.025,
      1.0875,
      1.1525,
      1.215,
      1.28,
      1.345,
      1.4075,
      1.4725,
      0,
      0.065,
      0.1275,
      0.1925,
      0.255,
      0.32,
      0.385,
      0.4475,
      0.5125,
      0.575,
      0.64,
      0.705,
      0.7675,
      0.8325,
      0.895,
      0.96,
      1.025,
      1.0875,
      1.1525,
      1.215,
      1.28,
      1.345,
      1.4075,
      1.4725
    ],
    "SoftwareVersions": "syngo_MR_B19",
    "SpacingBetweenSlices": 3.45,
    "StationName": "MRC35420",
    "StudyID": "1",
    "StudyInstanceUID": "1.3.12.2.1107.5.2.32.35420.30000022042010144015600000014",
    "TaskName": "TODO: full task name for FRAPPS - replication study",
    "TotalReadoutTime": 0.03795,
    "TxRefAmp": 294.026,
    "dataset": "unknown",
    "modality": "bold",
    "subject_id": "07",
    "task_id": "frapps"
  },
  "dummy_trs": 0,
  "dvars_nstd": 22.43470387666668,
  "dvars_std": 1.140294050963855,
  "dvars_vstd": 1.020356511740294,
  "efc": 0.49208870566195917,
  "fber": 1001.1216430664062,
  "fd_mean": 0.17086511859463627,
  "fd_num": 428,
  "fd_perc": 28.62876254180602,
  "fwhm_avg": 2.4565902310080965,
  "fwhm_x": 2.3358166666666667,
  "fwhm_y": 2.74667,
  "fwhm_z": 2.287284026357623,
  "gcor": 0.0471095,
  "gsr_x": -0.0021647759713232517,
  "gsr_y": 0.08198108524084091,
  "provenance": {
    "md5sum": "a6a7571fcef193d75e737d77903853d3",
    "settings": {
      "fd_thres": 0.2,
      "hmc_fsl": false
    },
    "software": "mriqc",
    "version": "0.15.0",
    "webapi_port": null,
    "webapi_url": "https://mriqc.nimh.nih.gov/api/v1"
  },
  "size_t": 1495,
  "size_x": 70,
  "size_y": 70,
  "size_z": 48,
  "snr": 2.96145447859112,
  "spacing_tr": 1.5299999713897705,
  "spacing_x": 3.0,
  "spacing_y": 3.0,
  "spacing_z": 3.450000047683716,
  "summary_bg_k": 63.66714662913682,
  "summary_bg_mad": 3.884516716003418,
  "summary_bg_mean": 25.917991638183594,
  "summary_bg_median": 12.446822166442871,
  "summary_bg_n": 149893.0,
  "summary_bg_p05": 9.339798927307129,
  "summary_bg_p95": 83.87197113037108,
  "summary_bg_stdv": 45.03380584716797,
  "summary_fg_k": 1.1722830615288382,
  "summary_fg_mad": 121.01104736328125,
  "summary_fg_mean": 438.71923828125,
  "summary_fg_median": 421.17559814453125,
  "summary_fg_n": 42940.0,
  "summary_fg_p05": 235.86725234985352,
  "summary_fg_p95": 694.3305664062498,
  "summary_fg_stdv": 142.21751403808594,
  "tsnr": 51.727760314941406
}