{
	"Modality": "MR",
	"MagneticFieldStrength": 3,
	"ImagingFrequency": 123.221,
	"Manufacturer": "Siemens",
	"ManufacturersModelName": "TrioTim",
	"InstitutionName": "Center_of_BrainImaging_Uni-Marburg",
	"InstitutionalDepartmentName": "Department",
	"InstitutionAddress": "Rudolf-Bultmann-Strasse_8_Marburg_District_DE_35039",
	"DeviceSerialNumber": "35420",
	"StationName": "MRC35420",
	"SeriesInstanceUID": "1.3.12.2.1107.5.2.32.35420.2022040710574824847992628.0.0.0",
	"StudyInstanceUID": "1.3.12.2.1107.5.2.32.35420.30000022040406475295100000083",
	"StudyID": "1",
	"PatientName": "20200407_AGB_FRAPPS_02",
	"PatientID": "AGB_FRAPPS_02",
	"PatientBirthDate": "1995-01-01",
	"PatientSex": "F",
	"PatientWeight": 70,
	"PatientPosition": "HFS",
	"ProcedureStepDescription": "AGB_Christoph",
	"SoftwareVersions": "syngo_MR_B19",
	"MRAcquisitionType": "2D",
	"SeriesDescription": "cmrr_ep2d_bold_MB2_iso3",
	"ProtocolName": "cmrr_ep2d_bold_MB2_iso3",
	"ScanningSequence": "EP",
	"SequenceVariant": "SK_SS",
	"ScanOptions": "FS",
	"SequenceName": "epfid2d1_70",
	"ImageType": ["ORIGINAL", "PRIMARY", "M", "MB", "ND", "MOSAIC"],
	"SeriesNumber": 5,
	"AcquisitionTime": "10:57:44.392500",
	"AcquisitionDateTime": "2022-04-07T10:57:44.392500",
	"AcquisitionNumber": 1,
	"ImageComments": "Unaliased_MB2_PE2_LB",
	"SliceThickness": 3,
	"SpacingBetweenSlices": 3.45,
	"SAR": 0.117218,
	"EchoTime": 0.03,
	"RepetitionTime": 1.53,
	"FlipAngle": 55,
	"PartialFourier": 1,
	"BaseResolution": 70,
	"ShimSetting": [
		9358,
		9419,
		-1547,
		312,
		-16,
		-2618,
		117,
		52	],
	"TxRefAmp": 292.029,
	"PhaseResolution": 1,
	"ReceiveCoilName": "32Ch_Head",
	"CoilString": "C:HEA;HEP",
	"PulseSequenceDetails": "%CustomerSeq%_cmrr_mbep2d_bold",
	"MultibandAccelerationFactor": 2,
	"PercentPhaseFOV": 100,
	"PhaseEncodingSteps": 70,
	"AcquisitionMatrixPE": 70,
	"ReconMatrixPE": 70,
	"BandwidthPerPixelPhaseEncode": 25.974,
	"EffectiveEchoSpacing": 0.000550001,
	"DerivedVendorReportedEchoSpacing": 0.000550001,
	"TotalReadoutTime": 0.03795,
	"PixelBandwidth": 2041,
	"DwellTime": 3.5e-06,
	"PhaseEncodingDirection": "j-",
	"SliceTiming": [
		0,
		0.0625,
		0.1275,
		0.1925,
		0.255,
		0.32,
		0.3825,
		0.4475,
		0.5125,
		0.575,
		0.64,
		0.7025,
		0.7675,
		0.8325,
		0.895,
		0.96,
		1.0225,
		1.0875,
		1.1525,
		1.215,
		1.28,
		1.3425,
		1.4075,
		1.4725,
		0,
		0.0625,
		0.1275,
		0.1925,
		0.255,
		0.32,
		0.3825,
		0.4475,
		0.5125,
		0.575,
		0.64,
		0.7025,
		0.7675,
		0.8325,
		0.895,
		0.96,
		1.0225,
		1.0875,
		1.1525,
		1.215,
		1.28,
		1.3425,
		1.4075,
		1.4725	],
	"ImageOrientationPatientDICOM": [
		0.994401,
		0.0407324,
		0.0975056,
		-0.0232604,
		0.984465,
		-0.174036	],
	"InPlanePhaseEncodingDirectionDICOM": "COL",
	"ConversionSoftware": "dcm2niix",
	"ConversionSoftwareVersion": "v1.0.20190902"
}
