{
  "bids_meta": {
    "AcquisitionDateTime": "2022-04-28T09:54:0.772500",
    "AcquisitionMatrixPE": 256,
    "AcquisitionNumber": 1,
    "AcquisitionTime": "09:54:0.772500",
    "BaseResolution": 256,
    "CoilString": "C:HEA;HEP",
    "ConversionSoftware": "dcm2niix",
    "ConversionSoftwareVersion": "v1.0.20190902",
    "DeviceSerialNumber": "35420",
    "DwellTime": 9.8e-06,
    "EchoTime": 0.00226,
    "FlipAngle": 9,
    "ImageOrientationPatientDICOM": [
      0.0450769,
      0.997594,
      -0.0526742,
      0.0160686,
      -0.053445,
      -0.998442
    ],
    "ImageType": [
      "ORIGINAL",
      "PRIMARY",
      "M",
      "ND",
      "NORM"
    ],
    "ImagingFrequency": 123.222,
    "InPlanePhaseEncodingDirectionDICOM": "ROW",
    "InstitutionAddress": "Rudolf-Bultmann-Strasse_8_Marburg_District_DE_35039",
    "InstitutionName": "Center_of_BrainImaging_Uni-Marburg",
    "InstitutionalDepartmentName": "Department",
    "InversionTime": 0.9,
    "MRAcquisitionType": "3D",
    "MagneticFieldStrength": 3,
    "Manufacturer": "Siemens",
    "ManufacturersModelName": "TrioTim",
    "Modality": "MR",
    "PartialFourier": 1,
    "PatientBirthDate": "1999-01-01",
    "PatientID": "AGB_FRAPPS_10",
    "PatientName": "20220428_AGB_FRAPPS_10",
    "PatientPosition": "HFS",
    "PatientSex": "F",
    "PatientWeight": 61,
    "PercentPhaseFOV": 100,
    "PhaseEncodingSteps": 256,
    "PhaseResolution": 1,
    "PixelBandwidth": 199,
    "ProcedureStepDescription": "AGB_Christoph",
    "ProtocolName": "t1_mpr_12CH_sag_p2_iso_FOV256_ND_REF",
    "PulseSequenceDetails": "%SiemensSeq%_tfl",
    "ReceiveCoilName": "32Ch_Head",
    "ReconMatrixPE": 256,
    "RepetitionTime": 1.9,
    "SAR": 0.0902094,
    "ScanOptions": "IR",
    "ScanningSequence": "GR_IR",
    "SequenceName": "_tfl3d1_ns",
    "SequenceVariant": "SP_MP",
    "SeriesDescription": "t1_mpr_12CH_sag_p2_iso_FOV256_ND_REF",
    "SeriesInstanceUID": "1.3.12.2.1107.5.2.32.35420.2022042809535732123478139.0.0.0",
    "SeriesNumber": 3,
    "ShimSetting": [
      9316,
      9562,
      -1837,
      -292,
      -72,
      -2564,
      430,
      205
    ],
    "SliceThickness": 1,
    "SoftwareVersions": "syngo_MR_B19",
    "StationName": "MRC35420",
    "StudyID": "1",
    "StudyInstanceUID": "1.3.12.2.1107.5.2.32.35420.30000022042010144015600000113",
    "TxRefAmp": 296.261,
    "dataset": "unknown",
    "modality": "T1w",
    "subject_id": "10"
  },
  "cjv": 0.37242660707052017,
  "cnr": 3.4700424234666603,
  "efc": 0.5927125845040165,
  "fber": 950.3356323242188,
  "fwhm_avg": 4.90745,
  "fwhm_x": 4.83267,
  "fwhm_y": 4.91882,
  "fwhm_z": 4.97086,
  "icvs_csf": 0.19561975288456274,
  "icvs_gm": 0.4542897488321778,
  "icvs_wm": 0.35009049828325944,
  "inu_med": 1.163638710975647,
  "inu_range": 0.5279700547456743,
  "provenance": {
    "md5sum": "ef38e9cead3e6d64efc952e5c2ce74bd",
    "settings": {
      "testing": false
    },
    "software": "mriqc",
    "version": "0.15.0",
    "warnings": {
      "large_rot_frame": true,
      "small_air_mask": false
    },
    "webapi_port": null,
    "webapi_url": "https://mriqc.nimh.nih.gov/api/v1"
  },
  "qi_1": 0.0,
  "qi_2": 0.011305244842177653,
  "rpve_csf": 25.59873692970564,
  "rpve_gm": 12.290093954270466,
  "rpve_wm": 18.203619851949835,
  "size_x": 176,
  "size_y": 256,
  "size_z": 256,
  "snr_csf": 3.556520955785698,
  "snr_gm": 12.316435370770462,
  "snr_total": 13.472455744333203,
  "snr_wm": 24.54441090644345,
  "snrd_csf": 13.837312161138678,
  "snrd_gm": 23.185025125479232,
  "snrd_total": 22.77894300344423,
  "snrd_wm": 31.314491723714784,
  "spacing_x": 1.0,
  "spacing_y": 1.0,
  "spacing_z": 1.0,
  "summary_bg_k": 1.2943673750825742,
  "summary_bg_mad": 20.92120361328125,
  "summary_bg_mean": 26.586946487426758,
  "summary_bg_median": 21.447769165039062,
  "summary_bg_n": 2073466.0,
  "summary_bg_p05": 0.0,
  "summary_bg_p95": 57.326181411743164,
  "summary_bg_stdv": 17.987306594848633,
  "summary_csf_k": 30.65930860638229,
  "summary_csf_mad": 116.31147766113281,
  "summary_csf_mean": 436.90777587890625,
  "summary_csf_median": 441.88238525390625,
  "summary_csf_n": 20797.0,
  "summary_csf_p05": 264.5681457519531,
  "summary_csf_p95": 595.5667724609375,
  "summary_csf_stdv": 124.2426986694336,
  "summary_gm_k": 0.21696621796903548,
  "summary_gm_mad": 58.032875061035156,
  "summary_gm_mean": 744.549072265625,
  "summary_gm_median": 740.3933715820312,
  "summary_gm_n": 38813.0,
  "summary_gm_p05": 652.6386352539063,
  "summary_gm_p95": 850.7514892578125,
  "summary_gm_stdv": 60.11348342895508,
  "summary_wm_k": 0.5800278526361069,
  "summary_wm_mad": 38.65181350708008,
  "summary_wm_mean": 999.186279296875,
  "summary_wm_median": 1000.000732421875,
  "summary_wm_n": 207960.0,
  "summary_wm_p05": 931.1805450439454,
  "summary_wm_p95": 1063.8366943359374,
  "summary_wm_stdv": 40.74240493774414,
  "tpm_overlap_csf": 0.22766663134098053,
  "tpm_overlap_gm": 0.5403934121131897,
  "tpm_overlap_wm": 0.5618793964385986,
  "wm2max": 0.4223887106140038
}