{
  "bids_meta": {
    "AcquisitionDateTime": "2022-06-14T14:37:29.035000",
    "AcquisitionMatrixPE": 256,
    "AcquisitionNumber": 1,
    "AcquisitionTime": "14:37:29.035000",
    "BaseResolution": 256,
    "CoilString": "C:HEA;HEP",
    "ConversionSoftware": "dcm2niix",
    "ConversionSoftwareVersion": "v1.0.20190902",
    "DeviceSerialNumber": "35420",
    "DwellTime": 9.8e-06,
    "EchoTime": 0.00226,
    "FlipAngle": 9,
    "ImageOrientationPatientDICOM": [
      0.0485129,
      0.998017,
      0.0401083,
      0.0361109,
      0.0383768,
      -0.998611
    ],
    "ImageType": [
      "ORIGINAL",
      "PRIMARY",
      "M",
      "ND",
      "NORM"
    ],
    "ImagingFrequency": 123.222,
    "InPlanePhaseEncodingDirectionDICOM": "ROW",
    "InstitutionAddress": "Rudolf-Bultmann-Strasse_8_Marburg_District_DE_35039",
    "InstitutionName": "Center_of_BrainImaging_Uni-Marburg",
    "InstitutionalDepartmentName": "Department",
    "InversionTime": 0.9,
    "MRAcquisitionType": "3D",
    "MagneticFieldStrength": 3,
    "Manufacturer": "Siemens",
    "ManufacturersModelName": "TrioTim",
    "Modality": "MR",
    "PartialFourier": 1,
    "PatientBirthDate": "1998-01-01",
    "PatientID": "AGB_FRAPPS_22",
    "PatientName": "20220614_AGB_FRAPPS_22",
    "PatientPosition": "HFS",
    "PatientSex": "F",
    "PatientWeight": 56,
    "PercentPhaseFOV": 100,
    "PhaseEncodingSteps": 256,
    "PhaseResolution": 1,
    "PixelBandwidth": 199,
    "ProcedureStepDescription": "AGB_Christoph",
    "ProtocolName": "t1_mpr_12CH_sag_p2_iso_FOV256_ND_REF",
    "PulseSequenceDetails": "%SiemensSeq%_tfl",
    "ReceiveCoilName": "32Ch_Head",
    "ReconMatrixPE": 256,
    "RepetitionTime": 1.9,
    "SAR": 0.103971,
    "ScanOptions": "IR",
    "ScanningSequence": "GR_IR",
    "SequenceName": "_tfl3d1_ns",
    "SequenceVariant": "SP_MP",
    "SeriesDescription": "t1_mpr_12CH_sag_p2_iso_FOV256_ND_REF",
    "SeriesInstanceUID": "1.3.12.2.1107.5.2.32.35420.2022061414372662719191842.0.0.0",
    "SeriesNumber": 3,
    "ShimSetting": [
      9316,
      9562,
      -1837,
      -292,
      -72,
      -2564,
      430,
      205
    ],
    "SliceThickness": 1,
    "SoftwareVersions": "syngo_MR_B19",
    "StationName": "MRC35420",
    "StudyID": "1",
    "StudyInstanceUID": "1.3.12.2.1107.5.2.32.35420.30000022053005374096600000222",
    "TxRefAmp": 303.64,
    "dataset": "unknown",
    "modality": "T1w",
    "subject_id": "22"
  },
  "cjv": 0.32304689843747847,
  "cnr": 3.9836658819146096,
  "efc": 0.5791829969165415,
  "fber": 743.0685424804688,
  "fwhm_avg": 4.9563733333333335,
  "fwhm_x": 4.90645,
  "fwhm_y": 4.8831,
  "fwhm_z": 5.07957,
  "icvs_csf": 0.20649684409164656,
  "icvs_gm": 0.45191113365073066,
  "icvs_wm": 0.34159202225762275,
  "inu_med": 1.3678048849105835,
  "inu_range": 0.5894773840904233,
  "provenance": {
    "md5sum": "6ca0f1263a08a1698cda0fdd3ce31be4",
    "settings": {
      "testing": false
    },
    "software": "mriqc",
    "version": "0.15.0",
    "warnings": {
      "large_rot_frame": true,
      "small_air_mask": false
    },
    "webapi_port": null,
    "webapi_url": "https://mriqc.nimh.nih.gov/api/v1"
  },
  "qi_1": 0.00044729715388515704,
  "qi_2": 0.012335051250971315,
  "rpve_csf": 27.149827262833174,
  "rpve_gm": 13.580580949924533,
  "rpve_wm": 20.43976599005511,
  "size_x": 176,
  "size_y": 256,
  "size_z": 256,
  "snr_csf": 3.743482574065046,
  "snr_gm": 13.598401943542157,
  "snr_total": 13.277207167177936,
  "snr_wm": 22.48973698392661,
  "snrd_csf": 10.142640016124865,
  "snrd_gm": 20.761211128904137,
  "snrd_total": 20.019335459006673,
  "snrd_wm": 29.154155231991012,
  "spacing_x": 1.0,
  "spacing_y": 1.0,
  "spacing_z": 1.0,
  "summary_bg_k": 123.35317704270778,
  "summary_bg_mad": 22.47154998779297,
  "summary_bg_mean": 27.80536651611328,
  "summary_bg_median": 23.045467376708984,
  "summary_bg_n": 2337382.0,
  "summary_bg_p05": 0.0,
  "summary_bg_p95": 61.51270599365234,
  "summary_bg_stdv": 22.425691604614258,
  "summary_csf_k": 0.7186507409231266,
  "summary_csf_mad": 93.96102905273438,
  "summary_csf_mean": 364.698974609375,
  "summary_csf_median": 347.8983154296875,
  "summary_csf_n": 21004.0,
  "summary_csf_p05": 243.0069496154785,
  "summary_csf_p95": 526.5687622070312,
  "summary_csf_stdv": 92.93218994140625,
  "summary_gm_k": 0.09181880389597952,
  "summary_gm_mad": 51.308319091796875,
  "summary_gm_mean": 711.2012329101562,
  "summary_gm_median": 712.121337890625,
  "summary_gm_n": 29168.0,
  "summary_gm_p05": 622.4335113525391,
  "summary_gm_p95": 795.3157318115234,
  "summary_gm_stdv": 52.36711883544922,
  "summary_wm_k": 0.46243201235557674,
  "summary_wm_mad": 41.69131088256836,
  "summary_wm_mean": 997.7317504882812,
  "summary_wm_median": 1000.0040893554688,
  "summary_wm_n": 182799.0,
  "summary_wm_p05": 918.6090515136718,
  "summary_wm_p95": 1066.622509765625,
  "summary_wm_stdv": 44.464786529541016,
  "tpm_overlap_csf": 0.23156830668449402,
  "tpm_overlap_gm": 0.524815022945404,
  "tpm_overlap_wm": 0.5523066520690918,
  "wm2max": 0.4569012661364014
}