{
  "aor": 0.001125,
  "aqi": 0.0040701085205992514,
  "bids_meta": {
    "AcquisitionDateTime": "2022-06-30T08:20:7.377500",
    "AcquisitionMatrixPE": 70,
    "AcquisitionNumber": 1,
    "AcquisitionTime": "08:20:7.377500",
    "BandwidthPerPixelPhaseEncode": 25.974,
    "BaseResolution": 70,
    "CoilString": "C:HEA;HEP",
    "ConversionSoftware": "dcm2niix",
    "ConversionSoftwareVersion": "v1.0.20190902",
    "DerivedVendorReportedEchoSpacing": 0.000550001,
    "DeviceSerialNumber": "35420",
    "DwellTime": 3.5e-06,
    "EchoTime": 0.03,
    "EffectiveEchoSpacing": 0.000550001,
    "FlipAngle": 60,
    "ImageComments": "Unaliased_MB2_PE2_LB",
    "ImageOrientationPatientDICOM": [
      0.999607,
      0.0222415,
      -0.017058,
      -0.0246044,
      0.987783,
      -0.153884
    ],
    "ImageType": [
      "ORIGINAL",
      "PRIMARY",
      "M",
      "MB",
      "ND",
      "MOSAIC"
    ],
    "ImagingFrequency": 123.221,
    "InPlanePhaseEncodingDirectionDICOM": "COL",
    "InstitutionAddress": "Rudolf-Bultmann-Strasse_8_Marburg_District_DE_35039",
    "InstitutionName": "Center_of_BrainImaging_Uni-Marburg",
    "InstitutionalDepartmentName": "Department",
    "MRAcquisitionType": "2D",
    "MagneticFieldStrength": 3,
    "Manufacturer": "Siemens",
    "ManufacturersModelName": "TrioTim",
    "Modality": "MR",
    "MultibandAccelerationFactor": 2,
    "PartialFourier": 1,
    "PatientBirthDate": "1999-01-01",
    "PatientID": "AGB_FRAPPS_34",
    "PatientName": "20220630_AGB_FRAPPS_34",
    "PatientPosition": "HFS",
    "PatientSex": "F",
    "PatientWeight": 60,
    "PercentPhaseFOV": 100,
    "PhaseEncodingDirection": "j-",
    "PhaseEncodingSteps": 70,
    "PhaseResolution": 1,
    "PixelBandwidth": 2041,
    "ProcedureStepDescription": "AGB_Christoph",
    "ProtocolName": "cmrr_ep2d_bold_FP_MB2_iso3",
    "PulseSequenceDetails": "%CustomerSeq%_cmrr_mbep2d_bold",
    "ReceiveCoilName": "32Ch_Head",
    "ReconMatrixPE": 70,
    "RepetitionTime": 1.53,
    "SAR": 0.120593,
    "ScanOptions": "FS",
    "ScanningSequence": "EP",
    "SequenceName": "epfid2d1_70",
    "SequenceVariant": "SK_SS",
    "SeriesDescription": "cmrr_ep2d_bold_FP_MB2_iso3",
    "SeriesInstanceUID": "1.3.12.2.1107.5.2.32.35420.2022063008201127245857928.0.0.0",
    "SeriesNumber": 6,
    "ShimSetting": [
      9286,
      9529,
      -1448,
      435,
      -228,
      -2281,
      693,
      255
    ],
    "SliceThickness": 3,
    "SliceTiming": [
      0,
      0.065,
      0.1275,
      0.1925,
      0.2575,
      0.32,
      0.385,
      0.4475,
      0.5125,
      0.5775,
      0.64,
      0.705,
      0.7675,
      0.8325,
      0.8975,
      0.96,
      1.025,
      1.0875,
      1.1525,
      1.2175,
      1.28,
      1.345,
      1.4075,
      1.4725,
      0,
      0.065,
      0.1275,
      0.1925,
      0.2575,
      0.32,
      0.385,
      0.4475,
      0.5125,
      0.5775,
      0.64,
      0.705,
      0.7675,
      0.8325,
      0.8975,
      0.96,
      1.025,
      1.0875,
      1.1525,
      1.2175,
      1.28,
      1.345,
      1.4075,
      1.4725
    ],
    "SoftwareVersions": "syngo_MR_B19",
    "SpacingBetweenSlices": 3.45,
    "StationName": "MRC35420",
    "StudyID": "1",
    "StudyInstanceUID": "1.3.12.2.1107.5.2.32.35420.30000022062913044365900000010",
    "TaskName": "TODO: full task name for localizer",
    "TotalReadoutTime": 0.03795,
    "TxRefAmp": 314.585,
    "dataset": "unknown",
    "modality": "bold",
    "subject_id": "34",
    "task_id": "localizer"
  },
  "dummy_trs": 3,
  "dvars_nstd": 20.974395086378987,
  "dvars_std": 1.0808362520825512,
  "dvars_vstd": 0.9535573516510311,
  "efc": 0.4786110289971381,
  "fber": 1151.4437255859375,
  "fd_mean": 0.13481112831133293,
  "fd_num": 49,
  "fd_perc": 9.176029962546817,
  "fwhm_avg": 2.618081244983103,
  "fwhm_x": 2.551763333333333,
  "fwhm_y": 2.9028166666666664,
  "fwhm_z": 2.3996637349493093,
  "gcor": 0.00585556,
  "gsr_x": -0.001927005359902978,
  "gsr_y": 0.06703232228755951,
  "provenance": {
    "md5sum": "1216171b94d59288de16ddf2a1d7e2cb",
    "settings": {
      "fd_thres": 0.2,
      "hmc_fsl": false
    },
    "software": "mriqc",
    "version": "0.15.0",
    "webapi_port": null,
    "webapi_url": "https://mriqc.nimh.nih.gov/api/v1"
  },
  "size_t": 534,
  "size_x": 70,
  "size_y": 70,
  "size_z": 48,
  "snr": 2.7471228026802903,
  "spacing_tr": 1.5299999713897705,
  "spacing_x": 3.0,
  "spacing_y": 3.0,
  "spacing_z": 3.450000047683716,
  "summary_bg_k": 75.62022368739187,
  "summary_bg_mad": 4.186823844909668,
  "summary_bg_mean": 24.878740310668945,
  "summary_bg_median": 12.400749206542969,
  "summary_bg_n": 151573.0,
  "summary_bg_p05": 9.131086349487305,
  "summary_bg_p95": 84.32846374511718,
  "summary_bg_stdv": 40.73381423950195,
  "summary_fg_k": 1.7898447603127856,
  "summary_fg_mad": 141.36920166015625,
  "summary_fg_mean": 473.35638427734375,
  "summary_fg_median": 455.4635009765625,
  "summary_fg_n": 41432.0,
  "summary_fg_p05": 235.59916305541992,
  "summary_fg_p95": 771.8767761230465,
  "summary_fg_stdv": 165.7945556640625,
  "tsnr": 54.28057861328125
}