{
  "bids_meta": {
    "AcquisitionDateTime": "2022-06-30T07:30:5.270000",
    "AcquisitionMatrixPE": 256,
    "AcquisitionNumber": 1,
    "AcquisitionTime": "07:30:5.270000",
    "BaseResolution": 256,
    "CoilString": "C:HEA;HEP",
    "ConversionSoftware": "dcm2niix",
    "ConversionSoftwareVersion": "v1.0.20190902",
    "DeviceSerialNumber": "35420",
    "DwellTime": 9.8e-06,
    "EchoTime": 0.00226,
    "FlipAngle": 9,
    "ImageOrientationPatientDICOM": [
      -0.0284688,
      0.990574,
      -0.133986,
      0.00294984,
      -0.133957,
      -0.990983
    ],
    "ImageType": [
      "ORIGINAL",
      "PRIMARY",
      "M",
      "ND",
      "NORM"
    ],
    "ImagingFrequency": 123.221,
    "InPlanePhaseEncodingDirectionDICOM": "ROW",
    "InstitutionAddress": "Rudolf-Bultmann-Strasse_8_Marburg_District_DE_35039",
    "InstitutionName": "Center_of_BrainImaging_Uni-Marburg",
    "InstitutionalDepartmentName": "Department",
    "InversionTime": 0.9,
    "MRAcquisitionType": "3D",
    "MagneticFieldStrength": 3,
    "Manufacturer": "Siemens",
    "ManufacturersModelName": "TrioTim",
    "Modality": "MR",
    "PartialFourier": 1,
    "PatientBirthDate": "1999-01-01",
    "PatientID": "AGB_FRAPPS_34",
    "PatientName": "20220630_AGB_FRAPPS_34",
    "PatientPosition": "HFS",
    "PatientSex": "F",
    "PatientWeight": 60,
    "PercentPhaseFOV": 100,
    "PhaseEncodingSteps": 256,
    "PhaseResolution": 1,
    "PixelBandwidth": 199,
    "ProcedureStepDescription": "AGB_Christoph",
    "ProtocolName": "t1_mpr_12CH_sag_p2_iso_FOV256_ND_REF",
    "PulseSequenceDetails": "%SiemensSeq%_tfl",
    "ReceiveCoilName": "32Ch_Head",
    "ReconMatrixPE": 256,
    "RepetitionTime": 1.9,
    "SAR": 0.0930329,
    "ScanOptions": "IR",
    "ScanningSequence": "GR_IR",
    "SequenceName": "_tfl3d1_ns",
    "SequenceVariant": "SP_MP",
    "SeriesDescription": "t1_mpr_12CH_sag_p2_iso_FOV256_ND_REF",
    "SeriesInstanceUID": "1.3.12.2.1107.5.2.32.35420.2022063007300355189660902.0.0.0",
    "SeriesNumber": 3,
    "ShimSetting": [
      9316,
      9566,
      -1852,
      -280,
      -96,
      -2508,
      431,
      208
    ],
    "SliceThickness": 1,
    "SoftwareVersions": "syngo_MR_B19",
    "StationName": "MRC35420",
    "StudyID": "1",
    "StudyInstanceUID": "1.3.12.2.1107.5.2.32.35420.30000022062913044365900000010",
    "TxRefAmp": 314.585,
    "dataset": "unknown",
    "modality": "T1w",
    "subject_id": "34"
  },
  "cjv": 0.33516014428939744,
  "cnr": 3.7990509227944615,
  "efc": 0.5733239796627724,
  "fber": 876.3135986328125,
  "fwhm_avg": 4.921503333333333,
  "fwhm_x": 4.76551,
  "fwhm_y": 4.93572,
  "fwhm_z": 5.06328,
  "icvs_csf": 0.21742358626724273,
  "icvs_gm": 0.44783925986806605,
  "icvs_wm": 0.3347371538646912,
  "inu_med": 1.8239269256591797,
  "inu_range": 0.7787880659103392,
  "provenance": {
    "md5sum": "67dee6aff0b98eec7bd2dbae91c90ee0",
    "settings": {
      "testing": false
    },
    "software": "mriqc",
    "version": "0.15.0",
    "warnings": {
      "large_rot_frame": true,
      "small_air_mask": false
    },
    "webapi_port": null,
    "webapi_url": "https://mriqc.nimh.nih.gov/api/v1"
  },
  "qi_1": 0.0,
  "qi_2": 0.02194730746683746,
  "rpve_csf": 25.138011454471986,
  "rpve_gm": 13.13173808297396,
  "rpve_wm": 19.876767778415882,
  "size_x": 176,
  "size_y": 256,
  "size_z": 256,
  "snr_csf": 3.8444141654428776,
  "snr_gm": 12.366077758892263,
  "snr_total": 12.760708791427987,
  "snr_wm": 22.07163444994882,
  "snrd_csf": 11.205841793538337,
  "snrd_gm": 23.51012869583188,
  "snrd_total": 22.542972680767175,
  "snrd_wm": 32.91294755293131,
  "spacing_x": 1.0,
  "spacing_y": 1.0,
  "spacing_z": 1.0,
  "summary_bg_k": 1.0875200509600607,
  "summary_bg_mad": 19.905242919921875,
  "summary_bg_mean": 24.279571533203125,
  "summary_bg_median": 20.719823837280273,
  "summary_bg_n": 2055655.0,
  "summary_bg_p05": 0.0,
  "summary_bg_p95": 55.09249801635742,
  "summary_bg_stdv": 16.30097770690918,
  "summary_csf_k": 0.2982059594510247,
  "summary_csf_mad": 85.92084503173828,
  "summary_csf_mean": 357.9371643066406,
  "summary_csf_median": 340.4710998535156,
  "summary_csf_n": 32460.0,
  "summary_csf_p05": 241.88882293701172,
  "summary_csf_p95": 522.8368469238281,
  "summary_csf_stdv": 88.5611801147461,
  "summary_gm_k": 0.32327379307026227,
  "summary_gm_mad": 54.9815673828125,
  "summary_gm_mean": 714.9832763671875,
  "summary_gm_median": 714.316650390625,
  "summary_gm_n": 32812.0,
  "summary_gm_p05": 621.7883331298829,
  "summary_gm_p95": 813.6911956787109,
  "summary_gm_stdv": 57.76332473754883,
  "summary_wm_k": 0.7954271119253922,
  "summary_wm_mad": 40.77006912231445,
  "summary_wm_mean": 996.8480834960938,
  "summary_wm_median": 1000.005859375,
  "summary_wm_n": 190100.0,
  "summary_wm_p05": 915.8409576416016,
  "summary_wm_p95": 1065.46748046875,
  "summary_wm_stdv": 45.307167053222656,
  "tpm_overlap_csf": 0.24337449669837952,
  "tpm_overlap_gm": 0.5340386033058167,
  "tpm_overlap_wm": 0.5575128793716431,
  "wm2max": 0.4411760911141957
}