{
	"Modality": "MR",
	"MagneticFieldStrength": 3,
	"ImagingFrequency": 123.221,
	"Manufacturer": "Siemens",
	"ManufacturersModelName": "TrioTim",
	"InstitutionName": "Center_of_BrainImaging_Uni-Marburg",
	"InstitutionalDepartmentName": "Department",
	"InstitutionAddress": "Rudolf-Bultmann-Strasse_8_Marburg_District_DE_35039",
	"DeviceSerialNumber": "35420",
	"StationName": "MRC35420",
	"SeriesInstanceUID": "1.3.12.2.1107.5.2.32.35420.202206211021066092540513.0.0.0",
	"StudyInstanceUID": "1.3.12.2.1107.5.2.32.35420.30000022053005374096600000280",
	"StudyID": "1",
	"PatientName": "20220621_AGB_FRAPPS_26",
	"PatientID": "AGB_FRAPPS_26",
	"PatientBirthDate": "1999-01-01",
	"PatientSex": "M",
	"PatientWeight": 69,
	"PatientPosition": "HFS",
	"ProcedureStepDescription": "AGB_Christoph",
	"SoftwareVersions": "syngo_MR_B19",
	"MRAcquisitionType": "2D",
	"SeriesDescription": "cmrr_ep2d_bold_MB2_iso3",
	"ProtocolName": "cmrr_ep2d_bold_MB2_iso3",
	"ScanningSequence": "EP",
	"SequenceVariant": "SK_SS",
	"ScanOptions": "FS",
	"SequenceName": "epfid2d1_70",
	"ImageType": ["ORIGINAL", "PRIMARY", "M", "MB", "ND", "MOSAIC"],
	"SeriesNumber": 4,
	"AcquisitionTime": "10:21:2.365000",
	"AcquisitionDateTime": "2022-06-21T10:21:2.365000",
	"AcquisitionNumber": 1,
	"ImageComments": "Unaliased_MB2_PE2_LB",
	"SliceThickness": 3,
	"SpacingBetweenSlices": 3.45,
	"SAR": 0.110653,
	"EchoTime": 0.03,
	"RepetitionTime": 1.53,
	"FlipAngle": 55,
	"PartialFourier": 1,
	"BaseResolution": 70,
	"ShimSetting": [
		9280,
		9567,
		-1457,
		246,
		-16,
		-2492,
		453,
		78	],
	"TxRefAmp": 298.52,
	"PhaseResolution": 1,
	"ReceiveCoilName": "32Ch_Head",
	"CoilString": "C:HEA;HEP",
	"PulseSequenceDetails": "%CustomerSeq%_cmrr_mbep2d_bold",
	"MultibandAccelerationFactor": 2,
	"PercentPhaseFOV": 100,
	"PhaseEncodingSteps": 70,
	"AcquisitionMatrixPE": 70,
	"ReconMatrixPE": 70,
	"BandwidthPerPixelPhaseEncode": 25.974,
	"EffectiveEchoSpacing": 0.000550001,
	"DerivedVendorReportedEchoSpacing": 0.000550001,
	"TotalReadoutTime": 0.03795,
	"PixelBandwidth": 2041,
	"DwellTime": 3.5e-06,
	"PhaseEncodingDirection": "j-",
	"SliceTiming": [
		0,
		0.0625,
		0.1275,
		0.19,
		0.255,
		0.3175,
		0.3825,
		0.4475,
		0.51,
		0.575,
		0.6375,
		0.7025,
		0.7675,
		0.83,
		0.895,
		0.9575,
		1.0225,
		1.0875,
		1.15,
		1.215,
		1.2775,
		1.3425,
		1.4075,
		1.47,
		0,
		0.0625,
		0.1275,
		0.19,
		0.255,
		0.3175,
		0.3825,
		0.4475,
		0.51,
		0.575,
		0.6375,
		0.7025,
		0.7675,
		0.83,
		0.895,
		0.9575,
		1.0225,
		1.0875,
		1.15,
		1.215,
		1.2775,
		1.3425,
		1.4075,
		1.47	],
	"ImageOrientationPatientDICOM": [
		0.999256,
		-0.0368709,
		0.0112891,
		0.0384429,
		0.975401,
		-0.217058	],
	"InPlanePhaseEncodingDirectionDICOM": "COL",
	"ConversionSoftware": "dcm2niix",
	"ConversionSoftwareVersion": "v1.0.20190902"
}
