{
  "bids_meta": {
    "AcquisitionDateTime": "2022-04-13T07:42:11.027500",
    "AcquisitionMatrixPE": 256,
    "AcquisitionNumber": 1,
    "AcquisitionTime": "07:42:11.027500",
    "BaseResolution": 256,
    "CoilString": "C:HEA;HEP",
    "ConversionSoftware": "dcm2niix",
    "ConversionSoftwareVersion": "v1.0.20190902",
    "DeviceSerialNumber": "35420",
    "DwellTime": 9.8e-06,
    "EchoTime": 0.00226,
    "FlipAngle": 9,
    "ImageOrientationPatientDICOM": [
      0.0387049,
      0.997071,
      0.0659701,
      0.0983231,
      0.0618991,
      -0.993228
    ],
    "ImageType": [
      "ORIGINAL",
      "PRIMARY",
      "M",
      "ND",
      "NORM"
    ],
    "ImagingFrequency": 123.221,
    "InPlanePhaseEncodingDirectionDICOM": "ROW",
    "InstitutionAddress": "Rudolf-Bultmann-Strasse_8_Marburg_District_DE_35039",
    "InstitutionName": "Center_of_BrainImaging_Uni-Marburg",
    "InstitutionalDepartmentName": "Department",
    "InversionTime": 0.9,
    "MRAcquisitionType": "3D",
    "MagneticFieldStrength": 3,
    "Manufacturer": "Siemens",
    "ManufacturersModelName": "TrioTim",
    "Modality": "MR",
    "PartialFourier": 1,
    "PatientBirthDate": "1999-01-01",
    "PatientID": "AGB_FRAPPS_04",
    "PatientName": "20200413_AGB_FRAPPS_04",
    "PatientPosition": "HFS",
    "PatientSex": "M",
    "PatientWeight": 64,
    "PercentPhaseFOV": 100,
    "PhaseEncodingSteps": 256,
    "PhaseResolution": 1,
    "PixelBandwidth": 199,
    "ProcedureStepDescription": "AGB_Christoph",
    "ProtocolName": "t1_mpr_12CH_sag_p2_iso_FOV256_ND_REF",
    "PulseSequenceDetails": "%SiemensSeq%_tfl",
    "ReceiveCoilName": "32Ch_Head",
    "ReconMatrixPE": 256,
    "RepetitionTime": 1.9,
    "SAR": 0.095104,
    "ScanOptions": "IR",
    "ScanningSequence": "GR_IR",
    "SequenceName": "_tfl3d1_ns",
    "SequenceVariant": "SP_MP",
    "SeriesDescription": "t1_mpr_12CH_sag_p2_iso_FOV256_ND_REF",
    "SeriesInstanceUID": "1.3.12.2.1107.5.2.32.35420.2022041307420912426118913.0.0.0",
    "SeriesNumber": 3,
    "ShimSetting": [
      9316,
      9562,
      -1837,
      -292,
      -72,
      -2564,
      430,
      205
    ],
    "SliceThickness": 1,
    "SoftwareVersions": "syngo_MR_B19",
    "StationName": "MRC35420",
    "StudyID": "1",
    "StudyInstanceUID": "1.3.12.2.1107.5.2.32.35420.30000022040406475295100000165",
    "TxRefAmp": 308.179,
    "dataset": "unknown",
    "modality": "T1w",
    "subject_id": "04"
  },
  "cjv": 0.3413883329300199,
  "cnr": 3.7737940557520497,
  "efc": 0.6089362592106765,
  "fber": 411.07757568359375,
  "fwhm_avg": 4.901216666666667,
  "fwhm_x": 4.69556,
  "fwhm_y": 5.12093,
  "fwhm_z": 4.88716,
  "icvs_csf": 0.2257429829997212,
  "icvs_gm": 0.43223214630713225,
  "icvs_wm": 0.3420248706931465,
  "inu_med": 1.329844355583191,
  "inu_range": 0.5846651017665863,
  "provenance": {
    "md5sum": "9ad45a87aed722d6cc96207f57f1894b",
    "settings": {
      "testing": false
    },
    "software": "mriqc",
    "version": "0.15.0",
    "warnings": {
      "large_rot_frame": true,
      "small_air_mask": false
    },
    "webapi_port": null,
    "webapi_url": "https://mriqc.nimh.nih.gov/api/v1"
  },
  "qi_1": 0.0,
  "qi_2": 0.01271724121231123,
  "rpve_csf": 24.053021322033327,
  "rpve_gm": 13.135868710873565,
  "rpve_wm": 19.084047238557382,
  "size_x": 176,
  "size_y": 256,
  "size_z": 256,
  "snr_csf": 4.594020859889255,
  "snr_gm": 12.204668584399096,
  "snr_total": 13.376894772404087,
  "snr_wm": 23.331994872923914,
  "snrd_csf": 9.404818161468247,
  "snrd_gm": 22.1556654002801,
  "snrd_total": 20.83477780209,
  "snrd_wm": 30.94384984452165,
  "spacing_x": 1.0,
  "spacing_y": 1.0,
  "spacing_z": 1.0,
  "summary_bg_k": 1.2132838245873385,
  "summary_bg_mad": 21.171764373779297,
  "summary_bg_mean": 28.953168869018555,
  "summary_bg_median": 28.723217010498047,
  "summary_bg_n": 1869318.0,
  "summary_bg_p05": 7.1356552839279175,
  "summary_bg_p95": 65.1191593170166,
  "summary_bg_stdv": 19.624492645263672,
  "summary_csf_k": 3.8424684093461643,
  "summary_csf_mad": 42.41645812988281,
  "summary_csf_mean": 318.5438232421875,
  "summary_csf_median": 303.9315185546875,
  "summary_csf_n": 48417.0,
  "summary_csf_p05": 241.93862304687502,
  "summary_csf_p95": 454.66677246093747,
  "summary_csf_stdv": 66.15737915039062,
  "summary_gm_k": 0.13081649330216472,
  "summary_gm_mad": 57.369441986083984,
  "summary_gm_mean": 715.3720092773438,
  "summary_gm_median": 715.9952392578125,
  "summary_gm_n": 29660.0,
  "summary_gm_p05": 617.383447265625,
  "summary_gm_p95": 811.1265014648437,
  "summary_gm_stdv": 58.664695739746094,
  "summary_wm_k": 0.6279517850480723,
  "summary_wm_mad": 39.586219787597656,
  "summary_wm_mean": 998.8046264648438,
  "summary_wm_median": 999.999267578125,
  "summary_wm_n": 192922.0,
  "summary_wm_p05": 925.2085144042969,
  "summary_wm_p95": 1066.569757080078,
  "summary_wm_stdv": 42.859458923339844,
  "tpm_overlap_csf": 0.22991697490215302,
  "tpm_overlap_gm": 0.5040608644485474,
  "tpm_overlap_wm": 0.5365942120552063,
  "wm2max": 0.6029722915607446
}