{
  "aor": 0.003962122905027933,
  "aqi": 0.0070095349534450655,
  "bids_meta": {
    "AcquisitionDateTime": "2022-05-05T10:29:11.415000",
    "AcquisitionMatrixPE": 70,
    "AcquisitionNumber": 1,
    "AcquisitionTime": "10:29:11.415000",
    "BandwidthPerPixelPhaseEncode": 25.974,
    "BaseResolution": 70,
    "CoilString": "C:HEA;HEP",
    "ConversionSoftware": "dcm2niix",
    "ConversionSoftwareVersion": "v1.0.20190902",
    "DerivedVendorReportedEchoSpacing": 0.000550001,
    "DeviceSerialNumber": "35420",
    "DwellTime": 3.5e-06,
    "EchoTime": 0.03,
    "EffectiveEchoSpacing": 0.000550001,
    "FlipAngle": 60,
    "ImageComments": "Unaliased_MB2_PE2_LB",
    "ImageOrientationPatientDICOM": [
      0.998182,
      -0.0317612,
      0.0512211,
      0.0341596,
      0.998327,
      -0.0466484
    ],
    "ImageType": [
      "ORIGINAL",
      "PRIMARY",
      "M",
      "MB",
      "ND",
      "MOSAIC"
    ],
    "ImagingFrequency": 123.222,
    "InPlanePhaseEncodingDirectionDICOM": "COL",
    "InstitutionAddress": "Rudolf-Bultmann-Strasse_8_Marburg_District_DE_35039",
    "InstitutionName": "Center_of_BrainImaging_Uni-Marburg",
    "InstitutionalDepartmentName": "Department",
    "MRAcquisitionType": "2D",
    "MagneticFieldStrength": 3,
    "Manufacturer": "Siemens",
    "ManufacturersModelName": "TrioTim",
    "Modality": "MR",
    "MultibandAccelerationFactor": 2,
    "PartialFourier": 1,
    "PatientBirthDate": "1998-01-01",
    "PatientID": "AGB_FRAPPS_13",
    "PatientName": "20220505_AGB_FRAPPS_13",
    "PatientPosition": "HFS",
    "PatientSex": "F",
    "PatientWeight": 133,
    "PercentPhaseFOV": 100,
    "PhaseEncodingDirection": "j-",
    "PhaseEncodingSteps": 70,
    "PhaseResolution": 1,
    "PixelBandwidth": 2041,
    "ProcedureStepDescription": "AGB_Christoph",
    "ProtocolName": "cmrr_ep2d_bold_FP_MB2_iso3",
    "PulseSequenceDetails": "%CustomerSeq%_cmrr_mbep2d_bold",
    "ReceiveCoilName": "32Ch_Head",
    "ReconMatrixPE": 70,
    "RepetitionTime": 1.53,
    "SAR": 0.11418,
    "ScanOptions": "FS",
    "ScanningSequence": "EP",
    "SequenceName": "epfid2d1_70",
    "SequenceVariant": "SK_SS",
    "SeriesDescription": "cmrr_ep2d_bold_FP_MB2_iso3",
    "SeriesInstanceUID": "1.3.12.2.1107.5.2.32.35420.2022050510291476817038364.0.0.0",
    "SeriesNumber": 6,
    "ShimSetting": [
      9328,
      9525,
      -1455,
      180,
      -107,
      -2528,
      841,
      209
    ],
    "SliceThickness": 3,
    "SliceTiming": [
      0,
      0.0625,
      0.1275,
      0.1925,
      0.255,
      0.32,
      0.3825,
      0.4475,
      0.5125,
      0.575,
      0.64,
      0.7025,
      0.7675,
      0.8325,
      0.895,
      0.96,
      1.0225,
      1.0875,
      1.1525,
      1.215,
      1.28,
      1.3425,
      1.4075,
      1.4725,
      0,
      0.0625,
      0.1275,
      0.1925,
      0.255,
      0.32,
      0.3825,
      0.4475,
      0.5125,
      0.575,
      0.64,
      0.7025,
      0.7675,
      0.8325,
      0.895,
      0.96,
      1.0225,
      1.0875,
      1.1525,
      1.215,
      1.28,
      1.3425,
      1.4075,
      1.4725
    ],
    "SoftwareVersions": "syngo_MR_B19",
    "SpacingBetweenSlices": 3.45,
    "StationName": "MRC35420",
    "StudyID": "1",
    "StudyInstanceUID": "1.3.12.2.1107.5.2.32.35420.30000022050306042469000000044",
    "TaskName": "TODO: full task name for localizer",
    "TotalReadoutTime": 0.03795,
    "TxRefAmp": 352.414,
    "dataset": "unknown",
    "modality": "bold",
    "subject_id": "13",
    "task_id": "localizer"
  },
  "dummy_trs": 0,
  "dvars_nstd": 21.48085553083955,
  "dvars_std": 0.931747173190298,
  "dvars_vstd": 0.927702588414179,
  "efc": 0.4914856249019498,
  "fber": 949.3920288085938,
  "fd_mean": 0.1467542028943543,
  "fd_num": 93,
  "fd_perc": 17.318435754189945,
  "fwhm_avg": 2.6631918728063235,
  "fwhm_x": 2.5120666666666667,
  "fwhm_y": 3.03528,
  "fwhm_z": 2.4422289517523037,
  "gcor": 0.0145329,
  "gsr_x": -0.008653958328068256,
  "gsr_y": 0.06656289845705032,
  "provenance": {
    "md5sum": "a1a32738e7fd4027cdbf5d906130718d",
    "settings": {
      "fd_thres": 0.2,
      "hmc_fsl": false
    },
    "software": "mriqc",
    "version": "0.15.0",
    "webapi_port": null,
    "webapi_url": "https://mriqc.nimh.nih.gov/api/v1"
  },
  "size_t": 537,
  "size_x": 70,
  "size_y": 70,
  "size_z": 48,
  "snr": 2.8845301709329028,
  "spacing_tr": 1.5299999713897705,
  "spacing_x": 3.0,
  "spacing_y": 3.0,
  "spacing_z": 3.450000047683716,
  "summary_bg_k": 64.7413298228865,
  "summary_bg_mad": 5.016551494598389,
  "summary_bg_mean": 24.949363708496094,
  "summary_bg_median": 13.093110084533691,
  "summary_bg_n": 148727.0,
  "summary_bg_p05": 8.72625732421875,
  "summary_bg_p95": 77.04599609374996,
  "summary_bg_stdv": 38.22494888305664,
  "summary_fg_k": 1.09819871682351,
  "summary_fg_mad": 125.13491821289062,
  "summary_fg_mean": 452.3342590332031,
  "summary_fg_median": 432.5726318359375,
  "summary_fg_n": 43722.0,
  "summary_fg_p05": 238.4544692993164,
  "summary_fg_p95": 732.2625091552733,
  "summary_fg_stdv": 149.9612274169922,
  "tsnr": 43.487831115722656
}