{
  "aor": 0.0016726305970149252,
  "aqi": 0.0030759191604477613,
  "bids_meta": {
    "AcquisitionDateTime": "2022-06-29T08:23:40.380000",
    "AcquisitionMatrixPE": 70,
    "AcquisitionNumber": 1,
    "AcquisitionTime": "08:23:40.380000",
    "BandwidthPerPixelPhaseEncode": 25.974,
    "BaseResolution": 70,
    "CoilString": "C:HEA;HEP",
    "ConversionSoftware": "dcm2niix",
    "ConversionSoftwareVersion": "v1.0.20190902",
    "DerivedVendorReportedEchoSpacing": 0.000550001,
    "DeviceSerialNumber": "35420",
    "DwellTime": 3.5e-06,
    "EchoTime": 0.03,
    "EffectiveEchoSpacing": 0.000550001,
    "FlipAngle": 60,
    "ImageComments": "Unaliased_MB2_PE2_LB",
    "ImageOrientationPatientDICOM": [
      0.999508,
      -0.0294529,
      -0.0107513,
      0.0280929,
      0.993529,
      -0.110052
    ],
    "ImageType": [
      "ORIGINAL",
      "PRIMARY",
      "M",
      "MB",
      "ND",
      "MOSAIC"
    ],
    "ImagingFrequency": 123.221,
    "InPlanePhaseEncodingDirectionDICOM": "COL",
    "InstitutionAddress": "Rudolf-Bultmann-Strasse_8_Marburg_District_DE_35039",
    "InstitutionName": "Center_of_BrainImaging_Uni-Marburg",
    "InstitutionalDepartmentName": "Department",
    "MRAcquisitionType": "2D",
    "MagneticFieldStrength": 3,
    "Manufacturer": "Siemens",
    "ManufacturersModelName": "TrioTim",
    "Modality": "MR",
    "MultibandAccelerationFactor": 2,
    "PartialFourier": 1,
    "PatientBirthDate": "1999-01-01",
    "PatientID": "AGB_FRAPPS_33",
    "PatientName": "20220629_AGB_FRAPPS_33",
    "PatientPosition": "HFS",
    "PatientSex": "F",
    "PatientWeight": 74,
    "PercentPhaseFOV": 100,
    "PhaseEncodingDirection": "j-",
    "PhaseEncodingSteps": 70,
    "PhaseResolution": 1,
    "PixelBandwidth": 2041,
    "ProcedureStepDescription": "AGB_Christoph",
    "ProtocolName": "cmrr_ep2d_bold_FP_MB2_iso3",
    "PulseSequenceDetails": "%CustomerSeq%_cmrr_mbep2d_bold",
    "ReceiveCoilName": "32Ch_Head",
    "ReconMatrixPE": 70,
    "RepetitionTime": 1.53,
    "SAR": 0.104753,
    "ScanOptions": "FS",
    "ScanningSequence": "EP",
    "SequenceName": "epfid2d1_70",
    "SequenceVariant": "SK_SS",
    "SeriesDescription": "cmrr_ep2d_bold_FP_MB2_iso3",
    "SeriesInstanceUID": "1.3.12.2.1107.5.2.32.35420.2022062908234367205581402.0.0.0",
    "SeriesNumber": 6,
    "ShimSetting": [
      9306,
      9511,
      -1491,
      334,
      -137,
      -2245,
      574,
      318
    ],
    "SliceThickness": 3,
    "SliceTiming": [
      0,
      0.0625,
      0.1275,
      0.19,
      0.255,
      0.3175,
      0.3825,
      0.4475,
      0.51,
      0.575,
      0.6375,
      0.7025,
      0.7675,
      0.83,
      0.895,
      0.9575,
      1.0225,
      1.0875,
      1.15,
      1.215,
      1.2775,
      1.3425,
      1.4075,
      1.47,
      0,
      0.0625,
      0.1275,
      0.19,
      0.255,
      0.3175,
      0.3825,
      0.4475,
      0.51,
      0.575,
      0.6375,
      0.7025,
      0.7675,
      0.83,
      0.895,
      0.9575,
      1.0225,
      1.0875,
      1.15,
      1.215,
      1.2775,
      1.3425,
      1.4075,
      1.47
    ],
    "SoftwareVersions": "syngo_MR_B19",
    "SpacingBetweenSlices": 3.45,
    "StationName": "MRC35420",
    "StudyID": "1",
    "StudyInstanceUID": "1.3.12.2.1107.5.2.32.35420.30000022062405354757100000069",
    "TaskName": "TODO: full task name for localizer",
    "TotalReadoutTime": 0.03795,
    "TxRefAmp": 306.436,
    "dataset": "unknown",
    "modality": "bold",
    "subject_id": "33",
    "task_id": "localizer"
  },
  "dummy_trs": 1,
  "dvars_nstd": 19.069700536822427,
  "dvars_std": 1.1405034920000008,
  "dvars_vstd": 0.9983549144112148,
  "efc": 0.4947579393962787,
  "fber": 983.597412109375,
  "fd_mean": 0.11476614748976992,
  "fd_num": 36,
  "fd_perc": 6.7164179104477615,
  "fwhm_avg": 2.584941438344945,
  "fwhm_x": 2.4829466666666664,
  "fwhm_y": 2.899373333333333,
  "fwhm_z": 2.3725043150348344,
  "gcor": 0.0241492,
  "gsr_x": 0.006391522474586964,
  "gsr_y": 0.07041483372449875,
  "provenance": {
    "md5sum": "4f72887421d5539d4c3c227dad211d97",
    "settings": {
      "fd_thres": 0.2,
      "hmc_fsl": false
    },
    "software": "mriqc",
    "version": "0.15.0",
    "webapi_port": null,
    "webapi_url": "https://mriqc.nimh.nih.gov/api/v1"
  },
  "size_t": 536,
  "size_x": 70,
  "size_y": 70,
  "size_z": 48,
  "snr": 2.874347138119438,
  "spacing_tr": 1.5299999713897705,
  "spacing_x": 3.0,
  "spacing_y": 3.0,
  "spacing_z": 3.450000047683716,
  "summary_bg_k": 33.97685959275976,
  "summary_bg_mad": 5.537630558013916,
  "summary_bg_mean": 29.599225997924805,
  "summary_bg_median": 13.763059616088867,
  "summary_bg_n": 150001.0,
  "summary_bg_p05": 9.548507690429688,
  "summary_bg_p95": 107.76492309570312,
  "summary_bg_stdv": 44.44004821777344,
  "summary_fg_k": 1.0769570889890074,
  "summary_fg_mad": 134.43553161621094,
  "summary_fg_mean": 484.9889831542969,
  "summary_fg_median": 463.74346923828125,
  "summary_fg_n": 42320.0,
  "summary_fg_p05": 256.0274208068848,
  "summary_fg_p95": 787.2373107910156,
  "summary_fg_stdv": 161.33680725097656,
  "tsnr": 65.11573791503906
}