{
  "bids_meta": {
    "AcquisitionDateTime": "2022-06-15T07:19:37.032500",
    "AcquisitionMatrixPE": 256,
    "AcquisitionNumber": 1,
    "AcquisitionTime": "07:19:37.032500",
    "BaseResolution": 256,
    "CoilString": "C:HEA;HEP",
    "ConversionSoftware": "dcm2niix",
    "ConversionSoftwareVersion": "v1.0.20190902",
    "DeviceSerialNumber": "35420",
    "DwellTime": 9.8e-06,
    "EchoTime": 0.00226,
    "FlipAngle": 9,
    "ImageOrientationPatientDICOM": [
      0.0229542,
      0.997984,
      -0.0591697,
      0.0666044,
      -0.0605803,
      -0.995939
    ],
    "ImageType": [
      "ORIGINAL",
      "PRIMARY",
      "M",
      "ND",
      "NORM"
    ],
    "ImagingFrequency": 123.221,
    "InPlanePhaseEncodingDirectionDICOM": "ROW",
    "InstitutionAddress": "Rudolf-Bultmann-Strasse_8_Marburg_District_DE_35039",
    "InstitutionName": "Center_of_BrainImaging_Uni-Marburg",
    "InstitutionalDepartmentName": "Department",
    "InversionTime": 0.9,
    "MRAcquisitionType": "3D",
    "MagneticFieldStrength": 3,
    "Manufacturer": "Siemens",
    "ManufacturersModelName": "TrioTim",
    "Modality": "MR",
    "PartialFourier": 1,
    "PatientBirthDate": "1999-01-01",
    "PatientID": "AGB_FRAPPS_23",
    "PatientName": "20220615_AGB_FRAPPS_23",
    "PatientPosition": "HFS",
    "PatientSex": "F",
    "PatientWeight": 60,
    "PercentPhaseFOV": 100,
    "PhaseEncodingSteps": 256,
    "PhaseResolution": 1,
    "PixelBandwidth": 199,
    "ProcedureStepDescription": "AGB_Christoph",
    "ProtocolName": "t1_mpr_12CH_sag_p2_iso_FOV256_ND_REF",
    "PulseSequenceDetails": "%SiemensSeq%_tfl",
    "ReceiveCoilName": "32Ch_Head",
    "ReconMatrixPE": 256,
    "RepetitionTime": 1.9,
    "SAR": 0.0979885,
    "ScanOptions": "IR",
    "ScanningSequence": "GR_IR",
    "SequenceName": "_tfl3d1_ns",
    "SequenceVariant": "SP_MP",
    "SeriesDescription": "t1_mpr_12CH_sag_p2_iso_FOV256_ND_REF",
    "SeriesInstanceUID": "1.3.12.2.1107.5.2.32.35420.2022061507193476451591856.0.0.0",
    "SeriesNumber": 3,
    "ShimSetting": [
      9316,
      9562,
      -1837,
      -292,
      -72,
      -2564,
      430,
      205
    ],
    "SliceThickness": 1,
    "SoftwareVersions": "syngo_MR_B19",
    "StationName": "MRC35420",
    "StudyID": "1",
    "StudyInstanceUID": "1.3.12.2.1107.5.2.32.35420.30000022053005374096600000225",
    "TxRefAmp": 294.857,
    "dataset": "unknown",
    "modality": "T1w",
    "subject_id": "23"
  },
  "cjv": 0.36065953771226933,
  "cnr": 3.714529086614935,
  "efc": 0.5863629948697886,
  "fber": 706.833251953125,
  "fwhm_avg": 4.730330190890641,
  "fwhm_x": 4.698300280040519,
  "fwhm_y": 4.58315,
  "fwhm_z": 4.909540292631405,
  "icvs_csf": 0.22485971178840375,
  "icvs_gm": 0.43544708088712575,
  "icvs_wm": 0.3396932073244705,
  "inu_med": 1.3961527347564697,
  "inu_range": 0.6296313405036928,
  "provenance": {
    "md5sum": "554c3856ae14790346917c773e37dd1b",
    "settings": {
      "testing": false
    },
    "software": "mriqc",
    "version": "0.15.0",
    "warnings": {
      "large_rot_frame": true,
      "small_air_mask": false
    },
    "webapi_port": null,
    "webapi_url": "https://mriqc.nimh.nih.gov/api/v1"
  },
  "qi_1": 0.0,
  "qi_2": 0.01413471580516322,
  "rpve_csf": 26.67164102647688,
  "rpve_gm": 14.399021309542485,
  "rpve_wm": 21.157231473618136,
  "size_x": 176,
  "size_y": 256,
  "size_z": 256,
  "snr_csf": 3.817923841073955,
  "snr_gm": 12.708164769917596,
  "snr_total": 13.154098965697697,
  "snr_wm": 22.936208286101536,
  "snrd_csf": 18.22624658220887,
  "snrd_gm": 40.67136892575737,
  "snrd_total": 38.33603542669118,
  "snrd_wm": 56.11049077210731,
  "spacing_x": 0.9999999403953552,
  "spacing_y": 1.0,
  "spacing_z": 0.9999999403953552,
  "summary_bg_k": 1.3913580208033007,
  "summary_bg_mad": 11.675922393798828,
  "summary_bg_mean": 26.901784896850586,
  "summary_bg_median": 23.015703201293945,
  "summary_bg_n": 2122000.0,
  "summary_bg_p05": 0.0,
  "summary_bg_p95": 61.32656478881836,
  "summary_bg_stdv": 18.25300407409668,
  "summary_csf_k": 1.2344173781402947,
  "summary_csf_mad": 66.41033935546875,
  "summary_csf_mean": 346.0802917480469,
  "summary_csf_median": 324.8304443359375,
  "summary_csf_n": 25379.0,
  "summary_csf_p05": 243.78121337890624,
  "summary_csf_p95": 516.9471496582031,
  "summary_csf_stdv": 85.0787124633789,
  "summary_gm_k": 0.011759058092043695,
  "summary_gm_mad": 56.376800537109375,
  "summary_gm_mean": 724.0785522460938,
  "summary_gm_median": 724.8502197265625,
  "summary_gm_n": 20594.0,
  "summary_gm_p05": 627.5143066406249,
  "summary_gm_p95": 816.2676757812499,
  "summary_gm_stdv": 57.036766052246094,
  "summary_wm_k": 0.17390978088703912,
  "summary_wm_mad": 42.861541748046875,
  "summary_wm_mean": 999.5252685546875,
  "summary_wm_median": 1000.0081787109375,
  "summary_wm_n": 171286.0,
  "summary_wm_p05": 926.8681030273438,
  "summary_wm_p95": 1069.6351928710938,
  "summary_wm_stdv": 43.59941482543945,
  "tpm_overlap_csf": 0.23324339091777802,
  "tpm_overlap_gm": 0.5178092122077942,
  "tpm_overlap_wm": 0.5580718517303467,
  "wm2max": 0.40302292279972585
}