{
  "bids_meta": {
    "AcquisitionDateTime": "2022-04-13T14:32:3.035000",
    "AcquisitionMatrixPE": 256,
    "AcquisitionNumber": 1,
    "AcquisitionTime": "14:32:3.035000",
    "BaseResolution": 256,
    "CoilString": "C:HEA;HEP",
    "ConversionSoftware": "dcm2niix",
    "ConversionSoftwareVersion": "v1.0.20190902",
    "DeviceSerialNumber": "35420",
    "DwellTime": 9.8e-06,
    "EchoTime": 0.00226,
    "FlipAngle": 9,
    "ImageOrientationPatientDICOM": [
      -0.00340162,
      0.988564,
      -0.150762,
      0.0825793,
      -0.14997,
      -0.985236
    ],
    "ImageType": [
      "ORIGINAL",
      "PRIMARY",
      "M",
      "ND",
      "NORM"
    ],
    "ImagingFrequency": 123.221,
    "InPlanePhaseEncodingDirectionDICOM": "ROW",
    "InstitutionAddress": "Rudolf-Bultmann-Strasse_8_Marburg_District_DE_35039",
    "InstitutionName": "Center_of_BrainImaging_Uni-Marburg",
    "InstitutionalDepartmentName": "Department",
    "InversionTime": 0.9,
    "MRAcquisitionType": "3D",
    "MagneticFieldStrength": 3,
    "Manufacturer": "Siemens",
    "ManufacturersModelName": "TrioTim",
    "Modality": "MR",
    "PartialFourier": 1,
    "PatientBirthDate": "1999-01-01",
    "PatientID": "AGB_FRAPPS_05",
    "PatientName": "20220413_AGB_FRAPPS_05",
    "PatientPosition": "HFS",
    "PatientSex": "M",
    "PatientWeight": 69,
    "PercentPhaseFOV": 100,
    "PhaseEncodingSteps": 256,
    "PhaseResolution": 1,
    "PixelBandwidth": 199,
    "ProcedureStepDescription": "AGB_Christoph",
    "ProtocolName": "t1_mpr_12CH_sag_p2_iso_FOV256_ND_REF",
    "PulseSequenceDetails": "%SiemensSeq%_tfl",
    "ReceiveCoilName": "32Ch_Head",
    "ReconMatrixPE": 256,
    "RepetitionTime": 1.9,
    "SAR": 0.0944822,
    "ScanOptions": "IR",
    "ScanningSequence": "GR_IR",
    "SequenceName": "_tfl3d1_ns",
    "SequenceVariant": "SP_MP",
    "SeriesDescription": "t1_mpr_12CH_sag_p2_iso_FOV256_ND_REF",
    "SeriesInstanceUID": "1.3.12.2.1107.5.2.32.35420.2022041314320079954812135.0.0.0",
    "SeriesNumber": 3,
    "ShimSetting": [
      9316,
      9562,
      -1837,
      -292,
      -72,
      -2564,
      430,
      205
    ],
    "SliceThickness": 1,
    "SoftwareVersions": "syngo_MR_B19",
    "StationName": "MRC35420",
    "StudyID": "1",
    "StudyInstanceUID": "1.3.12.2.1107.5.2.32.35420.30000022040406475295100000174",
    "TxRefAmp": 307.218,
    "dataset": "unknown",
    "modality": "T1w",
    "subject_id": "05"
  },
  "cjv": 0.38751990719082047,
  "cnr": 3.34825628390289,
  "efc": 0.5994469587647352,
  "fber": 459.0828552246094,
  "fwhm_avg": 5.286573333333334,
  "fwhm_x": 5.07747,
  "fwhm_y": 5.29318,
  "fwhm_z": 5.48907,
  "icvs_csf": 0.21811437951888565,
  "icvs_gm": 0.4259162018001858,
  "icvs_wm": 0.3559694186809286,
  "inu_med": 1.2957826852798462,
  "inu_range": 0.6695639669895173,
  "provenance": {
    "md5sum": "b39f5a51722eb1e5b1113d3331a7c320",
    "settings": {
      "testing": false
    },
    "software": "mriqc",
    "version": "0.15.0",
    "warnings": {
      "large_rot_frame": true,
      "small_air_mask": false
    },
    "webapi_port": null,
    "webapi_url": "https://mriqc.nimh.nih.gov/api/v1"
  },
  "qi_1": 0.0,
  "qi_2": 0.020111186776247687,
  "rpve_csf": 19.883741540304452,
  "rpve_gm": 10.757020427553444,
  "rpve_wm": 15.308075866103207,
  "size_x": 176,
  "size_y": 256,
  "size_z": 256,
  "snr_csf": 4.24221507170634,
  "snr_gm": 11.52764796276501,
  "snr_total": 13.686203336282475,
  "snr_wm": 25.28874697437607,
  "snrd_csf": 11.384673488269696,
  "snrd_gm": 21.522009142732472,
  "snrd_total": 20.68256885804343,
  "snrd_wm": 29.14102394312813,
  "spacing_x": 1.0,
  "spacing_y": 1.0,
  "spacing_z": 1.0,
  "summary_bg_k": 1.1327900756834746,
  "summary_bg_mad": 22.481470108032227,
  "summary_bg_mean": 31.31346893310547,
  "summary_bg_median": 30.414501190185547,
  "summary_bg_n": 2545459.0,
  "summary_bg_p05": 7.573513460159302,
  "summary_bg_p95": 68.79679946899414,
  "summary_bg_stdv": 20.71959114074707,
  "summary_csf_k": 24.11236967777766,
  "summary_csf_mad": 89.01319122314453,
  "summary_csf_mean": 391.9042053222656,
  "summary_csf_median": 390.67315673828125,
  "summary_csf_n": 37395.0,
  "summary_csf_p05": 259.29412231445315,
  "summary_csf_p95": 534.7259033203125,
  "summary_csf_stdv": 92.0905532836914,
  "summary_gm_k": -0.11138116616078753,
  "summary_gm_mad": 64.31121826171875,
  "summary_gm_mean": 739.7046508789062,
  "summary_gm_median": 738.5430297851562,
  "summary_gm_n": 33441.0,
  "summary_gm_p05": 635.4338989257812,
  "summary_gm_p95": 847.5280151367188,
  "summary_gm_stdv": 64.06614685058594,
  "summary_wm_k": 0.6946628649461815,
  "summary_wm_mad": 37.00659942626953,
  "summary_wm_mean": 998.3308715820312,
  "summary_wm_median": 999.9949340820312,
  "summary_wm_n": 258460.0,
  "summary_wm_p05": 931.1784881591798,
  "summary_wm_p95": 1060.0896789550782,
  "summary_wm_stdv": 39.54300308227539,
  "tpm_overlap_csf": 0.20457254350185394,
  "tpm_overlap_gm": 0.5004099011421204,
  "tpm_overlap_wm": 0.5359563231468201,
  "wm2max": 0.5346006549820995
}