{
  "aor": 0.008467132216014897,
  "aqi": 0.011478538379888268,
  "bids_meta": {
    "AcquisitionDateTime": "2022-06-23T13:40:38.397500",
    "AcquisitionMatrixPE": 70,
    "AcquisitionNumber": 1,
    "AcquisitionTime": "13:40:38.397500",
    "BandwidthPerPixelPhaseEncode": 25.974,
    "BaseResolution": 70,
    "CoilString": "C:HEA;HEP",
    "ConversionSoftware": "dcm2niix",
    "ConversionSoftwareVersion": "v1.0.20190902",
    "DerivedVendorReportedEchoSpacing": 0.000550001,
    "DeviceSerialNumber": "35420",
    "DwellTime": 3.5e-06,
    "EchoTime": 0.03,
    "EffectiveEchoSpacing": 0.000550001,
    "FlipAngle": 60,
    "ImageComments": "Unaliased_MB2_PE2_LB",
    "ImageOrientationPatientDICOM": [
      0.997441,
      -0.0598331,
      0.0391409,
      0.0634531,
      0.993069,
      -0.0989343
    ],
    "ImageType": [
      "ORIGINAL",
      "PRIMARY",
      "M",
      "MB",
      "ND",
      "MOSAIC"
    ],
    "ImagingFrequency": 123.221,
    "InPlanePhaseEncodingDirectionDICOM": "COL",
    "InstitutionAddress": "Rudolf-Bultmann-Strasse_8_Marburg_District_DE_35039",
    "InstitutionName": "Center_of_BrainImaging_Uni-Marburg",
    "InstitutionalDepartmentName": "Department",
    "MRAcquisitionType": "2D",
    "MagneticFieldStrength": 3,
    "Manufacturer": "Siemens",
    "ManufacturersModelName": "TrioTim",
    "Modality": "MR",
    "MultibandAccelerationFactor": 2,
    "PartialFourier": 1,
    "PatientBirthDate": "1995-01-01",
    "PatientID": "AGB_FRAPPS_31",
    "PatientName": "20220623_AGB_FRAPPS_31",
    "PatientPosition": "HFS",
    "PatientSex": "F",
    "PatientWeight": 59,
    "PercentPhaseFOV": 100,
    "PhaseEncodingDirection": "j-",
    "PhaseEncodingSteps": 70,
    "PhaseResolution": 1,
    "PixelBandwidth": 2041,
    "ProcedureStepDescription": "AGB_Christoph",
    "ProtocolName": "cmrr_ep2d_bold_FP_MB2_iso3",
    "PulseSequenceDetails": "%CustomerSeq%_cmrr_mbep2d_bold",
    "ReceiveCoilName": "32Ch_Head",
    "ReconMatrixPE": 70,
    "RepetitionTime": 1.53,
    "SAR": 0.125267,
    "ScanOptions": "FS",
    "ScanningSequence": "EP",
    "SequenceName": "epfid2d1_70",
    "SequenceVariant": "SK_SS",
    "SeriesDescription": "cmrr_ep2d_bold_FP_MB2_iso3",
    "SeriesInstanceUID": "1.3.12.2.1107.5.2.32.35420.2022062313404168563124506.0.0.0",
    "SeriesNumber": 6,
    "ShimSetting": [
      9299,
      9566,
      -1482,
      360,
      -282,
      -2315,
      640,
      269
    ],
    "SliceThickness": 3,
    "SliceTiming": [
      0,
      0.0625,
      0.1275,
      0.19,
      0.255,
      0.32,
      0.3825,
      0.4475,
      0.51,
      0.575,
      0.64,
      0.7025,
      0.7675,
      0.83,
      0.895,
      0.9575,
      1.0225,
      1.0875,
      1.15,
      1.215,
      1.2775,
      1.3425,
      1.4075,
      1.47,
      0,
      0.0625,
      0.1275,
      0.19,
      0.255,
      0.32,
      0.3825,
      0.4475,
      0.51,
      0.575,
      0.64,
      0.7025,
      0.7675,
      0.83,
      0.895,
      0.9575,
      1.0225,
      1.0875,
      1.15,
      1.215,
      1.2775,
      1.3425,
      1.4075,
      1.47
    ],
    "SoftwareVersions": "syngo_MR_B19",
    "SpacingBetweenSlices": 3.45,
    "StationName": "MRC35420",
    "StudyID": "1",
    "StudyInstanceUID": "1.3.12.2.1107.5.2.32.35420.30000022053005374096600000313",
    "TaskName": "TODO: full task name for localizer",
    "TotalReadoutTime": 0.03795,
    "TxRefAmp": 301.087,
    "dataset": "unknown",
    "modality": "bold",
    "subject_id": "31",
    "task_id": "localizer"
  },
  "dummy_trs": 0,
  "dvars_nstd": 21.233066256380567,
  "dvars_std": 0.9973786530223879,
  "dvars_vstd": 0.945255872947761,
  "efc": 0.48964036139815126,
  "fber": 1095.8236083984375,
  "fd_mean": 0.20164639053709033,
  "fd_num": 208,
  "fd_perc": 38.733705772811916,
  "fwhm_avg": 2.6263124118486223,
  "fwhm_x": 2.5089099999999998,
  "fwhm_y": 2.9444966666666663,
  "fwhm_z": 2.425530568879201,
  "gcor": 0.00773639,
  "gsr_x": -0.005649368744343519,
  "gsr_y": 0.06714007258415222,
  "provenance": {
    "md5sum": "09ed46d9389c3d8d190524275a139765",
    "settings": {
      "fd_thres": 0.2,
      "hmc_fsl": false
    },
    "software": "mriqc",
    "version": "0.15.0",
    "webapi_port": null,
    "webapi_url": "https://mriqc.nimh.nih.gov/api/v1"
  },
  "size_t": 537,
  "size_x": 70,
  "size_y": 70,
  "size_z": 48,
  "snr": 3.1062307675415535,
  "spacing_tr": 1.5299999713897705,
  "spacing_x": 3.0,
  "spacing_y": 3.0,
  "spacing_z": 3.4499998092651367,
  "summary_bg_k": 37.981738681011485,
  "summary_bg_mad": 4.697667598724365,
  "summary_bg_mean": 26.120359420776367,
  "summary_bg_median": 12.950651168823242,
  "summary_bg_n": 150168.0,
  "summary_bg_p05": 9.225325584411621,
  "summary_bg_p95": 93.47821693420397,
  "summary_bg_stdv": 37.71673583984375,
  "summary_fg_k": 0.7850826089953853,
  "summary_fg_mad": 128.35418701171875,
  "summary_fg_mean": 471.0369873046875,
  "summary_fg_median": 455.225341796875,
  "summary_fg_n": 42427.0,
  "summary_fg_p05": 257.1655639648438,
  "summary_fg_p95": 731.1027893066406,
  "summary_fg_stdv": 146.55059814453125,
  "tsnr": 35.85930252075195
}