{
  "aor": 0.006511445623342176,
  "aqi": 0.008167712692307691,
  "bids_meta": {
    "AcquisitionDateTime": "2022-06-23T13:00:15.662500",
    "AcquisitionMatrixPE": 70,
    "AcquisitionNumber": 1,
    "AcquisitionTime": "13:00:15.662500",
    "BandwidthPerPixelPhaseEncode": 25.974,
    "BaseResolution": 70,
    "CoilString": "C:HEA;HEP",
    "ConversionSoftware": "dcm2niix",
    "ConversionSoftwareVersion": "v1.0.20190902",
    "DerivedVendorReportedEchoSpacing": 0.000550001,
    "DeviceSerialNumber": "35420",
    "DwellTime": 3.5e-06,
    "EchoTime": 0.03,
    "EffectiveEchoSpacing": 0.000550001,
    "FlipAngle": 55,
    "ImageComments": "Unaliased_MB2_PE2_LB",
    "ImageOrientationPatientDICOM": [
      0.99744,
      -0.0598434,
      0.0391419,
      0.0634635,
      0.993068,
      -0.0989339
    ],
    "ImageType": [
      "ORIGINAL",
      "PRIMARY",
      "M",
      "MB",
      "ND",
      "MOSAIC"
    ],
    "ImagingFrequency": 123.221,
    "InPlanePhaseEncodingDirectionDICOM": "COL",
    "InstitutionAddress": "Rudolf-Bultmann-Strasse_8_Marburg_District_DE_35039",
    "InstitutionName": "Center_of_BrainImaging_Uni-Marburg",
    "InstitutionalDepartmentName": "Department",
    "MRAcquisitionType": "2D",
    "MagneticFieldStrength": 3,
    "Manufacturer": "Siemens",
    "ManufacturersModelName": "TrioTim",
    "Modality": "MR",
    "MultibandAccelerationFactor": 2,
    "PartialFourier": 1,
    "PatientBirthDate": "1995-01-01",
    "PatientID": "AGB_FRAPPS_31",
    "PatientName": "20220623_AGB_FRAPPS_31",
    "PatientPosition": "HFS",
    "PatientSex": "F",
    "PatientWeight": 59,
    "PercentPhaseFOV": 100,
    "PhaseEncodingDirection": "j-",
    "PhaseEncodingSteps": 70,
    "PhaseResolution": 1,
    "PixelBandwidth": 2041,
    "ProcedureStepDescription": "AGB_Christoph",
    "ProtocolName": "cmrr_ep2d_bold_MB2_iso3",
    "PulseSequenceDetails": "%CustomerSeq%_cmrr_mbep2d_bold",
    "ReceiveCoilName": "32Ch_Head",
    "ReconMatrixPE": 70,
    "RepetitionTime": 1.53,
    "SAR": 0.107672,
    "ScanOptions": "FS",
    "ScanningSequence": "EP",
    "SequenceName": "epfid2d1_70",
    "SequenceVariant": "SK_SS",
    "SeriesDescription": "cmrr_ep2d_bold_MB2_iso3",
    "SeriesInstanceUID": "1.3.12.2.1107.5.2.32.35420.2022062313001896232928500.0.0.0",
    "SeriesNumber": 4,
    "ShimSetting": [
      9299,
      9566,
      -1482,
      360,
      -282,
      -2315,
      640,
      269
    ],
    "SliceThickness": 3,
    "SliceTiming": [
      0,
      0.065,
      0.13,
      0.1925,
      0.2575,
      0.32,
      0.385,
      0.45,
      0.5125,
      0.5775,
      0.64,
      0.705,
      0.77,
      0.8325,
      0.8975,
      0.96,
      1.025,
      1.09,
      1.1525,
      1.2175,
      1.28,
      1.345,
      1.41,
      1.4725,
      0,
      0.065,
      0.13,
      0.1925,
      0.2575,
      0.32,
      0.385,
      0.45,
      0.5125,
      0.5775,
      0.64,
      0.705,
      0.77,
      0.8325,
      0.8975,
      0.96,
      1.025,
      1.09,
      1.1525,
      1.2175,
      1.28,
      1.345,
      1.41,
      1.4725
    ],
    "SoftwareVersions": "syngo_MR_B19",
    "SpacingBetweenSlices": 3.45,
    "StationName": "MRC35420",
    "StudyID": "1",
    "StudyInstanceUID": "1.3.12.2.1107.5.2.32.35420.30000022053005374096600000313",
    "TaskName": "TODO: full task name for FRAPPS - replication study",
    "TotalReadoutTime": 0.03795,
    "TxRefAmp": 301.087,
    "dataset": "unknown",
    "modality": "bold",
    "subject_id": "31",
    "task_id": "frapps"
  },
  "dummy_trs": 1,
  "dvars_nstd": 19.748394719986756,
  "dvars_std": 1.0737724313138695,
  "dvars_vstd": 1.02650642896483,
  "efc": 0.49014885083155857,
  "fber": 1070.818603515625,
  "fd_mean": 0.1687795824757529,
  "fd_num": 502,
  "fd_perc": 33.289124668435015,
  "fwhm_avg": 2.5615066557806507,
  "fwhm_x": 2.4506866666666665,
  "fwhm_y": 2.8709666666666664,
  "fwhm_z": 2.3628666340086197,
  "gcor": 0.0751245,
  "gsr_x": -0.005761244334280491,
  "gsr_y": 0.06997830420732498,
  "provenance": {
    "md5sum": "489747f65ad36e3640cde774b54bab23",
    "settings": {
      "fd_thres": 0.2,
      "hmc_fsl": false
    },
    "software": "mriqc",
    "version": "0.15.0",
    "webapi_port": null,
    "webapi_url": "https://mriqc.nimh.nih.gov/api/v1"
  },
  "size_t": 1508,
  "size_x": 70,
  "size_y": 70,
  "size_z": 48,
  "snr": 3.114688358135778,
  "spacing_tr": 1.5299999713897705,
  "spacing_x": 3.0,
  "spacing_y": 3.0,
  "spacing_z": 3.450000047683716,
  "summary_bg_k": 42.52629884003484,
  "summary_bg_mad": 4.144994735717773,
  "summary_bg_mean": 25.224803924560547,
  "summary_bg_median": 12.573607444763184,
  "summary_bg_n": 149923.0,
  "summary_bg_p05": 9.366710662841797,
  "summary_bg_p95": 87.45968246459955,
  "summary_bg_stdv": 37.13669967651367,
  "summary_fg_k": 0.8748434743129412,
  "summary_fg_mad": 123.37896728515625,
  "summary_fg_mean": 456.2612609863281,
  "summary_fg_median": 440.69000244140625,
  "summary_fg_n": 42526.0,
  "summary_fg_p05": 252.92240524291992,
  "summary_fg_p95": 709.0641632080078,
  "summary_fg_stdv": 141.4860076904297,
  "tsnr": 40.773014068603516
}