{
  "bids_meta": {
    "AcquisitionDateTime": "2022-05-05T09:35:8.032500",
    "AcquisitionMatrixPE": 256,
    "AcquisitionNumber": 1,
    "AcquisitionTime": "09:35:8.032500",
    "BaseResolution": 256,
    "CoilString": "C:HEA;HEP",
    "ConversionSoftware": "dcm2niix",
    "ConversionSoftwareVersion": "v1.0.20190902",
    "DeviceSerialNumber": "35420",
    "DwellTime": 9.8e-06,
    "EchoTime": 0.00226,
    "FlipAngle": 9,
    "ImageOrientationPatientDICOM": [
      0.0225444,
      0.999012,
      -0.0383012,
      0.0662957,
      -0.0397205,
      -0.997009
    ],
    "ImageType": [
      "ORIGINAL",
      "PRIMARY",
      "M",
      "ND",
      "NORM"
    ],
    "ImagingFrequency": 123.222,
    "InPlanePhaseEncodingDirectionDICOM": "ROW",
    "InstitutionAddress": "Rudolf-Bultmann-Strasse_8_Marburg_District_DE_35039",
    "InstitutionName": "Center_of_BrainImaging_Uni-Marburg",
    "InstitutionalDepartmentName": "Department",
    "InversionTime": 0.9,
    "MRAcquisitionType": "3D",
    "MagneticFieldStrength": 3,
    "Manufacturer": "Siemens",
    "ManufacturersModelName": "TrioTim",
    "Modality": "MR",
    "PartialFourier": 1,
    "PatientBirthDate": "1998-01-01",
    "PatientID": "AGB_FRAPPS_13",
    "PatientName": "20220505_AGB_FRAPPS_13",
    "PatientPosition": "HFS",
    "PatientSex": "F",
    "PatientWeight": 133,
    "PercentPhaseFOV": 100,
    "PhaseEncodingSteps": 256,
    "PhaseResolution": 1,
    "PixelBandwidth": 199,
    "ProcedureStepDescription": "AGB_Christoph",
    "ProtocolName": "t1_mpr_12CH_sag_p2_iso_FOV256_ND_REF",
    "PulseSequenceDetails": "%SiemensSeq%_tfl",
    "ReceiveCoilName": "32Ch_Head",
    "ReconMatrixPE": 256,
    "RepetitionTime": 1.9,
    "SAR": 0.0956188,
    "ScanOptions": "IR",
    "ScanningSequence": "GR_IR",
    "SequenceName": "_tfl3d1_ns",
    "SequenceVariant": "SP_MP",
    "SeriesDescription": "t1_mpr_12CH_sag_p2_iso_FOV256_ND_REF",
    "SeriesInstanceUID": "1.3.12.2.1107.5.2.32.35420.2022050509350631307929616.0.0.0",
    "SeriesNumber": 3,
    "ShimSetting": [
      9316,
      9562,
      -1837,
      -292,
      -72,
      -2564,
      430,
      205
    ],
    "SliceThickness": 1,
    "SoftwareVersions": "syngo_MR_B19",
    "StationName": "MRC35420",
    "StudyID": "1",
    "StudyInstanceUID": "1.3.12.2.1107.5.2.32.35420.30000022050306042469000000044",
    "TxRefAmp": 352.414,
    "dataset": "unknown",
    "modality": "T1w",
    "subject_id": "13"
  },
  "cjv": 0.3478786962730325,
  "cnr": 3.789697367991773,
  "efc": 0.5719822258373262,
  "fber": 840.7660522460938,
  "fwhm_avg": 5.228626666666667,
  "fwhm_x": 5.07159,
  "fwhm_y": 5.34851,
  "fwhm_z": 5.26578,
  "icvs_csf": 0.22051192760031804,
  "icvs_gm": 0.43011511837592903,
  "icvs_wm": 0.34937295402375296,
  "inu_med": 1.5974948406219482,
  "inu_range": 0.7530767560005187,
  "provenance": {
    "md5sum": "f955e37cbda8a98dbf4932ded8f3389a",
    "settings": {
      "testing": false
    },
    "software": "mriqc",
    "version": "0.15.0",
    "warnings": {
      "large_rot_frame": true,
      "small_air_mask": false
    },
    "webapi_port": null,
    "webapi_url": "https://mriqc.nimh.nih.gov/api/v1"
  },
  "qi_1": 2.6380163021870287e-06,
  "qi_2": 0.032991858548591324,
  "rpve_csf": 23.774907887107936,
  "rpve_gm": 12.75179181692032,
  "rpve_wm": 18.25554039144659,
  "size_x": 176,
  "size_y": 256,
  "size_z": 256,
  "snr_csf": 4.3006119483045495,
  "snr_gm": 12.018667584743996,
  "snr_total": 12.901105004583442,
  "snr_wm": 22.38403548070178,
  "snrd_csf": 9.691217164567531,
  "snrd_gm": 22.21909497459535,
  "snrd_total": 21.053956017294883,
  "snrd_wm": 31.251555912721763,
  "spacing_x": 1.0,
  "spacing_y": 1.0,
  "spacing_z": 1.0,
  "summary_bg_k": 2.0991897934519015,
  "summary_bg_mad": 20.963333129882812,
  "summary_bg_mean": 27.057540893554688,
  "summary_bg_median": 21.701690673828125,
  "summary_bg_n": 2439860.0,
  "summary_bg_p05": 7.1632921457290655,
  "summary_bg_p95": 57.86489963531494,
  "summary_bg_stdv": 17.926349639892578,
  "summary_csf_k": 2.660073979365647,
  "summary_csf_mad": 49.04695129394531,
  "summary_csf_mean": 328.85894775390625,
  "summary_csf_median": 310.10369873046875,
  "summary_csf_n": 47907.0,
  "summary_csf_p05": 246.66293487548828,
  "summary_csf_p95": 474.69233093261715,
  "summary_csf_stdv": 72.10612487792969,
  "summary_gm_k": 0.12385024422380786,
  "summary_gm_mad": 57.81836700439453,
  "summary_gm_mean": 710.8576049804688,
  "summary_gm_median": 710.97607421875,
  "summary_gm_n": 28242.0,
  "summary_gm_p05": 612.4871307373046,
  "summary_gm_p95": 808.3039642333985,
  "summary_gm_stdv": 59.15493392944336,
  "summary_wm_k": 0.364612896949462,
  "summary_wm_mad": 42.72711181640625,
  "summary_wm_mean": 997.6368408203125,
  "summary_wm_median": 1000.0006103515625,
  "summary_wm_n": 209982.0,
  "summary_wm_p05": 920.0153686523437,
  "summary_wm_p95": 1066.993896484375,
  "summary_wm_stdv": 44.674617767333984,
  "tpm_overlap_csf": 0.2420760840177536,
  "tpm_overlap_gm": 0.5065910816192627,
  "tpm_overlap_wm": 0.5401310920715332,
  "wm2max": 0.40365939397916173
}