{
  "aor": 0.0018763738317757008,
  "aqi": 0.007211258728971962,
  "bids_meta": {
    "AcquisitionDateTime": "2022-06-22T10:00:10.365000",
    "AcquisitionMatrixPE": 70,
    "AcquisitionNumber": 1,
    "AcquisitionTime": "10:00:10.365000",
    "BandwidthPerPixelPhaseEncode": 25.974,
    "BaseResolution": 70,
    "CoilString": "C:HEA;HEP",
    "ConversionSoftware": "dcm2niix",
    "ConversionSoftwareVersion": "v1.0.20190902",
    "DerivedVendorReportedEchoSpacing": 0.000550001,
    "DeviceSerialNumber": "35420",
    "DwellTime": 3.5e-06,
    "EchoTime": 0.03,
    "EffectiveEchoSpacing": 0.000550001,
    "FlipAngle": 60,
    "ImageComments": "Unaliased_MB2_PE2_LB",
    "ImageOrientationPatientDICOM": [
      0.999471,
      0.0139279,
      0.029404,
      -0.0104665,
      0.993339,
      -0.114751
    ],
    "ImageType": [
      "ORIGINAL",
      "PRIMARY",
      "M",
      "MB",
      "ND",
      "MOSAIC"
    ],
    "ImagingFrequency": 123.221,
    "InPlanePhaseEncodingDirectionDICOM": "COL",
    "InstitutionAddress": "Rudolf-Bultmann-Strasse_8_Marburg_District_DE_35039",
    "InstitutionName": "Center_of_BrainImaging_Uni-Marburg",
    "InstitutionalDepartmentName": "Department",
    "MRAcquisitionType": "2D",
    "MagneticFieldStrength": 3,
    "Manufacturer": "Siemens",
    "ManufacturersModelName": "TrioTim",
    "Modality": "MR",
    "MultibandAccelerationFactor": 2,
    "PartialFourier": 1,
    "PatientBirthDate": "2002-01-01",
    "PatientID": "AGB_FRAPPS_28",
    "PatientName": "20220622_AGB_FRAPPS_28",
    "PatientPosition": "HFS",
    "PatientSex": "F",
    "PatientWeight": 75,
    "PercentPhaseFOV": 100,
    "PhaseEncodingDirection": "j-",
    "PhaseEncodingSteps": 70,
    "PhaseResolution": 1,
    "PixelBandwidth": 2041,
    "ProcedureStepDescription": "AGB_Christoph",
    "ProtocolName": "cmrr_ep2d_bold_FP_MB2_iso3",
    "PulseSequenceDetails": "%CustomerSeq%_cmrr_mbep2d_bold",
    "ReceiveCoilName": "32Ch_Head",
    "ReconMatrixPE": 70,
    "RepetitionTime": 1.53,
    "SAR": 0.131136,
    "ScanOptions": "FS",
    "ScanningSequence": "EP",
    "SequenceName": "epfid2d1_70",
    "SequenceVariant": "SK_SS",
    "SeriesDescription": "cmrr_ep2d_bold_FP_MB2_iso3",
    "SeriesInstanceUID": "1.3.12.2.1107.5.2.32.35420.2022062210001445914136424.0.0.0",
    "SeriesNumber": 6,
    "ShimSetting": [
      9294,
      9486,
      -1471,
      132,
      -178,
      -2659,
      181,
      90
    ],
    "SliceThickness": 3,
    "SliceTiming": [
      0,
      0.0625,
      0.1275,
      0.19,
      0.255,
      0.3175,
      0.3825,
      0.4475,
      0.51,
      0.575,
      0.6375,
      0.7025,
      0.7675,
      0.83,
      0.895,
      0.9575,
      1.0225,
      1.0875,
      1.15,
      1.215,
      1.2775,
      1.3425,
      1.4075,
      1.47,
      0,
      0.0625,
      0.1275,
      0.19,
      0.255,
      0.3175,
      0.3825,
      0.4475,
      0.51,
      0.575,
      0.6375,
      0.7025,
      0.7675,
      0.83,
      0.895,
      0.9575,
      1.0225,
      1.0875,
      1.15,
      1.215,
      1.2775,
      1.3425,
      1.4075,
      1.47
    ],
    "SoftwareVersions": "syngo_MR_B19",
    "SpacingBetweenSlices": 3.45,
    "StationName": "MRC35420",
    "StudyID": "1",
    "StudyInstanceUID": "1.3.12.2.1107.5.2.32.35420.30000022053005374096600000298",
    "TaskName": "TODO: full task name for localizer",
    "TotalReadoutTime": 0.03795,
    "TxRefAmp": 297.141,
    "dataset": "unknown",
    "modality": "bold",
    "subject_id": "28",
    "task_id": "localizer"
  },
  "dummy_trs": 2,
  "dvars_nstd": 23.959769409625505,
  "dvars_std": 1.0924097473970038,
  "dvars_vstd": 0.9702783046254687,
  "efc": 0.4910751457587566,
  "fber": 929.193603515625,
  "fd_mean": 0.19704470259053666,
  "fd_num": 243,
  "fd_perc": 45.42056074766355,
  "fwhm_avg": 2.4841715354110208,
  "fwhm_x": 2.366206666666667,
  "fwhm_y": 2.810983333333333,
  "fwhm_z": 2.275324606233063,
  "gcor": 0.0220252,
  "gsr_x": -0.007361386902630329,
  "gsr_y": 0.07623448967933655,
  "provenance": {
    "md5sum": "4692dc9a9b8f312c27c39023cfcbfcb1",
    "settings": {
      "fd_thres": 0.2,
      "hmc_fsl": false
    },
    "software": "mriqc",
    "version": "0.15.0",
    "webapi_port": null,
    "webapi_url": "https://mriqc.nimh.nih.gov/api/v1"
  },
  "size_t": 535,
  "size_x": 70,
  "size_y": 70,
  "size_z": 48,
  "snr": 2.9352060166088405,
  "spacing_tr": 1.5299999713897705,
  "spacing_x": 3.0,
  "spacing_y": 3.0,
  "spacing_z": 3.450000047683716,
  "summary_bg_k": 77.76277381029092,
  "summary_bg_mad": 5.334597587585449,
  "summary_bg_mean": 27.325923919677734,
  "summary_bg_median": 13.282243728637695,
  "summary_bg_n": 151062.0,
  "summary_bg_p05": 9.143925666809082,
  "summary_bg_p95": 85.65411186218257,
  "summary_bg_stdv": 46.525535583496094,
  "summary_fg_k": 1.174797733921129,
  "summary_fg_mad": 123.84303283691406,
  "summary_fg_mean": 458.4104309082031,
  "summary_fg_median": 433.8448791503906,
  "summary_fg_n": 42015.0,
  "summary_fg_p05": 268.07122192382815,
  "summary_fg_p95": 739.7519714355468,
  "summary_fg_stdv": 147.8055419921875,
  "tsnr": 50.527164459228516
}