{
  "aor": 0.0026727164573694647,
  "aqi": 0.011436665803040317,
  "bids_meta": {
    "AcquisitionDateTime": "2022-06-22T09:19:59.382500",
    "AcquisitionMatrixPE": 70,
    "AcquisitionNumber": 1,
    "AcquisitionTime": "09:19:59.382500",
    "BandwidthPerPixelPhaseEncode": 25.974,
    "BaseResolution": 70,
    "CoilString": "C:HEA;HEP",
    "ConversionSoftware": "dcm2niix",
    "ConversionSoftwareVersion": "v1.0.20190902",
    "DerivedVendorReportedEchoSpacing": 0.000550001,
    "DeviceSerialNumber": "35420",
    "DwellTime": 3.5e-06,
    "EchoTime": 0.03,
    "EffectiveEchoSpacing": 0.000550001,
    "FlipAngle": 55,
    "ImageComments": "Unaliased_MB2_PE2_LB",
    "ImageOrientationPatientDICOM": [
      0.999471,
      0.0139334,
      0.0294034,
      -0.0104721,
      0.993339,
      -0.114751
    ],
    "ImageType": [
      "ORIGINAL",
      "PRIMARY",
      "M",
      "MB",
      "ND",
      "MOSAIC"
    ],
    "ImagingFrequency": 123.221,
    "InPlanePhaseEncodingDirectionDICOM": "COL",
    "InstitutionAddress": "Rudolf-Bultmann-Strasse_8_Marburg_District_DE_35039",
    "InstitutionName": "Center_of_BrainImaging_Uni-Marburg",
    "InstitutionalDepartmentName": "Department",
    "MRAcquisitionType": "2D",
    "MagneticFieldStrength": 3,
    "Manufacturer": "Siemens",
    "ManufacturersModelName": "TrioTim",
    "Modality": "MR",
    "MultibandAccelerationFactor": 2,
    "PartialFourier": 1,
    "PatientBirthDate": "2002-01-01",
    "PatientID": "AGB_FRAPPS_28",
    "PatientName": "20220622_AGB_FRAPPS_28",
    "PatientPosition": "HFS",
    "PatientSex": "F",
    "PatientWeight": 75,
    "PercentPhaseFOV": 100,
    "PhaseEncodingDirection": "j-",
    "PhaseEncodingSteps": 70,
    "PhaseResolution": 1,
    "PixelBandwidth": 2041,
    "ProcedureStepDescription": "AGB_Christoph",
    "ProtocolName": "cmrr_ep2d_bold_MB2_iso3",
    "PulseSequenceDetails": "%CustomerSeq%_cmrr_mbep2d_bold",
    "ReceiveCoilName": "32Ch_Head",
    "ReconMatrixPE": 70,
    "RepetitionTime": 1.53,
    "SAR": 0.112248,
    "ScanOptions": "FS",
    "ScanningSequence": "EP",
    "SequenceName": "epfid2d1_70",
    "SequenceVariant": "SK_SS",
    "SeriesDescription": "cmrr_ep2d_bold_MB2_iso3",
    "SeriesInstanceUID": "1.3.12.2.1107.5.2.32.35420.2022062209200311274939756.0.0.0",
    "SeriesNumber": 4,
    "ShimSetting": [
      9294,
      9486,
      -1471,
      132,
      -178,
      -2659,
      181,
      90
    ],
    "SliceThickness": 3,
    "SliceTiming": [
      0,
      0.065,
      0.13,
      0.1925,
      0.2575,
      0.32,
      0.385,
      0.4475,
      0.5125,
      0.5775,
      0.64,
      0.705,
      0.7675,
      0.8325,
      0.8975,
      0.96,
      1.025,
      1.0875,
      1.1525,
      1.2175,
      1.28,
      1.345,
      1.4075,
      1.4725,
      0,
      0.065,
      0.13,
      0.1925,
      0.2575,
      0.32,
      0.385,
      0.4475,
      0.5125,
      0.5775,
      0.64,
      0.705,
      0.7675,
      0.8325,
      0.8975,
      0.96,
      1.025,
      1.0875,
      1.1525,
      1.2175,
      1.28,
      1.345,
      1.4075,
      1.4725
    ],
    "SoftwareVersions": "syngo_MR_B19",
    "SpacingBetweenSlices": 3.45,
    "StationName": "MRC35420",
    "StudyID": "1",
    "StudyInstanceUID": "1.3.12.2.1107.5.2.32.35420.30000022053005374096600000298",
    "TaskName": "TODO: full task name for FRAPPS - replication study",
    "TotalReadoutTime": 0.03795,
    "TxRefAmp": 297.141,
    "dataset": "unknown",
    "modality": "bold",
    "subject_id": "28",
    "task_id": "frapps"
  },
  "dummy_trs": 0,
  "dvars_nstd": 22.051297042824075,
  "dvars_std": 1.0394343732341265,
  "dvars_vstd": 0.9889706725330691,
  "efc": 0.4920408401713895,
  "fber": 904.2032470703125,
  "fd_mean": 0.21733650326134205,
  "fd_num": 815,
  "fd_perc": 53.86649041639127,
  "fwhm_avg": 2.504091631904586,
  "fwhm_x": 2.38369,
  "fwhm_y": 2.826173333333333,
  "fwhm_z": 2.3024115623804238,
  "gcor": 0.0281397,
  "gsr_x": -0.008954182267189026,
  "gsr_y": 0.07593827694654465,
  "provenance": {
    "md5sum": "e0ca29d12e99753eb0e5057256d315d3",
    "settings": {
      "fd_thres": 0.2,
      "hmc_fsl": false
    },
    "software": "mriqc",
    "version": "0.15.0",
    "webapi_port": null,
    "webapi_url": "https://mriqc.nimh.nih.gov/api/v1"
  },
  "size_t": 1513,
  "size_x": 70,
  "size_y": 70,
  "size_z": 48,
  "snr": 2.9095907538410444,
  "spacing_tr": 1.5299999713897705,
  "spacing_x": 3.0,
  "spacing_y": 3.0,
  "spacing_z": 3.450000047683716,
  "summary_bg_k": 86.81038920153988,
  "summary_bg_mad": 5.290529727935791,
  "summary_bg_mean": 27.006731033325195,
  "summary_bg_median": 13.224059104919434,
  "summary_bg_n": 150771.0,
  "summary_bg_p05": 9.013218879699707,
  "summary_bg_p95": 83.77363204956055,
  "summary_bg_stdv": 46.369144439697266,
  "summary_fg_k": 1.319590247913541,
  "summary_fg_mad": 120.02318572998047,
  "summary_fg_mean": 450.30511474609375,
  "summary_fg_median": 424.42962646484375,
  "summary_fg_n": 42291.0,
  "summary_fg_p05": 263.4127655029297,
  "summary_fg_p95": 727.5429992675781,
  "summary_fg_stdv": 145.8708953857422,
  "tsnr": 37.267791748046875
}