{
  "aor": 0.003313838582677165,
  "aqi": 0.007417777217847769,
  "bids_meta": {
    "AcquisitionDateTime": "2022-06-08T07:25:53.380000",
    "AcquisitionMatrixPE": 70,
    "AcquisitionNumber": 1,
    "AcquisitionTime": "07:25:53.380000",
    "BandwidthPerPixelPhaseEncode": 25.974,
    "BaseResolution": 70,
    "CoilString": "C:HEA;HEP",
    "ConversionSoftware": "dcm2niix",
    "ConversionSoftwareVersion": "v1.0.20190902",
    "DerivedVendorReportedEchoSpacing": 0.000550001,
    "DeviceSerialNumber": "35420",
    "DwellTime": 3.5e-06,
    "EchoTime": 0.03,
    "EffectiveEchoSpacing": 0.000550001,
    "FlipAngle": 55,
    "ImageComments": "Unaliased_MB2_PE2_LB",
    "ImageOrientationPatientDICOM": [
      0.990833,
      -0.066292,
      0.117712,
      0.093879,
      0.964437,
      -0.247077
    ],
    "ImageType": [
      "ORIGINAL",
      "PRIMARY",
      "M",
      "MB",
      "ND",
      "MOSAIC"
    ],
    "ImagingFrequency": 123.221,
    "InPlanePhaseEncodingDirectionDICOM": "COL",
    "InstitutionAddress": "Rudolf-Bultmann-Strasse_8_Marburg_District_DE_35039",
    "InstitutionName": "Center_of_BrainImaging_Uni-Marburg",
    "InstitutionalDepartmentName": "Department",
    "MRAcquisitionType": "2D",
    "MagneticFieldStrength": 3,
    "Manufacturer": "Siemens",
    "ManufacturersModelName": "TrioTim",
    "Modality": "MR",
    "MultibandAccelerationFactor": 2,
    "PartialFourier": 1,
    "PatientBirthDate": "2001-01-01",
    "PatientID": "AGB_FRAPPS_17",
    "PatientName": "20220608_AGB_FRAPPS_17",
    "PatientPosition": "HFS",
    "PatientSex": "M",
    "PatientWeight": 90,
    "PercentPhaseFOV": 100,
    "PhaseEncodingDirection": "j-",
    "PhaseEncodingSteps": 70,
    "PhaseResolution": 1,
    "PixelBandwidth": 2041,
    "ProcedureStepDescription": "AGB_Christoph",
    "ProtocolName": "cmrr_ep2d_bold_MB2_iso3",
    "PulseSequenceDetails": "%CustomerSeq%_cmrr_mbep2d_bold",
    "ReceiveCoilName": "32Ch_Head",
    "ReconMatrixPE": 70,
    "RepetitionTime": 1.53,
    "SAR": 0.107518,
    "ScanOptions": "FS",
    "ScanningSequence": "EP",
    "SequenceName": "epfid2d1_70",
    "SequenceVariant": "SK_SS",
    "SeriesDescription": "cmrr_ep2d_bold_MB2_iso3",
    "SeriesInstanceUID": "1.3.12.2.1107.5.2.32.35420.2022060807255661751209766.0.0.0",
    "SeriesNumber": 4,
    "ShimSetting": [
      9364,
      9549,
      -1438,
      221,
      -93,
      -2795,
      487,
      72
    ],
    "SliceThickness": 3,
    "SliceTiming": [
      0,
      0.0625,
      0.1275,
      0.19,
      0.255,
      0.32,
      0.3825,
      0.4475,
      0.51,
      0.575,
      0.64,
      0.7025,
      0.7675,
      0.83,
      0.895,
      0.96,
      1.0225,
      1.0875,
      1.15,
      1.215,
      1.2775,
      1.3425,
      1.4075,
      1.47,
      0,
      0.0625,
      0.1275,
      0.19,
      0.255,
      0.32,
      0.3825,
      0.4475,
      0.51,
      0.575,
      0.64,
      0.7025,
      0.7675,
      0.83,
      0.895,
      0.96,
      1.0225,
      1.0875,
      1.15,
      1.215,
      1.2775,
      1.3425,
      1.4075,
      1.47
    ],
    "SoftwareVersions": "syngo_MR_B19",
    "SpacingBetweenSlices": 3.45,
    "StationName": "MRC35420",
    "StudyID": "1",
    "StudyInstanceUID": "1.3.12.2.1107.5.2.32.35420.30000022053005374096600000116",
    "TaskName": "TODO: full task name for FRAPPS - replication study",
    "TotalReadoutTime": 0.03795,
    "TxRefAmp": 295.333,
    "dataset": "unknown",
    "modality": "bold",
    "subject_id": "17",
    "task_id": "frapps"
  },
  "dummy_trs": 0,
  "dvars_nstd": 21.737401276021014,
  "dvars_std": 1.1003666010571227,
  "dvars_vstd": 1.0221135921076825,
  "efc": 0.5300915037593692,
  "fber": 656.8118286132812,
  "fd_mean": 0.13349699618809863,
  "fd_num": 236,
  "fd_perc": 15.485564304461942,
  "fwhm_avg": 2.560834964444265,
  "fwhm_x": 2.392396666666667,
  "fwhm_y": 2.8154299999999997,
  "fwhm_z": 2.4746782266661294,
  "gcor": 0.0362681,
  "gsr_x": -0.0031506374944001436,
  "gsr_y": 0.099250927567482,
  "provenance": {
    "md5sum": "77b290abe0bd1dd6b9c48e06232438a9",
    "settings": {
      "fd_thres": 0.2,
      "hmc_fsl": false
    },
    "software": "mriqc",
    "version": "0.15.0",
    "webapi_port": null,
    "webapi_url": "https://mriqc.nimh.nih.gov/api/v1"
  },
  "size_t": 1524,
  "size_x": 70,
  "size_y": 70,
  "size_z": 48,
  "snr": 2.811544696482222,
  "spacing_tr": 1.5299999713897705,
  "spacing_x": 3.0,
  "spacing_y": 3.0,
  "spacing_z": 3.450000047683716,
  "summary_bg_k": 59.97807693084091,
  "summary_bg_mad": 7.800200462341309,
  "summary_bg_mean": 34.29302215576172,
  "summary_bg_median": 15.518372535705566,
  "summary_bg_n": 142783.0,
  "summary_bg_p05": 9.148293495178223,
  "summary_bg_p95": 122.07710266113278,
  "summary_bg_stdv": 56.486576080322266,
  "summary_fg_k": 1.381817320479123,
  "summary_fg_mad": 125.26093292236328,
  "summary_fg_mean": 446.9693603515625,
  "summary_fg_median": 424.6273193359375,
  "summary_fg_n": 48690.0,
  "summary_fg_p05": 237.89367446899413,
  "summary_fg_p95": 727.2676483154296,
  "summary_fg_stdv": 151.02835083007812,
  "tsnr": 46.3614616394043
}