{
  "aor": 0.002831973929236499,
  "aqi": 0.003586494878957169,
  "bids_meta": {
    "AcquisitionDateTime": "2022-06-08T08:06:20.362500",
    "AcquisitionMatrixPE": 70,
    "AcquisitionNumber": 1,
    "AcquisitionTime": "08:06:20.362500",
    "BandwidthPerPixelPhaseEncode": 25.974,
    "BaseResolution": 70,
    "CoilString": "C:HEA;HEP",
    "ConversionSoftware": "dcm2niix",
    "ConversionSoftwareVersion": "v1.0.20190902",
    "DerivedVendorReportedEchoSpacing": 0.000550001,
    "DeviceSerialNumber": "35420",
    "DwellTime": 3.5e-06,
    "EchoTime": 0.03,
    "EffectiveEchoSpacing": 0.000550001,
    "FlipAngle": 60,
    "ImageComments": "Unaliased_MB2_PE2_LB",
    "ImageOrientationPatientDICOM": [
      0.990837,
      -0.0662498,
      0.117701,
      0.0938357,
      0.96444,
      -0.247082
    ],
    "ImageType": [
      "ORIGINAL",
      "PRIMARY",
      "M",
      "MB",
      "ND",
      "MOSAIC"
    ],
    "ImagingFrequency": 123.221,
    "InPlanePhaseEncodingDirectionDICOM": "COL",
    "InstitutionAddress": "Rudolf-Bultmann-Strasse_8_Marburg_District_DE_35039",
    "InstitutionName": "Center_of_BrainImaging_Uni-Marburg",
    "InstitutionalDepartmentName": "Department",
    "MRAcquisitionType": "2D",
    "MagneticFieldStrength": 3,
    "Manufacturer": "Siemens",
    "ManufacturersModelName": "TrioTim",
    "Modality": "MR",
    "MultibandAccelerationFactor": 2,
    "PartialFourier": 1,
    "PatientBirthDate": "2001-01-01",
    "PatientID": "AGB_FRAPPS_17",
    "PatientName": "20220608_AGB_FRAPPS_17",
    "PatientPosition": "HFS",
    "PatientSex": "M",
    "PatientWeight": 90,
    "PercentPhaseFOV": 100,
    "PhaseEncodingDirection": "j-",
    "PhaseEncodingSteps": 70,
    "PhaseResolution": 1,
    "PixelBandwidth": 2041,
    "ProcedureStepDescription": "AGB_Christoph",
    "ProtocolName": "cmrr_ep2d_bold_FP_MB2_iso3",
    "PulseSequenceDetails": "%CustomerSeq%_cmrr_mbep2d_bold",
    "ReceiveCoilName": "32Ch_Head",
    "ReconMatrixPE": 70,
    "RepetitionTime": 1.53,
    "SAR": 0.123653,
    "ScanOptions": "FS",
    "ScanningSequence": "EP",
    "SequenceName": "epfid2d1_70",
    "SequenceVariant": "SK_SS",
    "SeriesDescription": "cmrr_ep2d_bold_FP_MB2_iso3",
    "SeriesInstanceUID": "1.3.12.2.1107.5.2.32.35420.2022060808062390147708598.0.0.0",
    "SeriesNumber": 6,
    "ShimSetting": [
      9364,
      9549,
      -1438,
      221,
      -93,
      -2795,
      487,
      72
    ],
    "SliceThickness": 3,
    "SliceTiming": [
      0,
      0.065,
      0.1275,
      0.1925,
      0.2575,
      0.32,
      0.385,
      0.4475,
      0.5125,
      0.575,
      0.64,
      0.705,
      0.7675,
      0.8325,
      0.895,
      0.96,
      1.025,
      1.0875,
      1.1525,
      1.215,
      1.28,
      1.345,
      1.4075,
      1.4725,
      0,
      0.065,
      0.1275,
      0.1925,
      0.2575,
      0.32,
      0.385,
      0.4475,
      0.5125,
      0.575,
      0.64,
      0.705,
      0.7675,
      0.8325,
      0.895,
      0.96,
      1.025,
      1.0875,
      1.1525,
      1.215,
      1.28,
      1.345,
      1.4075,
      1.4725
    ],
    "SoftwareVersions": "syngo_MR_B19",
    "SpacingBetweenSlices": 3.45,
    "StationName": "MRC35420",
    "StudyID": "1",
    "StudyInstanceUID": "1.3.12.2.1107.5.2.32.35420.30000022053005374096600000116",
    "TaskName": "TODO: full task name for localizer",
    "TotalReadoutTime": 0.03795,
    "TxRefAmp": 295.333,
    "dataset": "unknown",
    "modality": "bold",
    "subject_id": "17",
    "task_id": "localizer"
  },
  "dummy_trs": 0,
  "dvars_nstd": 21.654159684701497,
  "dvars_std": 1.1493181138246273,
  "dvars_vstd": 1.0261007910261184,
  "efc": 0.5290554763810013,
  "fber": 678.9442749023438,
  "fd_mean": 0.140781111920744,
  "fd_num": 115,
  "fd_perc": 21.415270018621975,
  "fwhm_avg": 2.5485009879788243,
  "fwhm_x": 2.3986998093684666,
  "fwhm_y": 2.79858,
  "fwhm_z": 2.4482231545680064,
  "gcor": 0.022675,
  "gsr_x": 0.0010461919009685516,
  "gsr_y": 0.09642257541418076,
  "provenance": {
    "md5sum": "efed9867e3aebd85f93d79b8e5f0b01a",
    "settings": {
      "fd_thres": 0.2,
      "hmc_fsl": false
    },
    "software": "mriqc",
    "version": "0.15.0",
    "webapi_port": null,
    "webapi_url": "https://mriqc.nimh.nih.gov/api/v1"
  },
  "size_t": 537,
  "size_x": 70,
  "size_y": 70,
  "size_z": 48,
  "snr": 2.810601742622573,
  "spacing_tr": 1.5299999713897705,
  "spacing_x": 3.000000238418579,
  "spacing_y": 3.0,
  "spacing_z": 3.450000047683716,
  "summary_bg_k": 67.80123443585252,
  "summary_bg_mad": 7.429576873779297,
  "summary_bg_mean": 34.82014465332031,
  "summary_bg_median": 15.633147239685059,
  "summary_bg_n": 142829.0,
  "summary_bg_p05": 10.040968894958496,
  "summary_bg_p95": 125.6770965576172,
  "summary_bg_stdv": 57.72412872314453,
  "summary_fg_k": 1.2373914900798235,
  "summary_fg_mad": 130.1225128173828,
  "summary_fg_mean": 456.9067687988281,
  "summary_fg_median": 435.25421142578125,
  "summary_fg_n": 48722.0,
  "summary_fg_p05": 238.52226104736326,
  "summary_fg_p95": 740.5035217285156,
  "summary_fg_stdv": 154.8599853515625,
  "tsnr": 62.5235481262207
}