{
  "aor": 0.002585310206804536,
  "aqi": 0.008366025096731155,
  "bids_meta": {
    "AcquisitionDateTime": "2022-05-25T07:30:56.382500",
    "AcquisitionMatrixPE": 70,
    "AcquisitionNumber": 1,
    "AcquisitionTime": "07:30:56.382500",
    "BandwidthPerPixelPhaseEncode": 25.974,
    "BaseResolution": 70,
    "CoilString": "C:HEA;HEP",
    "ConversionSoftware": "dcm2niix",
    "ConversionSoftwareVersion": "v1.0.20190902",
    "DerivedVendorReportedEchoSpacing": 0.000550001,
    "DeviceSerialNumber": "35420",
    "DwellTime": 3.5e-06,
    "EchoTime": 0.03,
    "EffectiveEchoSpacing": 0.000550001,
    "FlipAngle": 55,
    "ImageComments": "Unaliased_MB2_PE2_LB",
    "ImageOrientationPatientDICOM": [
      0.998618,
      -0.0148285,
      -0.0504298,
      0.00861411,
      0.99258,
      -0.121284
    ],
    "ImageType": [
      "ORIGINAL",
      "PRIMARY",
      "M",
      "MB",
      "ND",
      "MOSAIC"
    ],
    "ImagingFrequency": 123.221,
    "InPlanePhaseEncodingDirectionDICOM": "COL",
    "InstitutionAddress": "Rudolf-Bultmann-Strasse_8_Marburg_District_DE_35039",
    "InstitutionName": "Center_of_BrainImaging_Uni-Marburg",
    "InstitutionalDepartmentName": "Department",
    "MRAcquisitionType": "2D",
    "MagneticFieldStrength": 3,
    "Manufacturer": "Siemens",
    "ManufacturersModelName": "TrioTim",
    "Modality": "MR",
    "MultibandAccelerationFactor": 2,
    "PartialFourier": 1,
    "PatientBirthDate": "1992-01-01",
    "PatientID": "AGB_FRAPPS_15",
    "PatientName": "20220525_AGB_FRAPPS_15",
    "PatientPosition": "HFS",
    "PatientSex": "M",
    "PatientWeight": 85,
    "PercentPhaseFOV": 100,
    "PhaseEncodingDirection": "j-",
    "PhaseEncodingSteps": 70,
    "PhaseResolution": 1,
    "PixelBandwidth": 2041,
    "ProcedureStepDescription": "AGB_Christoph",
    "ProtocolName": "cmrr_ep2d_bold_MB2_iso3",
    "PulseSequenceDetails": "%CustomerSeq%_cmrr_mbep2d_bold",
    "ReceiveCoilName": "32Ch_Head",
    "ReconMatrixPE": 70,
    "RepetitionTime": 1.53,
    "SAR": 0.0996874,
    "ScanOptions": "FS",
    "ScanningSequence": "EP",
    "SequenceName": "epfid2d1_70",
    "SequenceVariant": "SK_SS",
    "SeriesDescription": "cmrr_ep2d_bold_MB2_iso3",
    "SeriesInstanceUID": "1.3.12.2.1107.5.2.32.35420.2022052507305923105930749.0.0.0",
    "SeriesNumber": 4,
    "ShimSetting": [
      9308,
      9525,
      -1443,
      469,
      -105,
      -2458,
      408,
      306
    ],
    "SliceThickness": 3,
    "SliceTiming": [
      0,
      0.0625,
      0.1275,
      0.19,
      0.255,
      0.32,
      0.3825,
      0.4475,
      0.51,
      0.575,
      0.64,
      0.7025,
      0.7675,
      0.83,
      0.895,
      0.96,
      1.0225,
      1.0875,
      1.15,
      1.215,
      1.2775,
      1.3425,
      1.4075,
      1.47,
      0,
      0.0625,
      0.1275,
      0.19,
      0.255,
      0.32,
      0.3825,
      0.4475,
      0.51,
      0.575,
      0.64,
      0.7025,
      0.7675,
      0.83,
      0.895,
      0.96,
      1.0225,
      1.0875,
      1.15,
      1.215,
      1.2775,
      1.3425,
      1.4075,
      1.47
    ],
    "SoftwareVersions": "syngo_MR_B19",
    "SpacingBetweenSlices": 3.45,
    "StationName": "MRC35420",
    "StudyID": "1",
    "StudyInstanceUID": "1.3.12.2.1107.5.2.32.35420.30000022050306042469000000428",
    "TaskName": "TODO: full task name for FRAPPS - replication study",
    "TotalReadoutTime": 0.03795,
    "TxRefAmp": 307.48,
    "dataset": "unknown",
    "modality": "bold",
    "subject_id": "15",
    "task_id": "frapps"
  },
  "dummy_trs": 0,
  "dvars_nstd": 23.115582540607498,
  "dvars_std": 1.1038231932510028,
  "dvars_vstd": 0.9763324273765016,
  "efc": 0.5257289468922516,
  "fber": 713.949951171875,
  "fd_mean": 0.17334500417731907,
  "fd_num": 462,
  "fd_perc": 30.820547031354238,
  "fwhm_avg": 2.4170633228767016,
  "fwhm_x": 2.3359733333333335,
  "fwhm_y": 2.64555,
  "fwhm_z": 2.2696666352967716,
  "gcor": 0.0566562,
  "gsr_x": 0.014169050380587578,
  "gsr_y": 0.08245775103569031,
  "provenance": {
    "md5sum": "8ac7656e552f771a959fa05c35126695",
    "settings": {
      "fd_thres": 0.2,
      "hmc_fsl": false
    },
    "software": "mriqc",
    "version": "0.15.0",
    "webapi_port": null,
    "webapi_url": "https://mriqc.nimh.nih.gov/api/v1"
  },
  "size_t": 1499,
  "size_x": 70,
  "size_y": 70,
  "size_z": 48,
  "snr": 2.845465190035299,
  "spacing_tr": 1.5299999713897705,
  "spacing_x": 3.0,
  "spacing_y": 3.0,
  "spacing_z": 3.450000047683716,
  "summary_bg_k": 29.96867801908924,
  "summary_bg_mad": 7.1138200759887695,
  "summary_bg_mean": 34.72075653076172,
  "summary_bg_median": 15.091060638427734,
  "summary_bg_n": 146000.0,
  "summary_bg_p05": 9.527018547058105,
  "summary_bg_p95": 138.5953292846679,
  "summary_bg_stdv": 55.71400451660156,
  "summary_fg_k": 1.3465443697883677,
  "summary_fg_mad": 126.026123046875,
  "summary_fg_mean": 451.837158203125,
  "summary_fg_median": 428.3128967285156,
  "summary_fg_n": 45627.0,
  "summary_fg_p05": 245.94216766357422,
  "summary_fg_p95": 726.1301696777343,
  "summary_fg_stdv": 150.52308654785156,
  "tsnr": 42.29695129394531
}