{
  "bids_meta": {
    "AcquisitionDateTime": "2022-05-03T16:09:46.717500",
    "AcquisitionMatrixPE": 256,
    "AcquisitionNumber": 1,
    "AcquisitionTime": "16:09:46.717500",
    "BaseResolution": 256,
    "CoilString": "C:HEA;HEP",
    "ConversionSoftware": "dcm2niix",
    "ConversionSoftwareVersion": "v1.0.20190902",
    "DeviceSerialNumber": "35420",
    "DwellTime": 9.8e-06,
    "EchoTime": 0.00226,
    "FlipAngle": 9,
    "ImageOrientationPatientDICOM": [
      0.0448739,
      0.990045,
      0.133403,
      0.017771,
      0.132725,
      -0.990994
    ],
    "ImageType": [
      "ORIGINAL",
      "PRIMARY",
      "M",
      "ND",
      "NORM"
    ],
    "ImagingFrequency": 123.222,
    "InPlanePhaseEncodingDirectionDICOM": "ROW",
    "InstitutionAddress": "Rudolf-Bultmann-Strasse_8_Marburg_District_DE_35039",
    "InstitutionName": "Center_of_BrainImaging_Uni-Marburg",
    "InstitutionalDepartmentName": "Department",
    "InversionTime": 0.9,
    "MRAcquisitionType": "3D",
    "MagneticFieldStrength": 3,
    "Manufacturer": "Siemens",
    "ManufacturersModelName": "TrioTim",
    "Modality": "MR",
    "PartialFourier": 1,
    "PatientBirthDate": "1999-01-01",
    "PatientID": "AGB_FRAPPS_11",
    "PatientName": "20220503_AGB_FRAPPS_11",
    "PatientPosition": "HFS",
    "PatientSex": "F",
    "PatientWeight": 61,
    "PercentPhaseFOV": 100,
    "PhaseEncodingSteps": 256,
    "PhaseResolution": 1,
    "PixelBandwidth": 199,
    "ProcedureStepDescription": "AGB_Christoph",
    "ProtocolName": "t1_mpr_12CH_sag_p2_iso_FOV256_ND_REF",
    "PulseSequenceDetails": "%SiemensSeq%_tfl",
    "ReceiveCoilName": "32Ch_Head",
    "ReconMatrixPE": 256,
    "RepetitionTime": 1.9,
    "SAR": 0.103924,
    "ScanOptions": "IR",
    "ScanningSequence": "GR_IR",
    "SequenceName": "_tfl3d1_ns",
    "SequenceVariant": "SP_MP",
    "SeriesDescription": "t1_mpr_12CH_sag_p2_iso_FOV256_ND_REF",
    "SeriesInstanceUID": "1.3.12.2.1107.5.2.32.35420.2022050316094463014731664.0.0.0",
    "SeriesNumber": 3,
    "ShimSetting": [
      9316,
      9562,
      -1837,
      -292,
      -72,
      -2564,
      430,
      205
    ],
    "SliceThickness": 1,
    "SoftwareVersions": "syngo_MR_B19",
    "StationName": "MRC35420",
    "StudyID": "1",
    "StudyInstanceUID": "1.3.12.2.1107.5.2.32.35420.30000022050306042469000000020",
    "TxRefAmp": 310.323,
    "dataset": "unknown",
    "modality": "T1w",
    "subject_id": "11"
  },
  "cjv": 0.366398585544491,
  "cnr": 3.6268816530176506,
  "efc": 0.5893905677230763,
  "fber": 768.6088256835938,
  "fwhm_avg": 5.070683333333334,
  "fwhm_x": 4.98976,
  "fwhm_y": 5.15314,
  "fwhm_z": 5.06915,
  "icvs_csf": 0.24429768787006478,
  "icvs_gm": 0.39826171444119557,
  "icvs_wm": 0.35744059768873965,
  "inu_med": 1.3036948442459106,
  "inu_range": 0.5843790054321292,
  "provenance": {
    "md5sum": "33b2e47c15a05fad85e6e6cb2941f042",
    "settings": {
      "testing": false
    },
    "software": "mriqc",
    "version": "0.15.0",
    "warnings": {
      "large_rot_frame": true,
      "small_air_mask": false
    },
    "webapi_port": null,
    "webapi_url": "https://mriqc.nimh.nih.gov/api/v1"
  },
  "qi_1": 0.0,
  "qi_2": 0.011021326535951028,
  "rpve_csf": 24.926447274437727,
  "rpve_gm": 14.988994609981418,
  "rpve_wm": 20.37720745645541,
  "size_x": 176,
  "size_y": 256,
  "size_z": 256,
  "snr_csf": 3.9594478553700716,
  "snr_gm": 12.177193391934415,
  "snr_total": 13.547540970219885,
  "snr_wm": 24.50598166335517,
  "snrd_csf": 9.84596005847237,
  "snrd_gm": 21.93698253851611,
  "snrd_total": 20.62909608628098,
  "snrd_wm": 30.104345661854467,
  "spacing_x": 1.0,
  "spacing_y": 1.0,
  "spacing_z": 1.0,
  "summary_bg_k": 1.4562947557038557,
  "summary_bg_mad": 21.762300491333008,
  "summary_bg_mean": 27.554136276245117,
  "summary_bg_median": 22.38318634033203,
  "summary_bg_n": 1941365.0,
  "summary_bg_p05": 0.0,
  "summary_bg_p95": 59.74443969726562,
  "summary_bg_stdv": 18.696897506713867,
  "summary_csf_k": 0.8875585607697971,
  "summary_csf_mad": 71.13011169433594,
  "summary_csf_mean": 342.04229736328125,
  "summary_csf_median": 327.06280517578125,
  "summary_csf_n": 39488.0,
  "summary_csf_p05": 233.49816436767577,
  "summary_csf_p95": 499.6808120727539,
  "summary_csf_stdv": 82.60208892822266,
  "summary_gm_k": -0.013785639759119395,
  "summary_gm_mad": 60.368263244628906,
  "summary_gm_mean": 727.8270263671875,
  "summary_gm_median": 728.7020263671875,
  "summary_gm_n": 18110.0,
  "summary_gm_p05": 626.8911163330079,
  "summary_gm_p95": 823.0546966552733,
  "summary_gm_stdv": 59.83988952636719,
  "summary_wm_k": 0.3646454390488145,
  "summary_wm_mad": 39.0368537902832,
  "summary_wm_mean": 999.8514404296875,
  "summary_wm_median": 1000.0052490234375,
  "summary_wm_n": 194148.0,
  "summary_wm_p05": 932.0865081787109,
  "summary_wm_p95": 1066.421044921875,
  "summary_wm_stdv": 40.80647277832031,
  "tpm_overlap_csf": 0.23155005276203156,
  "tpm_overlap_gm": 0.5000872611999512,
  "tpm_overlap_wm": 0.56402188539505,
  "wm2max": 0.42588292090888996
}