{
  "aor": 0.0030755059920106525,
  "aqi": 0.009164626171770971,
  "bids_meta": {
    "AcquisitionDateTime": "2022-06-09T08:25:59.882500",
    "AcquisitionMatrixPE": 70,
    "AcquisitionNumber": 1,
    "AcquisitionTime": "08:25:59.882500",
    "BandwidthPerPixelPhaseEncode": 25.974,
    "BaseResolution": 70,
    "CoilString": "C:HEA;HEP",
    "ConversionSoftware": "dcm2niix",
    "ConversionSoftwareVersion": "v1.0.20190902",
    "DerivedVendorReportedEchoSpacing": 0.000550001,
    "DeviceSerialNumber": "35420",
    "DwellTime": 3.5e-06,
    "EchoTime": 0.03,
    "EffectiveEchoSpacing": 0.000550001,
    "FlipAngle": 55,
    "ImageComments": "Unaliased_MB2_PE2_LB",
    "ImageOrientationPatientDICOM": [
      0.997614,
      -0.0665561,
      0.018361,
      0.0666853,
      0.997753,
      -0.00651561
    ],
    "ImageType": [
      "ORIGINAL",
      "PRIMARY",
      "M",
      "MB",
      "ND",
      "MOSAIC"
    ],
    "ImagingFrequency": 123.221,
    "InPlanePhaseEncodingDirectionDICOM": "COL",
    "InstitutionAddress": "Rudolf-Bultmann-Strasse_8_Marburg_District_DE_35039",
    "InstitutionName": "Center_of_BrainImaging_Uni-Marburg",
    "InstitutionalDepartmentName": "Department",
    "MRAcquisitionType": "2D",
    "MagneticFieldStrength": 3,
    "Manufacturer": "Siemens",
    "ManufacturersModelName": "TrioTim",
    "Modality": "MR",
    "MultibandAccelerationFactor": 2,
    "PartialFourier": 1,
    "PatientBirthDate": "2000-01-01",
    "PatientID": "AGB_FRAPPS_18",
    "PatientName": "20220609_AGB_FRAPPS_18",
    "PatientPosition": "HFS",
    "PatientSex": "F",
    "PatientWeight": 70,
    "PercentPhaseFOV": 100,
    "PhaseEncodingDirection": "j-",
    "PhaseEncodingSteps": 70,
    "PhaseResolution": 1,
    "PixelBandwidth": 2041,
    "ProcedureStepDescription": "AGB_Christoph",
    "ProtocolName": "cmrr_ep2d_bold_MB2_iso3",
    "PulseSequenceDetails": "%CustomerSeq%_cmrr_mbep2d_bold",
    "ReceiveCoilName": "32Ch_Head",
    "ReconMatrixPE": 70,
    "RepetitionTime": 1.53,
    "SAR": 0.101444,
    "ScanOptions": "FS",
    "ScanningSequence": "EP",
    "SequenceName": "epfid2d1_70",
    "SequenceVariant": "SK_SS",
    "SeriesDescription": "cmrr_ep2d_bold_MB2_iso3",
    "SeriesInstanceUID": "1.3.12.2.1107.5.2.32.35420.2022060908260351220782469.0.0.0",
    "SeriesNumber": 4,
    "ShimSetting": [
      9316,
      9454,
      -1450,
      291,
      -128,
      -2802,
      933,
      253
    ],
    "SliceThickness": 3,
    "SliceTiming": [
      0,
      0.065,
      0.1275,
      0.1925,
      0.2575,
      0.32,
      0.385,
      0.4475,
      0.5125,
      0.575,
      0.64,
      0.705,
      0.7675,
      0.8325,
      0.895,
      0.96,
      1.025,
      1.0875,
      1.1525,
      1.215,
      1.28,
      1.345,
      1.4075,
      1.4725,
      0,
      0.065,
      0.1275,
      0.1925,
      0.2575,
      0.32,
      0.385,
      0.4475,
      0.5125,
      0.575,
      0.64,
      0.705,
      0.7675,
      0.8325,
      0.895,
      0.96,
      1.025,
      1.0875,
      1.1525,
      1.215,
      1.28,
      1.345,
      1.4075,
      1.4725
    ],
    "SoftwareVersions": "syngo_MR_B19",
    "SpacingBetweenSlices": 3.45,
    "StationName": "MRC35420",
    "StudyID": "1",
    "StudyInstanceUID": "1.3.12.2.1107.5.2.32.35420.30000022053005374096600000134",
    "TaskName": "TODO: full task name for FRAPPS - replication study",
    "TotalReadoutTime": 0.03795,
    "TxRefAmp": 308.541,
    "dataset": "unknown",
    "modality": "bold",
    "subject_id": "18",
    "task_id": "frapps"
  },
  "dummy_trs": 2,
  "dvars_nstd": 20.64614754166553,
  "dvars_std": 1.036453482438375,
  "dvars_vstd": 0.9852360045436388,
  "efc": 0.4846960515916523,
  "fber": 935.56787109375,
  "fd_mean": 0.21195657610717203,
  "fd_num": 795,
  "fd_perc": 52.929427430093206,
  "fwhm_avg": 2.5956814381357813,
  "fwhm_x": 2.3977999999999997,
  "fwhm_y": 2.97134,
  "fwhm_z": 2.417904314407344,
  "gcor": 0.0204497,
  "gsr_x": 0.0004320299776736647,
  "gsr_y": 0.06519851833581924,
  "provenance": {
    "md5sum": "a95d178494ef6f2c912ff2b987dfee74",
    "settings": {
      "fd_thres": 0.2,
      "hmc_fsl": false
    },
    "software": "mriqc",
    "version": "0.15.0",
    "webapi_port": null,
    "webapi_url": "https://mriqc.nimh.nih.gov/api/v1"
  },
  "size_t": 1502,
  "size_x": 70,
  "size_y": 70,
  "size_z": 48,
  "snr": 2.818473038963577,
  "spacing_tr": 1.5299999713897705,
  "spacing_x": 3.0,
  "spacing_y": 3.0,
  "spacing_z": 3.450000047683716,
  "summary_bg_k": 69.84887686646974,
  "summary_bg_mad": 4.586986064910889,
  "summary_bg_mean": 25.283832550048828,
  "summary_bg_median": 12.581890106201172,
  "summary_bg_n": 152717.0,
  "summary_bg_p05": 8.837549209594727,
  "summary_bg_p95": 83.22369689941401,
  "summary_bg_stdv": 39.769466400146484,
  "summary_fg_k": 1.327068993529716,
  "summary_fg_mad": 123.09449005126953,
  "summary_fg_mean": 423.211181640625,
  "summary_fg_median": 407.94805908203125,
  "summary_fg_n": 40727.0,
  "summary_fg_p05": 208.49207153320313,
  "summary_fg_p95": 680.298095703125,
  "summary_fg_stdv": 144.73902893066406,
  "tsnr": 35.1763916015625
}