{
  "aor": 0.0015956954887218046,
  "aqi": 0.002849550770676692,
  "bids_meta": {
    "AcquisitionDateTime": "2022-06-09T09:06:34.380000",
    "AcquisitionMatrixPE": 70,
    "AcquisitionNumber": 1,
    "AcquisitionTime": "09:06:34.380000",
    "BandwidthPerPixelPhaseEncode": 25.974,
    "BaseResolution": 70,
    "CoilString": "C:HEA;HEP",
    "ConversionSoftware": "dcm2niix",
    "ConversionSoftwareVersion": "v1.0.20190902",
    "DerivedVendorReportedEchoSpacing": 0.000550001,
    "DeviceSerialNumber": "35420",
    "DwellTime": 3.5e-06,
    "EchoTime": 0.03,
    "EffectiveEchoSpacing": 0.000550001,
    "FlipAngle": 60,
    "ImageComments": "Unaliased_MB2_PE2_LB",
    "ImageOrientationPatientDICOM": [
      0.997619,
      -0.0664823,
      0.0183606,
      0.0666115,
      0.997758,
      -0.00651695
    ],
    "ImageType": [
      "ORIGINAL",
      "PRIMARY",
      "M",
      "MB",
      "ND",
      "MOSAIC"
    ],
    "ImagingFrequency": 123.221,
    "InPlanePhaseEncodingDirectionDICOM": "COL",
    "InstitutionAddress": "Rudolf-Bultmann-Strasse_8_Marburg_District_DE_35039",
    "InstitutionName": "Center_of_BrainImaging_Uni-Marburg",
    "InstitutionalDepartmentName": "Department",
    "MRAcquisitionType": "2D",
    "MagneticFieldStrength": 3,
    "Manufacturer": "Siemens",
    "ManufacturersModelName": "TrioTim",
    "Modality": "MR",
    "MultibandAccelerationFactor": 2,
    "PartialFourier": 1,
    "PatientBirthDate": "2000-01-01",
    "PatientID": "AGB_FRAPPS_18",
    "PatientName": "20220609_AGB_FRAPPS_18",
    "PatientPosition": "HFS",
    "PatientSex": "F",
    "PatientWeight": 70,
    "PercentPhaseFOV": 100,
    "PhaseEncodingDirection": "j-",
    "PhaseEncodingSteps": 70,
    "PhaseResolution": 1,
    "PixelBandwidth": 2041,
    "ProcedureStepDescription": "AGB_Christoph",
    "ProtocolName": "cmrr_ep2d_bold_FP_MB2_iso3",
    "PulseSequenceDetails": "%CustomerSeq%_cmrr_mbep2d_bold",
    "ReceiveCoilName": "32Ch_Head",
    "ReconMatrixPE": 70,
    "RepetitionTime": 1.53,
    "SAR": 0.118023,
    "ScanOptions": "FS",
    "ScanningSequence": "EP",
    "SequenceName": "epfid2d1_70",
    "SequenceVariant": "SK_SS",
    "SeriesDescription": "cmrr_ep2d_bold_FP_MB2_iso3",
    "SeriesInstanceUID": "1.3.12.2.1107.5.2.32.35420.2022060909063851254377513.0.0.0",
    "SeriesNumber": 6,
    "ShimSetting": [
      9316,
      9454,
      -1450,
      291,
      -128,
      -2802,
      933,
      253
    ],
    "SliceThickness": 3,
    "SliceTiming": [
      0,
      0.065,
      0.1275,
      0.1925,
      0.2575,
      0.32,
      0.385,
      0.4475,
      0.5125,
      0.5775,
      0.64,
      0.705,
      0.7675,
      0.8325,
      0.8975,
      0.96,
      1.025,
      1.0875,
      1.1525,
      1.2175,
      1.28,
      1.345,
      1.4075,
      1.4725,
      0,
      0.065,
      0.1275,
      0.1925,
      0.2575,
      0.32,
      0.385,
      0.4475,
      0.5125,
      0.5775,
      0.64,
      0.705,
      0.7675,
      0.8325,
      0.8975,
      0.96,
      1.025,
      1.0875,
      1.1525,
      1.2175,
      1.28,
      1.345,
      1.4075,
      1.4725
    ],
    "SoftwareVersions": "syngo_MR_B19",
    "SpacingBetweenSlices": 3.45,
    "StationName": "MRC35420",
    "StudyID": "1",
    "StudyInstanceUID": "1.3.12.2.1107.5.2.32.35420.30000022053005374096600000134",
    "TaskName": "TODO: full task name for localizer",
    "TotalReadoutTime": 0.03795,
    "TxRefAmp": 308.541,
    "dataset": "unknown",
    "modality": "bold",
    "subject_id": "18",
    "task_id": "localizer"
  },
  "dummy_trs": 5,
  "dvars_nstd": 19.891765404086627,
  "dvars_std": 1.1182464910546148,
  "dvars_vstd": 1.0066774865536727,
  "efc": 0.48279038639737293,
  "fber": 1007.09033203125,
  "fd_mean": 0.1699668907445144,
  "fd_num": 193,
  "fd_perc": 36.278195488721806,
  "fwhm_avg": 2.5567091194838802,
  "fwhm_x": 2.372053333333333,
  "fwhm_y": 2.9211233333333335,
  "fwhm_z": 2.3769506917849736,
  "gcor": 0.018253,
  "gsr_x": 0.002735996153205633,
  "gsr_y": 0.06252114474773407,
  "provenance": {
    "md5sum": "189e00224bee2ae7717e04815fb3e8c1",
    "settings": {
      "fd_thres": 0.2,
      "hmc_fsl": false
    },
    "software": "mriqc",
    "version": "0.15.0",
    "webapi_port": null,
    "webapi_url": "https://mriqc.nimh.nih.gov/api/v1"
  },
  "size_t": 532,
  "size_x": 70,
  "size_y": 70,
  "size_z": 48,
  "snr": 2.8939408672873483,
  "spacing_tr": 1.5299999713897705,
  "spacing_x": 3.0,
  "spacing_y": 3.0,
  "spacing_z": 3.450000047683716,
  "summary_bg_k": 63.33564290203937,
  "summary_bg_mad": 4.272235870361328,
  "summary_bg_mean": 25.2564754486084,
  "summary_bg_median": 12.398496627807617,
  "summary_bg_n": 153138.0,
  "summary_bg_p05": 9.109023094177246,
  "summary_bg_p95": 84.89718475341795,
  "summary_bg_stdv": 39.53453063964844,
  "summary_fg_k": 1.073083054139726,
  "summary_fg_mad": 124.49400329589844,
  "summary_fg_mean": 431.7821960449219,
  "summary_fg_median": 417.47650146484375,
  "summary_fg_n": 40340.0,
  "summary_fg_p05": 213.07463150024412,
  "summary_fg_p95": 689.2671295166012,
  "summary_fg_stdv": 144.2570343017578,
  "tsnr": 67.60272979736328
}