{
  "aor": 0.0024158917835671342,
  "aqi": 0.007919356199064797,
  "bids_meta": {
    "AcquisitionDateTime": "2022-05-03T16:20:58.425000",
    "AcquisitionMatrixPE": 70,
    "AcquisitionNumber": 1,
    "AcquisitionTime": "16:20:58.425000",
    "BandwidthPerPixelPhaseEncode": 25.974,
    "BaseResolution": 70,
    "CoilString": "C:HEA;HEP",
    "ConversionSoftware": "dcm2niix",
    "ConversionSoftwareVersion": "v1.0.20190902",
    "DerivedVendorReportedEchoSpacing": 0.000550001,
    "DeviceSerialNumber": "35420",
    "DwellTime": 3.5e-06,
    "EchoTime": 0.03,
    "EffectiveEchoSpacing": 0.000550001,
    "FlipAngle": 55,
    "ImageComments": "Unaliased_MB2_PE2_LB",
    "ImageOrientationPatientDICOM": [
      0.998751,
      -0.0496622,
      -0.00550656,
      0.0499557,
      0.99016,
      0.130721
    ],
    "ImageType": [
      "ORIGINAL",
      "PRIMARY",
      "M",
      "MB",
      "ND",
      "MOSAIC"
    ],
    "ImagingFrequency": 123.222,
    "InPlanePhaseEncodingDirectionDICOM": "COL",
    "InstitutionAddress": "Rudolf-Bultmann-Strasse_8_Marburg_District_DE_35039",
    "InstitutionName": "Center_of_BrainImaging_Uni-Marburg",
    "InstitutionalDepartmentName": "Department",
    "MRAcquisitionType": "2D",
    "MagneticFieldStrength": 3,
    "Manufacturer": "Siemens",
    "ManufacturersModelName": "TrioTim",
    "Modality": "MR",
    "MultibandAccelerationFactor": 2,
    "PartialFourier": 1,
    "PatientBirthDate": "1999-01-01",
    "PatientID": "AGB_FRAPPS_11",
    "PatientName": "20220503_AGB_FRAPPS_11",
    "PatientPosition": "HFS",
    "PatientSex": "F",
    "PatientWeight": 61,
    "PercentPhaseFOV": 100,
    "PhaseEncodingDirection": "j-",
    "PhaseEncodingSteps": 70,
    "PhaseResolution": 1,
    "PixelBandwidth": 2041,
    "ProcedureStepDescription": "AGB_Christoph",
    "ProtocolName": "cmrr_ep2d_bold_MB2_iso3",
    "PulseSequenceDetails": "%CustomerSeq%_cmrr_mbep2d_bold",
    "ReceiveCoilName": "32Ch_Head",
    "ReconMatrixPE": 70,
    "RepetitionTime": 1.53,
    "SAR": 0.113693,
    "ScanOptions": "FS",
    "ScanningSequence": "EP",
    "SequenceName": "epfid2d1_70",
    "SequenceVariant": "SK_SS",
    "SeriesDescription": "cmrr_ep2d_bold_MB2_iso3",
    "SeriesInstanceUID": "1.3.12.2.1107.5.2.32.35420.2022050316210181183233571.0.0.0",
    "SeriesNumber": 4,
    "ShimSetting": [
      9351,
      9489,
      -1454,
      295,
      -58,
      -2381,
      751,
      188
    ],
    "SliceThickness": 3,
    "SliceTiming": [
      0,
      0.065,
      0.1275,
      0.1925,
      0.255,
      0.32,
      0.385,
      0.4475,
      0.5125,
      0.575,
      0.64,
      0.705,
      0.7675,
      0.8325,
      0.895,
      0.96,
      1.025,
      1.0875,
      1.1525,
      1.215,
      1.28,
      1.345,
      1.4075,
      1.4725,
      0,
      0.065,
      0.1275,
      0.1925,
      0.255,
      0.32,
      0.385,
      0.4475,
      0.5125,
      0.575,
      0.64,
      0.705,
      0.7675,
      0.8325,
      0.895,
      0.96,
      1.025,
      1.0875,
      1.1525,
      1.215,
      1.28,
      1.345,
      1.4075,
      1.4725
    ],
    "SoftwareVersions": "syngo_MR_B19",
    "SpacingBetweenSlices": 3.45,
    "StationName": "MRC35420",
    "StudyID": "1",
    "StudyInstanceUID": "1.3.12.2.1107.5.2.32.35420.30000022050306042469000000020",
    "TaskName": "TODO: full task name for FRAPPS - replication study",
    "TotalReadoutTime": 0.03795,
    "TxRefAmp": 310.323,
    "dataset": "unknown",
    "modality": "bold",
    "subject_id": "11",
    "task_id": "frapps"
  },
  "dummy_trs": 1,
  "dvars_nstd": 21.37949479193846,
  "dvars_std": 1.031704805307487,
  "dvars_vstd": 0.9587253834558831,
  "efc": 0.4852901779231537,
  "fber": 958.4361572265625,
  "fd_mean": 0.19056922363932371,
  "fd_num": 675,
  "fd_perc": 45.09018036072144,
  "fwhm_avg": 2.37346018337913,
  "fwhm_x": 2.2509533333333334,
  "fwhm_y": 2.729786666666667,
  "fwhm_z": 2.1396405501373876,
  "gcor": 0.0455298,
  "gsr_x": 0.0010081968503072858,
  "gsr_y": 0.058620158582925797,
  "provenance": {
    "md5sum": "8502025ec5047c41abaa7a4518eca740",
    "settings": {
      "fd_thres": 0.2,
      "hmc_fsl": false
    },
    "software": "mriqc",
    "version": "0.15.0",
    "webapi_port": null,
    "webapi_url": "https://mriqc.nimh.nih.gov/api/v1"
  },
  "size_t": 1497,
  "size_x": 70,
  "size_y": 70,
  "size_z": 48,
  "snr": 2.8502424888172904,
  "spacing_tr": 1.5299999713897705,
  "spacing_x": 3.0,
  "spacing_y": 3.0,
  "spacing_z": 3.450000047683716,
  "summary_bg_k": 52.44097741378105,
  "summary_bg_mad": 4.5300092697143555,
  "summary_bg_mean": 25.573347091674805,
  "summary_bg_median": 12.812292098999023,
  "summary_bg_n": 153428.0,
  "summary_bg_p05": 9.202404975891113,
  "summary_bg_p95": 87.01710624694823,
  "summary_bg_stdv": 38.63719940185547,
  "summary_fg_k": 1.7408267665299233,
  "summary_fg_mad": 114.11087799072266,
  "summary_fg_mean": 444.7273254394531,
  "summary_fg_median": 421.5638122558594,
  "summary_fg_n": 40015.0,
  "summary_fg_p05": 237.83594970703126,
  "summary_fg_p95": 719.4738342285157,
  "summary_fg_stdv": 147.90269470214844,
  "tsnr": 41.40110778808594
}