{
  "aor": 0.0006458582089552238,
  "aqi": 0.006606566361940298,
  "bids_meta": {
    "AcquisitionDateTime": "2022-05-03T17:01:21.395000",
    "AcquisitionMatrixPE": 70,
    "AcquisitionNumber": 1,
    "AcquisitionTime": "17:01:21.395000",
    "BandwidthPerPixelPhaseEncode": 25.974,
    "BaseResolution": 70,
    "CoilString": "C:HEA;HEP",
    "ConversionSoftware": "dcm2niix",
    "ConversionSoftwareVersion": "v1.0.20190902",
    "DerivedVendorReportedEchoSpacing": 0.000550001,
    "DeviceSerialNumber": "35420",
    "DwellTime": 3.5e-06,
    "EchoTime": 0.03,
    "EffectiveEchoSpacing": 0.000550001,
    "FlipAngle": 60,
    "ImageComments": "Unaliased_MB2_PE2_LB",
    "ImageOrientationPatientDICOM": [
      0.998754,
      -0.0496031,
      -0.00549875,
      0.0498961,
      0.990163,
      0.130721
    ],
    "ImageType": [
      "ORIGINAL",
      "PRIMARY",
      "M",
      "MB",
      "ND",
      "MOSAIC"
    ],
    "ImagingFrequency": 123.222,
    "InPlanePhaseEncodingDirectionDICOM": "COL",
    "InstitutionAddress": "Rudolf-Bultmann-Strasse_8_Marburg_District_DE_35039",
    "InstitutionName": "Center_of_BrainImaging_Uni-Marburg",
    "InstitutionalDepartmentName": "Department",
    "MRAcquisitionType": "2D",
    "MagneticFieldStrength": 3,
    "Manufacturer": "Siemens",
    "ManufacturersModelName": "TrioTim",
    "Modality": "MR",
    "MultibandAccelerationFactor": 2,
    "PartialFourier": 1,
    "PatientBirthDate": "1999-01-01",
    "PatientID": "AGB_FRAPPS_11",
    "PatientName": "20220503_AGB_FRAPPS_11",
    "PatientPosition": "HFS",
    "PatientSex": "F",
    "PatientWeight": 61,
    "PercentPhaseFOV": 100,
    "PhaseEncodingDirection": "j-",
    "PhaseEncodingSteps": 70,
    "PhaseResolution": 1,
    "PixelBandwidth": 2041,
    "ProcedureStepDescription": "AGB_Christoph",
    "ProtocolName": "cmrr_ep2d_bold_FP_MB2_iso3",
    "PulseSequenceDetails": "%CustomerSeq%_cmrr_mbep2d_bold",
    "ReceiveCoilName": "32Ch_Head",
    "ReconMatrixPE": 70,
    "RepetitionTime": 1.53,
    "SAR": 0.13266,
    "ScanOptions": "FS",
    "ScanningSequence": "EP",
    "SequenceName": "epfid2d1_70",
    "SequenceVariant": "SK_SS",
    "SeriesDescription": "cmrr_ep2d_bold_FP_MB2_iso3",
    "SeriesInstanceUID": "1.3.12.2.1107.5.2.32.35420.2022050317012462792527384.0.0.0",
    "SeriesNumber": 6,
    "ShimSetting": [
      9351,
      9489,
      -1454,
      295,
      -58,
      -2381,
      751,
      188
    ],
    "SliceThickness": 3,
    "SliceTiming": [
      0,
      0.065,
      0.1275,
      0.1925,
      0.2575,
      0.32,
      0.385,
      0.4475,
      0.5125,
      0.5775,
      0.64,
      0.705,
      0.7675,
      0.8325,
      0.895,
      0.96,
      1.025,
      1.0875,
      1.1525,
      1.215,
      1.28,
      1.345,
      1.4075,
      1.4725,
      0,
      0.065,
      0.1275,
      0.1925,
      0.2575,
      0.32,
      0.385,
      0.4475,
      0.5125,
      0.5775,
      0.64,
      0.705,
      0.7675,
      0.8325,
      0.895,
      0.96,
      1.025,
      1.0875,
      1.1525,
      1.215,
      1.28,
      1.345,
      1.4075,
      1.4725
    ],
    "SoftwareVersions": "syngo_MR_B19",
    "SpacingBetweenSlices": 3.45,
    "StationName": "MRC35420",
    "StudyID": "1",
    "StudyInstanceUID": "1.3.12.2.1107.5.2.32.35420.30000022050306042469000000020",
    "TaskName": "TODO: full task name for localizer",
    "TotalReadoutTime": 0.03795,
    "TxRefAmp": 310.323,
    "dataset": "unknown",
    "modality": "bold",
    "subject_id": "11",
    "task_id": "localizer"
  },
  "dummy_trs": 1,
  "dvars_nstd": 21.771364504467297,
  "dvars_std": 1.0070275665794395,
  "dvars_vstd": 0.9160486404672892,
  "efc": 0.4869931881195194,
  "fber": 948.607421875,
  "fd_mean": 0.1830252208601597,
  "fd_num": 238,
  "fd_perc": 44.40298507462686,
  "fwhm_avg": 2.410474676056688,
  "fwhm_x": 2.293293333333333,
  "fwhm_y": 2.7819800000000003,
  "fwhm_z": 2.1561506948367315,
  "gcor": 0.00584743,
  "gsr_x": 0.0033913077786564827,
  "gsr_y": 0.058118291199207306,
  "provenance": {
    "md5sum": "fc5387ac32441b1da6c2f84cae7ba8cc",
    "settings": {
      "fd_thres": 0.2,
      "hmc_fsl": false
    },
    "software": "mriqc",
    "version": "0.15.0",
    "webapi_port": null,
    "webapi_url": "https://mriqc.nimh.nih.gov/api/v1"
  },
  "size_t": 536,
  "size_x": 70,
  "size_y": 70,
  "size_z": 48,
  "snr": 2.855802369939345,
  "spacing_tr": 1.5299999713897705,
  "spacing_x": 3.0,
  "spacing_y": 3.0,
  "spacing_z": 3.450000047683716,
  "summary_bg_k": 43.11959182884785,
  "summary_bg_mad": 4.873778343200684,
  "summary_bg_mean": 26.53909683227539,
  "summary_bg_median": 13.139925003051758,
  "summary_bg_n": 153484.0,
  "summary_bg_p05": 9.358208656311035,
  "summary_bg_p95": 93.03702850341797,
  "summary_bg_stdv": 39.46417236328125,
  "summary_fg_k": 1.74025403690512,
  "summary_fg_mad": 117.36619567871094,
  "summary_fg_mean": 452.6504821777344,
  "summary_fg_median": 430.2518615722656,
  "summary_fg_n": 39977.0,
  "summary_fg_p05": 237.75186462402345,
  "summary_fg_p95": 728.3563476562498,
  "summary_fg_stdv": 150.65695190429688,
  "tsnr": 49.52284240722656
}