{
  "aor": 0.0007330223880597013,
  "aqi": 0.0021160626492537312,
  "bids_meta": {
    "AcquisitionDateTime": "2022-06-21T08:12:14.412500",
    "AcquisitionMatrixPE": 70,
    "AcquisitionNumber": 1,
    "AcquisitionTime": "08:12:14.412500",
    "BandwidthPerPixelPhaseEncode": 25.974,
    "BaseResolution": 70,
    "CoilString": "C:HEA;HEP",
    "ConversionSoftware": "dcm2niix",
    "ConversionSoftwareVersion": "v1.0.20190902",
    "DerivedVendorReportedEchoSpacing": 0.000550001,
    "DeviceSerialNumber": "35420",
    "DwellTime": 3.5e-06,
    "EchoTime": 0.03,
    "EffectiveEchoSpacing": 0.000550001,
    "FlipAngle": 60,
    "ImageComments": "Unaliased_MB2_PE2_LB",
    "ImageOrientationPatientDICOM": [
      0.999162,
      -0.0397902,
      -0.0096269,
      0.0392574,
      0.99796,
      -0.0503414
    ],
    "ImageType": [
      "ORIGINAL",
      "PRIMARY",
      "M",
      "MB",
      "ND",
      "MOSAIC"
    ],
    "ImagingFrequency": 123.221,
    "InPlanePhaseEncodingDirectionDICOM": "COL",
    "InstitutionAddress": "Rudolf-Bultmann-Strasse_8_Marburg_District_DE_35039",
    "InstitutionName": "Center_of_BrainImaging_Uni-Marburg",
    "InstitutionalDepartmentName": "Department",
    "MRAcquisitionType": "2D",
    "MagneticFieldStrength": 3,
    "Manufacturer": "Siemens",
    "ManufacturersModelName": "TrioTim",
    "Modality": "MR",
    "MultibandAccelerationFactor": 2,
    "PartialFourier": 1,
    "PatientBirthDate": "1998-01-01",
    "PatientID": "AGB_FRAPPS_24",
    "PatientName": "20220621_AGB_FRAPPS_24",
    "PatientPosition": "HFS",
    "PatientSex": "F",
    "PatientWeight": 56,
    "PercentPhaseFOV": 100,
    "PhaseEncodingDirection": "j-",
    "PhaseEncodingSteps": 70,
    "PhaseResolution": 1,
    "PixelBandwidth": 2041,
    "ProcedureStepDescription": "AGB_Christoph",
    "ProtocolName": "cmrr_ep2d_bold_FP_MB2_iso3",
    "PulseSequenceDetails": "%CustomerSeq%_cmrr_mbep2d_bold",
    "ReceiveCoilName": "32Ch_Head",
    "ReconMatrixPE": 70,
    "RepetitionTime": 1.53,
    "SAR": 0.134966,
    "ScanOptions": "FS",
    "ScanningSequence": "EP",
    "SequenceName": "epfid2d1_70",
    "SequenceVariant": "SK_SS",
    "SeriesDescription": "cmrr_ep2d_bold_FP_MB2_iso3",
    "SeriesInstanceUID": "1.3.12.2.1107.5.2.32.35420.2022062108121790660931966.0.0.0",
    "SeriesNumber": 6,
    "ShimSetting": [
      9322,
      9517,
      -1440,
      455,
      -24,
      -2325,
      755,
      256
    ],
    "SliceThickness": 3,
    "SliceTiming": [
      0,
      0.065,
      0.1275,
      0.1925,
      0.255,
      0.32,
      0.385,
      0.4475,
      0.5125,
      0.575,
      0.64,
      0.7025,
      0.7675,
      0.8325,
      0.895,
      0.96,
      1.0225,
      1.0875,
      1.1525,
      1.215,
      1.28,
      1.3425,
      1.4075,
      1.4725,
      0,
      0.065,
      0.1275,
      0.1925,
      0.255,
      0.32,
      0.385,
      0.4475,
      0.5125,
      0.575,
      0.64,
      0.7025,
      0.7675,
      0.8325,
      0.895,
      0.96,
      1.0225,
      1.0875,
      1.1525,
      1.215,
      1.28,
      1.3425,
      1.4075,
      1.4725
    ],
    "SoftwareVersions": "syngo_MR_B19",
    "SpacingBetweenSlices": 3.45,
    "StationName": "MRC35420",
    "StudyID": "1",
    "StudyInstanceUID": "1.3.12.2.1107.5.2.32.35420.30000022053005374096600000274",
    "TaskName": "TODO: full task name for localizer",
    "TotalReadoutTime": 0.03795,
    "TxRefAmp": 316.309,
    "dataset": "unknown",
    "modality": "bold",
    "subject_id": "24",
    "task_id": "localizer"
  },
  "dummy_trs": 1,
  "dvars_nstd": 26.310933047102807,
  "dvars_std": 1.1857948230841118,
  "dvars_vstd": 0.9969449337943928,
  "efc": 0.49151647697835443,
  "fber": 1044.97509765625,
  "fd_mean": 0.22339045891608988,
  "fd_num": 307,
  "fd_perc": 57.276119402985074,
  "fwhm_avg": 2.4507740958363278,
  "fwhm_x": 2.312326666666667,
  "fwhm_y": 2.7731,
  "fwhm_z": 2.266895620842317,
  "gcor": 0.0184258,
  "gsr_x": 0.0005502314888872206,
  "gsr_y": 0.06281279027462006,
  "provenance": {
    "md5sum": "40829377b68468005dad11cb1c3ab5e5",
    "settings": {
      "fd_thres": 0.2,
      "hmc_fsl": false
    },
    "software": "mriqc",
    "version": "0.15.0",
    "webapi_port": null,
    "webapi_url": "https://mriqc.nimh.nih.gov/api/v1"
  },
  "size_t": 536,
  "size_x": 70,
  "size_y": 70,
  "size_z": 48,
  "snr": 2.62789756971957,
  "spacing_tr": 1.5299999713897705,
  "spacing_x": 3.0,
  "spacing_y": 3.0,
  "spacing_z": 3.450000047683716,
  "summary_bg_k": 34.49935650719048,
  "summary_bg_mad": 3.847573757171631,
  "summary_bg_mean": 23.74634552001953,
  "summary_bg_median": 12.479476928710938,
  "summary_bg_n": 146185.0,
  "summary_bg_p05": 9.494402885437012,
  "summary_bg_p95": 83.36454925537103,
  "summary_bg_stdv": 31.762773513793945,
  "summary_fg_k": 2.2831696920272,
  "summary_fg_mad": 132.97776794433594,
  "summary_fg_mean": 457.7896728515625,
  "summary_fg_median": 431.8824462890625,
  "summary_fg_n": 45489.0,
  "summary_fg_p05": 235.3996154785156,
  "summary_fg_p95": 758.2044677734373,
  "summary_fg_stdv": 164.3434295654297,
  "tsnr": 70.19059753417969
}