{
  "bids_meta": {
    "AcquisitionDateTime": "2022-04-28T08:05:10.032500",
    "AcquisitionMatrixPE": 256,
    "AcquisitionNumber": 1,
    "AcquisitionTime": "08:05:10.032500",
    "BaseResolution": 256,
    "CoilString": "C:HEA;HEP",
    "ConversionSoftware": "dcm2niix",
    "ConversionSoftwareVersion": "v1.0.20190902",
    "DeviceSerialNumber": "35420",
    "DwellTime": 9.8e-06,
    "EchoTime": 0.00226,
    "FlipAngle": 9,
    "ImageOrientationPatientDICOM": [
      -0.0238046,
      0.980667,
      -0.194229,
      0.0124132,
      -0.193979,
      -0.980927
    ],
    "ImageType": [
      "ORIGINAL",
      "PRIMARY",
      "M",
      "ND",
      "NORM"
    ],
    "ImagingFrequency": 123.221,
    "InPlanePhaseEncodingDirectionDICOM": "ROW",
    "InstitutionAddress": "Rudolf-Bultmann-Strasse_8_Marburg_District_DE_35039",
    "InstitutionName": "Center_of_BrainImaging_Uni-Marburg",
    "InstitutionalDepartmentName": "Department",
    "InversionTime": 0.9,
    "MRAcquisitionType": "3D",
    "MagneticFieldStrength": 3,
    "Manufacturer": "Siemens",
    "ManufacturersModelName": "TrioTim",
    "Modality": "MR",
    "PartialFourier": 1,
    "PatientBirthDate": "1998-01-01",
    "PatientID": "AGB_FRAPPS_09",
    "PatientName": "20220428_AGB_FRAPPS_09",
    "PatientPosition": "HFS",
    "PatientSex": "F",
    "PatientWeight": 78,
    "PercentPhaseFOV": 100,
    "PhaseEncodingSteps": 256,
    "PhaseResolution": 1,
    "PixelBandwidth": 199,
    "ProcedureStepDescription": "AGB_Christoph",
    "ProtocolName": "t1_mpr_12CH_sag_p2_iso_FOV256_ND_REF",
    "PulseSequenceDetails": "%SiemensSeq%_tfl",
    "ReceiveCoilName": "32Ch_Head",
    "ReconMatrixPE": 256,
    "RepetitionTime": 1.9,
    "SAR": 0.084496,
    "ScanOptions": "IR",
    "ScanningSequence": "GR_IR",
    "SequenceName": "_tfl3d1_ns",
    "SequenceVariant": "SP_MP",
    "SeriesDescription": "t1_mpr_12CH_sag_p2_iso_FOV256_ND_REF",
    "SeriesInstanceUID": "1.3.12.2.1107.5.2.32.35420.2022042808050769581976597.0.0.0",
    "SeriesNumber": 3,
    "ShimSetting": [
      9316,
      9562,
      -1837,
      -292,
      -72,
      -2564,
      430,
      205
    ],
    "SliceThickness": 1,
    "SoftwareVersions": "syngo_MR_B19",
    "StationName": "MRC35420",
    "StudyID": "1",
    "StudyInstanceUID": "1.3.12.2.1107.5.2.32.35420.30000022042010144015600000110",
    "TxRefAmp": 313.138,
    "dataset": "unknown",
    "modality": "T1w",
    "subject_id": "09"
  },
  "cjv": 0.40638120947387596,
  "cnr": 3.2355216554227906,
  "efc": 0.5753028313889788,
  "fber": 700.6000366210938,
  "fwhm_avg": 5.071906666666666,
  "fwhm_x": 4.94524,
  "fwhm_y": 5.07401,
  "fwhm_z": 5.19647,
  "icvs_csf": 0.2452227027117963,
  "icvs_gm": 0.40808270767202526,
  "icvs_wm": 0.34669458961617844,
  "inu_med": 1.18953537940979,
  "inu_range": 0.6115604192018509,
  "provenance": {
    "md5sum": "9de6af2865a36058fe7da3b9d7b8481a",
    "settings": {
      "testing": false
    },
    "software": "mriqc",
    "version": "0.15.0",
    "warnings": {
      "large_rot_frame": true,
      "small_air_mask": false
    },
    "webapi_port": null,
    "webapi_url": "https://mriqc.nimh.nih.gov/api/v1"
  },
  "qi_1": 0.0,
  "qi_2": 0.02309517619185493,
  "rpve_csf": 20.55276665593936,
  "rpve_gm": 12.304703254647443,
  "rpve_wm": 17.333531230973808,
  "size_x": 176,
  "size_y": 256,
  "size_z": 256,
  "snr_csf": 3.754397480721447,
  "snr_gm": 12.020089812287113,
  "snr_total": 12.951337568173594,
  "snr_wm": 23.079525411512225,
  "snrd_csf": 9.650333613213093,
  "snrd_gm": 21.267160356749496,
  "snrd_total": 19.8041154766306,
  "snrd_wm": 28.49485245992921,
  "spacing_x": 1.0,
  "spacing_y": 1.0,
  "spacing_z": 1.0,
  "summary_bg_k": 1.3286719339494226,
  "summary_bg_mad": 22.99151039123535,
  "summary_bg_mean": 30.451736450195312,
  "summary_bg_median": 23.795318603515625,
  "summary_bg_n": 2425949.0,
  "summary_bg_p05": 0.0,
  "summary_bg_p95": 70.80338745117187,
  "summary_bg_stdv": 20.32701873779297,
  "summary_csf_k": 0.35687031388231105,
  "summary_csf_mad": 85.84761047363281,
  "summary_csf_mean": 360.0559387207031,
  "summary_csf_median": 338.67108154296875,
  "summary_csf_n": 43074.0,
  "summary_csf_p05": 245.8481689453125,
  "summary_csf_p95": 525.9167816162109,
  "summary_csf_stdv": 90.20545959472656,
  "summary_gm_k": 0.017026987794515502,
  "summary_gm_mad": 61.70771026611328,
  "summary_gm_mean": 748.0630493164062,
  "summary_gm_median": 746.354736328125,
  "summary_gm_n": 25784.0,
  "summary_gm_p05": 649.0253112792968,
  "summary_gm_p95": 853.0001831054686,
  "summary_gm_stdv": 62.09107208251953,
  "summary_wm_k": 0.30709115548336685,
  "summary_wm_mad": 41.37101745605469,
  "summary_wm_mean": 998.3314208984375,
  "summary_wm_median": 1000.0050659179688,
  "summary_wm_n": 226954.0,
  "summary_wm_p05": 924.0394805908203,
  "summary_wm_p95": 1067.0699890136718,
  "summary_wm_stdv": 43.32857131958008,
  "tpm_overlap_csf": 0.23075075447559357,
  "tpm_overlap_gm": 0.4909641146659851,
  "tpm_overlap_wm": 0.5463719367980957,
  "wm2max": 0.369161599826011
}