{
  "bids_meta": {
    "AcquisitionDateTime": "2022-05-25T07:19:34.030000",
    "AcquisitionMatrixPE": 256,
    "AcquisitionNumber": 1,
    "AcquisitionTime": "07:19:34.030000",
    "BaseResolution": 256,
    "CoilString": "C:HEA;HEP",
    "ConversionSoftware": "dcm2niix",
    "ConversionSoftwareVersion": "v1.0.20190902",
    "DeviceSerialNumber": "35420",
    "DwellTime": 9.8e-06,
    "EchoTime": 0.00226,
    "FlipAngle": 9,
    "ImageOrientationPatientDICOM": [
      0.00793322,
      0.996595,
      -0.0820731,
      -0.0347787,
      -0.0817511,
      -0.996046
    ],
    "ImageType": [
      "ORIGINAL",
      "PRIMARY",
      "M",
      "ND",
      "NORM"
    ],
    "ImagingFrequency": 123.221,
    "InPlanePhaseEncodingDirectionDICOM": "ROW",
    "InstitutionAddress": "Rudolf-Bultmann-Strasse_8_Marburg_District_DE_35039",
    "InstitutionName": "Center_of_BrainImaging_Uni-Marburg",
    "InstitutionalDepartmentName": "Department",
    "InversionTime": 0.9,
    "MRAcquisitionType": "3D",
    "MagneticFieldStrength": 3,
    "Manufacturer": "Siemens",
    "ManufacturersModelName": "TrioTim",
    "Modality": "MR",
    "PartialFourier": 1,
    "PatientBirthDate": "1992-01-01",
    "PatientID": "AGB_FRAPPS_15",
    "PatientName": "20220525_AGB_FRAPPS_15",
    "PatientPosition": "HFS",
    "PatientSex": "M",
    "PatientWeight": 85,
    "PercentPhaseFOV": 100,
    "PhaseEncodingSteps": 256,
    "PhaseResolution": 1,
    "PixelBandwidth": 199,
    "ProcedureStepDescription": "AGB_Christoph",
    "ProtocolName": "t1_mpr_12CH_sag_p2_iso_FOV256_ND_REF",
    "PulseSequenceDetails": "%SiemensSeq%_tfl",
    "ReceiveCoilName": "32Ch_Head",
    "ReconMatrixPE": 256,
    "RepetitionTime": 1.9,
    "SAR": 0.0887413,
    "ScanOptions": "IR",
    "ScanningSequence": "GR_IR",
    "SequenceName": "_tfl3d1_ns",
    "SequenceVariant": "SP_MP",
    "SeriesDescription": "t1_mpr_12CH_sag_p2_iso_FOV256_ND_REF",
    "SeriesInstanceUID": "1.3.12.2.1107.5.2.32.35420.2022052507193216924228841.0.0.0",
    "SeriesNumber": 3,
    "ShimSetting": [
      9316,
      9562,
      -1837,
      -292,
      -72,
      -2564,
      430,
      205
    ],
    "SliceThickness": 1,
    "SoftwareVersions": "syngo_MR_B19",
    "StationName": "MRC35420",
    "StudyID": "1",
    "StudyInstanceUID": "1.3.12.2.1107.5.2.32.35420.30000022050306042469000000428",
    "TxRefAmp": 307.48,
    "dataset": "unknown",
    "modality": "T1w",
    "subject_id": "15"
  },
  "cjv": 0.4608047247316623,
  "cnr": 2.7978185059157092,
  "efc": 0.621576087361716,
  "fber": 770.6046142578125,
  "fwhm_avg": 4.99804,
  "fwhm_x": 4.90617,
  "fwhm_y": 4.93309,
  "fwhm_z": 5.15486,
  "icvs_csf": 0.20619012989828794,
  "icvs_gm": 0.43640655690134217,
  "icvs_wm": 0.3574033132003699,
  "inu_med": 1.3541032075881958,
  "inu_range": 0.7001641511917112,
  "provenance": {
    "md5sum": "2772e57200f1a5b0a167c524bc87cad2",
    "settings": {
      "testing": false
    },
    "software": "mriqc",
    "version": "0.15.0",
    "warnings": {
      "large_rot_frame": true,
      "small_air_mask": false
    },
    "webapi_port": null,
    "webapi_url": "https://mriqc.nimh.nih.gov/api/v1"
  },
  "qi_1": 0.0,
  "qi_2": 0.032247767216217055,
  "rpve_csf": 23.450443227326506,
  "rpve_gm": 12.067828418800692,
  "rpve_wm": 17.291942243022845,
  "size_x": 176,
  "size_y": 256,
  "size_z": 256,
  "snr_csf": 2.497466972182274,
  "snr_gm": 10.507552629556434,
  "snr_total": 12.783495555638261,
  "snr_wm": 25.345467065176074,
  "snrd_csf": 10.125464383668277,
  "snrd_gm": 21.610998907426374,
  "snrd_total": 20.027483948100937,
  "snrd_wm": 28.34598855320816,
  "spacing_x": 1.0,
  "spacing_y": 1.0,
  "spacing_z": 1.0,
  "summary_bg_k": 1.1830429279676302,
  "summary_bg_mad": 23.112300872802734,
  "summary_bg_mean": 29.42644500732422,
  "summary_bg_median": 23.834062576293945,
  "summary_bg_n": 2040912.0,
  "summary_bg_p05": 0.0,
  "summary_bg_p95": 63.57142391204834,
  "summary_bg_stdv": 19.768959045410156,
  "summary_csf_k": 52.68046909367681,
  "summary_csf_mad": 97.9030532836914,
  "summary_csf_mean": 381.6559753417969,
  "summary_csf_median": 357.2123107910156,
  "summary_csf_n": 24179.0,
  "summary_csf_p05": 243.0278533935547,
  "summary_csf_p95": 549.5395996093749,
  "summary_csf_stdv": 143.02688598632812,
  "summary_gm_k": -0.137242440867126,
  "summary_gm_mad": 73.11991882324219,
  "summary_gm_mean": 767.503662109375,
  "summary_gm_median": 762.406005859375,
  "summary_gm_n": 42560.0,
  "summary_gm_p05": 656.3129150390624,
  "summary_gm_p95": 896.2432739257812,
  "summary_gm_stdv": 72.55705261230469,
  "summary_wm_k": 0.8892210682219766,
  "summary_wm_mad": 36.36777877807617,
  "summary_wm_mean": 999.1133422851562,
  "summary_wm_median": 1000.007080078125,
  "summary_wm_n": 236516.0,
  "summary_wm_p05": 933.7175140380859,
  "summary_wm_p95": 1061.9390869140625,
  "summary_wm_stdv": 39.45498275756836,
  "tpm_overlap_csf": 0.2319338023662567,
  "tpm_overlap_gm": 0.5208864212036133,
  "tpm_overlap_wm": 0.5615513920783997,
  "wm2max": 0.509630161635281
}