{
  "bids_meta": {
    "AcquisitionDateTime": "2022-04-07T16:28:9.030000",
    "AcquisitionMatrixPE": 256,
    "AcquisitionNumber": 1,
    "AcquisitionTime": "16:28:9.030000",
    "BaseResolution": 256,
    "CoilString": "C:HEA;HEP",
    "ConversionSoftware": "dcm2niix",
    "ConversionSoftwareVersion": "v1.0.20190902",
    "DeviceSerialNumber": "35420",
    "DwellTime": 9.8e-06,
    "EchoTime": 0.00226,
    "FlipAngle": 9,
    "ImageOrientationPatientDICOM": [
      0.0706805,
      0.989611,
      -0.125197,
      0.0379151,
      -0.128086,
      -0.991038
    ],
    "ImageType": [
      "ORIGINAL",
      "PRIMARY",
      "M",
      "ND",
      "NORM"
    ],
    "ImagingFrequency": 123.221,
    "InPlanePhaseEncodingDirectionDICOM": "ROW",
    "InstitutionAddress": "Rudolf-Bultmann-Strasse_8_Marburg_District_DE_35039",
    "InstitutionName": "Center_of_BrainImaging_Uni-Marburg",
    "InstitutionalDepartmentName": "Department",
    "InversionTime": 0.9,
    "MRAcquisitionType": "3D",
    "MagneticFieldStrength": 3,
    "Manufacturer": "Siemens",
    "ManufacturersModelName": "TrioTim",
    "Modality": "MR",
    "PartialFourier": 1,
    "PatientBirthDate": "1992-01-01",
    "PatientID": "AGB_FRAPPS_03",
    "PatientName": "20200407_AGB_FRAPPS_03",
    "PatientPosition": "HFS",
    "PatientSex": "M",
    "PatientWeight": 60,
    "PercentPhaseFOV": 100,
    "PhaseEncodingSteps": 256,
    "PhaseResolution": 1,
    "PixelBandwidth": 199,
    "ProcedureStepDescription": "AGB_Christoph",
    "ProtocolName": "t1_mpr_12CH_sag_p2_iso_FOV256_ND_REF",
    "PulseSequenceDetails": "%SiemensSeq%_tfl",
    "ReceiveCoilName": "32Ch_Head",
    "ReconMatrixPE": 256,
    "RepetitionTime": 1.9,
    "SAR": 0.0997664,
    "ScanOptions": "IR",
    "ScanningSequence": "GR_IR",
    "SequenceName": "_tfl3d1_ns",
    "SequenceVariant": "SP_MP",
    "SeriesDescription": "t1_mpr_12CH_sag_p2_iso_FOV256_ND_REF",
    "SeriesInstanceUID": "1.3.12.2.1107.5.2.32.35420.2022040716280689396108685.0.0.0",
    "SeriesNumber": 3,
    "ShimSetting": [
      9316,
      9562,
      -1837,
      -292,
      -72,
      -2564,
      430,
      205
    ],
    "SliceThickness": 1,
    "SoftwareVersions": "syngo_MR_B19",
    "StationName": "MRC35420",
    "StudyID": "1",
    "StudyInstanceUID": "1.3.12.2.1107.5.2.32.35420.30000022040406475295100000095",
    "TxRefAmp": 315.421,
    "dataset": "unknown",
    "modality": "T1w",
    "subject_id": "03"
  },
  "cjv": 0.4017238764105882,
  "cnr": 3.2383223191544657,
  "efc": 0.619810284838328,
  "fber": 500.1397399902344,
  "fwhm_avg": 4.873443523097844,
  "fwhm_x": 4.612320274915712,
  "fwhm_y": 4.938840294377822,
  "fwhm_z": 5.06917,
  "icvs_csf": 0.2195408273647839,
  "icvs_gm": 0.43863406628499363,
  "icvs_wm": 0.34182510635022245,
  "inu_med": 1.6060372591018677,
  "inu_range": 0.858140498399734,
  "provenance": {
    "md5sum": "a05e5c61765be800dc456c960638f770",
    "settings": {
      "testing": false
    },
    "software": "mriqc",
    "version": "0.15.0",
    "warnings": {
      "large_rot_frame": true,
      "small_air_mask": false
    },
    "webapi_port": null,
    "webapi_url": "https://mriqc.nimh.nih.gov/api/v1"
  },
  "qi_1": 0.0,
  "qi_2": 0.021226843293687597,
  "rpve_csf": 21.85946014107865,
  "rpve_gm": 11.544129448416221,
  "rpve_wm": 16.57795748010956,
  "size_x": 176,
  "size_y": 256,
  "size_z": 256,
  "snr_csf": 4.343658643369807,
  "snr_gm": 11.950757889999752,
  "snr_total": 12.620309980825036,
  "snr_wm": 21.566513409105553,
  "snrd_csf": 9.550110122734013,
  "snrd_gm": 23.150831139000402,
  "snrd_total": 21.31221860963554,
  "snrd_wm": 31.23571456717221,
  "spacing_x": 0.9999999403953552,
  "spacing_y": 0.9999999403953552,
  "spacing_z": 1.0,
  "summary_bg_k": 1.3339624071271965,
  "summary_bg_mad": 20.974140167236328,
  "summary_bg_mean": 29.05681037902832,
  "summary_bg_median": 28.763134002685547,
  "summary_bg_n": 2026673.0,
  "summary_bg_p05": 0.0,
  "summary_bg_p95": 65.89472351074218,
  "summary_bg_stdv": 19.809463500976562,
  "summary_csf_k": 3.840249323040367,
  "summary_csf_mad": 40.375484466552734,
  "summary_csf_mean": 324.5868225097656,
  "summary_csf_median": 305.74603271484375,
  "summary_csf_n": 64622.0,
  "summary_csf_p05": 249.8383544921875,
  "summary_csf_p95": 476.66845550537107,
  "summary_csf_stdv": 70.38851165771484,
  "summary_gm_k": -0.02214961004817395,
  "summary_gm_mad": 61.572696685791016,
  "summary_gm_mean": 744.7794799804688,
  "summary_gm_median": 741.1720581054688,
  "summary_gm_n": 42568.0,
  "summary_gm_p05": 648.3978576660156,
  "summary_gm_p95": 853.2406982421876,
  "summary_gm_stdv": 62.018104553222656,
  "summary_wm_k": 2.5808997956399455,
  "summary_wm_mad": 42.40827178955078,
  "summary_wm_mean": 999.537109375,
  "summary_wm_median": 1000.0089721679688,
  "summary_wm_n": 213019.0,
  "summary_wm_p05": 924.1144287109374,
  "summary_wm_p95": 1073.3725952148436,
  "summary_wm_stdv": 46.36848831176758,
  "tpm_overlap_csf": 0.2163478136062622,
  "tpm_overlap_gm": 0.493185430765152,
  "tpm_overlap_wm": 0.49172618985176086,
  "wm2max": 0.5547040696328525
}