{
	"Modality": "MR",
	"MagneticFieldStrength": 3,
	"ImagingFrequency": 123.221,
	"Manufacturer": "Siemens",
	"ManufacturersModelName": "TrioTim",
	"InstitutionName": "Center_of_BrainImaging_Uni-Marburg",
	"InstitutionalDepartmentName": "Department",
	"InstitutionAddress": "Rudolf-Bultmann-Strasse_8_Marburg_District_DE_35039",
	"DeviceSerialNumber": "35420",
	"StationName": "MRC35420",
	"SeriesInstanceUID": "1.3.12.2.1107.5.2.32.35420.30000022053014505079800002051",
	"StudyInstanceUID": "1.3.12.2.1107.5.2.32.35420.30000022053014505079800004791",
	"StudyID": "1",
	"PatientName": "20220623_AGB_FRAPPS_29",
	"PatientID": "AGB_FRAPPS_29",
	"PatientBirthDate": "2000-01-01",
	"PatientSex": "M",
	"PatientWeight": 68,
	"PatientPosition": "HFS",
	"ProcedureStepDescription": "AGB_Christoph",
	"SoftwareVersions": "syngo_MR_B19",
	"MRAcquisitionType": "2D",
	"SeriesDescription": "cmrr_ep2d_bold_MB2_iso3",
	"ProtocolName": "cmrr_ep2d_bold_MB2_iso3",
	"ScanningSequence": "EP",
	"SequenceVariant": "SK_SS",
	"ScanOptions": "FS",
	"SequenceName": "epfid2d1_70",
	"ImageType": ["ORIGINAL", "PRIMARY", "M", "MB", "ND", "MOSAIC"],
	"SeriesNumber": 4,
	"AcquisitionTime": "07:33:29.715000",
	"AcquisitionDateTime": "2022-06-23T07:33:29.715000",
	"AcquisitionNumber": 1,
	"ImageComments": "Unaliased_MB2_PE2_LB",
	"SliceThickness": 3,
	"SpacingBetweenSlices": 3.45,
	"SAR": 0.0986959,
	"EchoTime": 0.03,
	"RepetitionTime": 1.53,
	"FlipAngle": 55,
	"PartialFourier": 1,
	"BaseResolution": 70,
	"ShimSetting": [
		9308,
		9531,
		-1416,
		286,
		-186,
		-2667,
		361,
		223	],
	"TxRefAmp": 296.608,
	"PhaseResolution": 1,
	"ReceiveCoilName": "32Ch_Head",
	"CoilString": "C:HEA;HEP",
	"PulseSequenceDetails": "%CustomerSeq%_cmrr_mbep2d_bold",
	"MultibandAccelerationFactor": 2,
	"PercentPhaseFOV": 100,
	"PhaseEncodingSteps": 70,
	"AcquisitionMatrixPE": 70,
	"ReconMatrixPE": 70,
	"BandwidthPerPixelPhaseEncode": 25.974,
	"EffectiveEchoSpacing": 0.000550001,
	"DerivedVendorReportedEchoSpacing": 0.000550001,
	"TotalReadoutTime": 0.03795,
	"PixelBandwidth": 2041,
	"DwellTime": 3.5e-06,
	"PhaseEncodingDirection": "j-",
	"SliceTiming": [
		0,
		0.0625,
		0.1275,
		0.1925,
		0.255,
		0.32,
		0.3825,
		0.4475,
		0.5125,
		0.575,
		0.64,
		0.7025,
		0.7675,
		0.8325,
		0.895,
		0.96,
		1.0225,
		1.0875,
		1.15,
		1.215,
		1.28,
		1.3425,
		1.4075,
		1.47,
		0,
		0.0625,
		0.1275,
		0.1925,
		0.255,
		0.32,
		0.3825,
		0.4475,
		0.5125,
		0.575,
		0.64,
		0.7025,
		0.7675,
		0.8325,
		0.895,
		0.96,
		1.0225,
		1.0875,
		1.15,
		1.215,
		1.28,
		1.3425,
		1.4075,
		1.47	],
	"ImageOrientationPatientDICOM": [
		0.999921,
		0.00112236,
		-0.0125389,
		-0.00233575,
		0.995264,
		-0.0971788	],
	"InPlanePhaseEncodingDirectionDICOM": "COL",
	"ConversionSoftware": "dcm2niix",
	"ConversionSoftwareVersion": "v1.0.20190902"
}
