{
  "aor": 0.0033061258278145695,
  "aqi": 0.007058805582781456,
  "bids_meta": {
    "AcquisitionDateTime": "2022-06-21T07:32:36.412500",
    "AcquisitionMatrixPE": 70,
    "AcquisitionNumber": 1,
    "AcquisitionTime": "07:32:36.412500",
    "BandwidthPerPixelPhaseEncode": 25.974,
    "BaseResolution": 70,
    "CoilString": "C:HEA;HEP",
    "ConversionSoftware": "dcm2niix",
    "ConversionSoftwareVersion": "v1.0.20190902",
    "DerivedVendorReportedEchoSpacing": 0.000550001,
    "DeviceSerialNumber": "35420",
    "DwellTime": 3.5e-06,
    "EchoTime": 0.03,
    "EffectiveEchoSpacing": 0.000550001,
    "FlipAngle": 55,
    "ImageComments": "Unaliased_MB2_PE2_LB",
    "ImageOrientationPatientDICOM": [
      0.999161,
      -0.0398155,
      -0.00962563,
      0.0392826,
      0.997959,
      -0.0503416
    ],
    "ImageType": [
      "ORIGINAL",
      "PRIMARY",
      "M",
      "MB",
      "ND",
      "MOSAIC"
    ],
    "ImagingFrequency": 123.221,
    "InPlanePhaseEncodingDirectionDICOM": "COL",
    "InstitutionAddress": "Rudolf-Bultmann-Strasse_8_Marburg_District_DE_35039",
    "InstitutionName": "Center_of_BrainImaging_Uni-Marburg",
    "InstitutionalDepartmentName": "Department",
    "MRAcquisitionType": "2D",
    "MagneticFieldStrength": 3,
    "Manufacturer": "Siemens",
    "ManufacturersModelName": "TrioTim",
    "Modality": "MR",
    "MultibandAccelerationFactor": 2,
    "PartialFourier": 1,
    "PatientBirthDate": "1998-01-01",
    "PatientID": "AGB_FRAPPS_24",
    "PatientName": "20220621_AGB_FRAPPS_24",
    "PatientPosition": "HFS",
    "PatientSex": "F",
    "PatientWeight": 56,
    "PercentPhaseFOV": 100,
    "PhaseEncodingDirection": "j-",
    "PhaseEncodingSteps": 70,
    "PhaseResolution": 1,
    "PixelBandwidth": 2041,
    "ProcedureStepDescription": "AGB_Christoph",
    "ProtocolName": "cmrr_ep2d_bold_MB2_iso3",
    "PulseSequenceDetails": "%CustomerSeq%_cmrr_mbep2d_bold",
    "ReceiveCoilName": "32Ch_Head",
    "ReconMatrixPE": 70,
    "RepetitionTime": 1.53,
    "SAR": 0.112483,
    "ScanOptions": "FS",
    "ScanningSequence": "EP",
    "SequenceName": "epfid2d1_70",
    "SequenceVariant": "SK_SS",
    "SeriesDescription": "cmrr_ep2d_bold_MB2_iso3",
    "SeriesInstanceUID": "1.3.12.2.1107.5.2.32.35420.2022062107323941171935623.0.0.0",
    "SeriesNumber": 4,
    "ShimSetting": [
      9322,
      9517,
      -1440,
      455,
      -24,
      -2325,
      755,
      256
    ],
    "SliceThickness": 3,
    "SliceTiming": [
      0,
      0.065,
      0.1275,
      0.1925,
      0.2575,
      0.32,
      0.385,
      0.4475,
      0.5125,
      0.575,
      0.64,
      0.705,
      0.7675,
      0.8325,
      0.895,
      0.96,
      1.025,
      1.0875,
      1.1525,
      1.215,
      1.28,
      1.345,
      1.4075,
      1.4725,
      0,
      0.065,
      0.1275,
      0.1925,
      0.2575,
      0.32,
      0.385,
      0.4475,
      0.5125,
      0.575,
      0.64,
      0.705,
      0.7675,
      0.8325,
      0.895,
      0.96,
      1.025,
      1.0875,
      1.1525,
      1.215,
      1.28,
      1.345,
      1.4075,
      1.4725
    ],
    "SoftwareVersions": "syngo_MR_B19",
    "SpacingBetweenSlices": 3.45,
    "StationName": "MRC35420",
    "StudyID": "1",
    "StudyInstanceUID": "1.3.12.2.1107.5.2.32.35420.30000022053005374096600000274",
    "TaskName": "TODO: full task name for FRAPPS - replication study",
    "TotalReadoutTime": 0.03795,
    "TxRefAmp": 316.309,
    "dataset": "unknown",
    "modality": "bold",
    "subject_id": "24",
    "task_id": "frapps"
  },
  "dummy_trs": 1,
  "dvars_nstd": 29.236879960410864,
  "dvars_std": 1.1055621619416818,
  "dvars_vstd": 0.9481776340755466,
  "efc": 0.49199614943274533,
  "fber": 996.0657958984375,
  "fd_mean": 0.27901952262668434,
  "fd_num": 1047,
  "fd_perc": 69.33774834437087,
  "fwhm_avg": 2.4479712939404568,
  "fwhm_x": 2.314503333333333,
  "fwhm_y": 2.770436666666667,
  "fwhm_z": 2.258973881821371,
  "gcor": 0.0714003,
  "gsr_x": 0.001100066932849586,
  "gsr_y": 0.06382431089878082,
  "provenance": {
    "md5sum": "34e95de8d8ceb6bb8d6d6f71ec54af13",
    "settings": {
      "fd_thres": 0.2,
      "hmc_fsl": false
    },
    "software": "mriqc",
    "version": "0.15.0",
    "webapi_port": null,
    "webapi_url": "https://mriqc.nimh.nih.gov/api/v1"
  },
  "size_t": 1510,
  "size_x": 70,
  "size_y": 70,
  "size_z": 48,
  "snr": 2.596152539488662,
  "spacing_tr": 1.5299999713897705,
  "spacing_x": 3.0,
  "spacing_y": 3.0,
  "spacing_z": 3.450000047683716,
  "summary_bg_k": 42.988621018516326,
  "summary_bg_mad": 3.8032190799713135,
  "summary_bg_mean": 23.191471099853516,
  "summary_bg_median": 12.415563583374023,
  "summary_bg_n": 146194.0,
  "summary_bg_p05": 9.435761451721191,
  "summary_bg_p95": 79.27675819396978,
  "summary_bg_stdv": 30.961708068847656,
  "summary_fg_k": 2.45499608733075,
  "summary_fg_mad": 128.8224334716797,
  "summary_fg_mean": 445.5548095703125,
  "summary_fg_median": 419.0688781738281,
  "summary_fg_n": 45599.0,
  "summary_fg_p05": 229.34331665039062,
  "summary_fg_p95": 739.3870971679686,
  "summary_fg_stdv": 161.4174346923828,
  "tsnr": 42.54622268676758
}