{
	"Modality": "MR",
	"MagneticFieldStrength": 3,
	"ImagingFrequency": 123.221,
	"Manufacturer": "Siemens",
	"ManufacturersModelName": "TrioTim",
	"InstitutionName": "Center_of_BrainImaging_Uni-Marburg",
	"InstitutionalDepartmentName": "Department",
	"InstitutionAddress": "Rudolf-Bultmann-Strasse_8_Marburg_District_DE_35039",
	"DeviceSerialNumber": "35420",
	"StationName": "MRC35420",
	"SeriesInstanceUID": "1.3.12.2.1107.5.2.32.35420.2022052508110582300024677.0.0.0",
	"StudyInstanceUID": "1.3.12.2.1107.5.2.32.35420.30000022050306042469000000428",
	"StudyID": "1",
	"PatientName": "20220525_AGB_FRAPPS_15",
	"PatientID": "AGB_FRAPPS_15",
	"PatientBirthDate": "1992-01-01",
	"PatientSex": "M",
	"PatientWeight": 85,
	"PatientPosition": "HFS",
	"ProcedureStepDescription": "AGB_Christoph",
	"SoftwareVersions": "syngo_MR_B19",
	"MRAcquisitionType": "2D",
	"SeriesDescription": "cmrr_ep2d_bold_FP_MB2_iso3",
	"ProtocolName": "cmrr_ep2d_bold_FP_MB2_iso3",
	"ScanningSequence": "EP",
	"SequenceVariant": "SK_SS",
	"ScanOptions": "FS",
	"SequenceName": "epfid2d1_70",
	"ImageType": ["ORIGINAL", "PRIMARY", "M", "MB", "ND", "MOSAIC"],
	"SeriesNumber": 6,
	"AcquisitionTime": "08:11:2.397500",
	"AcquisitionDateTime": "2022-05-25T08:11:2.397500",
	"AcquisitionNumber": 1,
	"ImageComments": "Unaliased_MB2_PE2_LB",
	"SliceThickness": 3,
	"SpacingBetweenSlices": 3.45,
	"SAR": 0.112729,
	"EchoTime": 0.03,
	"RepetitionTime": 1.53,
	"FlipAngle": 60,
	"PartialFourier": 1,
	"BaseResolution": 70,
	"ShimSetting": [
		9308,
		9525,
		-1443,
		469,
		-105,
		-2458,
		408,
		306	],
	"TxRefAmp": 307.48,
	"PhaseResolution": 1,
	"ReceiveCoilName": "32Ch_Head",
	"CoilString": "C:HEA;HEP",
	"PulseSequenceDetails": "%CustomerSeq%_cmrr_mbep2d_bold",
	"MultibandAccelerationFactor": 2,
	"PercentPhaseFOV": 100,
	"PhaseEncodingSteps": 70,
	"AcquisitionMatrixPE": 70,
	"ReconMatrixPE": 70,
	"BandwidthPerPixelPhaseEncode": 25.974,
	"EffectiveEchoSpacing": 0.000550001,
	"DerivedVendorReportedEchoSpacing": 0.000550001,
	"TotalReadoutTime": 0.03795,
	"PixelBandwidth": 2041,
	"DwellTime": 3.5e-06,
	"PhaseEncodingDirection": "j-",
	"SliceTiming": [
		0,
		0.065,
		0.1275,
		0.1925,
		0.255,
		0.32,
		0.385,
		0.4475,
		0.5125,
		0.575,
		0.64,
		0.705,
		0.7675,
		0.8325,
		0.895,
		0.96,
		1.0225,
		1.0875,
		1.1525,
		1.215,
		1.28,
		1.3425,
		1.4075,
		1.4725,
		0,
		0.065,
		0.1275,
		0.1925,
		0.255,
		0.32,
		0.385,
		0.4475,
		0.5125,
		0.575,
		0.64,
		0.705,
		0.7675,
		0.8325,
		0.895,
		0.96,
		1.0225,
		1.0875,
		1.1525,
		1.215,
		1.28,
		1.3425,
		1.4075,
		1.4725	],
	"ImageOrientationPatientDICOM": [
		0.998618,
		-0.0147553,
		-0.0504387,
		0.00854038,
		0.992582,
		-0.12128	],
	"InPlanePhaseEncodingDirectionDICOM": "COL",
	"ConversionSoftware": "dcm2niix",
	"ConversionSoftwareVersion": "v1.0.20190902"
}
