{
  "bids_meta": {
    "AcquisitionDateTime": "2022-04-19T10:46:24.032500",
    "AcquisitionMatrixPE": 256,
    "AcquisitionNumber": 1,
    "AcquisitionTime": "10:46:24.032500",
    "BaseResolution": 256,
    "CoilString": "C:HEA;HEP",
    "ConversionSoftware": "dcm2niix",
    "ConversionSoftwareVersion": "v1.0.20190902",
    "DeviceSerialNumber": "35420",
    "DwellTime": 9.8e-06,
    "EchoTime": 0.00226,
    "FlipAngle": 9,
    "ImageOrientationPatientDICOM": [
      -0.0289678,
      0.98673,
      0.159765,
      0.0338271,
      0.160709,
      -0.986422
    ],
    "ImageType": [
      "ORIGINAL",
      "PRIMARY",
      "M",
      "ND",
      "NORM"
    ],
    "ImagingFrequency": 123.221,
    "InPlanePhaseEncodingDirectionDICOM": "ROW",
    "InstitutionAddress": "Rudolf-Bultmann-Strasse_8_Marburg_District_DE_35039",
    "InstitutionName": "Center_of_BrainImaging_Uni-Marburg",
    "InstitutionalDepartmentName": "Department",
    "InversionTime": 0.9,
    "MRAcquisitionType": "3D",
    "MagneticFieldStrength": 3,
    "Manufacturer": "Siemens",
    "ManufacturersModelName": "TrioTim",
    "Modality": "MR",
    "PartialFourier": 1,
    "PatientBirthDate": "1998-01-01",
    "PatientID": "AGB_FRAPPS_06",
    "PatientName": "20220419_AGB_FRAPPS_06",
    "PatientPosition": "HFS",
    "PatientSex": "M",
    "PatientWeight": 77,
    "PercentPhaseFOV": 100,
    "PhaseEncodingSteps": 256,
    "PhaseResolution": 1,
    "PixelBandwidth": 199,
    "ProcedureStepDescription": "AGB_Christoph",
    "ProtocolName": "t1_mpr_12CH_sag_p2_iso_FOV256_ND_REF",
    "PulseSequenceDetails": "%SiemensSeq%_tfl",
    "ReceiveCoilName": "32Ch_Head",
    "ReconMatrixPE": 256,
    "RepetitionTime": 1.9,
    "SAR": 0.0978642,
    "ScanOptions": "IR",
    "ScanningSequence": "GR_IR",
    "SequenceName": "_tfl3d1_ns",
    "SequenceVariant": "SP_MP",
    "SeriesDescription": "t1_mpr_12CH_sag_p2_iso_FOV256_ND_REF",
    "SeriesInstanceUID": "1.3.12.2.1107.5.2.32.35420.2022041910462158087167765.0.0.0",
    "SeriesNumber": 3,
    "ShimSetting": [
      9316,
      9562,
      -1837,
      -292,
      -72,
      -2564,
      430,
      205
    ],
    "SliceThickness": 1,
    "SoftwareVersions": "syngo_MR_B19",
    "StationName": "MRC35420",
    "StudyID": "1",
    "StudyInstanceUID": "1.3.12.2.1107.5.2.32.35420.30000022040406475295100000201",
    "TxRefAmp": 296.14,
    "dataset": "unknown",
    "modality": "T1w",
    "subject_id": "06"
  },
  "cjv": 0.3539809428903077,
  "cnr": 3.7122546013348794,
  "efc": 0.6136880491811568,
  "fber": 443.22222900390625,
  "fwhm_avg": 5.150119795800472,
  "fwhm_x": 5.138849387401415,
  "fwhm_y": 5.06394,
  "fwhm_z": 5.24757,
  "icvs_csf": 0.21678379971040423,
  "icvs_gm": 0.42706280974953237,
  "icvs_wm": 0.3561533905400634,
  "inu_med": 1.2818665504455566,
  "inu_range": 0.6200068831443786,
  "provenance": {
    "md5sum": "759731b93414f7a522d26abddbefa0ec",
    "settings": {
      "testing": false
    },
    "software": "mriqc",
    "version": "0.15.0",
    "warnings": {
      "large_rot_frame": true,
      "small_air_mask": false
    },
    "webapi_port": null,
    "webapi_url": "https://mriqc.nimh.nih.gov/api/v1"
  },
  "qi_1": 0.0,
  "qi_2": 0.003956119170999706,
  "rpve_csf": 21.652258085292186,
  "rpve_gm": 11.510823811776746,
  "rpve_wm": 16.31853034050164,
  "size_x": 176,
  "size_y": 256,
  "size_z": 256,
  "snr_csf": 4.03395700046815,
  "snr_gm": 12.901299759054684,
  "snr_total": 13.958652061126793,
  "snr_wm": 24.940699423857552,
  "snrd_csf": 10.565973236851345,
  "snrd_gm": 22.01189689631765,
  "snrd_total": 20.89456181988956,
  "snrd_wm": 30.105815326499684,
  "spacing_x": 1.0000001192092896,
  "spacing_y": 1.0,
  "spacing_z": 1.0,
  "summary_bg_k": 1.2319245473742715,
  "summary_bg_mad": 21.761207580566406,
  "summary_bg_mean": 30.41401481628418,
  "summary_bg_median": 29.96233558654785,
  "summary_bg_n": 1755366.0,
  "summary_bg_p05": 7.5607123374938965,
  "summary_bg_p95": 68.86876487731934,
  "summary_bg_stdv": 20.63139533996582,
  "summary_csf_k": 5.767160217118374,
  "summary_csf_mad": 83.08604431152344,
  "summary_csf_mean": 362.19903564453125,
  "summary_csf_median": 350.9625549316406,
  "summary_csf_n": 31234.0,
  "summary_csf_p05": 238.84601364135742,
  "summary_csf_p95": 514.1572662353514,
  "summary_csf_stdv": 87.00066375732422,
  "summary_gm_k": -0.04521220885883315,
  "summary_gm_mad": 57.401065826416016,
  "summary_gm_mean": 731.0047607421875,
  "summary_gm_median": 731.15380859375,
  "summary_gm_n": 31295.0,
  "summary_gm_p05": 637.2892944335938,
  "summary_gm_p95": 823.1770202636719,
  "summary_gm_stdv": 56.671974182128906,
  "summary_wm_k": 0.512352517580565,
  "summary_wm_mad": 37.7667236328125,
  "summary_wm_mean": 998.9632568359375,
  "summary_wm_median": 1000.0038452148438,
  "summary_wm_n": 238679.0,
  "summary_wm_p05": 930.5549560546875,
  "summary_wm_p95": 1062.4239135742187,
  "summary_wm_stdv": 40.095176696777344,
  "tpm_overlap_csf": 0.2181714028120041,
  "tpm_overlap_gm": 0.49492666125297546,
  "tpm_overlap_wm": 0.5392256379127502,
  "wm2max": 0.42151809861316314
}