{
  "aor": 0.0036363007318695943,
  "aqi": 0.006709364564204924,
  "bids_meta": {
    "AcquisitionDateTime": "2022-06-29T07:44:6.362500",
    "AcquisitionMatrixPE": 70,
    "AcquisitionNumber": 1,
    "AcquisitionTime": "07:44:6.362500",
    "BandwidthPerPixelPhaseEncode": 25.974,
    "BaseResolution": 70,
    "CoilString": "C:HEA;HEP",
    "ConversionSoftware": "dcm2niix",
    "ConversionSoftwareVersion": "v1.0.20190902",
    "DerivedVendorReportedEchoSpacing": 0.000550001,
    "DeviceSerialNumber": "35420",
    "DwellTime": 3.5e-06,
    "EchoTime": 0.03,
    "EffectiveEchoSpacing": 0.000550001,
    "FlipAngle": 55,
    "ImageComments": "Unaliased_MB2_PE2_LB",
    "ImageOrientationPatientDICOM": [
      0.999507,
      -0.0295071,
      -0.0107453,
      0.0281474,
      0.993527,
      -0.110052
    ],
    "ImageType": [
      "ORIGINAL",
      "PRIMARY",
      "M",
      "MB",
      "ND",
      "MOSAIC"
    ],
    "ImagingFrequency": 123.221,
    "InPlanePhaseEncodingDirectionDICOM": "COL",
    "InstitutionAddress": "Rudolf-Bultmann-Strasse_8_Marburg_District_DE_35039",
    "InstitutionName": "Center_of_BrainImaging_Uni-Marburg",
    "InstitutionalDepartmentName": "Department",
    "MRAcquisitionType": "2D",
    "MagneticFieldStrength": 3,
    "Manufacturer": "Siemens",
    "ManufacturersModelName": "TrioTim",
    "Modality": "MR",
    "MultibandAccelerationFactor": 2,
    "PartialFourier": 1,
    "PatientBirthDate": "1999-01-01",
    "PatientID": "AGB_FRAPPS_33",
    "PatientName": "20220629_AGB_FRAPPS_33",
    "PatientPosition": "HFS",
    "PatientSex": "F",
    "PatientWeight": 74,
    "PercentPhaseFOV": 100,
    "PhaseEncodingDirection": "j-",
    "PhaseEncodingSteps": 70,
    "PhaseResolution": 1,
    "PixelBandwidth": 2041,
    "ProcedureStepDescription": "AGB_Christoph",
    "ProtocolName": "cmrr_ep2d_bold_MB2_iso3",
    "PulseSequenceDetails": "%CustomerSeq%_cmrr_mbep2d_bold",
    "ReceiveCoilName": "32Ch_Head",
    "ReconMatrixPE": 70,
    "RepetitionTime": 1.53,
    "SAR": 0.0909712,
    "ScanOptions": "FS",
    "ScanningSequence": "EP",
    "SequenceName": "epfid2d1_70",
    "SequenceVariant": "SK_SS",
    "SeriesDescription": "cmrr_ep2d_bold_MB2_iso3",
    "SeriesInstanceUID": "1.3.12.2.1107.5.2.32.35420.2022062907440928741486454.0.0.0",
    "SeriesNumber": 4,
    "ShimSetting": [
      9306,
      9511,
      -1491,
      334,
      -137,
      -2245,
      574,
      318
    ],
    "SliceThickness": 3,
    "SliceTiming": [
      0,
      0.065,
      0.13,
      0.1925,
      0.2575,
      0.32,
      0.385,
      0.4475,
      0.5125,
      0.5775,
      0.64,
      0.705,
      0.7675,
      0.8325,
      0.8975,
      0.96,
      1.025,
      1.0875,
      1.1525,
      1.2175,
      1.28,
      1.345,
      1.4075,
      1.4725,
      0,
      0.065,
      0.13,
      0.1925,
      0.2575,
      0.32,
      0.385,
      0.4475,
      0.5125,
      0.5775,
      0.64,
      0.705,
      0.7675,
      0.8325,
      0.8975,
      0.96,
      1.025,
      1.0875,
      1.1525,
      1.2175,
      1.28,
      1.345,
      1.4075,
      1.4725
    ],
    "SoftwareVersions": "syngo_MR_B19",
    "SpacingBetweenSlices": 3.45,
    "StationName": "MRC35420",
    "StudyID": "1",
    "StudyInstanceUID": "1.3.12.2.1107.5.2.32.35420.30000022062405354757100000069",
    "TaskName": "TODO: full task name for FRAPPS - replication study",
    "TotalReadoutTime": 0.03795,
    "TxRefAmp": 306.436,
    "dataset": "unknown",
    "modality": "bold",
    "subject_id": "33",
    "task_id": "frapps"
  },
  "dummy_trs": 1,
  "dvars_nstd": 19.864841972310252,
  "dvars_std": 1.1291512587150436,
  "dvars_vstd": 1.0270036186950722,
  "efc": 0.49556978044636624,
  "fber": 965.224365234375,
  "fd_mean": 0.13891463164638035,
  "fd_num": 203,
  "fd_perc": 13.506320691949435,
  "fwhm_avg": 2.597510616997405,
  "fwhm_x": 2.48446,
  "fwhm_y": 2.915706666666667,
  "fwhm_z": 2.3923651843255476,
  "gcor": 0.0809894,
  "gsr_x": 0.004297275096178055,
  "gsr_y": 0.07263655960559845,
  "provenance": {
    "md5sum": "6837bbca16f9c3ae639fa30c6d192318",
    "settings": {
      "fd_thres": 0.2,
      "hmc_fsl": false
    },
    "software": "mriqc",
    "version": "0.15.0",
    "webapi_port": null,
    "webapi_url": "https://mriqc.nimh.nih.gov/api/v1"
  },
  "size_t": 1503,
  "size_x": 70,
  "size_y": 70,
  "size_z": 48,
  "snr": 2.89815955062007,
  "spacing_tr": 1.5299999713897705,
  "spacing_x": 3.0,
  "spacing_y": 3.0,
  "spacing_z": 3.450000047683716,
  "summary_bg_k": 38.25868596155885,
  "summary_bg_mad": 5.5545806884765625,
  "summary_bg_mean": 28.83814811706543,
  "summary_bg_median": 13.54624080657959,
  "summary_bg_n": 149973.0,
  "summary_bg_p05": 9.028609275817871,
  "summary_bg_p95": 102.88223114013667,
  "summary_bg_stdv": 44.101383209228516,
  "summary_fg_k": 1.0919478846237034,
  "summary_fg_mad": 128.31260681152344,
  "summary_fg_mean": 471.0941162109375,
  "summary_fg_median": 451.261474609375,
  "summary_fg_n": 42529.0,
  "summary_fg_p05": 247.93851623535156,
  "summary_fg_p95": 760.905615234375,
  "summary_fg_stdv": 155.7043914794922,
  "tsnr": 43.889591217041016
}