{
  "aor": 0.0022770475561426683,
  "aqi": 0.010691511862615587,
  "bids_meta": {
    "AcquisitionDateTime": "2022-05-19T08:17:39.380000",
    "AcquisitionMatrixPE": 70,
    "AcquisitionNumber": 1,
    "AcquisitionTime": "08:17:39.380000",
    "BandwidthPerPixelPhaseEncode": 25.974,
    "BaseResolution": 70,
    "CoilString": "C:HEA;HEP",
    "ConversionSoftware": "dcm2niix",
    "ConversionSoftwareVersion": "v1.0.20190902",
    "DerivedVendorReportedEchoSpacing": 0.000550001,
    "DeviceSerialNumber": "35420",
    "DwellTime": 3.5e-06,
    "EchoTime": 0.03,
    "EffectiveEchoSpacing": 0.000550001,
    "FlipAngle": 55,
    "ImageComments": "Unaliased_MB2_PE2_LB",
    "ImageOrientationPatientDICOM": [
      0.997838,
      -0.0460363,
      0.0469079,
      0.0532277,
      0.984712,
      -0.16586
    ],
    "ImageType": [
      "ORIGINAL",
      "PRIMARY",
      "M",
      "MB",
      "ND",
      "MOSAIC"
    ],
    "ImagingFrequency": 123.221,
    "InPlanePhaseEncodingDirectionDICOM": "COL",
    "InstitutionAddress": "Rudolf-Bultmann-Strasse_8_Marburg_District_DE_35039",
    "InstitutionName": "Center_of_BrainImaging_Uni-Marburg",
    "InstitutionalDepartmentName": "Department",
    "MRAcquisitionType": "2D",
    "MagneticFieldStrength": 3,
    "Manufacturer": "Siemens",
    "ManufacturersModelName": "TrioTim",
    "Modality": "MR",
    "MultibandAccelerationFactor": 2,
    "PartialFourier": 1,
    "PatientBirthDate": "1996-01-01",
    "PatientID": "AGB_FRAPPS_14",
    "PatientName": "20220519_AGB_FRAPPS_14",
    "PatientPosition": "HFS",
    "PatientSex": "F",
    "PatientWeight": 44,
    "PercentPhaseFOV": 100,
    "PhaseEncodingDirection": "j-",
    "PhaseEncodingSteps": 70,
    "PhaseResolution": 1,
    "PixelBandwidth": 2041,
    "ProcedureStepDescription": "AGB_Christoph",
    "ProtocolName": "cmrr_ep2d_bold_MB2_iso3",
    "PulseSequenceDetails": "%CustomerSeq%_cmrr_mbep2d_bold",
    "ReceiveCoilName": "32Ch_Head",
    "ReconMatrixPE": 70,
    "RepetitionTime": 1.53,
    "SAR": 0.121135,
    "ScanOptions": "FS",
    "ScanningSequence": "EP",
    "SequenceName": "epfid2d1_70",
    "SequenceVariant": "SK_SS",
    "SeriesDescription": "cmrr_ep2d_bold_MB2_iso3",
    "SeriesInstanceUID": "1.3.12.2.1107.5.2.32.35420.2022051908174235032387166.0.0.0",
    "SeriesNumber": 4,
    "ShimSetting": [
      9387,
      9615,
      -1404,
      327,
      31,
      -2315,
      417,
      158
    ],
    "SliceThickness": 3,
    "SliceTiming": [
      0,
      0.0625,
      0.1275,
      0.19,
      0.255,
      0.32,
      0.3825,
      0.4475,
      0.51,
      0.575,
      0.64,
      0.7025,
      0.7675,
      0.83,
      0.895,
      0.96,
      1.0225,
      1.0875,
      1.15,
      1.215,
      1.2775,
      1.3425,
      1.4075,
      1.47,
      0,
      0.0625,
      0.1275,
      0.19,
      0.255,
      0.32,
      0.3825,
      0.4475,
      0.51,
      0.575,
      0.64,
      0.7025,
      0.7675,
      0.83,
      0.895,
      0.96,
      1.0225,
      1.0875,
      1.15,
      1.215,
      1.2775,
      1.3425,
      1.4075,
      1.47
    ],
    "SoftwareVersions": "syngo_MR_B19",
    "SpacingBetweenSlices": 3.45,
    "StationName": "MRC35420",
    "StudyID": "1",
    "StudyInstanceUID": "1.3.12.2.1107.5.2.32.35420.30000022050306042469000000335",
    "TaskName": "TODO: full task name for FRAPPS - replication study",
    "TotalReadoutTime": 0.03795,
    "TxRefAmp": 312.349,
    "dataset": "unknown",
    "modality": "bold",
    "subject_id": "14",
    "task_id": "frapps"
  },
  "dummy_trs": 1,
  "dvars_nstd": 23.15672043678121,
  "dvars_std": 1.0739299204626578,
  "dvars_vstd": 0.9231010281097174,
  "efc": 0.4745309029455503,
  "fber": 1235.2493896484375,
  "fd_mean": 0.1408006511004941,
  "fd_num": 161,
  "fd_perc": 10.634081902245708,
  "fwhm_avg": 2.4833261243803526,
  "fwhm_x": 2.38088,
  "fwhm_y": 2.706376666666667,
  "fwhm_z": 2.362721706474391,
  "gcor": 0.0516814,
  "gsr_x": -0.00218477682210505,
  "gsr_y": 0.059936683624982834,
  "provenance": {
    "md5sum": "d80582aae8a117b38a9d715535d98a6c",
    "settings": {
      "fd_thres": 0.2,
      "hmc_fsl": false
    },
    "software": "mriqc",
    "version": "0.15.0",
    "webapi_port": null,
    "webapi_url": "https://mriqc.nimh.nih.gov/api/v1"
  },
  "size_t": 1514,
  "size_x": 70,
  "size_y": 70,
  "size_z": 48,
  "snr": 3.0715087281155093,
  "spacing_tr": 1.5299999713897705,
  "spacing_x": 3.0,
  "spacing_y": 3.0,
  "spacing_z": 3.450000047683716,
  "summary_bg_k": 79.4777184967824,
  "summary_bg_mad": 3.739802122116089,
  "summary_bg_mean": 21.407255172729492,
  "summary_bg_median": 11.817702293395996,
  "summary_bg_n": 151594.0,
  "summary_bg_p05": 8.472919464111328,
  "summary_bg_p95": 68.55653953552252,
  "summary_bg_stdv": 32.67806625366211,
  "summary_fg_k": 1.3147701408977657,
  "summary_fg_mad": 124.16060638427734,
  "summary_fg_mean": 459.9830322265625,
  "summary_fg_median": 442.6829833984375,
  "summary_fg_n": 41739.0,
  "summary_fg_p05": 254.7626251220703,
  "summary_fg_p95": 717.7947570800777,
  "summary_fg_stdv": 144.1238555908203,
  "tsnr": 33.45086669921875
}