{
  "aor": 0.005569272388059702,
  "aqi": 0.005960508152985075,
  "bids_meta": {
    "AcquisitionDateTime": "2022-05-19T08:57:59.380000",
    "AcquisitionMatrixPE": 70,
    "AcquisitionNumber": 1,
    "AcquisitionTime": "08:57:59.380000",
    "BandwidthPerPixelPhaseEncode": 25.974,
    "BaseResolution": 70,
    "CoilString": "C:HEA;HEP",
    "ConversionSoftware": "dcm2niix",
    "ConversionSoftwareVersion": "v1.0.20190902",
    "DerivedVendorReportedEchoSpacing": 0.000550001,
    "DeviceSerialNumber": "35420",
    "DwellTime": 3.5e-06,
    "EchoTime": 0.03,
    "EffectiveEchoSpacing": 0.000550001,
    "FlipAngle": 60,
    "ImageComments": "Unaliased_MB2_PE2_LB",
    "ImageOrientationPatientDICOM": [
      0.997841,
      -0.0459768,
      0.0468979,
      0.0531674,
      0.984715,
      -0.165863
    ],
    "ImageType": [
      "ORIGINAL",
      "PRIMARY",
      "M",
      "MB",
      "ND",
      "MOSAIC"
    ],
    "ImagingFrequency": 123.221,
    "InPlanePhaseEncodingDirectionDICOM": "COL",
    "InstitutionAddress": "Rudolf-Bultmann-Strasse_8_Marburg_District_DE_35039",
    "InstitutionName": "Center_of_BrainImaging_Uni-Marburg",
    "InstitutionalDepartmentName": "Department",
    "MRAcquisitionType": "2D",
    "MagneticFieldStrength": 3,
    "Manufacturer": "Siemens",
    "ManufacturersModelName": "TrioTim",
    "Modality": "MR",
    "MultibandAccelerationFactor": 2,
    "PartialFourier": 1,
    "PatientBirthDate": "1996-01-01",
    "PatientID": "AGB_FRAPPS_14",
    "PatientName": "20220519_AGB_FRAPPS_14",
    "PatientPosition": "HFS",
    "PatientSex": "F",
    "PatientWeight": 44,
    "PercentPhaseFOV": 100,
    "PhaseEncodingDirection": "j-",
    "PhaseEncodingSteps": 70,
    "PhaseResolution": 1,
    "PixelBandwidth": 2041,
    "ProcedureStepDescription": "AGB_Christoph",
    "ProtocolName": "cmrr_ep2d_bold_FP_MB2_iso3",
    "PulseSequenceDetails": "%CustomerSeq%_cmrr_mbep2d_bold",
    "ReceiveCoilName": "32Ch_Head",
    "ReconMatrixPE": 70,
    "RepetitionTime": 1.53,
    "SAR": 0.140103,
    "ScanOptions": "FS",
    "ScanningSequence": "EP",
    "SequenceName": "epfid2d1_70",
    "SequenceVariant": "SK_SS",
    "SeriesDescription": "cmrr_ep2d_bold_FP_MB2_iso3",
    "SeriesInstanceUID": "1.3.12.2.1107.5.2.32.35420.2022051908580258975584216.0.0.0",
    "SeriesNumber": 6,
    "ShimSetting": [
      9387,
      9615,
      -1404,
      327,
      31,
      -2315,
      417,
      158
    ],
    "SliceThickness": 3,
    "SliceTiming": [
      0,
      0.065,
      0.13,
      0.1925,
      0.2575,
      0.32,
      0.385,
      0.4475,
      0.5125,
      0.5775,
      0.64,
      0.705,
      0.7675,
      0.8325,
      0.8975,
      0.96,
      1.025,
      1.0875,
      1.1525,
      1.2175,
      1.28,
      1.345,
      1.4075,
      1.4725,
      0,
      0.065,
      0.13,
      0.1925,
      0.2575,
      0.32,
      0.385,
      0.4475,
      0.5125,
      0.5775,
      0.64,
      0.705,
      0.7675,
      0.8325,
      0.8975,
      0.96,
      1.025,
      1.0875,
      1.1525,
      1.2175,
      1.28,
      1.345,
      1.4075,
      1.4725
    ],
    "SoftwareVersions": "syngo_MR_B19",
    "SpacingBetweenSlices": 3.45,
    "StationName": "MRC35420",
    "StudyID": "1",
    "StudyInstanceUID": "1.3.12.2.1107.5.2.32.35420.30000022050306042469000000335",
    "TaskName": "TODO: full task name for localizer",
    "TotalReadoutTime": 0.03795,
    "TxRefAmp": 312.349,
    "dataset": "unknown",
    "modality": "bold",
    "subject_id": "14",
    "task_id": "localizer"
  },
  "dummy_trs": 1,
  "dvars_nstd": 24.899689045233625,
  "dvars_std": 1.158644971869158,
  "dvars_vstd": 0.983479128598131,
  "efc": 0.4737519897712033,
  "fber": 1309.8316650390625,
  "fd_mean": 0.1622979739729074,
  "fd_num": 76,
  "fd_perc": 14.17910447761194,
  "fwhm_avg": 2.4524120182507922,
  "fwhm_x": 2.3544300000000002,
  "fwhm_y": 2.67278,
  "fwhm_z": 2.3300260547523766,
  "gcor": 0.0299269,
  "gsr_x": -0.0007638322422280908,
  "gsr_y": 0.06064322590827942,
  "provenance": {
    "md5sum": "6f47793e8b0961aefd63cdb36a6cfb62",
    "settings": {
      "fd_thres": 0.2,
      "hmc_fsl": false
    },
    "software": "mriqc",
    "version": "0.15.0",
    "webapi_port": null,
    "webapi_url": "https://mriqc.nimh.nih.gov/api/v1"
  },
  "size_t": 536,
  "size_x": 70,
  "size_y": 70,
  "size_z": 48,
  "snr": 3.0982411732789794,
  "spacing_tr": 1.5299999713897705,
  "spacing_x": 3.0,
  "spacing_y": 3.0,
  "spacing_z": 3.450000047683716,
  "summary_bg_k": 71.66289906332644,
  "summary_bg_mad": 3.5239460468292236,
  "summary_bg_mean": 21.84098243713379,
  "summary_bg_median": 11.757462501525879,
  "summary_bg_n": 151895.0,
  "summary_bg_p05": 8.861940383911133,
  "summary_bg_p95": 72.52854309082029,
  "summary_bg_stdv": 33.53010177612305,
  "summary_fg_k": 1.2185227294398686,
  "summary_fg_mad": 127.16915893554688,
  "summary_fg_mean": 470.9732666015625,
  "summary_fg_median": 453.817138671875,
  "summary_fg_n": 41569.0,
  "summary_fg_p05": 262.607080078125,
  "summary_fg_p95": 732.0074584960937,
  "summary_fg_stdv": 146.47396850585938,
  "tsnr": 47.678504943847656
}