{
  "bids_meta": {
    "AcquisitionDateTime": "2022-04-07T10:49:27.420000",
    "AcquisitionMatrixPE": 256,
    "AcquisitionNumber": 1,
    "AcquisitionTime": "10:49:27.420000",
    "BaseResolution": 256,
    "CoilString": "C:HEA;HEP",
    "ConversionSoftware": "dcm2niix",
    "ConversionSoftwareVersion": "v1.0.20190902",
    "DeviceSerialNumber": "35420",
    "DwellTime": 9.8e-06,
    "EchoTime": 0.00226,
    "FlipAngle": 9,
    "ImageOrientationPatientDICOM": [
      -0.0340376,
      0.986156,
      -0.162292,
      0.119351,
      -0.157213,
      -0.980326
    ],
    "ImageType": [
      "ORIGINAL",
      "PRIMARY",
      "M",
      "ND"
    ],
    "ImagingFrequency": 123.221,
    "InPlanePhaseEncodingDirectionDICOM": "ROW",
    "InstitutionAddress": "Rudolf-Bultmann-Strasse_8_Marburg_District_DE_35039",
    "InstitutionName": "Center_of_BrainImaging_Uni-Marburg",
    "InstitutionalDepartmentName": "Department",
    "InversionTime": 0.9,
    "MRAcquisitionType": "3D",
    "MagneticFieldStrength": 3,
    "Manufacturer": "Siemens",
    "ManufacturersModelName": "TrioTim",
    "Modality": "MR",
    "ParallelReductionFactorInPlane": 2,
    "PartialFourier": 1,
    "PatientBirthDate": "1995-01-01",
    "PatientID": "AGB_FRAPPS_02",
    "PatientName": "20200407_AGB_FRAPPS_02",
    "PatientPosition": "HFS",
    "PatientSex": "F",
    "PatientWeight": 70,
    "PercentPhaseFOV": 100,
    "PhaseEncodingSteps": 255,
    "PhaseResolution": 1,
    "PixelBandwidth": 199,
    "ProcedureStepDescription": "AGB_Christoph",
    "ProtocolName": "t1_mpr_12CH_sag_p2_iso_FOV256_ND_REF",
    "PulseSequenceDetails": "%SiemensSeq%_tfl",
    "ReceiveCoilName": "32Ch_Head",
    "ReconMatrixPE": 256,
    "RefLinesPE": 24,
    "RepetitionTime": 1.9,
    "SAR": 0.108459,
    "ScanOptions": "IR",
    "ScanningSequence": "GR_IR",
    "SequenceName": "_tfl3d1_ns",
    "SequenceVariant": "SP_MP",
    "SeriesDescription": "t1_mpr_12CH_sag_p2_iso_FOV256_ND_REF",
    "SeriesInstanceUID": "1.3.12.2.1107.5.2.32.35420.2022040710535288811591337.0.0.0",
    "SeriesNumber": 3,
    "ShimSetting": [
      9316,
      9562,
      -1837,
      -292,
      -72,
      -2564,
      430,
      205
    ],
    "SliceThickness": 1,
    "SoftwareVersions": "syngo_MR_B19",
    "StationName": "MRC35420",
    "StudyID": "1",
    "StudyInstanceUID": "1.3.12.2.1107.5.2.32.35420.30000022040406475295100000083",
    "TxRefAmp": 292.029,
    "dataset": "unknown",
    "modality": "T1w",
    "subject_id": "02"
  },
  "cjv": 0.3645714081766525,
  "cnr": 3.704555063100817,
  "efc": 0.5879945378052369,
  "fber": 6708.56787109375,
  "fwhm_avg": 3.8838567443573524,
  "fwhm_x": 3.85822,
  "fwhm_y": 3.88305,
  "fwhm_z": 3.910300233072056,
  "icvs_csf": 0.17344362162249835,
  "icvs_gm": 0.44297932272523194,
  "icvs_wm": 0.3835770556522697,
  "inu_med": 1.110994577407837,
  "inu_range": 0.33610884547233566,
  "provenance": {
    "md5sum": "c5d7bd80a41f3dd120e0ff76b6b843ec",
    "settings": {
      "testing": false
    },
    "software": "mriqc",
    "version": "0.15.0",
    "warnings": {
      "large_rot_frame": true,
      "small_air_mask": false
    },
    "webapi_port": null,
    "webapi_url": "https://mriqc.nimh.nih.gov/api/v1"
  },
  "qi_1": 0.0,
  "qi_2": 0.013173402309882926,
  "rpve_csf": 27.714569172657605,
  "rpve_gm": 12.105023234710517,
  "rpve_wm": 16.09043760175232,
  "size_x": 176,
  "size_y": 256,
  "size_z": 256,
  "snr_csf": 1.9282637976782482,
  "snr_gm": 14.504637709633837,
  "snr_total": 13.427594407021616,
  "snr_wm": 23.849881713752758,
  "snrd_csf": 54.23207658584487,
  "snrd_gm": 107.71959485423072,
  "snrd_total": 101.72961855678165,
  "snrd_wm": 143.23718423026932,
  "spacing_x": 1.0,
  "spacing_y": 1.0,
  "spacing_z": 0.9999999403953552,
  "summary_bg_k": 4.973013034152102,
  "summary_bg_mad": 4.573822498321533,
  "summary_bg_mean": 6.700027942657471,
  "summary_bg_median": 6.2111124992370605,
  "summary_bg_n": 2378393.0,
  "summary_bg_p05": 0.0,
  "summary_bg_p95": 18.697958755493165,
  "summary_bg_stdv": 5.841652870178223,
  "summary_csf_k": 27.000740447806198,
  "summary_csf_mad": 108.90403747558594,
  "summary_csf_mean": 426.8534240722656,
  "summary_csf_median": 378.6202392578125,
  "summary_csf_n": 19128.0,
  "summary_csf_p05": 263.417219543457,
  "summary_csf_p95": 625.9001892089842,
  "summary_csf_stdv": 196.34779357910156,
  "summary_gm_k": 0.02021303417541276,
  "summary_gm_mad": 51.842620849609375,
  "summary_gm_mean": 751.643798828125,
  "summary_gm_median": 752.0423583984375,
  "summary_gm_n": 25190.0,
  "summary_gm_p05": 666.3871826171875,
  "summary_gm_p95": 836.5386352539062,
  "summary_gm_stdv": 51.84737777709961,
  "summary_wm_k": 0.6305979539432687,
  "summary_wm_mad": 38.5584716796875,
  "summary_wm_mean": 998.104248046875,
  "summary_wm_median": 1000.0077514648438,
  "summary_wm_n": 234902.0,
  "summary_wm_p05": 924.5590606689453,
  "summary_wm_p95": 1063.0835815429687,
  "summary_wm_stdv": 41.92916488647461,
  "tpm_overlap_csf": 0.23063558340072632,
  "tpm_overlap_gm": 0.5180503726005554,
  "tpm_overlap_wm": 0.5529490113258362,
  "wm2max": 0.39522658096105834
}