{
  "aor": 0.0017557518056467499,
  "aqi": 0.005259174497701903,
  "bids_meta": {
    "AcquisitionDateTime": "2022-04-06T16:37:13.380000",
    "AcquisitionMatrixPE": 70,
    "AcquisitionNumber": 1,
    "AcquisitionTime": "16:37:13.380000",
    "BandwidthPerPixelPhaseEncode": 25.974,
    "BaseResolution": 70,
    "CoilString": "C:HEA;HEP",
    "ConversionSoftware": "dcm2niix",
    "ConversionSoftwareVersion": "v1.0.20190902",
    "DerivedVendorReportedEchoSpacing": 0.000550001,
    "DeviceSerialNumber": "35420",
    "DwellTime": 3.5e-06,
    "EchoTime": 0.03,
    "EffectiveEchoSpacing": 0.000550001,
    "FlipAngle": 55,
    "ImageComments": "Unaliased_MB2_PE2_LB",
    "ImageOrientationPatientDICOM": [
      0.998379,
      -0.0201866,
      0.0532104,
      0.0261039,
      0.993256,
      -0.112969
    ],
    "ImageType": [
      "ORIGINAL",
      "PRIMARY",
      "M",
      "MB",
      "ND",
      "MOSAIC"
    ],
    "ImagingFrequency": 123.222,
    "InPlanePhaseEncodingDirectionDICOM": "COL",
    "InstitutionAddress": "Rudolf-Bultmann-Strasse_8_Marburg_District_DE_35039",
    "InstitutionName": "Center_of_BrainImaging_Uni-Marburg",
    "InstitutionalDepartmentName": "Department",
    "MRAcquisitionType": "2D",
    "MagneticFieldStrength": 3,
    "Manufacturer": "Siemens",
    "ManufacturersModelName": "TrioTim",
    "Modality": "MR",
    "MultibandAccelerationFactor": 2,
    "PartialFourier": 1,
    "PatientBirthDate": "1996-01-01",
    "PatientID": "AGB_FRAPPS_01",
    "PatientName": "20200406_AGB_FRAPPS_01",
    "PatientPosition": "HFS",
    "PatientSex": "F",
    "PatientWeight": 64,
    "PercentPhaseFOV": 100,
    "PhaseEncodingDirection": "j-",
    "PhaseEncodingSteps": 70,
    "PhaseResolution": 1,
    "PixelBandwidth": 2041,
    "ProcedureStepDescription": "AGB_Christoph",
    "ProtocolName": "cmrr_ep2d_bold_MB2_iso3",
    "PulseSequenceDetails": "%CustomerSeq%_cmrr_mbep2d_bold",
    "ReceiveCoilName": "32Ch_Head",
    "ReconMatrixPE": 70,
    "RepetitionTime": 1.53,
    "SAR": 0.101261,
    "ScanOptions": "FS",
    "ScanningSequence": "EP",
    "SequenceName": "epfid2d1_70",
    "SequenceVariant": "SK_SS",
    "SeriesDescription": "cmrr_ep2d_bold_MB2_iso3",
    "SeriesInstanceUID": "1.3.12.2.1107.5.2.32.35420.2022040616371692194082406.0.0.0",
    "SeriesNumber": 5,
    "ShimSetting": [
      9337,
      9601,
      -1379,
      347,
      -228,
      -2594,
      394,
      81
    ],
    "SliceThickness": 3,
    "SliceTiming": [
      0,
      0.065,
      0.13,
      0.1925,
      0.2575,
      0.32,
      0.385,
      0.45,
      0.5125,
      0.5775,
      0.64,
      0.705,
      0.7675,
      0.8325,
      0.8975,
      0.96,
      1.025,
      1.0875,
      1.1525,
      1.2175,
      1.28,
      1.345,
      1.4075,
      1.4725,
      0,
      0.065,
      0.13,
      0.1925,
      0.2575,
      0.32,
      0.385,
      0.45,
      0.5125,
      0.5775,
      0.64,
      0.705,
      0.7675,
      0.8325,
      0.8975,
      0.96,
      1.025,
      1.0875,
      1.1525,
      1.2175,
      1.28,
      1.345,
      1.4075,
      1.4725
    ],
    "SoftwareVersions": "syngo_MR_B19",
    "SpacingBetweenSlices": 3.45,
    "StationName": "MRC35420",
    "StudyID": "1",
    "StudyInstanceUID": "1.3.12.2.1107.5.2.32.35420.30000022040406475295100000074",
    "TaskName": "TODO: full task name for FRAPPS - replication study",
    "TotalReadoutTime": 0.03795,
    "TxRefAmp": 301.095,
    "dataset": "unknown",
    "modality": "bold",
    "subject_id": "01",
    "task_id": "frapps"
  },
  "dummy_trs": 1,
  "dvars_nstd": 23.759194295098546,
  "dvars_std": 1.1184660357950063,
  "dvars_vstd": 0.9692452270170822,
  "efc": 0.4729973756596711,
  "fber": 1157.3056640625,
  "fd_mean": 0.17056746957398847,
  "fd_num": 448,
  "fd_perc": 29.415627051871308,
  "fwhm_avg": 2.3718936149283425,
  "fwhm_x": 2.3027333333333333,
  "fwhm_y": 2.63973,
  "fwhm_z": 2.173217511451694,
  "gcor": 0.0899113,
  "gsr_x": -0.010738507844507694,
  "gsr_y": 0.05890122428536415,
  "provenance": {
    "md5sum": "de675cceb9e639c7a4240fce8909c25d",
    "settings": {
      "fd_thres": 0.2,
      "hmc_fsl": false
    },
    "software": "mriqc",
    "version": "0.15.0",
    "webapi_port": null,
    "webapi_url": "https://mriqc.nimh.nih.gov/api/v1"
  },
  "size_t": 1523,
  "size_x": 70,
  "size_y": 70,
  "size_z": 48,
  "snr": 2.6946675095733053,
  "spacing_tr": 1.5299999713897705,
  "spacing_x": 3.0,
  "spacing_y": 3.0,
  "spacing_z": 3.4499998092651367,
  "summary_bg_k": 44.88038201814343,
  "summary_bg_mad": 3.5444223880767822,
  "summary_bg_mean": 22.060209274291992,
  "summary_bg_median": 12.008536338806152,
  "summary_bg_n": 150581.0,
  "summary_bg_p05": 9.235062599182129,
  "summary_bg_p95": 70.29481506347656,
  "summary_bg_stdv": 30.062448501586914,
  "summary_fg_k": 2.8968901332843897,
  "summary_fg_mad": 133.78271484375,
  "summary_fg_mean": 466.9366149902344,
  "summary_fg_median": 437.91168212890625,
  "summary_fg_n": 42220.0,
  "summary_fg_p05": 264.12974243164064,
  "summary_fg_p95": 760.3208007812498,
  "summary_fg_stdv": 162.508544921875,
  "tsnr": 50.08452606201172
}