{
  "aor": 0.006193675373134329,
  "aqi": 0.01769341082089552,
  "bids_meta": {
    "AcquisitionDateTime": "2022-06-21T11:01:25.362500",
    "AcquisitionMatrixPE": 70,
    "AcquisitionNumber": 1,
    "AcquisitionTime": "11:01:25.362500",
    "BandwidthPerPixelPhaseEncode": 25.974,
    "BaseResolution": 70,
    "CoilString": "C:HEA;HEP",
    "ConversionSoftware": "dcm2niix",
    "ConversionSoftwareVersion": "v1.0.20190902",
    "DerivedVendorReportedEchoSpacing": 0.000550001,
    "DeviceSerialNumber": "35420",
    "DwellTime": 3.5e-06,
    "EchoTime": 0.03,
    "EffectiveEchoSpacing": 0.000550001,
    "FlipAngle": 60,
    "ImageComments": "Unaliased_MB2_PE2_LB",
    "ImageOrientationPatientDICOM": [
      0.999258,
      -0.0368171,
      0.0112771,
      0.0383878,
      0.975403,
      -0.217059
    ],
    "ImageType": [
      "ORIGINAL",
      "PRIMARY",
      "M",
      "MB",
      "ND",
      "MOSAIC"
    ],
    "ImagingFrequency": 123.221,
    "InPlanePhaseEncodingDirectionDICOM": "COL",
    "InstitutionAddress": "Rudolf-Bultmann-Strasse_8_Marburg_District_DE_35039",
    "InstitutionName": "Center_of_BrainImaging_Uni-Marburg",
    "InstitutionalDepartmentName": "Department",
    "MRAcquisitionType": "2D",
    "MagneticFieldStrength": 3,
    "Manufacturer": "Siemens",
    "ManufacturersModelName": "TrioTim",
    "Modality": "MR",
    "MultibandAccelerationFactor": 2,
    "PartialFourier": 1,
    "PatientBirthDate": "1999-01-01",
    "PatientID": "AGB_FRAPPS_26",
    "PatientName": "20220621_AGB_FRAPPS_26",
    "PatientPosition": "HFS",
    "PatientSex": "M",
    "PatientWeight": 69,
    "PercentPhaseFOV": 100,
    "PhaseEncodingDirection": "j-",
    "PhaseEncodingSteps": 70,
    "PhaseResolution": 1,
    "PixelBandwidth": 2041,
    "ProcedureStepDescription": "AGB_Christoph",
    "ProtocolName": "cmrr_ep2d_bold_FP_MB2_iso3",
    "PulseSequenceDetails": "%CustomerSeq%_cmrr_mbep2d_bold",
    "ReceiveCoilName": "32Ch_Head",
    "ReconMatrixPE": 70,
    "RepetitionTime": 1.53,
    "SAR": 0.14019,
    "ScanOptions": "FS",
    "ScanningSequence": "EP",
    "SequenceName": "epfid2d1_70",
    "SequenceVariant": "SK_SS",
    "SeriesDescription": "cmrr_ep2d_bold_FP_MB2_iso3",
    "SeriesInstanceUID": "1.3.12.2.1107.5.2.32.35420.2022062111012877230435269.0.0.0",
    "SeriesNumber": 6,
    "ShimSetting": [
      9280,
      9567,
      -1457,
      246,
      -16,
      -2492,
      453,
      78
    ],
    "SliceThickness": 3,
    "SliceTiming": [
      0,
      0.065,
      0.1275,
      0.1925,
      0.255,
      0.32,
      0.385,
      0.4475,
      0.5125,
      0.575,
      0.64,
      0.705,
      0.7675,
      0.8325,
      0.895,
      0.96,
      1.025,
      1.0875,
      1.1525,
      1.215,
      1.28,
      1.345,
      1.4075,
      1.4725,
      0,
      0.065,
      0.1275,
      0.1925,
      0.255,
      0.32,
      0.385,
      0.4475,
      0.5125,
      0.575,
      0.64,
      0.705,
      0.7675,
      0.8325,
      0.895,
      0.96,
      1.025,
      1.0875,
      1.1525,
      1.215,
      1.28,
      1.345,
      1.4075,
      1.4725
    ],
    "SoftwareVersions": "syngo_MR_B19",
    "SpacingBetweenSlices": 3.45,
    "StationName": "MRC35420",
    "StudyID": "1",
    "StudyInstanceUID": "1.3.12.2.1107.5.2.32.35420.30000022053005374096600000280",
    "TaskName": "TODO: full task name for localizer",
    "TotalReadoutTime": 0.03795,
    "TxRefAmp": 298.52,
    "dataset": "unknown",
    "modality": "bold",
    "subject_id": "26",
    "task_id": "localizer"
  },
  "dummy_trs": 1,
  "dvars_nstd": 31.718744341887874,
  "dvars_std": 0.8503171918878508,
  "dvars_vstd": 0.8358402673457949,
  "efc": 0.5067464131963348,
  "fber": 826.007568359375,
  "fd_mean": 0.3940922278861398,
  "fd_num": 199,
  "fd_perc": 37.12686567164179,
  "fwhm_avg": 2.545091050117907,
  "fwhm_x": 2.394946666666667,
  "fwhm_y": 2.7988433333333336,
  "fwhm_z": 2.44148315035372,
  "gcor": 0.0215727,
  "gsr_x": 0.006377140525728464,
  "gsr_y": 0.07712910324335098,
  "provenance": {
    "md5sum": "ced54477a94f92566d56656f644847fa",
    "settings": {
      "fd_thres": 0.2,
      "hmc_fsl": false
    },
    "software": "mriqc",
    "version": "0.15.0",
    "webapi_port": null,
    "webapi_url": "https://mriqc.nimh.nih.gov/api/v1"
  },
  "size_t": 536,
  "size_x": 70,
  "size_y": 70,
  "size_z": 48,
  "snr": 2.9777858314039007,
  "spacing_tr": 1.5299999713897705,
  "spacing_x": 3.0,
  "spacing_y": 3.0,
  "spacing_z": 3.4499971866607666,
  "summary_bg_k": 29.599892420458012,
  "summary_bg_mad": 6.135096549987793,
  "summary_bg_mean": 31.18302345275879,
  "summary_bg_median": 14.13432788848877,
  "summary_bg_n": 149834.0,
  "summary_bg_p05": 9.337686538696289,
  "summary_bg_p95": 124.57406730651857,
  "summary_bg_stdv": 50.493804931640625,
  "summary_fg_k": 0.7910428630947948,
  "summary_fg_mad": 121.67710876464844,
  "summary_fg_mean": 446.81256103515625,
  "summary_fg_median": 428.3115539550781,
  "summary_fg_n": 43000.0,
  "summary_fg_p05": 236.53273010253906,
  "summary_fg_p95": 709.7067871093749,
  "summary_fg_stdv": 143.8339080810547,
  "tsnr": 25.028017044067383
}