{
  "aor": 0.0024372636484687087,
  "aqi": 0.020542581291611184,
  "bids_meta": {
    "AcquisitionDateTime": "2022-06-21T10:21:2.365000",
    "AcquisitionMatrixPE": 70,
    "AcquisitionNumber": 1,
    "AcquisitionTime": "10:21:2.365000",
    "BandwidthPerPixelPhaseEncode": 25.974,
    "BaseResolution": 70,
    "CoilString": "C:HEA;HEP",
    "ConversionSoftware": "dcm2niix",
    "ConversionSoftwareVersion": "v1.0.20190902",
    "DerivedVendorReportedEchoSpacing": 0.000550001,
    "DeviceSerialNumber": "35420",
    "DwellTime": 3.5e-06,
    "EchoTime": 0.03,
    "EffectiveEchoSpacing": 0.000550001,
    "FlipAngle": 55,
    "ImageComments": "Unaliased_MB2_PE2_LB",
    "ImageOrientationPatientDICOM": [
      0.999256,
      -0.0368709,
      0.0112891,
      0.0384429,
      0.975401,
      -0.217058
    ],
    "ImageType": [
      "ORIGINAL",
      "PRIMARY",
      "M",
      "MB",
      "ND",
      "MOSAIC"
    ],
    "ImagingFrequency": 123.221,
    "InPlanePhaseEncodingDirectionDICOM": "COL",
    "InstitutionAddress": "Rudolf-Bultmann-Strasse_8_Marburg_District_DE_35039",
    "InstitutionName": "Center_of_BrainImaging_Uni-Marburg",
    "InstitutionalDepartmentName": "Department",
    "MRAcquisitionType": "2D",
    "MagneticFieldStrength": 3,
    "Manufacturer": "Siemens",
    "ManufacturersModelName": "TrioTim",
    "Modality": "MR",
    "MultibandAccelerationFactor": 2,
    "PartialFourier": 1,
    "PatientBirthDate": "1999-01-01",
    "PatientID": "AGB_FRAPPS_26",
    "PatientName": "20220621_AGB_FRAPPS_26",
    "PatientPosition": "HFS",
    "PatientSex": "M",
    "PatientWeight": 69,
    "PercentPhaseFOV": 100,
    "PhaseEncodingDirection": "j-",
    "PhaseEncodingSteps": 70,
    "PhaseResolution": 1,
    "PixelBandwidth": 2041,
    "ProcedureStepDescription": "AGB_Christoph",
    "ProtocolName": "cmrr_ep2d_bold_MB2_iso3",
    "PulseSequenceDetails": "%CustomerSeq%_cmrr_mbep2d_bold",
    "ReceiveCoilName": "32Ch_Head",
    "ReconMatrixPE": 70,
    "RepetitionTime": 1.53,
    "SAR": 0.110653,
    "ScanOptions": "FS",
    "ScanningSequence": "EP",
    "SequenceName": "epfid2d1_70",
    "SequenceVariant": "SK_SS",
    "SeriesDescription": "cmrr_ep2d_bold_MB2_iso3",
    "SeriesInstanceUID": "1.3.12.2.1107.5.2.32.35420.202206211021066092540513.0.0.0",
    "SeriesNumber": 4,
    "ShimSetting": [
      9280,
      9567,
      -1457,
      246,
      -16,
      -2492,
      453,
      78
    ],
    "SliceThickness": 3,
    "SliceTiming": [
      0,
      0.0625,
      0.1275,
      0.19,
      0.255,
      0.3175,
      0.3825,
      0.4475,
      0.51,
      0.575,
      0.6375,
      0.7025,
      0.7675,
      0.83,
      0.895,
      0.9575,
      1.0225,
      1.0875,
      1.15,
      1.215,
      1.2775,
      1.3425,
      1.4075,
      1.47,
      0,
      0.0625,
      0.1275,
      0.19,
      0.255,
      0.3175,
      0.3825,
      0.4475,
      0.51,
      0.575,
      0.6375,
      0.7025,
      0.7675,
      0.83,
      0.895,
      0.9575,
      1.0225,
      1.0875,
      1.15,
      1.215,
      1.2775,
      1.3425,
      1.4075,
      1.47
    ],
    "SoftwareVersions": "syngo_MR_B19",
    "SpacingBetweenSlices": 3.45,
    "StationName": "MRC35420",
    "StudyID": "1",
    "StudyInstanceUID": "1.3.12.2.1107.5.2.32.35420.30000022053005374096600000280",
    "TaskName": "TODO: full task name for FRAPPS - replication study",
    "TotalReadoutTime": 0.03795,
    "TxRefAmp": 298.52,
    "dataset": "unknown",
    "modality": "bold",
    "subject_id": "26",
    "task_id": "frapps"
  },
  "dummy_trs": 1,
  "dvars_nstd": 34.00208977868088,
  "dvars_std": 0.937001760019987,
  "dvars_vstd": 0.8627756663224524,
  "efc": 0.5063696352658897,
  "fber": 820.6011962890625,
  "fd_mean": 0.3793129190056881,
  "fd_num": 800,
  "fd_perc": 53.26231691078562,
  "fwhm_avg": 2.5434508582836277,
  "fwhm_x": 2.3730066666666665,
  "fwhm_y": 2.810703333333333,
  "fwhm_z": 2.446642574850883,
  "gcor": 0.0593855,
  "gsr_x": 0.0047852713614702225,
  "gsr_y": 0.07827328145503998,
  "provenance": {
    "md5sum": "0049a24a08de4f84d8ac476e49040dc3",
    "settings": {
      "fd_thres": 0.2,
      "hmc_fsl": false
    },
    "software": "mriqc",
    "version": "0.15.0",
    "webapi_port": null,
    "webapi_url": "https://mriqc.nimh.nih.gov/api/v1"
  },
  "size_t": 1502,
  "size_x": 70,
  "size_y": 70,
  "size_z": 48,
  "snr": 2.962322634422784,
  "spacing_tr": 1.5299999713897705,
  "spacing_x": 3.0,
  "spacing_y": 3.0,
  "spacing_z": 3.4499971866607666,
  "summary_bg_k": 34.38590191468612,
  "summary_bg_mad": 5.427982330322266,
  "summary_bg_mean": 29.445941925048828,
  "summary_bg_median": 13.480026245117188,
  "summary_bg_n": 149220.0,
  "summary_bg_p05": 9.128495216369629,
  "summary_bg_p95": 115.42525825500478,
  "summary_bg_stdv": 48.31227111816406,
  "summary_fg_k": 0.8843503727156268,
  "summary_fg_mad": 116.01853942871094,
  "summary_fg_mean": 427.4697265625,
  "summary_fg_median": 409.45269775390625,
  "summary_fg_n": 43480.0,
  "summary_fg_p05": 225.08607254028323,
  "summary_fg_p95": 679.8627593994138,
  "summary_fg_stdv": 138.21856689453125,
  "tsnr": 23.62530517578125
}