{
  "bids_meta": {
    "AcquisitionDateTime": "2022-06-14T13:10:48.030000",
    "AcquisitionMatrixPE": 256,
    "AcquisitionNumber": 1,
    "AcquisitionTime": "13:10:48.030000",
    "BaseResolution": 256,
    "CoilString": "C:HEA;HEP",
    "ConversionSoftware": "dcm2niix",
    "ConversionSoftwareVersion": "v1.0.20190902",
    "DeviceSerialNumber": "35420",
    "DwellTime": 9.8e-06,
    "EchoTime": 0.00226,
    "FlipAngle": 9,
    "ImageOrientationPatientDICOM": [
      0.0848689,
      0.993167,
      0.0801015,
      0.0638208,
      0.074808,
      -0.995154
    ],
    "ImageType": [
      "ORIGINAL",
      "PRIMARY",
      "M",
      "ND",
      "NORM"
    ],
    "ImagingFrequency": 123.222,
    "InPlanePhaseEncodingDirectionDICOM": "ROW",
    "InstitutionAddress": "Rudolf-Bultmann-Strasse_8_Marburg_District_DE_35039",
    "InstitutionName": "Center_of_BrainImaging_Uni-Marburg",
    "InstitutionalDepartmentName": "Department",
    "InversionTime": 0.9,
    "MRAcquisitionType": "3D",
    "MagneticFieldStrength": 3,
    "Manufacturer": "Siemens",
    "ManufacturersModelName": "TrioTim",
    "Modality": "MR",
    "PartialFourier": 1,
    "PatientBirthDate": "1996-01-01",
    "PatientID": "AGB_FRAPPS_21",
    "PatientName": "20220614_AGB_FRAPPS_21",
    "PatientPosition": "HFS",
    "PatientSex": "F",
    "PatientWeight": 53,
    "PercentPhaseFOV": 100,
    "PhaseEncodingSteps": 256,
    "PhaseResolution": 1,
    "PixelBandwidth": 199,
    "ProcedureStepDescription": "AGB_Christoph",
    "ProtocolName": "t1_mpr_12CH_sag_p2_iso_FOV256_ND_REF",
    "PulseSequenceDetails": "%SiemensSeq%_tfl",
    "ReceiveCoilName": "32Ch_Head",
    "ReconMatrixPE": 256,
    "RepetitionTime": 1.9,
    "SAR": 0.104595,
    "ScanOptions": "IR",
    "ScanningSequence": "GR_IR",
    "SequenceName": "_tfl3d1_ns",
    "SequenceVariant": "SP_MP",
    "SeriesDescription": "t1_mpr_12CH_sag_p2_iso_FOV256_ND_REF",
    "SeriesInstanceUID": "1.3.12.2.1107.5.2.32.35420.2022061413104669296584324.0.0.0",
    "SeriesNumber": 3,
    "ShimSetting": [
      9316,
      9562,
      -1837,
      -292,
      -72,
      -2564,
      430,
      205
    ],
    "SliceThickness": 1,
    "SoftwareVersions": "syngo_MR_B19",
    "StationName": "MRC35420",
    "StudyID": "1",
    "StudyInstanceUID": "1.3.12.2.1107.5.2.32.35420.30000022053005374096600000219",
    "TxRefAmp": 297.565,
    "dataset": "unknown",
    "modality": "T1w",
    "subject_id": "21"
  },
  "cjv": 0.34247369625519813,
  "cnr": 3.9324781881617934,
  "efc": 0.5673284412847729,
  "fber": 841.4073486328125,
  "fwhm_avg": 4.64025,
  "fwhm_x": 4.60731,
  "fwhm_y": 4.6244,
  "fwhm_z": 4.68904,
  "icvs_csf": 0.22205999346767308,
  "icvs_gm": 0.43605499054560726,
  "icvs_wm": 0.34188501598671966,
  "inu_med": 1.8082963228225708,
  "inu_range": 0.6386944055557251,
  "provenance": {
    "md5sum": "8f19b5e7834e5ffd9ed8d81d28fce8b2",
    "settings": {
      "testing": false
    },
    "software": "mriqc",
    "version": "0.15.0",
    "warnings": {
      "large_rot_frame": true,
      "small_air_mask": false
    },
    "webapi_port": null,
    "webapi_url": "https://mriqc.nimh.nih.gov/api/v1"
  },
  "qi_1": 0.0,
  "qi_2": 0.027011632997175388,
  "rpve_csf": 28.807867937338127,
  "rpve_gm": 15.617280210553732,
  "rpve_wm": 23.217210708921538,
  "size_x": 176,
  "size_y": 256,
  "size_z": 256,
  "snr_csf": 4.074940040158858,
  "snr_gm": 12.637396795554883,
  "snr_total": 13.333636211964965,
  "snr_wm": 23.288571800181153,
  "snrd_csf": 10.882545881986196,
  "snrd_gm": 24.12193250587975,
  "snrd_total": 22.932296872219215,
  "snrd_wm": 33.792412228791704,
  "spacing_x": 1.0,
  "spacing_y": 1.0,
  "spacing_z": 1.0,
  "summary_bg_k": 1.7284578076996446,
  "summary_bg_mad": 19.387191772460938,
  "summary_bg_mean": 23.74925422668457,
  "summary_bg_median": 20.092090606689453,
  "summary_bg_n": 2221180.0,
  "summary_bg_p05": 0.0,
  "summary_bg_p95": 53.497642517089844,
  "summary_bg_stdv": 16.17082977294922,
  "summary_csf_k": 1.6682947335589366,
  "summary_csf_mad": 65.19617462158203,
  "summary_csf_mean": 337.2630310058594,
  "summary_csf_median": 322.0428771972656,
  "summary_csf_n": 22141.0,
  "summary_csf_p05": 236.6540069580078,
  "summary_csf_p95": 489.72491455078125,
  "summary_csf_stdv": 79.02830505371094,
  "summary_gm_k": 0.04771329724127105,
  "summary_gm_mad": 56.345130920410156,
  "summary_gm_mean": 711.8682250976562,
  "summary_gm_median": 713.830810546875,
  "summary_gm_n": 21188.0,
  "summary_gm_p05": 615.5350006103515,
  "summary_gm_p95": 800.5994415283202,
  "summary_gm_stdv": 56.484256744384766,
  "summary_wm_k": 0.3576306310106325,
  "summary_wm_mad": 41.66217041015625,
  "summary_wm_mean": 999.0697021484375,
  "summary_wm_median": 1000.0054931640625,
  "summary_wm_n": 164092.0,
  "summary_wm_p05": 927.2270538330079,
  "summary_wm_p95": 1067.54052734375,
  "summary_wm_stdv": 42.93962097167969,
  "tpm_overlap_csf": 0.2314968854188919,
  "tpm_overlap_gm": 0.5213689804077148,
  "tpm_overlap_wm": 0.5633050203323364,
  "wm2max": 0.48228381325149383
}