{
  "aor": 0.0016884171322160148,
  "aqi": 0.0049730288640595895,
  "bids_meta": {
    "AcquisitionDateTime": "2022-05-25T08:11:2.397500",
    "AcquisitionMatrixPE": 70,
    "AcquisitionNumber": 1,
    "AcquisitionTime": "08:11:2.397500",
    "BandwidthPerPixelPhaseEncode": 25.974,
    "BaseResolution": 70,
    "CoilString": "C:HEA;HEP",
    "ConversionSoftware": "dcm2niix",
    "ConversionSoftwareVersion": "v1.0.20190902",
    "DerivedVendorReportedEchoSpacing": 0.000550001,
    "DeviceSerialNumber": "35420",
    "DwellTime": 3.5e-06,
    "EchoTime": 0.03,
    "EffectiveEchoSpacing": 0.000550001,
    "FlipAngle": 60,
    "ImageComments": "Unaliased_MB2_PE2_LB",
    "ImageOrientationPatientDICOM": [
      0.998618,
      -0.0147553,
      -0.0504387,
      0.00854038,
      0.992582,
      -0.12128
    ],
    "ImageType": [
      "ORIGINAL",
      "PRIMARY",
      "M",
      "MB",
      "ND",
      "MOSAIC"
    ],
    "ImagingFrequency": 123.221,
    "InPlanePhaseEncodingDirectionDICOM": "COL",
    "InstitutionAddress": "Rudolf-Bultmann-Strasse_8_Marburg_District_DE_35039",
    "InstitutionName": "Center_of_BrainImaging_Uni-Marburg",
    "InstitutionalDepartmentName": "Department",
    "MRAcquisitionType": "2D",
    "MagneticFieldStrength": 3,
    "Manufacturer": "Siemens",
    "ManufacturersModelName": "TrioTim",
    "Modality": "MR",
    "MultibandAccelerationFactor": 2,
    "PartialFourier": 1,
    "PatientBirthDate": "1992-01-01",
    "PatientID": "AGB_FRAPPS_15",
    "PatientName": "20220525_AGB_FRAPPS_15",
    "PatientPosition": "HFS",
    "PatientSex": "M",
    "PatientWeight": 85,
    "PercentPhaseFOV": 100,
    "PhaseEncodingDirection": "j-",
    "PhaseEncodingSteps": 70,
    "PhaseResolution": 1,
    "PixelBandwidth": 2041,
    "ProcedureStepDescription": "AGB_Christoph",
    "ProtocolName": "cmrr_ep2d_bold_FP_MB2_iso3",
    "PulseSequenceDetails": "%CustomerSeq%_cmrr_mbep2d_bold",
    "ReceiveCoilName": "32Ch_Head",
    "ReconMatrixPE": 70,
    "RepetitionTime": 1.53,
    "SAR": 0.112729,
    "ScanOptions": "FS",
    "ScanningSequence": "EP",
    "SequenceName": "epfid2d1_70",
    "SequenceVariant": "SK_SS",
    "SeriesDescription": "cmrr_ep2d_bold_FP_MB2_iso3",
    "SeriesInstanceUID": "1.3.12.2.1107.5.2.32.35420.2022052508110582300024677.0.0.0",
    "SeriesNumber": 6,
    "ShimSetting": [
      9308,
      9525,
      -1443,
      469,
      -105,
      -2458,
      408,
      306
    ],
    "SliceThickness": 3,
    "SliceTiming": [
      0,
      0.065,
      0.1275,
      0.1925,
      0.255,
      0.32,
      0.385,
      0.4475,
      0.5125,
      0.575,
      0.64,
      0.705,
      0.7675,
      0.8325,
      0.895,
      0.96,
      1.0225,
      1.0875,
      1.1525,
      1.215,
      1.28,
      1.3425,
      1.4075,
      1.4725,
      0,
      0.065,
      0.1275,
      0.1925,
      0.255,
      0.32,
      0.385,
      0.4475,
      0.5125,
      0.575,
      0.64,
      0.705,
      0.7675,
      0.8325,
      0.895,
      0.96,
      1.0225,
      1.0875,
      1.1525,
      1.215,
      1.28,
      1.3425,
      1.4075,
      1.4725
    ],
    "SoftwareVersions": "syngo_MR_B19",
    "SpacingBetweenSlices": 3.45,
    "StationName": "MRC35420",
    "StudyID": "1",
    "StudyInstanceUID": "1.3.12.2.1107.5.2.32.35420.30000022050306042469000000428",
    "TaskName": "TODO: full task name for localizer",
    "TotalReadoutTime": 0.03795,
    "TxRefAmp": 307.48,
    "dataset": "unknown",
    "modality": "bold",
    "subject_id": "15",
    "task_id": "localizer"
  },
  "dummy_trs": 0,
  "dvars_nstd": 24.115716678059705,
  "dvars_std": 1.1295937148320894,
  "dvars_vstd": 0.9868920371268656,
  "efc": 0.5268440174531759,
  "fber": 728.4610595703125,
  "fd_mean": 0.1976680320984126,
  "fd_num": 220,
  "fd_perc": 40.968342644320295,
  "fwhm_avg": 2.4588758347737305,
  "fwhm_x": 2.3744366666666665,
  "fwhm_y": 2.6933966666666667,
  "fwhm_z": 2.3087941709878597,
  "gcor": 0.0164952,
  "gsr_x": 0.01852175034582615,
  "gsr_y": 0.08149674534797668,
  "provenance": {
    "md5sum": "04310c954d37a96ff9fa8122480a1888",
    "settings": {
      "fd_thres": 0.2,
      "hmc_fsl": false
    },
    "software": "mriqc",
    "version": "0.15.0",
    "webapi_port": null,
    "webapi_url": "https://mriqc.nimh.nih.gov/api/v1"
  },
  "size_t": 537,
  "size_x": 70,
  "size_y": 70,
  "size_z": 48,
  "snr": 2.8264387987045425,
  "spacing_tr": 1.5299999713897705,
  "spacing_x": 3.0,
  "spacing_y": 3.0,
  "spacing_z": 3.450000047683716,
  "summary_bg_k": 25.569629268345736,
  "summary_bg_mad": 7.523447036743164,
  "summary_bg_mean": 36.41889953613281,
  "summary_bg_median": 15.426443099975586,
  "summary_bg_n": 145884.0,
  "summary_bg_p05": 9.527002334594727,
  "summary_bg_p95": 148.79423294067394,
  "summary_bg_stdv": 58.33603286743164,
  "summary_fg_k": 1.3050967071276762,
  "summary_fg_mad": 132.5576171875,
  "summary_fg_mean": 464.80474853515625,
  "summary_fg_median": 440.89385986328125,
  "summary_fg_n": 45780.0,
  "summary_fg_p05": 250.92542877197266,
  "summary_fg_p95": 749.5757171630859,
  "summary_fg_stdv": 155.9874725341797,
  "tsnr": 53.36388397216797
}